{
  "aor": 0.0010748571428571428,
  "aqi": 0.0036992848571428573,
  "bids_meta": {
    "AcquisitionMatrixPE": 64,
    "AcquisitionNumber": 1,
    "AcquisitionTime": "06:05:0.000000",
    "CoilString": "8HRBRAIN",
    "ConversionSoftware": "dcm2niix",
    "ConversionSoftwareVersion": "v1.0.20190410  (JP2:OpenJPEG) (JP-LS:CharLS) GCC5.5.0",
    "DeviceSerialNumber": "000000000000GEHC",
    "EchoTime": 0.03,
    "EffectiveEchoSpacing": 0.000664,
    "FlipAngle": 77,
    "ImageOrientationPatientDICOM": [
      1,
      0,
      0,
      0,
      1,
      0
    ],
    "ImageType": [
      "ORIGINAL",
      "PRIMARY",
      "OTHER"
    ],
    "ImagingFrequency": 127.763,
    "InPlanePhaseEncodingDirectionDICOM": "COL",
    "MRAcquisitionType": "2D",
    "MagneticFieldStrength": 3,
    "Manufacturer": "GE",
    "ManufacturersModelName": "Signa_HDxt",
    "Modality": "MR",
    "PatientPosition": "HFS",
    "PercentPhaseFOV": 100,
    "PhaseEncodingDirection": "j-",
    "PhaseEncodingPolarityGE": "Unflipped",
    "PixelBandwidth": 7812.5,
    "ProcedureStepDescription": "BRAIN_MRI",
    "ProtocolName": "Resting_State_212",
    "ReconMatrixPE": 64,
    "RepetitionTime": 2,
    "SAR": 0.315936,
    "ScanOptions": "MP_GEMS_EPI_GEMS_ACC_GEMS_PFF",
    "ScanningSequence": "EP_GR",
    "SequenceVariant": "SS",
    "SeriesDescription": "Resting_State_212",
    "SeriesNumber": 6,
    "SliceThickness": 4,
    "SliceTiming": [
      0,
      1,
      0.05,
      1.05,
      0.1,
      1.1,
      0.15,
      1.15,
      0.2,
      1.2,
      0.25,
      1.25,
      0.3,
      1.3,
      0.35,
      1.35,
      0.4,
      1.4,
      0.45,
      1.45,
      0.5,
      1.5,
      0.55,
      1.55,
      0.6,
      1.6,
      0.65,
      1.65,
      0.7,
      1.7,
      0.75,
      1.75,
      0.8,
      1.8,
      0.85,
      1.85,
      0.9,
      1.9,
      0.95,
      1.95
    ],
    "SoftwareVersions": "24_LX_MR_Software_release:HD16.0_V02_1131.a",
    "SpacingBetweenSlices": 4,
    "StationName": "MHMRMR3T",
    "TaskName": "rest eyes closed",
    "TotalReadoutTime": 0.041832,
    "TriggerDelayTime": 423950,
    "dataset": "ds003011",
    "modality": "bold",
    "run_id": 1,
    "session_id": "Y1ZHH",
    "subject_id": "03",
    "task_id": "rest"
  },
  "dummy_trs": 2,
  "dvars_nstd": 21.093340394641167,
  "dvars_std": 1.1707234746411483,
  "dvars_vstd": 0.9820846078468896,
  "efc": 0.4933531550727664,
  "fber": 23486.44140625,
  "fd_mean": 0.14600395521028364,
  "fd_num": 45,
  "fd_perc": 21.428571428571427,
  "fwhm_avg": 2.3201743666666665,
  "fwhm_x": 2.465728,
  "fwhm_y": 2.4857375999999998,
  "fwhm_z": 2.0090575,
  "gcor": 0.0452411,
  "gsr_x": -0.010390115901827812,
  "gsr_y": 0.04492904990911484,
  "provenance": {
    "md5sum": "a0a21ee3ab0e1a3addfe2443a35c9c12",
    "settings": {
      "fd_thres": 0.2,
      "testing": false
    },
    "software": "mriqc",
    "version": "22.0.6",
    "webapi_port": null,
    "webapi_url": "https://mriqc.nimh.nih.gov/api/v1"
  },
  "size_t": 210,
  "size_x": 64,
  "size_y": 64,
  "size_z": 40,
  "snr": 4.461198032094232,
  "spacing_tr": 2.0,
  "spacing_x": 3.125,
  "spacing_y": 3.125,
  "spacing_z": 4.0,
  "summary_bg_k": 57.99632752263393,
  "summary_bg_mad": 20.982352350217162,
  "summary_bg_mean": 93.58922576904297,
  "summary_bg_median": 14.180953025817871,
  "summary_bg_n": 97669.0,
  "summary_bg_p05": 0.0,
  "summary_bg_p95": 472.64001464843693,
  "summary_bg_stdv": 230.10438537597656,
  "summary_fg_k": 0.991325373468471,
  "summary_fg_mad": 420.4869468509161,
  "summary_fg_mean": 2136.28125,
  "summary_fg_median": 2088.8955078125,
  "summary_fg_n": 29188.0,
  "summary_fg_p05": 1456.1239013671875,
  "summary_fg_p95": 2992.7558959960934,
  "summary_fg_stdv": 468.2284240722656,
  "tsnr": 73.13265837728977
}