{
  "bids_meta": {
    "AcquisitionMatrixPE": 256,
    "AcquisitionNumber": 1,
    "AcquisitionTime": "10:23:16.602500",
    "BaseResolution": 256,
    "BodyPartExamined": "BRAIN",
    "ConsistencyInfo": "N4_VE11C_LATEST_20160120",
    "ConversionSoftware": "dcm2niix",
    "ConversionSoftwareVersion": "v1.0.20190410  (JP2:OpenJPEG) (JP-LS:CharLS) GCC5.5.0",
    "DeviceSerialNumber": "167003",
    "DwellTime": 7.5e-06,
    "EchoTime": 0.00289,
    "FlipAngle": 9,
    "ImageOrientationPatientDICOM": [
      0.0192364,
      0.986671,
      -0.161585,
      -0.0185495,
      -0.161235,
      -0.986742
    ],
    "ImageType": [
      "ORIGINAL",
      "PRIMARY",
      "M",
      "ND"
    ],
    "ImagingFrequency": 123.235,
    "InPlanePhaseEncodingDirectionDICOM": "ROW",
    "InstitutionAddress": "Wade_Avenue_55_City_Maryland_US_21228",
    "InstitutionName": "UMCBIR",
    "InstitutionalDepartmentName": "Department",
    "InversionTime": 0.9,
    "MRAcquisitionType": "3D",
    "MagneticFieldStrength": 3,
    "Manufacturer": "Siemens",
    "ManufacturersModelName": "Prisma_fit",
    "Modality": "MR",
    "PartialFourier": 1,
    "PatientPosition": "HFS",
    "PercentPhaseFOV": 100,
    "PhaseEncodingSteps": 255,
    "PhaseResolution": 1,
    "PixelBandwidth": 260,
    "ProcedureStepDescription": "MPRC_Protocols_Bob_Buchanan",
    "ProtocolName": "MPRAGE_TI-900_Buchanan",
    "PulseSequenceDetails": "%SiemensSeq%_tfl",
    "ReceiveCoilActiveElements": "HC1-7",
    "ReceiveCoilName": "HeadNeck_64",
    "ReconMatrixPE": 256,
    "RefLinesPE": 31,
    "RepetitionTime": 2.3,
    "SAR": 0.0579344,
    "ScanOptions": "IR",
    "ScanningSequence": "GR_IR",
    "SequenceName": "_tfl3d1_16ns",
    "SequenceVariant": "SK_SP_MP",
    "SeriesDescription": "MPRAGE_TI-900_Buchanan",
    "SeriesNumber": 5,
    "ShimSetting": [
      -1000,
      -11591,
      11577,
      45,
      5,
      -13,
      -26,
      -28
    ],
    "SliceThickness": 0.9,
    "SoftwareVersions": "syngo_MR_E11",
    "StationName": "MRC35455",
    "TxRefAmp": 258.826,
    "dataset": "ds003011",
    "modality": "T1w",
    "run_id": 1,
    "session_id": "Y3MRP",
    "subject_id": "04"
  },
  "cjv": 0.5214191387616893,
  "cnr": 2.352752050417151,
  "efc": 0.5155854568024458,
  "fber": -1.0,
  "fwhm_avg": 4.916463562031431,
  "fwhm_x": 5.110033468702991,
  "fwhm_y": 4.906306782608696,
  "fwhm_z": 4.733050434782609,
  "icvs_csf": 0.2653858530432906,
  "icvs_gm": 0.3405371195724484,
  "icvs_wm": 0.394077027384261,
  "inu_med": 1.0358679294586182,
  "inu_range": 1.3839548230171204,
  "provenance": {
    "md5sum": "f90c8429ce51bfb01ed550346875f275",
    "settings": {
      "testing": false
    },
    "software": "mriqc",
    "version": "22.0.6",
    "warnings": {
      "large_rot_frame": true,
      "small_air_mask": false
    },
    "webapi_port": null,
    "webapi_url": "https://mriqc.nimh.nih.gov/api/v1"
  },
  "qi_1": 0.0,
  "qi_2": 0.006519991347860393,
  "rpve_csf": 19.629659165117797,
  "rpve_gm": 13.29521063495032,
  "rpve_wm": 13.655331322741961,
  "size_x": 240,
  "size_y": 256,
  "size_z": 256,
  "snr_csf": 2.2380187152537396,
  "snr_gm": 8.978558057498951,
  "snr_total": 7.278838433579598,
  "snr_wm": 10.619938527986106,
  "snrd_csf": 3.0112044933269586,
  "snrd_gm": 9.955152702873065,
  "snrd_total": 9.10421739985941,
  "snrd_wm": 14.346295003378206,
  "spacing_x": 0.8999999761581421,
  "spacing_y": 0.8984375,
  "spacing_z": 0.8984375,
  "summary_bg_k": 5970.821032928097,
  "summary_bg_mad": 0.0,
  "summary_bg_mean": 11.274623151245489,
  "summary_bg_median": 0.0,
  "summary_bg_n": 2405167.0,
  "summary_bg_p05": 0.0,
  "summary_bg_p95": 39.66942071914673,
  "summary_bg_stdv": 45.67092608176381,
  "summary_csf_k": 1.8806716792489926,
  "summary_csf_mad": 83.97328105230572,
  "summary_csf_mean": 221.44470909480606,
  "summary_csf_median": 209.91735130548477,
  "summary_csf_n": 152423.0,
  "summary_csf_p05": 92.56198167800903,
  "summary_csf_p95": 393.3884221315384,
  "summary_csf_stdv": 93.79575839662162,
  "summary_gm_k": 0.13811344225806277,
  "summary_gm_mad": 76.13141823030053,
  "summary_gm_mean": 695.1901985514055,
  "summary_gm_median": 693.9944769144058,
  "summary_gm_n": 21038.0,
  "summary_gm_p05": 568.3581157118082,
  "summary_gm_p95": 823.487587353587,
  "summary_gm_stdv": 77.29281009735696,
  "summary_wm_k": 0.8163244347864369,
  "summary_wm_mad": 83.4831646259304,
  "summary_wm_mean": 1012.4179833453625,
  "summary_wm_median": 1000.1101734638214,
  "summary_wm_n": 324558.0,
  "summary_wm_p05": 879.5592116117477,
  "summary_wm_p95": 1191.4049355983734,
  "summary_wm_stdv": 94.17273274234898,
  "tpm_overlap_csf": 0.17241880630636716,
  "tpm_overlap_gm": 0.3921218367304082,
  "tpm_overlap_wm": 0.4718677632279986,
  "wm2max": 0.18680662755994648
}