{
  "bids_meta": {
    "AcquisitionMatrixPE": 256,
    "AcquisitionNumber": 1,
    "AcquisitionTime": "10:28:46.567500",
    "BaseResolution": 256,
    "BodyPartExamined": "BRAIN",
    "ConsistencyInfo": "N4_VE11C_LATEST_20160120",
    "ConversionSoftware": "dcm2niix",
    "ConversionSoftwareVersion": "v1.0.20190410  (JP2:OpenJPEG) (JP-LS:CharLS) GCC5.5.0",
    "DeviceSerialNumber": "167003",
    "DwellTime": 7.5e-06,
    "EchoTime": 0.00289,
    "FlipAngle": 9,
    "ImageOrientationPatientDICOM": [
      0.0192364,
      0.986671,
      -0.161585,
      -0.0185495,
      -0.161235,
      -0.986742
    ],
    "ImageType": [
      "ORIGINAL",
      "PRIMARY",
      "M",
      "ND"
    ],
    "ImagingFrequency": 123.235,
    "InPlanePhaseEncodingDirectionDICOM": "ROW",
    "InstitutionAddress": "Wade_Avenue_55_City_Maryland_US_21228",
    "InstitutionName": "UMCBIR",
    "InstitutionalDepartmentName": "Department",
    "InversionTime": 0.9,
    "MRAcquisitionType": "3D",
    "MagneticFieldStrength": 3,
    "Manufacturer": "Siemens",
    "ManufacturersModelName": "Prisma_fit",
    "Modality": "MR",
    "PartialFourier": 1,
    "PatientPosition": "HFS",
    "PercentPhaseFOV": 100,
    "PhaseEncodingSteps": 255,
    "PhaseResolution": 1,
    "PixelBandwidth": 260,
    "ProcedureStepDescription": "MPRC_Protocols_Bob_Buchanan",
    "ProtocolName": "MPRAGE_TI-900_Buchanan",
    "PulseSequenceDetails": "%SiemensSeq%_tfl",
    "ReceiveCoilActiveElements": "HC1-7",
    "ReceiveCoilName": "HeadNeck_64",
    "ReconMatrixPE": 256,
    "RefLinesPE": 31,
    "RepetitionTime": 2.3,
    "SAR": 0.0579344,
    "ScanOptions": "IR",
    "ScanningSequence": "GR_IR",
    "SequenceName": "_tfl3d1_16ns",
    "SequenceVariant": "SK_SP_MP",
    "SeriesDescription": "MPRAGE_TI-900_Buchanan",
    "SeriesNumber": 6,
    "ShimSetting": [
      -1000,
      -11591,
      11577,
      45,
      5,
      -13,
      -26,
      -28
    ],
    "SliceThickness": 0.9,
    "SoftwareVersions": "syngo_MR_E11",
    "StationName": "MRC35455",
    "TxRefAmp": 258.826,
    "dataset": "ds003011",
    "modality": "T1w",
    "run_id": 2,
    "session_id": "Y3MRP",
    "subject_id": "04"
  },
  "cjv": 0.5223593103065175,
  "cnr": 2.3097368578934523,
  "efc": 0.5151760051123597,
  "fber": -1.0,
  "fwhm_avg": 4.906994821467101,
  "fwhm_x": 5.130011247009999,
  "fwhm_y": 4.858857739130435,
  "fwhm_z": 4.732115478260869,
  "icvs_csf": 0.2655100427159242,
  "icvs_gm": 0.3410833606728504,
  "icvs_wm": 0.39340659661122546,
  "inu_med": 1.0297157764434814,
  "inu_range": 1.3735492318868636,
  "provenance": {
    "md5sum": "609248ac0db66b82727fbe56047f0975",
    "settings": {
      "testing": false
    },
    "software": "mriqc",
    "version": "22.0.6",
    "warnings": {
      "large_rot_frame": true,
      "small_air_mask": false
    },
    "webapi_port": null,
    "webapi_url": "https://mriqc.nimh.nih.gov/api/v1"
  },
  "qi_1": 0.0,
  "qi_2": 0.007289537187987096,
  "rpve_csf": 19.644627621404307,
  "rpve_gm": 13.28391647952274,
  "rpve_wm": 13.658075894934116,
  "size_x": 240,
  "size_y": 256,
  "size_z": 256,
  "snr_csf": 2.2073564448784997,
  "snr_gm": 8.893311526271766,
  "snr_total": 7.152189543507074,
  "snr_wm": 10.355900659370956,
  "snrd_csf": 2.5901279457870467,
  "snrd_gm": 8.652488148616165,
  "snrd_total": 7.930042844865366,
  "snrd_wm": 12.547512440192888,
  "spacing_x": 0.8999999761581421,
  "spacing_y": 0.8984375,
  "spacing_z": 0.8984375,
  "summary_bg_k": 5823.015261322793,
  "summary_bg_mad": 0.0,
  "summary_bg_mean": 11.231449439413696,
  "summary_bg_median": 0.0,
  "summary_bg_n": 2377616.0,
  "summary_bg_p05": 0.0,
  "summary_bg_p95": 38.40125311166048,
  "summary_bg_stdv": 52.218297169909995,
  "summary_csf_k": 1.9938611258947168,
  "summary_csf_mad": 83.3258282638046,
  "summary_csf_mean": 219.0126420745965,
  "summary_csf_median": 206.44871935248375,
  "summary_csf_n": 151774.0,
  "summary_csf_p05": 93.93192816525698,
  "summary_csf_p95": 393.3049626275897,
  "summary_csf_stdv": 93.52727771335012,
  "summary_gm_k": 0.19339335710623295,
  "summary_gm_mad": 76.3543446242034,
  "summary_gm_mean": 689.8160109692831,
  "summary_gm_median": 689.6551579236984,
  "summary_gm_n": 21530.0,
  "summary_gm_p05": 563.5299926381558,
  "summary_gm_p95": 818.8535430282354,
  "summary_gm_stdv": 77.54582076164957,
  "summary_wm_k": 0.7496238658580174,
  "summary_wm_mad": 85.81564384937644,
  "summary_wm_mean": 1012.4109306338484,
  "summary_wm_median": 1000.1119359955192,
  "summary_wm_n": 321996.0,
  "summary_wm_p05": 875.5037881433964,
  "summary_wm_p95": 1196.1486537754536,
  "summary_wm_stdv": 96.57396453500995,
  "tpm_overlap_csf": 0.17646146099628315,
  "tpm_overlap_gm": 0.393941102608257,
  "tpm_overlap_wm": 0.4753500955028118,
  "wm2max": 0.18556031836732903
}