{
  "aor": 0.0005865094339622642,
  "aqi": 0.0012767097735849058,
  "bids_meta": {
    "AcquisitionMatrixPE": 64,
    "AcquisitionNumber": 1,
    "AcquisitionTime": "10:40:40.485000",
    "BandwidthPerPixelPhaseEncode": 63.776,
    "BaseResolution": 64,
    "BodyPartExamined": "BRAIN",
    "ConsistencyInfo": "N4_VE11C_LATEST_20160120",
    "ConversionSoftware": "dcm2niix",
    "ConversionSoftwareVersion": "v1.0.20190410  (JP2:OpenJPEG) (JP-LS:CharLS) GCC5.5.0",
    "DerivedVendorReportedEchoSpacing": 0.000489996,
    "DeviceSerialNumber": "167003",
    "DwellTime": 3.2e-06,
    "EchoTime": 0.03,
    "EchoTrainLength": 31,
    "EffectiveEchoSpacing": 0.000244998,
    "FlipAngle": 77,
    "ImageOrientationPatientDICOM": [
      0.999624,
      -0.0229252,
      -0.0150574,
      0.0204155,
      0.98852,
      -0.149706
    ],
    "ImageType": [
      "ORIGINAL",
      "PRIMARY",
      "M",
      "ND",
      "MOSAIC"
    ],
    "ImagingFrequency": 123.235,
    "InPlanePhaseEncodingDirectionDICOM": "COL",
    "InstitutionAddress": "Wade_Avenue_55_City_Maryland_US_21228",
    "InstitutionName": "UMCBIR",
    "InstitutionalDepartmentName": "Department",
    "MRAcquisitionType": "2D",
    "MagneticFieldStrength": 3,
    "Manufacturer": "Siemens",
    "ManufacturersModelName": "Prisma_fit",
    "Modality": "MR",
    "ParallelReductionFactorInPlane": 2,
    "PartialFourier": 1,
    "PatientPosition": "HFS",
    "PercentPhaseFOV": 100,
    "PhaseEncodingDirection": "j-",
    "PhaseEncodingSteps": 63,
    "PhaseResolution": 1,
    "PixelBandwidth": 2440,
    "ProcedureStepDescription": "MPRC_Protocols_Bob_Buchanan",
    "ProtocolName": "EPI_3x3x4xTR2-Resting-Eye_closed",
    "PulseSequenceDetails": "%SiemensSeq%_ep2d_bold",
    "ReceiveCoilActiveElements": "HC1-7",
    "ReceiveCoilName": "HeadNeck_64",
    "ReconMatrixPE": 64,
    "RefLinesPE": 30,
    "RepetitionTime": 2,
    "SAR": 0.0820466,
    "ScanOptions": "FS",
    "ScanningSequence": "EP",
    "SequenceName": "_epfid2d1_64",
    "SequenceVariant": "SK",
    "SeriesDescription": "EPI_3x3x4xTR2-Resting-Eye_closed",
    "SeriesNumber": 8,
    "ShimSetting": [
      -1003,
      -11502,
      11820,
      353,
      -72,
      35,
      -34,
      -6
    ],
    "SliceThickness": 4,
    "SliceTiming": [
      0,
      1.015,
      0.0525,
      1.07,
      0.1075,
      1.1225,
      0.16,
      1.1775,
      0.2125,
      1.23,
      0.2675,
      1.285,
      0.32,
      1.3375,
      0.375,
      1.39,
      0.4275,
      1.445,
      0.48,
      1.4975,
      0.535,
      1.5525,
      0.5875,
      1.605,
      0.6425,
      1.6575,
      0.695,
      1.7125,
      0.7475,
      1.765,
      0.8025,
      1.82,
      0.855,
      1.8725,
      0.91,
      1.925,
      0.9625
    ],
    "SoftwareVersions": "syngo_MR_E11",
    "SpacingBetweenSlices": 4,
    "StationName": "MRC35455",
    "TaskName": "rest eyes closed",
    "TotalReadoutTime": 0.0154349,
    "TxRefAmp": 258.826,
    "dataset": "ds003011",
    "modality": "bold",
    "run_id": 1,
    "session_id": "Y3MRP",
    "subject_id": "04",
    "task_id": "rest"
  },
  "dummy_trs": 0,
  "dvars_nstd": 17.159928159194326,
  "dvars_std": 1.0845750779620855,
  "dvars_vstd": 0.9874510314218012,
  "efc": 0.5323277207889957,
  "fber": 516.1646118164062,
  "fd_mean": 0.15028183697737818,
  "fd_num": 54,
  "fd_perc": 25.471698113207548,
  "fwhm_avg": 2.7543018666666668,
  "fwhm_x": 2.6657536,
  "fwhm_y": 2.829952,
  "fwhm_z": 2.7672,
  "gcor": 0.0367374,
  "gsr_x": 0.0037467435467988253,
  "gsr_y": 0.06990118324756622,
  "provenance": {
    "md5sum": "e57262d8d94c12a086826cd65c347d9c",
    "settings": {
      "fd_thres": 0.2,
      "testing": false
    },
    "software": "mriqc",
    "version": "22.0.6",
    "webapi_port": null,
    "webapi_url": "https://mriqc.nimh.nih.gov/api/v1"
  },
  "size_t": 212,
  "size_x": 64,
  "size_y": 64,
  "size_z": 37,
  "snr": 2.138409690611049,
  "spacing_tr": 2.0,
  "spacing_x": 3.125,
  "spacing_y": 3.125,
  "spacing_z": 4.0,
  "summary_bg_k": 62.593889284279854,
  "summary_bg_mad": 9.364172146244957,
  "summary_bg_mean": 63.753665924072266,
  "summary_bg_median": 32.660377502441406,
  "summary_bg_n": 85823.0,
  "summary_bg_p05": 25.056604385375977,
  "summary_bg_p95": 212.49387054443352,
  "summary_bg_stdv": 97.3583984375,
  "summary_fg_k": 2.081539332192161,
  "summary_fg_mad": 282.7574176257314,
  "summary_fg_mean": 832.3484497070312,
  "summary_fg_median": 747.44580078125,
  "summary_fg_n": 30240.0,
  "summary_fg_p05": 419.88042907714845,
  "summary_fg_p95": 1535.7252441406247,
  "summary_fg_stdv": 349.5277099609375,
  "tsnr": 86.61760701797903
}