{
  "bids_meta": {
    "AcquisitionMatrixPE": 256,
    "AcquisitionNumber": 1,
    "AcquisitionTime": "11:29:3.307500",
    "BaseResolution": 256,
    "CoilString": "C:HEA;HEP",
    "ConversionSoftware": "dcm2niix",
    "ConversionSoftwareVersion": "v1.0.20190410  (JP2:OpenJPEG) (JP-LS:CharLS) GCC5.5.0",
    "DeviceSerialNumber": "35455",
    "DwellTime": 7.5e-06,
    "EchoTime": 0.00285,
    "FlipAngle": 9,
    "ImageOrientationPatientDICOM": [
      -0.0278394,
      0.996664,
      -0.0767191,
      0.0021421,
      -0.0766891,
      -0.997053
    ],
    "ImageType": [
      "ORIGINAL",
      "PRIMARY",
      "M",
      "ND"
    ],
    "ImagingFrequency": 123.259,
    "InPlanePhaseEncodingDirectionDICOM": "ROW",
    "InstitutionAddress": "Wade_Avenue_55_250F90_Maryland_US_21228",
    "InstitutionName": "UMCBIR",
    "InstitutionalDepartmentName": "Department",
    "InversionTime": 0.9,
    "MRAcquisitionType": "3D",
    "MagneticFieldStrength": 3,
    "Manufacturer": "Siemens",
    "ManufacturersModelName": "TrioTim",
    "Modality": "MR",
    "PartialFourier": 1,
    "PatientPosition": "HFS",
    "PercentPhaseFOV": 100,
    "PhaseEncodingSteps": 255,
    "PhaseResolution": 1,
    "PixelBandwidth": 260,
    "ProcedureStepDescription": "MPRC_Protocols_Bob_Buchanan",
    "ProtocolName": "MPRAGE_TI-900_Buchanan",
    "PulseSequenceDetails": "%SiemensSeq%_tfl",
    "ReceiveCoilName": "32Ch_Head",
    "ReconMatrixPE": 256,
    "RefLinesPE": 31,
    "RepetitionTime": 2.3,
    "SAR": 0.187144,
    "ScanOptions": "IR",
    "ScanningSequence": "GR_IR",
    "SequenceName": "_tfl3d1_ns",
    "SequenceVariant": "SP_MP",
    "SeriesDescription": "MPRAGE_TI-900_Buchanan",
    "SeriesNumber": 12,
    "ShimSetting": [
      -2506,
      -28900,
      11652,
      9,
      517,
      -186,
      -2,
      -108
    ],
    "SliceThickness": 0.9,
    "SoftwareVersions": "syngo_MR_B17",
    "StationName": "MRC35455",
    "TxRefAmp": 346.474,
    "dataset": "ds003011",
    "modality": "T1w",
    "run_id": 4,
    "session_id": "Y1MRC",
    "subject_id": "03"
  },
  "cjv": 0.4838378895773885,
  "cnr": 2.764464284916959,
  "efc": 0.5401175104354693,
  "fber": 7154.040340023138,
  "fwhm_avg": 4.817587373440051,
  "fwhm_x": 4.906655685537542,
  "fwhm_y": 4.9410226086956515,
  "fwhm_z": 4.605083826086957,
  "icvs_csf": 0.20811742609657563,
  "icvs_gm": 0.3971871543136027,
  "icvs_wm": 0.3946954195898217,
  "inu_med": 0.9692504703998566,
  "inu_range": 1.3417980015277864,
  "provenance": {
    "md5sum": "e58c0756e51584c8c1004a259b51ef1a",
    "settings": {
      "testing": false
    },
    "software": "mriqc",
    "version": "22.0.6",
    "warnings": {
      "large_rot_frame": true,
      "small_air_mask": false
    },
    "webapi_port": null,
    "webapi_url": "https://mriqc.nimh.nih.gov/api/v1"
  },
  "qi_1": 0.0,
  "qi_2": 0.006687419744655088,
  "rpve_csf": 21.99196489163093,
  "rpve_gm": 11.182326062641437,
  "rpve_wm": 12.853969898917724,
  "size_x": 240,
  "size_y": 256,
  "size_z": 256,
  "snr_csf": 2.7285538379229655,
  "snr_gm": 10.051990463414496,
  "snr_total": 9.244589495162778,
  "snr_wm": 14.953224184150871,
  "snrd_csf": 13.847076943434557,
  "snrd_gm": 45.99829855465557,
  "snrd_total": 41.157415973837395,
  "snrd_wm": 63.62687242342206,
  "spacing_x": 0.8999999761581421,
  "spacing_y": 0.8984375,
  "spacing_z": 0.8984375,
  "summary_bg_k": 5038.208490978049,
  "summary_bg_mad": 10.29722382558333,
  "summary_bg_mean": 10.161642829334047,
  "summary_bg_median": 6.945371925830841,
  "summary_bg_n": 4130637.0,
  "summary_bg_p05": 0.0,
  "summary_bg_p95": 37.93241590261459,
  "summary_bg_stdv": 20.000263435718395,
  "summary_csf_k": 4.94172609177635,
  "summary_csf_mad": 60.59520174285575,
  "summary_csf_mean": 229.39178455249146,
  "summary_csf_median": 217.6439144834876,
  "summary_csf_n": 129714.0,
  "summary_csf_p05": 128.35581578314304,
  "summary_csf_p95": 376.71964455395937,
  "summary_csf_stdv": 79.7649921798515,
  "summary_gm_k": 0.16885273194307748,
  "summary_gm_mad": 70.19934319556327,
  "summary_gm_mean": 723.9438406991425,
  "summary_gm_median": 722.986504510045,
  "summary_gm_n": 36103.0,
  "summary_gm_p05": 606.3176126405597,
  "summary_gm_p95": 844.3969483673573,
  "summary_gm_stdv": 71.9237144365256,
  "summary_wm_k": 0.3996277046404404,
  "summary_wm_mad": 63.86259007212738,
  "summary_wm_mean": 1004.5852129592922,
  "summary_wm_median": 1000.0667748972774,
  "summary_wm_n": 338719.0,
  "summary_wm_p05": 902.8983503580093,
  "summary_wm_p95": 1122.0782605558634,
  "summary_wm_stdv": 66.87957635970938,
  "tpm_overlap_csf": 0.14512345000067003,
  "tpm_overlap_gm": 0.41628855820246186,
  "tpm_overlap_wm": 0.4411801265970153,
  "wm2max": 0.30316833687620204
}