{
  "bids_meta": {
    "AcquisitionMatrixPE": 256,
    "AcquisitionNumber": 1,
    "AcquisitionTime": "10:46:46.757500",
    "BaseResolution": 256,
    "CoilString": "C:HEA;HEP",
    "ConversionSoftware": "dcm2niix",
    "ConversionSoftwareVersion": "v1.0.20190410  (JP2:OpenJPEG) (JP-LS:CharLS) GCC5.5.0",
    "DeviceSerialNumber": "35455",
    "DwellTime": 7.5e-06,
    "EchoTime": 0.00285,
    "FlipAngle": 9,
    "ImageOrientationPatientDICOM": [
      -0.050063,
      0.988259,
      -0.144356,
      0.00730339,
      -0.144171,
      -0.989526
    ],
    "ImageType": [
      "ORIGINAL",
      "PRIMARY",
      "M",
      "ND"
    ],
    "ImagingFrequency": 123.259,
    "InPlanePhaseEncodingDirectionDICOM": "ROW",
    "InstitutionAddress": "Wade_Avenue_55_250F90_Maryland_US_21228",
    "InstitutionName": "UMCBIR",
    "InstitutionalDepartmentName": "Department",
    "InversionTime": 0.9,
    "MRAcquisitionType": "3D",
    "MagneticFieldStrength": 3,
    "Manufacturer": "Siemens",
    "ManufacturersModelName": "TrioTim",
    "Modality": "MR",
    "PartialFourier": 1,
    "PatientPosition": "HFS",
    "PercentPhaseFOV": 100,
    "PhaseEncodingSteps": 255,
    "PhaseResolution": 1,
    "PixelBandwidth": 260,
    "ProcedureStepDescription": "MPRC_Protocols_Bob_Buchanan",
    "ProtocolName": "MPRAGE_TI-900_Buchanan",
    "PulseSequenceDetails": "%SiemensSeq%_tfl",
    "ReceiveCoilName": "32Ch_Head",
    "ReconMatrixPE": 256,
    "RefLinesPE": 31,
    "RepetitionTime": 2.3,
    "SAR": 0.171262,
    "ScanOptions": "IR",
    "ScanningSequence": "GR_IR",
    "SequenceName": "_tfl3d1_ns",
    "SequenceVariant": "SP_MP",
    "SeriesDescription": "MPRAGE_TI-900_Buchanan",
    "SeriesNumber": 3,
    "ShimSetting": [
      -2506,
      -28900,
      11652,
      9,
      517,
      -186,
      -2,
      -108
    ],
    "SliceThickness": 0.9,
    "SoftwareVersions": "syngo_MR_B17",
    "StationName": "MRC35455",
    "TxRefAmp": 346.008,
    "dataset": "ds003011",
    "modality": "T1w",
    "run_id": 2,
    "session_id": "Y1MRC",
    "subject_id": "03"
  },
  "cjv": 0.5051403724849073,
  "cnr": 2.664187620632922,
  "efc": 0.5381267864801722,
  "fber": 6899.997763255997,
  "fwhm_avg": 4.587516215113541,
  "fwhm_x": 4.665800123601493,
  "fwhm_y": 4.685211826086956,
  "fwhm_z": 4.411536695652174,
  "icvs_csf": 0.2071301869328524,
  "icvs_gm": 0.40129418160616054,
  "icvs_wm": 0.39157563146098706,
  "inu_med": 0.9658946990966797,
  "inu_range": 1.1615069359540937,
  "provenance": {
    "md5sum": "bdd593477323172916079b31d4f1b197",
    "settings": {
      "testing": false
    },
    "software": "mriqc",
    "version": "22.0.6",
    "warnings": {
      "large_rot_frame": true,
      "small_air_mask": false
    },
    "webapi_port": null,
    "webapi_url": "https://mriqc.nimh.nih.gov/api/v1"
  },
  "qi_1": 0.0,
  "qi_2": 0.006313513451866832,
  "rpve_csf": 22.27117774191525,
  "rpve_gm": 11.158838587175525,
  "rpve_wm": 12.964542542126066,
  "size_x": 240,
  "size_y": 256,
  "size_z": 256,
  "snr_csf": 2.6537607611286496,
  "snr_gm": 9.69362739280401,
  "snr_total": 8.958653675728804,
  "snr_wm": 14.528572873253752,
  "snrd_csf": 6.671196627039217,
  "snrd_gm": 22.260607244151803,
  "snrd_total": 19.898457730680093,
  "snrd_wm": 30.763569320849257,
  "spacing_x": 0.8999999761581421,
  "spacing_y": 0.8984375,
  "spacing_z": 0.8984375,
  "summary_bg_k": 4041.091123881407,
  "summary_bg_mad": 0.0,
  "summary_bg_mean": 10.95038432109355,
  "summary_bg_median": 0.0,
  "summary_bg_n": 4212439.0,
  "summary_bg_p05": 0.0,
  "summary_bg_p95": 40.118589609861374,
  "summary_bg_stdv": 21.29719474322299,
  "summary_csf_k": 4.584678992217766,
  "summary_csf_mad": 63.31430667008297,
  "summary_csf_mean": 228.53408220861755,
  "summary_csf_median": 216.86747024953365,
  "summary_csf_n": 129713.0,
  "summary_csf_p05": 123.32050736993551,
  "summary_csf_p95": 377.90954457968473,
  "summary_csf_stdv": 81.72049171625814,
  "summary_gm_k": 0.12373968625098497,
  "summary_gm_mad": 73.13410312556113,
  "summary_gm_mean": 724.7233430871748,
  "summary_gm_median": 723.6485220193863,
  "summary_gm_n": 33471.0,
  "summary_gm_p05": 603.1981338746846,
  "summary_gm_p95": 850.5645633637905,
  "summary_gm_stdv": 74.65086933232435,
  "summary_wm_k": 0.3065717755917565,
  "summary_wm_mad": 66.4940502842378,
  "summary_wm_mean": 1004.1366233377878,
  "summary_wm_median": 1000.0630812495947,
  "summary_wm_n": 329786.0,
  "summary_wm_p05": 898.2526981830597,
  "summary_wm_p95": 1124.2036226838827,
  "summary_wm_stdv": 68.83412250759706,
  "tpm_overlap_csf": 0.14545997647274028,
  "tpm_overlap_gm": 0.4169722882571136,
  "tpm_overlap_wm": 0.4402795189321372,
  "wm2max": 0.31494041762938435
}