{
  "bids_meta": {
    "AcquisitionMatrixPE": 256,
    "AcquisitionNumber": 1,
    "AcquisitionTime": "10:52:17.622500",
    "BaseResolution": 256,
    "CoilString": "C:HEA;HEP",
    "ConversionSoftware": "dcm2niix",
    "ConversionSoftwareVersion": "v1.0.20190410  (JP2:OpenJPEG) (JP-LS:CharLS) GCC5.5.0",
    "DeviceSerialNumber": "35455",
    "DwellTime": 7.5e-06,
    "EchoTime": 0.00285,
    "FlipAngle": 9,
    "ImageOrientationPatientDICOM": [
      -0.050063,
      0.988259,
      -0.144356,
      0.00730339,
      -0.144171,
      -0.989526
    ],
    "ImageType": [
      "ORIGINAL",
      "PRIMARY",
      "M",
      "ND"
    ],
    "ImagingFrequency": 123.259,
    "InPlanePhaseEncodingDirectionDICOM": "ROW",
    "InstitutionAddress": "Wade_Avenue_55_250F90_Maryland_US_21228",
    "InstitutionName": "UMCBIR",
    "InstitutionalDepartmentName": "Department",
    "InversionTime": 0.9,
    "MRAcquisitionType": "3D",
    "MagneticFieldStrength": 3,
    "Manufacturer": "Siemens",
    "ManufacturersModelName": "TrioTim",
    "Modality": "MR",
    "PartialFourier": 1,
    "PatientPosition": "HFS",
    "PercentPhaseFOV": 100,
    "PhaseEncodingSteps": 255,
    "PhaseResolution": 1,
    "PixelBandwidth": 260,
    "ProcedureStepDescription": "MPRC_Protocols_Bob_Buchanan",
    "ProtocolName": "MPRAGE_TI-900_Buchanan",
    "PulseSequenceDetails": "%SiemensSeq%_tfl",
    "ReceiveCoilName": "32Ch_Head",
    "ReconMatrixPE": 256,
    "RefLinesPE": 31,
    "RepetitionTime": 2.3,
    "SAR": 0.171262,
    "ScanOptions": "IR",
    "ScanningSequence": "GR_IR",
    "SequenceName": "_tfl3d1_ns",
    "SequenceVariant": "SP_MP",
    "SeriesDescription": "MPRAGE_TI-900_Buchanan",
    "SeriesNumber": 4,
    "ShimSetting": [
      -2506,
      -28900,
      11652,
      9,
      517,
      -186,
      -2,
      -108
    ],
    "SliceThickness": 0.9,
    "SoftwareVersions": "syngo_MR_B17",
    "StationName": "MRC35455",
    "TxRefAmp": 346.008,
    "dataset": "ds003011",
    "modality": "T1w",
    "run_id": 3,
    "session_id": "Y1MRC",
    "subject_id": "03"
  },
  "cjv": 0.5049688748809218,
  "cnr": 2.6637167807518027,
  "efc": 0.5392756099216405,
  "fber": 5704.854588042831,
  "fwhm_avg": 4.587964105798075,
  "fwhm_x": 4.686789013046398,
  "fwhm_y": 4.656439652173913,
  "fwhm_z": 4.420663652173913,
  "icvs_csf": 0.2073775016246561,
  "icvs_gm": 0.3999222261605911,
  "icvs_wm": 0.3927002722147528,
  "inu_med": 0.9638136029243469,
  "inu_range": 1.1677361905574792,
  "provenance": {
    "md5sum": "1777ac5e8e26e66389ec215ffaa233d5",
    "settings": {
      "testing": false
    },
    "software": "mriqc",
    "version": "22.0.6",
    "warnings": {
      "large_rot_frame": true,
      "small_air_mask": false
    },
    "webapi_port": null,
    "webapi_url": "https://mriqc.nimh.nih.gov/api/v1"
  },
  "qi_1": 0.0,
  "qi_2": 0.0064198982384056,
  "rpve_csf": 22.273170293548603,
  "rpve_gm": 11.173849108090353,
  "rpve_wm": 12.923428964865055,
  "size_x": 240,
  "size_y": 256,
  "size_z": 256,
  "snr_csf": 2.6799445121453607,
  "snr_gm": 9.591790734912475,
  "snr_total": 8.8626917073848,
  "snr_wm": 14.316339875096563,
  "snrd_csf": 14.107211211604772,
  "snrd_gm": 46.51332549072147,
  "snrd_total": 41.7131844393099,
  "snrd_wm": 64.51901661560345,
  "spacing_x": 0.8999999761581421,
  "spacing_y": 0.8984375,
  "spacing_z": 0.8984375,
  "summary_bg_k": 3787.5068935333434,
  "summary_bg_mad": 10.154809507577598,
  "summary_bg_mean": 11.453290742264274,
  "summary_bg_median": 6.84931492805481,
  "summary_bg_n": 4220719.0,
  "summary_bg_p05": 0.0,
  "summary_bg_p95": 41.41595101356506,
  "summary_bg_stdv": 21.18203683135485,
  "summary_csf_k": 4.537514158487242,
  "summary_csf_mad": 63.30147608929213,
  "summary_csf_mean": 229.97291311920645,
  "summary_csf_median": 218.66597938537598,
  "summary_csf_n": 129504.0,
  "summary_csf_p05": 123.99180388450623,
  "summary_csf_p95": 380.2329969406128,
  "summary_csf_stdv": 81.59315767496463,
  "summary_gm_k": 0.13678653751966596,
  "summary_gm_mad": 73.55119035862279,
  "summary_gm_mean": 722.1717384522451,
  "summary_gm_median": 720.9704115390778,
  "summary_gm_n": 33495.0,
  "summary_gm_p05": 598.6237234830857,
  "summary_gm_p95": 848.2268421649933,
  "summary_gm_stdv": 75.16423877721243,
  "summary_wm_k": 0.34118957719746934,
  "summary_wm_mad": 67.38238084467378,
  "summary_wm_mean": 1004.5496962040833,
  "summary_wm_median": 1000.0639917850494,
  "summary_wm_n": 332127.0,
  "summary_wm_p05": 897.5995207071304,
  "summary_wm_p95": 1127.1283855438232,
  "summary_wm_stdv": 69.85462031248524,
  "tpm_overlap_csf": 0.14298247651337093,
  "tpm_overlap_gm": 0.4139141092708933,
  "tpm_overlap_wm": 0.43807394128299015,
  "wm2max": 0.3154015579359134
}