{
  "bids_meta": {
    "AcquisitionMatrixPE": 256,
    "AcquisitionNumber": 1,
    "AcquisitionTime": "08:40:15.565000",
    "BaseResolution": 256,
    "BodyPartExamined": "BRAIN",
    "ConsistencyInfo": "N4_VE11C_LATEST_20160120",
    "ConversionSoftware": "dcm2niix",
    "ConversionSoftwareVersion": "v1.0.20190410  (JP2:OpenJPEG) (JP-LS:CharLS) GCC5.5.0",
    "DeviceSerialNumber": "167003",
    "DwellTime": 7.5e-06,
    "EchoTime": 0.00289,
    "FlipAngle": 9,
    "ImageOrientationPatientDICOM": [
      0.00994444,
      0.978459,
      -0.206203,
      0.00186921,
      -0.206231,
      -0.978502
    ],
    "ImageType": [
      "ORIGINAL",
      "PRIMARY",
      "M",
      "ND"
    ],
    "ImagingFrequency": 123.235,
    "InPlanePhaseEncodingDirectionDICOM": "ROW",
    "InstitutionAddress": "Wade_Avenue_55_City_Maryland_US_21228",
    "InstitutionName": "UMCBIR",
    "InstitutionalDepartmentName": "Department",
    "InversionTime": 0.9,
    "MRAcquisitionType": "3D",
    "MagneticFieldStrength": 3,
    "Manufacturer": "Siemens",
    "ManufacturersModelName": "Prisma_fit",
    "Modality": "MR",
    "PartialFourier": 1,
    "PatientPosition": "HFS",
    "PercentPhaseFOV": 100,
    "PhaseEncodingSteps": 255,
    "PhaseResolution": 1,
    "PixelBandwidth": 260,
    "ProcedureStepDescription": "MPRC_Protocols_Bob_Buchanan",
    "ProtocolName": "MPRAGE_TI-900_Buchanan",
    "PulseSequenceDetails": "%SiemensSeq%_tfl",
    "ReceiveCoilActiveElements": "HC1-7",
    "ReceiveCoilName": "HeadNeck_64",
    "ReconMatrixPE": 256,
    "RefLinesPE": 31,
    "RepetitionTime": 2.3,
    "SAR": 0.074755,
    "ScanOptions": "IR",
    "ScanningSequence": "GR_IR",
    "SequenceName": "_tfl3d1_16ns",
    "SequenceVariant": "SK_SP_MP",
    "SeriesDescription": "MPRAGE_TI-900_Buchanan",
    "SeriesNumber": 6,
    "ShimSetting": [
      -1000,
      -11591,
      11577,
      45,
      5,
      -13,
      -26,
      -28
    ],
    "SliceThickness": 0.9,
    "SoftwareVersions": "syngo_MR_E11",
    "StationName": "MRC35455",
    "TxRefAmp": 267.882,
    "dataset": "ds003011",
    "modality": "T1w",
    "run_id": 2,
    "session_id": "Y3MRP",
    "subject_id": "03"
  },
  "cjv": 0.5323840195958306,
  "cnr": 2.462052019223517,
  "efc": 0.5347185201450417,
  "fber": 3654.927936,
  "fwhm_avg": 5.189467106061662,
  "fwhm_x": 5.263722361663246,
  "fwhm_y": 5.156830608695652,
  "fwhm_z": 5.147848347826087,
  "icvs_csf": 0.20644499301341163,
  "icvs_gm": 0.3850591351522384,
  "icvs_wm": 0.40849587183435,
  "inu_med": 1.0668118000030518,
  "inu_range": 1.387454736232757,
  "provenance": {
    "md5sum": "eadbfc0e44179e7734b01f06c19086ab",
    "settings": {
      "testing": false
    },
    "software": "mriqc",
    "version": "22.0.6",
    "warnings": {
      "large_rot_frame": true,
      "small_air_mask": false
    },
    "webapi_port": null,
    "webapi_url": "https://mriqc.nimh.nih.gov/api/v1"
  },
  "qi_1": 0.0,
  "qi_2": 0.006854910055415936,
  "rpve_csf": 22.504238576011318,
  "rpve_gm": 11.394172402819358,
  "rpve_wm": 12.389920787539957,
  "size_x": 240,
  "size_y": 256,
  "size_z": 256,
  "snr_csf": 2.3563949273860927,
  "snr_gm": 9.150406094013514,
  "snr_total": 7.507782372591767,
  "snr_wm": 11.016546096375693,
  "snrd_csf": 9.18059009378774,
  "snrd_gm": 32.540704373939064,
  "snrd_total": 29.29666188858643,
  "snrd_wm": 46.1686911980325,
  "spacing_x": 0.8999999761581421,
  "spacing_y": 0.8984375,
  "spacing_z": 0.8984375,
  "summary_bg_k": 1.7331330044621538,
  "summary_bg_mad": 0.0,
  "summary_bg_mean": 10.678523555294774,
  "summary_bg_median": 0.0,
  "summary_bg_n": 2866137.0,
  "summary_bg_p05": 0.0,
  "summary_bg_p95": 38.87923674285412,
  "summary_bg_stdv": 14.190058345349115,
  "summary_csf_k": 4.812780712208207,
  "summary_csf_mad": 67.62521204603132,
  "summary_csf_mean": 209.25565636300624,
  "summary_csf_median": 198.84883373230696,
  "summary_csf_n": 132308.0,
  "summary_csf_p05": 94.48306135833263,
  "summary_csf_p95": 360.6646514609456,
  "summary_csf_stdv": 84.38656863414548,
  "summary_gm_k": 0.12334699684737283,
  "summary_gm_mad": 75.03178288916808,
  "summary_gm_mean": 704.5739746400167,
  "summary_gm_median": 704.821917489171,
  "summary_gm_n": 35975.0,
  "summary_gm_p05": 575.1520608663559,
  "summary_gm_p95": 830.4735289737582,
  "summary_gm_stdv": 77.02522862740834,
  "summary_wm_k": 1.0349673789561997,
  "summary_wm_mad": 82.11632891303803,
  "summary_wm_mean": 1010.4231718392696,
  "summary_wm_median": 1000.0000333189964,
  "summary_wm_n": 325560.0,
  "summary_wm_p05": 881.0816974714398,
  "summary_wm_p95": 1178.2146352604032,
  "summary_wm_stdv": 90.77241530642188,
  "tpm_overlap_csf": 0.15151459439790294,
  "tpm_overlap_gm": 0.41375712916110086,
  "tpm_overlap_wm": 0.42649291312642407,
  "wm2max": 0.20053714466575726
}