{
  "bids_meta": {
    "AcquisitionMatrixPE": 256,
    "AcquisitionNumber": 1,
    "AcquisitionTime": "06:05:0.000000",
    "CoilString": "8HRBRAIN",
    "ConversionSoftware": "dcm2niix",
    "ConversionSoftwareVersion": "v1.0.20190410  (JP2:OpenJPEG) (JP-LS:CharLS) GCC5.5.0",
    "DeviceSerialNumber": "000000000000GEHC",
    "EchoTime": 0.002788,
    "FlipAngle": 8,
    "ImageOrientationPatientDICOM": [
      0,
      1,
      0,
      0,
      0,
      -1
    ],
    "ImageType": [
      "ORIGINAL",
      "PRIMARY",
      "OTHER"
    ],
    "ImagingFrequency": 127.763,
    "InPlanePhaseEncodingDirectionDICOM": "ROW",
    "InversionTime": 0.65,
    "MRAcquisitionType": "3D",
    "MagneticFieldStrength": 3,
    "Manufacturer": "GE",
    "ManufacturersModelName": "Signa_HDxt",
    "Modality": "MR",
    "PatientPosition": "HFS",
    "PercentPhaseFOV": 100,
    "PixelBandwidth": 244.141,
    "ProcedureStepDescription": "BRAIN_MRI",
    "ProtocolName": "SAGITTAL_IR-FSPGR",
    "ReconMatrixPE": 256,
    "RepetitionTime": 0.00636,
    "SAR": 0.208631,
    "ScanOptions": "FAST_GEMS_EDR_GEMS_ACC_GEMS",
    "ScanningSequence": "GR",
    "SequenceVariant": "SS_SP_SK",
    "SeriesDescription": "SAGITTAL_IR-FSPGR",
    "SeriesNumber": 5,
    "SliceThickness": 0.9,
    "SoftwareVersions": "24_LX_MR_Software_release:HD16.0_V02_1131.a",
    "SpacingBetweenSlices": 0.9,
    "StationName": "MHMRMR3T",
    "dataset": "ds003011",
    "modality": "T1w",
    "run_id": 1,
    "session_id": "Y2ZHH",
    "subject_id": "03"
  },
  "cjv": 0.42616049055310784,
  "cnr": 3.212575775619849,
  "efc": 0.6620756706816238,
  "fber": 7248.5576331360935,
  "fwhm_avg": 3.478128095980923,
  "fwhm_x": 3.3307334215676367,
  "fwhm_y": 3.6933436864954943,
  "fwhm_z": 3.410307179879638,
  "icvs_csf": 0.22332551182333846,
  "icvs_gm": 0.42075216192194576,
  "icvs_wm": 0.3559223262547158,
  "inu_med": 0.7367916703224182,
  "inu_range": 0.2607604056596755,
  "provenance": {
    "md5sum": "0b562502bf167c4414d76580bdfa7ecd",
    "settings": {
      "testing": false
    },
    "software": "mriqc",
    "version": "22.0.6",
    "warnings": {
      "large_rot_frame": true,
      "small_air_mask": false
    },
    "webapi_port": null,
    "webapi_url": "https://mriqc.nimh.nih.gov/api/v1"
  },
  "qi_1": 0.0,
  "qi_2": 0.0012219169879791013,
  "rpve_csf": 16.128214746161433,
  "rpve_gm": 8.520139413194538,
  "rpve_wm": 11.368675074771827,
  "size_x": 200,
  "size_y": 256,
  "size_z": 256,
  "snr_csf": 2.5373299408018832,
  "snr_gm": 9.138380710494626,
  "snr_total": 9.033897963557003,
  "snr_wm": 15.4259832393745,
  "snrd_csf": 6.454817863794236,
  "snrd_gm": 21.31239676196022,
  "snrd_total": 19.752170488752288,
  "snrd_wm": 31.489296840502416,
  "spacing_x": 0.8999999761581421,
  "spacing_y": 0.8984000086784363,
  "spacing_z": 0.8984000086784363,
  "summary_bg_k": 6.394272364253755,
  "summary_bg_mad": 0.0,
  "summary_bg_mean": 13.168404900063491,
  "summary_bg_median": 0.0,
  "summary_bg_n": 1217819.0,
  "summary_bg_p05": 0.0,
  "summary_bg_p95": 57.57472716271877,
  "summary_bg_stdv": 20.80593312119038,
  "summary_csf_k": 3.0590542766678404,
  "summary_csf_mad": 65.65701785016044,
  "summary_csf_mean": 214.2824146992919,
  "summary_csf_median": 204.993202611804,
  "summary_csf_n": 130515.0,
  "summary_csf_p05": 102.86599667929116,
  "summary_csf_p95": 361.37057734653354,
  "summary_csf_stdv": 80.79060353546802,
  "summary_gm_k": 0.015202953920360862,
  "summary_gm_mad": 74.09233941480234,
  "summary_gm_mean": 676.7725490304528,
  "summary_gm_median": 676.8427180685103,
  "summary_gm_n": 60945.0,
  "summary_gm_p05": 554.8997856117785,
  "summary_gm_p95": 797.8515472821891,
  "summary_gm_stdv": 74.06532804773616,
  "summary_wm_k": 0.19303977272033812,
  "summary_wm_mad": 63.64261270039521,
  "summary_wm_mean": 1000.7707885227696,
  "summary_wm_median": 1000.0424401648343,
  "summary_wm_n": 348609.0,
  "summary_wm_p05": 895.6776323728263,
  "summary_wm_p95": 1108.143660929054,
  "summary_wm_stdv": 64.82834775022425,
  "tpm_overlap_csf": 0.1492652972051314,
  "tpm_overlap_gm": 0.4282563093488389,
  "tpm_overlap_wm": 0.4600040211953969,
  "wm2max": 0.45003094930075244
}