{
  "bids_meta": {
    "AcquisitionMatrixPE": 256,
    "AcquisitionNumber": 1,
    "AcquisitionTime": "11:06:59.000000",
    "CoilString": "8HRBRAIN",
    "ConversionSoftware": "dcm2niix",
    "ConversionSoftwareVersion": "v1.0.20190410  (JP2:OpenJPEG) (JP-LS:CharLS) GCC5.5.0",
    "DeviceSerialNumber": "000000000000CAMH",
    "EchoTime": 0.002996,
    "FlipAngle": 8,
    "ImageOrientationPatientDICOM": [
      0,
      1,
      0,
      0,
      0,
      -1
    ],
    "ImageType": [
      "ORIGINAL",
      "PRIMARY",
      "OTHER"
    ],
    "ImagingFrequency": 127.757,
    "InPlanePhaseEncodingDirectionDICOM": "ROW",
    "InstitutionName": "CAMH",
    "InversionTime": 0.65,
    "MRAcquisitionType": "3D",
    "MagneticFieldStrength": 3,
    "Manufacturer": "GE",
    "ManufacturersModelName": "DISCOVERY_MR750",
    "Modality": "MR",
    "PatientPosition": "HFS",
    "PercentPhaseFOV": 100,
    "PixelBandwidth": 244.141,
    "ProcedureStepDescription": "SPIN1MR",
    "ProtocolName": "SagT1_BRAVO",
    "ReconMatrixPE": 256,
    "RepetitionTime": 0.006736,
    "SAR": 0.186035,
    "ScanOptions": "FAST_GEMS_EDR_GEMS_ACC_GEMS",
    "ScanningSequence": "GR",
    "SequenceVariant": "SS_SK",
    "SeriesDescription": "SagT1_BRAVO",
    "SeriesNumber": 2,
    "SliceThickness": 0.9,
    "SoftwareVersions": "23_LX_MR_Software_release:DV23.1_V02_1317.c",
    "SpacingBetweenSlices": 0.9,
    "StationName": "MRMR",
    "dataset": "ds003011",
    "modality": "T1w",
    "run_id": 1,
    "session_id": "Y1CMH",
    "subject_id": "03"
  },
  "cjv": 0.3741428425136041,
  "cnr": 3.611352405419845,
  "efc": 0.5865923588621927,
  "fber": 4081.1489698231007,
  "fwhm_avg": 3.961502000519969,
  "fwhm_x": 3.8811445472596633,
  "fwhm_y": 4.134672711617883,
  "fwhm_z": 3.8686887426823593,
  "icvs_csf": 0.23224695073406315,
  "icvs_gm": 0.418207803464245,
  "icvs_wm": 0.34954524580169183,
  "inu_med": 0.7201701700687408,
  "inu_range": 0.3132732957601547,
  "provenance": {
    "md5sum": "afaf9fbedeca754f78857f564c7b2ac2",
    "settings": {
      "testing": false
    },
    "software": "mriqc",
    "version": "22.0.6",
    "warnings": {
      "large_rot_frame": true,
      "small_air_mask": false
    },
    "webapi_port": null,
    "webapi_url": "https://mriqc.nimh.nih.gov/api/v1"
  },
  "qi_1": 0.0,
  "qi_2": 0.00039488149598690305,
  "rpve_csf": 15.986225413736177,
  "rpve_gm": 8.766622284670623,
  "rpve_wm": 12.015014175322163,
  "size_x": 200,
  "size_y": 256,
  "size_z": 256,
  "snr_csf": 2.2518672903139763,
  "snr_gm": 9.144438440933138,
  "snr_total": 9.881252237961304,
  "snr_wm": 18.2474509826368,
  "snrd_csf": 15.253139158492434,
  "snrd_gm": 56.280046540982546,
  "snrd_total": 51.96487019106569,
  "snrd_wm": 84.3614248737221,
  "spacing_x": 0.8999999761581421,
  "spacing_y": 0.8984000086784363,
  "spacing_z": 0.8984000086784363,
  "summary_bg_k": 5.182547190945932,
  "summary_bg_mad": 7.766079721910394,
  "summary_bg_mean": 9.724476751896276,
  "summary_bg_median": 5.238141171634197,
  "summary_bg_n": 2728865.0,
  "summary_bg_p05": 0.0,
  "summary_bg_p95": 35.95563569664955,
  "summary_bg_stdv": 13.050833782637962,
  "summary_csf_k": 3.552105731833664,
  "summary_csf_mad": 62.464209121291624,
  "summary_csf_mean": 188.12084256201143,
  "summary_csf_median": 180.81287303566933,
  "summary_csf_n": 127791.0,
  "summary_csf_p05": 73.75432106480002,
  "summary_csf_p95": 333.96383389644325,
  "summary_csf_stdv": 80.29432567211695,
  "summary_gm_k": 0.16700522612015023,
  "summary_gm_mad": 71.18906411751195,
  "summary_gm_mean": 666.5606536022486,
  "summary_gm_median": 667.1516468785703,
  "summary_gm_n": 67369.0,
  "summary_gm_p05": 545.1676259890198,
  "summary_gm_p95": 785.9151809737086,
  "summary_gm_stdv": 72.95655164567324,
  "summary_wm_k": 0.24817850360009297,
  "summary_wm_mad": 53.35584401534734,
  "summary_wm_mean": 1000.169674576316,
  "summary_wm_median": 1000.0322849154472,
  "summary_wm_n": 356410.0,
  "summary_wm_p05": 910.4342035166919,
  "summary_wm_p95": 1090.0183767713606,
  "summary_wm_stdv": 54.80386728765759,
  "tpm_overlap_csf": 0.1433803052622271,
  "tpm_overlap_gm": 0.43214813366648575,
  "tpm_overlap_wm": 0.4603821784936122,
  "wm2max": 0.5608852825564201
}