{
  "aor": 0.0005233971291866029,
  "aqi": 0.002522357033492823,
  "bids_meta": {
    "AcquisitionMatrixPE": 64,
    "AcquisitionNumber": 1,
    "AcquisitionTime": "06:05:0.000000",
    "CoilString": "8HRBRAIN",
    "ConversionSoftware": "dcm2niix",
    "ConversionSoftwareVersion": "v1.0.20190410  (JP2:OpenJPEG) (JP-LS:CharLS) GCC5.5.0",
    "DeviceSerialNumber": "000000000000GEHC",
    "EchoTime": 0.03,
    "EffectiveEchoSpacing": 0.000664,
    "FlipAngle": 77,
    "ImageOrientationPatientDICOM": [
      1,
      0,
      0,
      0,
      1,
      0
    ],
    "ImageType": [
      "ORIGINAL",
      "PRIMARY",
      "OTHER"
    ],
    "ImagingFrequency": 127.763,
    "InPlanePhaseEncodingDirectionDICOM": "COL",
    "MRAcquisitionType": "2D",
    "MagneticFieldStrength": 3,
    "Manufacturer": "GE",
    "ManufacturersModelName": "Signa_HDxt",
    "Modality": "MR",
    "PatientPosition": "HFS",
    "PercentPhaseFOV": 100,
    "PhaseEncodingDirection": "j-",
    "PhaseEncodingPolarityGE": "Unflipped",
    "PixelBandwidth": 7812.5,
    "ProcedureStepDescription": "BRAIN_MRI",
    "ProtocolName": "Resting_State_212",
    "ReconMatrixPE": 64,
    "RepetitionTime": 2,
    "SAR": 0.310418,
    "ScanOptions": "MP_GEMS_EPI_GEMS_ACC_GEMS_PFF",
    "ScanningSequence": "EP_GR",
    "SequenceVariant": "SS",
    "SeriesDescription": "Resting_State_212",
    "SeriesNumber": 6,
    "SliceThickness": 4,
    "SliceTiming": [
      0,
      1,
      0.05,
      1.05,
      0.1,
      1.1,
      0.15,
      1.15,
      0.2,
      1.2,
      0.25,
      1.25,
      0.3,
      1.3,
      0.35,
      1.35,
      0.4,
      1.4,
      0.45,
      1.45,
      0.5,
      1.5,
      0.55,
      1.55,
      0.6,
      1.6,
      0.65,
      1.65,
      0.7,
      1.7,
      0.75,
      1.75,
      0.8,
      1.8,
      0.85,
      1.85,
      0.9,
      1.9,
      0.95,
      1.95
    ],
    "SoftwareVersions": "24_LX_MR_Software_release:HD16.0_V02_1131.a",
    "SpacingBetweenSlices": 4,
    "StationName": "MHMRMR3T",
    "TaskName": "rest eyes closed",
    "TotalReadoutTime": 0.041832,
    "TriggerDelayTime": 423950,
    "dataset": "ds003011",
    "modality": "bold",
    "run_id": 1,
    "session_id": "Y1ZHH",
    "subject_id": "01",
    "task_id": "rest"
  },
  "dummy_trs": 3,
  "dvars_nstd": 16.119272795961546,
  "dvars_std": 1.1530706440384617,
  "dvars_vstd": 0.9853825017788463,
  "efc": 0.4442190316592643,
  "fber": 27670.0625,
  "fd_mean": 0.05643248444509186,
  "fd_num": 0,
  "fd_perc": 0.0,
  "fwhm_avg": 2.254803666666666,
  "fwhm_x": 2.4341472,
  "fwhm_y": 2.3777888,
  "fwhm_z": 1.952475,
  "gcor": 0.0291828,
  "gsr_x": 0.004627643618732691,
  "gsr_y": 0.0302117969840765,
  "provenance": {
    "md5sum": "44efb3bf858378999bb086cbcdf3a6a2",
    "settings": {
      "fd_thres": 0.2,
      "testing": false
    },
    "software": "mriqc",
    "version": "22.0.6",
    "webapi_port": null,
    "webapi_url": "https://mriqc.nimh.nih.gov/api/v1"
  },
  "size_t": 209,
  "size_x": 64,
  "size_y": 64,
  "size_z": 40,
  "snr": 4.648497728118726,
  "spacing_tr": 2.0,
  "spacing_x": 3.125,
  "spacing_y": 3.125,
  "spacing_z": 4.0,
  "summary_bg_k": 41.94866473376041,
  "summary_bg_mad": 19.344766603695998,
  "summary_bg_mean": 85.04769897460938,
  "summary_bg_median": 13.047846794128418,
  "summary_bg_n": 108200.0,
  "summary_bg_p05": 0.0,
  "summary_bg_p95": 437.6301193237297,
  "summary_bg_stdv": 206.3197784423828,
  "summary_fg_k": 0.9472861535756025,
  "summary_fg_mad": 386.2781448321793,
  "summary_fg_mean": 2069.129150390625,
  "summary_fg_median": 2025.77978515625,
  "summary_fg_n": 21315.0,
  "summary_fg_p05": 1437.3272338867187,
  "summary_fg_p95": 2870.1539306640625,
  "summary_fg_stdv": 435.7821350097656,
  "tsnr": 87.50071058608592
}