{
  "bids_meta": {
    "AcquisitionMatrixPE": 256,
    "AcquisitionNumber": 1,
    "AcquisitionTime": "11:28:33.000000",
    "CoilString": "8HRBRAIN",
    "ConversionSoftware": "dcm2niix",
    "ConversionSoftwareVersion": "v1.0.20190410  (JP2:OpenJPEG) (JP-LS:CharLS) GCC5.5.0",
    "DeviceSerialNumber": "000000000000CAMH",
    "EchoTime": 0.002996,
    "FlipAngle": 8,
    "ImageOrientationPatientDICOM": [
      0,
      1,
      0,
      0,
      0,
      -1
    ],
    "ImageType": [
      "ORIGINAL",
      "PRIMARY",
      "OTHER"
    ],
    "ImagingFrequency": 127.757,
    "InPlanePhaseEncodingDirectionDICOM": "ROW",
    "InstitutionName": "CAMH",
    "InversionTime": 0.65,
    "MRAcquisitionType": "3D",
    "MagneticFieldStrength": 3,
    "Manufacturer": "GE",
    "ManufacturersModelName": "DISCOVERY_MR750",
    "Modality": "MR",
    "PatientPosition": "HFS",
    "PercentPhaseFOV": 100,
    "PixelBandwidth": 244.141,
    "ProcedureStepDescription": "SPIN1MR",
    "ProtocolName": "SagT1Bravo_09mm",
    "ReconMatrixPE": 256,
    "RepetitionTime": 0.006736,
    "SAR": 0.186919,
    "ScanOptions": "FAST_GEMS_EDR_GEMS_ACC_GEMS",
    "ScanningSequence": "GR",
    "SequenceVariant": "SS_SK",
    "SeriesDescription": "SagT1Bravo_09mm",
    "SeriesNumber": 2,
    "SliceThickness": 0.9,
    "SoftwareVersions": "24_LX_MR_Software_release:DV24.0_R01_1344.a",
    "SpacingBetweenSlices": 0.9,
    "StationName": "MRMR",
    "dataset": "ds003011",
    "modality": "T1w",
    "run_id": 1,
    "session_id": "Y2CMH",
    "subject_id": "04"
  },
  "cjv": 0.38507432608577025,
  "cnr": 3.480203327929798,
  "efc": 0.5995618656237522,
  "fber": 3399.3817045289593,
  "fwhm_avg": 4.070290833438539,
  "fwhm_x": 3.9763556608930077,
  "fwhm_y": 4.289681614840017,
  "fwhm_z": 3.9448352245825897,
  "icvs_csf": 0.2812387190853612,
  "icvs_gm": 0.383899336844038,
  "icvs_wm": 0.3348619440706008,
  "inu_med": 0.7146526575088501,
  "inu_range": 0.28412742018699644,
  "provenance": {
    "md5sum": "1b4e476f1557ecf6657ece71fd49174b",
    "settings": {
      "testing": false
    },
    "software": "mriqc",
    "version": "22.0.6",
    "warnings": {
      "large_rot_frame": true,
      "small_air_mask": false
    },
    "webapi_port": null,
    "webapi_url": "https://mriqc.nimh.nih.gov/api/v1"
  },
  "qi_1": 0.0,
  "qi_2": 0.0004454758840947266,
  "rpve_csf": 14.940767119256606,
  "rpve_gm": 10.107199097818892,
  "rpve_wm": 13.55909154457871,
  "size_x": 200,
  "size_y": 256,
  "size_z": 256,
  "snr_csf": 1.7657765777262187,
  "snr_gm": 8.658816938685813,
  "snr_total": 9.658112222521046,
  "snr_wm": 18.54974315115111,
  "snrd_csf": 12.146755241155583,
  "snrd_gm": 51.1027400120878,
  "snrd_total": 46.56925695150216,
  "snrd_wm": 76.45827560126311,
  "spacing_x": 0.8999999761581421,
  "spacing_y": 0.8984000086784363,
  "spacing_z": 0.8984000086784363,
  "summary_bg_k": 378.928432590082,
  "summary_bg_mad": 8.568548067021203,
  "summary_bg_mean": 10.504354518440861,
  "summary_bg_median": 5.7793978452682495,
  "summary_bg_n": 2552929.0,
  "summary_bg_p05": 0.0,
  "summary_bg_p95": 38.912422992289066,
  "summary_bg_stdv": 14.686193504404317,
  "summary_csf_k": 1.637642377213096,
  "summary_csf_mad": 79.3564394843441,
  "summary_csf_mean": 170.455798786292,
  "summary_csf_median": 158.86776576936245,
  "summary_csf_n": 125917.0,
  "summary_csf_p05": 46.891932517290115,
  "summary_csf_p95": 341.5427101626992,
  "summary_csf_stdv": 89.97012245427162,
  "summary_gm_k": 0.16258027731175817,
  "summary_gm_mad": 75.16953531523146,
  "summary_gm_mean": 666.690208995351,
  "summary_gm_median": 668.3742258101702,
  "summary_gm_n": 44480.0,
  "summary_gm_p05": 536.464395615086,
  "summary_gm_p95": 790.6626720923929,
  "summary_gm_stdv": 77.18914919916323,
  "summary_wm_k": 0.26883788456916813,
  "summary_wm_mad": 52.53104184270385,
  "summary_wm_mean": 999.6543023980521,
  "summary_wm_median": 1000.0000146701932,
  "summary_wm_n": 326498.0,
  "summary_wm_p05": 910.9119103848934,
  "summary_wm_p95": 1087.4462445676327,
  "summary_wm_stdv": 53.90902047093811,
  "tpm_overlap_csf": 0.1651625217196214,
  "tpm_overlap_gm": 0.42280914956534743,
  "tpm_overlap_wm": 0.4991217617867355,
  "wm2max": 0.5188045967283091
}