{
  "bids_meta": {
    "AcquisitionMatrixPE": 256,
    "AcquisitionNumber": 1,
    "AcquisitionTime": "18:36:14.000000",
    "CoilString": "8HRBRAIN",
    "ConversionSoftware": "dcm2niix",
    "ConversionSoftwareVersion": "v1.0.20190410  (JP2:OpenJPEG) (JP-LS:CharLS) GCC5.5.0",
    "DeviceSerialNumber": "000000000000CAMH",
    "EchoTime": 0.002996,
    "FlipAngle": 8,
    "ImageOrientationPatientDICOM": [
      0,
      1,
      0,
      0,
      0,
      -1
    ],
    "ImageType": [
      "ORIGINAL",
      "PRIMARY",
      "OTHER"
    ],
    "ImagingFrequency": 127.757,
    "InPlanePhaseEncodingDirectionDICOM": "ROW",
    "InstitutionName": "CAMH",
    "InversionTime": 0.65,
    "MRAcquisitionType": "3D",
    "MagneticFieldStrength": 3,
    "Manufacturer": "GE",
    "ManufacturersModelName": "DISCOVERY_MR750",
    "Modality": "MR",
    "PatientPosition": "HFS",
    "PercentPhaseFOV": 100,
    "PixelBandwidth": 244.141,
    "ProcedureStepDescription": "SPIN1MR",
    "ProtocolName": "SagT1Bravo_09mm",
    "ReconMatrixPE": 256,
    "RepetitionTime": 0.006736,
    "SAR": 0.193991,
    "ScanOptions": "FAST_GEMS_EDR_GEMS_ACC_GEMS",
    "ScanningSequence": "GR",
    "SequenceVariant": "SS_SK",
    "SeriesDescription": "SagT1Bravo_09mm",
    "SeriesNumber": 2,
    "SliceThickness": 0.9,
    "SoftwareVersions": "24_LX_MR_Software_release:DV24.0_R02_1607.b",
    "SpacingBetweenSlices": 0.9,
    "StationName": "MRMR",
    "dataset": "ds003011",
    "modality": "T1w",
    "run_id": 1,
    "session_id": "Y3CMH",
    "subject_id": "04"
  },
  "cjv": 0.39514045764180483,
  "cnr": 3.433376681576154,
  "efc": 0.5591219978938944,
  "fber": 3037.610881370744,
  "fwhm_avg": 4.1177762398670446,
  "fwhm_x": 4.037188995837874,
  "fwhm_y": 4.336665140655084,
  "fwhm_z": 3.979474583108174,
  "icvs_csf": 0.28385193930158586,
  "icvs_gm": 0.3807608052810971,
  "icvs_wm": 0.335387255417317,
  "inu_med": 0.725445568561554,
  "inu_range": 0.3050569534301759,
  "provenance": {
    "md5sum": "99afb550b50efd6441614592cb4dd4ec",
    "settings": {
      "testing": false
    },
    "software": "mriqc",
    "version": "22.0.6",
    "warnings": {
      "large_rot_frame": true,
      "small_air_mask": false
    },
    "webapi_port": null,
    "webapi_url": "https://mriqc.nimh.nih.gov/api/v1"
  },
  "qi_1": 0.0,
  "qi_2": 0.000520173186902633,
  "rpve_csf": 14.989913142551385,
  "rpve_gm": 10.247640140740941,
  "rpve_wm": 13.654103444363672,
  "size_x": 200,
  "size_y": 256,
  "size_z": 256,
  "snr_csf": 1.7349395561730785,
  "snr_gm": 8.405325355192625,
  "snr_total": 9.153775953092362,
  "snr_wm": 17.32106294791138,
  "snrd_csf": 10.993295573763248,
  "snrd_gm": 49.17290355325152,
  "snrd_total": 44.844478513078464,
  "snrd_wm": 74.36723641222063,
  "spacing_x": 0.8999999761581421,
  "spacing_y": 0.8984000086784363,
  "spacing_z": 0.8984000086784363,
  "summary_bg_k": 6.455663518226272,
  "summary_bg_mad": 8.80975339885101,
  "summary_bg_mean": 11.75118936151152,
  "summary_bg_median": 5.9420883692801,
  "summary_bg_n": 3350198.0,
  "summary_bg_p05": 0.0,
  "summary_bg_p95": 41.15446389093995,
  "summary_bg_stdv": 14.665002938366058,
  "summary_csf_k": 1.9363211765905168,
  "summary_csf_mad": 73.36799920524598,
  "summary_csf_mean": 159.1502255532078,
  "summary_csf_median": 147.8290979489684,
  "summary_csf_n": 123122.0,
  "summary_csf_p05": 42.75788456201553,
  "summary_csf_p95": 322.38030176814635,
  "summary_csf_stdv": 85.20671344769579,
  "summary_gm_k": 0.10931750257609485,
  "summary_gm_mad": 77.42328251582819,
  "summary_gm_mean": 659.0080001092996,
  "summary_gm_median": 661.2381089031696,
  "summary_gm_n": 42058.0,
  "summary_gm_p05": 525.7333423867822,
  "summary_gm_p95": 784.7958194389939,
  "summary_gm_stdv": 78.66801341858857,
  "summary_wm_k": 0.1564665335849078,
  "summary_wm_mad": 56.44767918523055,
  "summary_wm_mean": 999.789820480461,
  "summary_wm_median": 1000.0314648151398,
  "summary_wm_n": 326318.0,
  "summary_wm_p05": 904.4550169706345,
  "summary_wm_p95": 1094.2560089565814,
  "summary_wm_stdv": 57.73490550351332,
  "tpm_overlap_csf": 0.16254400204123504,
  "tpm_overlap_gm": 0.4199042444084756,
  "tpm_overlap_wm": 0.49973890625900086,
  "wm2max": 0.5412285179513358
}