{
  "aor": 0.0008116037735849059,
  "aqi": 0.001650620419811321,
  "bids_meta": {
    "AcquisitionMatrixPE": 64,
    "AcquisitionNumber": 1,
    "AcquisitionTime": "11:07:34.145000",
    "BandwidthPerPixelPhaseEncode": 63.776,
    "BaseResolution": 64,
    "BodyPartExamined": "BRAIN",
    "CoilString": "HC1-7;NC1_2",
    "ConsistencyInfo": "N4_VE11C_LATEST_20160120",
    "ConversionSoftware": "dcm2niix",
    "ConversionSoftwareVersion": "v1.0.20190410  (JP2:OpenJPEG) (JP-LS:CharLS) GCC5.5.0",
    "DerivedVendorReportedEchoSpacing": 0.000489996,
    "DeviceSerialNumber": "66108",
    "DwellTime": 3.2e-06,
    "EchoTime": 0.03,
    "EchoTrainLength": 31,
    "EffectiveEchoSpacing": 0.000244998,
    "FlipAngle": 77,
    "ImageOrientationPatientDICOM": [
      0.999761,
      -0.0217602,
      -0.00213666,
      0.020942,
      0.981072,
      -0.192506
    ],
    "ImageType": [
      "ORIGINAL",
      "PRIMARY",
      "M",
      "ND",
      "MOSAIC"
    ],
    "ImagingFrequency": 123.243,
    "InPlanePhaseEncodingDirectionDICOM": "COL",
    "InstitutionAddress": "Huron_325_TORONTO_ONTARIO_CA_M5S_3G3",
    "InstitutionName": "University_of_Toronto",
    "InstitutionalDepartmentName": "Department",
    "MRAcquisitionType": "2D",
    "MagneticFieldStrength": 3,
    "Manufacturer": "Siemens",
    "ManufacturersModelName": "Prisma",
    "Modality": "MR",
    "ParallelReductionFactorInPlane": 2,
    "PartialFourier": 1,
    "PatientPosition": "HFS",
    "PercentPhaseFOV": 100,
    "PhaseEncodingDirection": "j-",
    "PhaseEncodingSteps": 63,
    "PhaseResolution": 1,
    "PixelBandwidth": 2440,
    "ProcedureStepDescription": "Voineskos_Colin",
    "ProtocolName": "EPI_3x3x4xTR2-Resting_EyeClosed",
    "PulseSequenceDetails": "%SiemensSeq%_ep2d_bold",
    "ReceiveCoilActiveElements": "HC1-7;NC1,2",
    "ReceiveCoilName": "HeadNeck_64",
    "ReconMatrixPE": 64,
    "RefLinesPE": 30,
    "RepetitionTime": 2,
    "SAR": 0.0717482,
    "ScanOptions": "FS",
    "ScanningSequence": "EP",
    "SequenceName": "_epfid2d1_64",
    "SequenceVariant": "SK",
    "SeriesDescription": "EPI_3x3x4xTR2-Resting_EyeClosed",
    "SeriesNumber": 7,
    "ShimSetting": [
      -1050,
      -6901,
      -6387,
      340,
      -140,
      -54,
      -4,
      -16
    ],
    "SliceThickness": 4,
    "SliceTiming": [
      0,
      1.0175,
      0.055,
      1.07,
      0.1075,
      1.125,
      0.16,
      1.1775,
      0.215,
      1.2325,
      0.2675,
      1.285,
      0.3225,
      1.3375,
      0.375,
      1.3925,
      0.4275,
      1.445,
      0.4825,
      1.5,
      0.535,
      1.5525,
      0.59,
      1.605,
      0.6425,
      1.66,
      0.695,
      1.7125,
      0.75,
      1.7675,
      0.8025,
      1.82,
      0.8575,
      1.8725,
      0.91,
      1.9275,
      0.965
    ],
    "SoftwareVersions": "syngo_MR_E11",
    "SpacingBetweenSlices": 4,
    "StationName": "AWP66108",
    "TaskName": "rest eyes closed",
    "TotalReadoutTime": 0.0154349,
    "TxRefAmp": 248.957,
    "dataset": "ds003011",
    "modality": "bold",
    "run_id": 1,
    "session_id": "Y4CMP",
    "subject_id": "04",
    "task_id": "rest"
  },
  "dummy_trs": 0,
  "dvars_nstd": 19.429272258720392,
  "dvars_std": 1.094599714312796,
  "dvars_vstd": 0.989750031943128,
  "efc": 0.544323200154171,
  "fber": 397.9864196777344,
  "fd_mean": 0.25134524571888645,
  "fd_num": 127,
  "fd_perc": 59.905660377358494,
  "fwhm_avg": 2.691153866666667,
  "fwhm_x": 2.5830944,
  "fwhm_y": 2.8548671999999997,
  "fwhm_z": 2.6355,
  "gcor": 0.0344595,
  "gsr_x": 0.000485200434923172,
  "gsr_y": 0.06833752989768982,
  "provenance": {
    "md5sum": "425a2c07ed7c3a009720de747539ec4e",
    "settings": {
      "fd_thres": 0.2,
      "testing": false
    },
    "software": "mriqc",
    "version": "22.0.6",
    "webapi_port": null,
    "webapi_url": "https://mriqc.nimh.nih.gov/api/v1"
  },
  "size_t": 212,
  "size_x": 64,
  "size_y": 64,
  "size_z": 37,
  "snr": 2.1404624143748263,
  "spacing_tr": 2.0,
  "spacing_x": 3.125,
  "spacing_y": 3.125,
  "spacing_z": 4.0,
  "summary_bg_k": 64.04275790035629,
  "summary_bg_mad": 9.476066920079278,
  "summary_bg_mean": 70.37889862060547,
  "summary_bg_median": 36.660377502441406,
  "summary_bg_n": 84828.0,
  "summary_bg_p05": 29.066038131713867,
  "summary_bg_p95": 233.39292449951165,
  "summary_bg_stdv": 103.2206039428711,
  "summary_fg_k": 1.4732823297336815,
  "summary_fg_mad": 293.4433925635432,
  "summary_fg_mean": 826.401123046875,
  "summary_fg_median": 741.5,
  "summary_fg_n": 30842.0,
  "summary_fg_p05": 414.4367904663086,
  "summary_fg_p95": 1514.0614013671875,
  "summary_fg_stdv": 346.41485595703125,
  "tsnr": 75.46282464638352
}