{
  "bids_meta": {
    "AcquisitionMatrixPE": 256,
    "AcquisitionNumber": 1,
    "AcquisitionTime": "13:01:40.552500",
    "BaseResolution": 256,
    "CoilString": "C:HEA;HEP",
    "ConversionSoftware": "dcm2niix",
    "ConversionSoftwareVersion": "v1.0.20190410  (JP2:OpenJPEG) (JP-LS:CharLS) GCC5.5.0",
    "DeviceSerialNumber": "35455",
    "DwellTime": 7.5e-06,
    "EchoTime": 0.00285,
    "FlipAngle": 9,
    "ImageOrientationPatientDICOM": [
      -0.012217,
      0.999925,
      -1.35845e-08,
      0.010471,
      0.000127921,
      -0.999945
    ],
    "ImageType": [
      "ORIGINAL",
      "PRIMARY",
      "M",
      "ND"
    ],
    "ImagingFrequency": 123.259,
    "InPlanePhaseEncodingDirectionDICOM": "ROW",
    "InstitutionAddress": "Wade_Avenue_55_250F90_Maryland_US_21228",
    "InstitutionName": "UMCBIR",
    "InstitutionalDepartmentName": "Department",
    "InversionTime": 0.9,
    "MRAcquisitionType": "3D",
    "MagneticFieldStrength": 3,
    "Manufacturer": "Siemens",
    "ManufacturersModelName": "TrioTim",
    "Modality": "MR",
    "PartialFourier": 1,
    "PatientPosition": "HFS",
    "PercentPhaseFOV": 100,
    "PhaseEncodingSteps": 255,
    "PhaseResolution": 1,
    "PixelBandwidth": 260,
    "ProcedureStepDescription": "MPRC_Protocols_Bob_Buchanan",
    "ProtocolName": "MPRAGE_TI-900_Buchanan",
    "PulseSequenceDetails": "%SiemensSeq%_tfl",
    "ReceiveCoilName": "32Ch_Head",
    "ReconMatrixPE": 256,
    "RefLinesPE": 31,
    "RepetitionTime": 2.3,
    "SAR": 0.118127,
    "ScanOptions": "IR",
    "ScanningSequence": "GR_IR",
    "SequenceName": "_tfl3d1_ns",
    "SequenceVariant": "SP_MP",
    "SeriesDescription": "MPRAGE_TI-900_Buchanan",
    "SeriesNumber": 5,
    "ShimSetting": [
      -2506,
      -28900,
      11652,
      9,
      517,
      -186,
      -2,
      -108
    ],
    "SliceThickness": 0.9,
    "SoftwareVersions": "syngo_MR_B17",
    "StationName": "MRC35455",
    "TxRefAmp": 317.823,
    "dataset": "ds003011",
    "modality": "T1w",
    "run_id": 3,
    "session_id": "Y1MRC",
    "subject_id": "01"
  },
  "cjv": 0.4653633513471267,
  "cnr": 2.867451549230986,
  "efc": 0.5133226940189216,
  "fber": 5351.092617631152,
  "fwhm_avg": 3.826226985190841,
  "fwhm_x": 3.9761112164420873,
  "fwhm_y": 3.899881739130435,
  "fwhm_z": 3.602688,
  "icvs_csf": 0.2087650395763272,
  "icvs_gm": 0.4144327387098255,
  "icvs_wm": 0.3768022217138473,
  "inu_med": 0.9465223252773285,
  "inu_range": 0.9887855738401412,
  "provenance": {
    "md5sum": "6545ad9d58f7de038c7b91f212128b8e",
    "settings": {
      "testing": false
    },
    "software": "mriqc",
    "version": "22.0.6",
    "warnings": {
      "large_rot_frame": true,
      "small_air_mask": false
    },
    "webapi_port": null,
    "webapi_url": "https://mriqc.nimh.nih.gov/api/v1"
  },
  "qi_1": 0.0,
  "qi_2": 0.007540408667811995,
  "rpve_csf": 25.444627631092832,
  "rpve_gm": 12.89644166006545,
  "rpve_wm": 15.88507577091704,
  "size_x": 240,
  "size_y": 256,
  "size_z": 256,
  "snr_csf": 1.9517107292614757,
  "snr_gm": 10.524868891556942,
  "snr_total": 9.45379524797539,
  "snr_wm": 15.884806123107753,
  "snrd_csf": 14.76290219470749,
  "snrd_gm": 43.93921747094164,
  "snrd_total": 39.721245415310925,
  "snrd_wm": 60.46161658028365,
  "spacing_x": 0.8999999761581421,
  "spacing_y": 0.8984375,
  "spacing_z": 0.8984375,
  "summary_bg_k": 4576.935228216831,
  "summary_bg_mad": 10.836294723638547,
  "summary_bg_mean": 10.535514684397985,
  "summary_bg_median": 7.308969721198082,
  "summary_bg_n": 4437207.0,
  "summary_bg_p05": 0.0,
  "summary_bg_p95": 37.87375219166279,
  "summary_bg_stdv": 18.752928978272134,
  "summary_csf_k": 14.877276016275832,
  "summary_csf_mad": 93.3891581637213,
  "summary_csf_mean": 267.9578763240902,
  "summary_csf_median": 244.18603386729956,
  "summary_csf_n": 52008.0,
  "summary_csf_p05": 117.20929625630379,
  "summary_csf_p95": 500.06641928851604,
  "summary_csf_stdv": 125.11264226484349,
  "summary_gm_k": 0.10944075782814489,
  "summary_gm_mad": 67.38205082698879,
  "summary_gm_mean": 728.2742741359997,
  "summary_gm_median": 726.7773710042238,
  "summary_gm_n": 26626.0,
  "summary_gm_p05": 615.2823601663113,
  "summary_gm_p95": 843.3222154676914,
  "summary_gm_stdv": 69.05204525353764,
  "summary_wm_k": 0.4790092612581187,
  "summary_wm_mad": 59.7966445204418,
  "summary_wm_mean": 1003.7486831570461,
  "summary_wm_median": 1000.0663933977485,
  "summary_wm_n": 259124.0,
  "summary_wm_p05": 907.1760327592492,
  "summary_wm_p95": 1113.5547596141696,
  "summary_wm_stdv": 62.95729742869551,
  "tpm_overlap_csf": 0.1581134182994152,
  "tpm_overlap_gm": 0.43269566842245866,
  "tpm_overlap_wm": 0.47520901108081975,
  "wm2max": 0.3000497561081469
}