{
  "bids_meta": {
    "AcquisitionMatrixPE": 256,
    "AcquisitionNumber": 1,
    "AcquisitionTime": "12:56:8.750000",
    "BaseResolution": 256,
    "CoilString": "C:HEA;HEP",
    "ConversionSoftware": "dcm2niix",
    "ConversionSoftwareVersion": "v1.0.20190410  (JP2:OpenJPEG) (JP-LS:CharLS) GCC5.5.0",
    "DeviceSerialNumber": "35455",
    "DwellTime": 7.5e-06,
    "EchoTime": 0.00285,
    "FlipAngle": 9,
    "ImageOrientationPatientDICOM": [
      -0.012217,
      0.999925,
      -1.35845e-08,
      0.010471,
      0.000127921,
      -0.999945
    ],
    "ImageType": [
      "ORIGINAL",
      "PRIMARY",
      "M",
      "ND"
    ],
    "ImagingFrequency": 123.259,
    "InPlanePhaseEncodingDirectionDICOM": "ROW",
    "InstitutionAddress": "Wade_Avenue_55_250F90_Maryland_US_21228",
    "InstitutionName": "UMCBIR",
    "InstitutionalDepartmentName": "Department",
    "InversionTime": 0.9,
    "MRAcquisitionType": "3D",
    "MagneticFieldStrength": 3,
    "Manufacturer": "Siemens",
    "ManufacturersModelName": "TrioTim",
    "Modality": "MR",
    "PartialFourier": 1,
    "PatientPosition": "HFS",
    "PercentPhaseFOV": 100,
    "PhaseEncodingSteps": 255,
    "PhaseResolution": 1,
    "PixelBandwidth": 260,
    "ProcedureStepDescription": "MPRC_Protocols_Bob_Buchanan",
    "ProtocolName": "MPRAGE_TI-900_Buchanan",
    "PulseSequenceDetails": "%SiemensSeq%_tfl",
    "ReceiveCoilName": "32Ch_Head",
    "ReconMatrixPE": 256,
    "RefLinesPE": 31,
    "RepetitionTime": 2.3,
    "SAR": 0.118127,
    "ScanOptions": "IR",
    "ScanningSequence": "GR_IR",
    "SequenceName": "_tfl3d1_ns",
    "SequenceVariant": "SP_MP",
    "SeriesDescription": "MPRAGE_TI-900_Buchanan",
    "SeriesNumber": 4,
    "ShimSetting": [
      -2506,
      -28900,
      11652,
      9,
      517,
      -186,
      -2,
      -108
    ],
    "SliceThickness": 0.9,
    "SoftwareVersions": "syngo_MR_B17",
    "StationName": "MRC35455",
    "TxRefAmp": 317.823,
    "dataset": "ds003011",
    "modality": "T1w",
    "run_id": 2,
    "session_id": "Y1MRC",
    "subject_id": "01"
  },
  "cjv": 0.4675077983250689,
  "cnr": 2.869555131282818,
  "efc": 0.5126692636703244,
  "fber": 5959.839999999999,
  "fwhm_avg": 3.8296665085934554,
  "fwhm_x": 3.982133438823844,
  "fwhm_y": 3.899447652173913,
  "fwhm_z": 3.6074184347826086,
  "icvs_csf": 0.20739743703116778,
  "icvs_gm": 0.4139635767602501,
  "icvs_wm": 0.3786389862085821,
  "inu_med": 0.9500909447669983,
  "inu_range": 0.9916943311691284,
  "provenance": {
    "md5sum": "f01544e8ea34ee1e08c942fec3eac024",
    "settings": {
      "testing": false
    },
    "software": "mriqc",
    "version": "22.0.6",
    "warnings": {
      "large_rot_frame": true,
      "small_air_mask": false
    },
    "webapi_port": null,
    "webapi_url": "https://mriqc.nimh.nih.gov/api/v1"
  },
  "qi_1": 0.0,
  "qi_2": 0.007446174651282545,
  "rpve_csf": 25.634208045383374,
  "rpve_gm": 12.91042746706831,
  "rpve_wm": 15.816513203507961,
  "size_x": 240,
  "size_y": 256,
  "size_z": 256,
  "snr_csf": 2.0187514149759767,
  "snr_gm": 10.606635149264719,
  "snr_total": 9.456232842582752,
  "snr_wm": 15.74331196350756,
  "snrd_csf": 8.431818342012788,
  "snrd_gm": 24.94986889164231,
  "snrd_total": 22.57587742762094,
  "snrd_wm": 34.34594504920772,
  "spacing_x": 0.8999999761581421,
  "spacing_y": 0.8984375,
  "spacing_z": 0.8984375,
  "summary_bg_k": 4384.461414603205,
  "summary_bg_mad": 0.0,
  "summary_bg_mean": 10.4653268997899,
  "summary_bg_median": 0.0,
  "summary_bg_n": 4432465.0,
  "summary_bg_p05": 0.0,
  "summary_bg_p95": 37.85533410310745,
  "summary_bg_stdv": 19.074636296542927,
  "summary_csf_k": 14.329085474940545,
  "summary_csf_mad": 90.65447141106769,
  "summary_csf_mean": 268.9304727892372,
  "summary_csf_median": 245.4967670738697,
  "summary_csf_n": 51255.0,
  "summary_csf_p05": 120.1590223938227,
  "summary_csf_p95": 497.3965739309788,
  "summary_csf_stdv": 121.60703412229881,
  "summary_gm_k": 0.18183815673681014,
  "summary_gm_mad": 67.59965186924265,
  "summary_gm_mean": 727.4871580438482,
  "summary_gm_median": 726.428381562233,
  "summary_gm_n": 25966.0,
  "summary_gm_p05": 615.6065391600132,
  "summary_gm_p95": 841.8941868841648,
  "summary_gm_stdv": 68.48678993255014,
  "summary_wm_k": 0.4075048838330515,
  "summary_wm_mad": 60.2972203401578,
  "summary_wm_mean": 1003.971960854881,
  "summary_wm_median": 1000.0000153779984,
  "summary_wm_n": 259782.0,
  "summary_wm_p05": 906.6985785365105,
  "summary_wm_p95": 1115.1843684017658,
  "summary_wm_stdv": 63.51891476224155,
  "tpm_overlap_csf": 0.1596105531057992,
  "tpm_overlap_gm": 0.4332382454401936,
  "tpm_overlap_wm": 0.4729202216608131,
  "wm2max": 0.30024929226348923
}