{
  "aor": 0.000696952380952381,
  "aqi": 0.002386023428571428,
  "bids_meta": {
    "AcquisitionMatrixPE": 64,
    "AcquisitionNumber": 1,
    "AcquisitionTime": "10:56:42.000000",
    "CoilString": "8HRBRAIN",
    "ConversionSoftware": "dcm2niix",
    "ConversionSoftwareVersion": "v1.0.20190410  (JP2:OpenJPEG) (JP-LS:CharLS) GCC5.5.0",
    "DeviceSerialNumber": "000000000000CAMH",
    "EchoTime": 0.03,
    "EffectiveEchoSpacing": 0.000452,
    "FlipAngle": 77,
    "ImageOrientationPatientDICOM": [
      1,
      0,
      0,
      0,
      1,
      0
    ],
    "ImageType": [
      "ORIGINAL",
      "PRIMARY",
      "OTHER"
    ],
    "ImagingFrequency": 127.757,
    "InPlanePhaseEncodingDirectionDICOM": "COL",
    "InstitutionName": "CAMH",
    "MRAcquisitionType": "2D",
    "MagneticFieldStrength": 3,
    "Manufacturer": "GE",
    "ManufacturersModelName": "DISCOVERY_MR750",
    "Modality": "MR",
    "PatientPosition": "HFS",
    "PercentPhaseFOV": 100,
    "PhaseEncodingDirection": "j",
    "PhaseEncodingPolarityGE": "Flipped",
    "PixelBandwidth": 7812.5,
    "ProcedureStepDescription": "SPIN1MR",
    "ProtocolName": "AxEPI_RestingState",
    "ReconMatrixPE": 64,
    "RepetitionTime": 2,
    "SAR": 0.310416,
    "ScanOptions": "MP_GEMS_EPI_GEMS_ACC_GEMS",
    "ScanningSequence": "EP_RM",
    "SequenceVariant": "NONE",
    "SeriesDescription": "AxEPI_RestingState",
    "SeriesNumber": 5,
    "SliceThickness": 4,
    "SliceTiming": [
      0,
      1,
      0.05,
      1.05,
      0.1,
      1.1,
      0.15,
      1.15,
      0.2,
      1.2,
      0.25,
      1.25,
      0.3,
      1.3,
      0.35,
      1.35,
      0.4,
      1.4,
      0.45,
      1.45,
      0.5,
      1.5,
      0.55,
      1.55,
      0.6,
      1.6,
      0.65,
      1.65,
      0.7,
      1.7,
      0.75,
      1.75,
      0.8,
      1.8,
      0.85,
      1.85,
      0.9,
      1.9,
      0.95,
      1.95
    ],
    "SoftwareVersions": "24_LX_MR_Software_release:DV24.0_R01_1344.a",
    "SpacingBetweenSlices": 4,
    "StationName": "MRMR",
    "TaskName": "rest eyes closed",
    "TotalReadoutTime": 0.028476,
    "TriggerDelayTime": 423950,
    "dataset": "ds003011",
    "modality": "bold",
    "run_id": 1,
    "session_id": "Y2CMH",
    "subject_id": "01",
    "task_id": "rest"
  },
  "dummy_trs": 2,
  "dvars_nstd": 14.46617569564593,
  "dvars_std": 1.1691309298086126,
  "dvars_vstd": 0.9954722495693783,
  "efc": 0.4612876062605252,
  "fber": 18048.771484375,
  "fd_mean": 0.06839779372811235,
  "fd_num": 0,
  "fd_perc": 0.0,
  "fwhm_avg": 2.3074806666666667,
  "fwhm_x": 2.3317216,
  "fwhm_y": 2.6103904,
  "fwhm_z": 1.98033,
  "gcor": 0.0664704,
  "gsr_x": 0.010693241842091084,
  "gsr_y": 0.018143106251955032,
  "provenance": {
    "md5sum": "2b45aaabef8599832232931f242f66f2",
    "settings": {
      "fd_thres": 0.2,
      "testing": false
    },
    "software": "mriqc",
    "version": "22.0.6",
    "webapi_port": null,
    "webapi_url": "https://mriqc.nimh.nih.gov/api/v1"
  },
  "size_t": 210,
  "size_x": 64,
  "size_y": 64,
  "size_z": 40,
  "snr": 6.546744736007887,
  "spacing_tr": 2.0,
  "spacing_x": 3.125,
  "spacing_y": 3.125,
  "spacing_z": 4.0,
  "summary_bg_k": 18.58506247609805,
  "summary_bg_mad": 46.73021257459983,
  "summary_bg_mean": 179.2568359375,
  "summary_bg_median": 35.19524002075195,
  "summary_bg_n": 106416.0,
  "summary_bg_p05": 0.985714316368103,
  "summary_bg_p95": 938.5286254882812,
  "summary_bg_stdv": 400.7743225097656,
  "summary_fg_k": 2.501246423941004,
  "summary_fg_mad": 575.2391638406382,
  "summary_fg_mean": 4410.24853515625,
  "summary_fg_median": 4435.98828125,
  "summary_fg_n": 23294.0,
  "summary_fg_p05": 3281.7474853515623,
  "summary_fg_p95": 5475.509008789061,
  "summary_fg_stdv": 677.5723266601562,
  "tsnr": 105.51708699390292
}