{
  "aor": 0.0005204784688995215,
  "aqi": 0.0019366365071770335,
  "bids_meta": {
    "AcquisitionMatrixPE": 64,
    "AcquisitionNumber": 1,
    "AcquisitionTime": "11:34:58.000000",
    "CoilString": "8HRBRAIN",
    "ConversionSoftware": "dcm2niix",
    "ConversionSoftwareVersion": "v1.0.20190410  (JP2:OpenJPEG) (JP-LS:CharLS) GCC5.5.0",
    "DeviceSerialNumber": "000000000000CAMH",
    "EchoTime": 0.03,
    "EffectiveEchoSpacing": 0.000452,
    "FlipAngle": 77,
    "ImageOrientationPatientDICOM": [
      1,
      0,
      0,
      0,
      1,
      0
    ],
    "ImageType": [
      "ORIGINAL",
      "PRIMARY",
      "OTHER"
    ],
    "ImagingFrequency": 127.757,
    "InPlanePhaseEncodingDirectionDICOM": "COL",
    "InstitutionName": "CAMH",
    "MRAcquisitionType": "2D",
    "MagneticFieldStrength": 3,
    "Manufacturer": "GE",
    "ManufacturersModelName": "DISCOVERY_MR750",
    "Modality": "MR",
    "PatientPosition": "HFS",
    "PercentPhaseFOV": 100,
    "PhaseEncodingDirection": "j",
    "PhaseEncodingPolarityGE": "Flipped",
    "PixelBandwidth": 7812.5,
    "ProcedureStepDescription": "SPIN1MR",
    "ProtocolName": "AxEPI_RestingState",
    "ReconMatrixPE": 64,
    "RepetitionTime": 2,
    "SAR": 0.310416,
    "ScanOptions": "MP_GEMS_EPI_GEMS_ACC_GEMS",
    "ScanningSequence": "EP_RM",
    "SequenceVariant": "NONE",
    "SeriesDescription": "AxEPI_RestingState",
    "SeriesNumber": 5,
    "SliceThickness": 4,
    "SliceTiming": [
      0,
      1,
      0.05,
      1.05,
      0.1,
      1.1,
      0.15,
      1.15,
      0.2,
      1.2,
      0.25,
      1.25,
      0.3,
      1.3,
      0.35,
      1.35,
      0.4,
      1.4,
      0.45,
      1.45,
      0.5,
      1.5,
      0.55,
      1.55,
      0.6,
      1.6,
      0.65,
      1.65,
      0.7,
      1.7,
      0.75,
      1.75,
      0.8,
      1.8,
      0.85,
      1.85,
      0.9,
      1.9,
      0.95,
      1.95
    ],
    "SoftwareVersions": "24_LX_MR_Software_release:DV24.0_R01_1344.a",
    "SpacingBetweenSlices": 4,
    "StationName": "MRMR",
    "TaskName": "rest eyes closed",
    "TotalReadoutTime": 0.028476,
    "TriggerDelayTime": 423950,
    "dataset": "ds003011",
    "modality": "bold",
    "run_id": 1,
    "session_id": "Y2CMH",
    "subject_id": "04",
    "task_id": "rest"
  },
  "dummy_trs": 3,
  "dvars_nstd": 12.909798512355774,
  "dvars_std": 1.0919944535096149,
  "dvars_vstd": 0.9865338555769239,
  "efc": 0.48892617548128586,
  "fber": 18664.08203125,
  "fd_mean": 0.1887763778279551,
  "fd_num": 90,
  "fd_perc": 43.0622009569378,
  "fwhm_avg": 2.5292392666666665,
  "fwhm_x": 2.481264,
  "fwhm_y": 2.8486688,
  "fwhm_z": 2.257785,
  "gcor": 0.048856,
  "gsr_x": -0.006701728794723749,
  "gsr_y": 0.03377600759267807,
  "provenance": {
    "md5sum": "36ddfe7795571946aaa6e9ee1cac7f96",
    "settings": {
      "fd_thres": 0.2,
      "testing": false
    },
    "software": "mriqc",
    "version": "22.0.6",
    "webapi_port": null,
    "webapi_url": "https://mriqc.nimh.nih.gov/api/v1"
  },
  "size_t": 209,
  "size_x": 64,
  "size_y": 64,
  "size_z": 40,
  "snr": 5.878505909863554,
  "spacing_tr": 2.0,
  "spacing_x": 3.125,
  "spacing_y": 3.125,
  "spacing_z": 4.0,
  "summary_bg_k": 35.92435870001523,
  "summary_bg_mad": 44.201408784115806,
  "summary_bg_mean": 148.67742919921875,
  "summary_bg_median": 33.39712905883789,
  "summary_bg_n": 98741.0,
  "summary_bg_p05": 1.1148325204849243,
  "summary_bg_p95": 667.80859375,
  "summary_bg_stdv": 322.5638122558594,
  "summary_fg_k": 0.9342032741610797,
  "summary_fg_mad": 681.9333149485005,
  "summary_fg_mean": 4391.548828125,
  "summary_fg_median": 4370.92333984375,
  "summary_fg_n": 29645.0,
  "summary_fg_p05": 3219.201708984375,
  "summary_fg_p95": 5628.83251953125,
  "summary_fg_stdv": 743.5307006835938,
  "tsnr": 108.63228333368897
}