{
  "aor": 0.0008816509433962265,
  "aqi": 0.0017413033066037739,
  "bids_meta": {
    "AcquisitionMatrixPE": 64,
    "AcquisitionNumber": 1,
    "AcquisitionTime": "06:05:0.000000",
    "BandwidthPerPixelPhaseEncode": 63.776,
    "BaseResolution": 64,
    "BodyPartExamined": "BRAIN",
    "ConsistencyInfo": "N4_VE11B_LATEST_20150530",
    "ConversionSoftware": "dcm2niix",
    "ConversionSoftwareVersion": "v1.0.20190410  (JP2:OpenJPEG) (JP-LS:CharLS) GCC5.5.0",
    "DerivedVendorReportedEchoSpacing": 0.000489996,
    "DeviceSerialNumber": "66106",
    "DwellTime": 3.2e-06,
    "EchoTime": 0.03,
    "EchoTrainLength": 31,
    "EffectiveEchoSpacing": 0.000244998,
    "FlipAngle": 77,
    "ImageOrientationPatientDICOM": [
      0.996557,
      -0.0460013,
      -0.0689781,
      0.0433363,
      0.998274,
      -0.0396467
    ],
    "ImageType": [
      "ORIGINAL",
      "PRIMARY",
      "M",
      "ND",
      "MOSAIC"
    ],
    "ImagingFrequency": 123.254,
    "InPlanePhaseEncodingDirectionDICOM": "COL",
    "InstitutionAddress": "Community_Drive_300_Manhasset_NYC_US_11030",
    "InstitutionalDepartmentName": "Department",
    "MRAcquisitionType": "2D",
    "MagneticFieldStrength": 3,
    "Manufacturer": "Siemens",
    "ManufacturersModelName": "Prisma",
    "Modality": "MR",
    "ParallelReductionFactorInPlane": 2,
    "PartialFourier": 1,
    "PatientPosition": "HFS",
    "PercentPhaseFOV": 100,
    "PhaseEncodingDirection": "j-",
    "PhaseEncodingSteps": 63,
    "PhaseResolution": 1,
    "PixelBandwidth": 2440,
    "ProcedureStepDescription": "BRAIN_MRI",
    "ProtocolName": "EPI_3x3x4xTR2-Resting-Eye_closed",
    "PulseSequenceDetails": "%SiemensSeq%_ep2d_bold",
    "ReceiveCoilActiveElements": "HC1-7",
    "ReceiveCoilName": "HeadNeck_64",
    "ReconMatrixPE": 64,
    "RefLinesPE": 30,
    "RepetitionTime": 2,
    "SAR": 0.0892031,
    "ScanOptions": "FS",
    "ScanningSequence": "EP",
    "SequenceName": "_epfid2d1_64",
    "SequenceVariant": "SK",
    "SeriesDescription": "EPI_3x3x4xTR2-Resting-Eye_closed",
    "SeriesNumber": 10,
    "ShimSetting": [
      -1310,
      -10803,
      550,
      342,
      -21,
      -90,
      -161,
      0
    ],
    "SliceThickness": 4,
    "SliceTiming": [
      0,
      1.0175,
      0.055,
      1.07,
      0.1075,
      1.125,
      0.1625,
      1.1775,
      0.215,
      1.2325,
      0.2675,
      1.285,
      0.3225,
      1.3375,
      0.375,
      1.3925,
      0.43,
      1.445,
      0.4825,
      1.5,
      0.535,
      1.5525,
      0.59,
      1.605,
      0.6425,
      1.66,
      0.6975,
      1.7125,
      0.75,
      1.7675,
      0.8025,
      1.82,
      0.8575,
      1.8725,
      0.91,
      1.9275,
      0.965
    ],
    "SoftwareVersions": "syngo_MR_E11",
    "SpacingBetweenSlices": 4,
    "StationName": "MHMRSIEM3T",
    "TaskName": "rest eyes closed",
    "TotalReadoutTime": 0.0154349,
    "TxRefAmp": 280.033,
    "dataset": "ds003011",
    "modality": "bold",
    "run_id": 1,
    "session_id": "Y3ZHP",
    "subject_id": "02",
    "task_id": "rest"
  },
  "dummy_trs": 0,
  "dvars_nstd": 21.622243818009473,
  "dvars_std": 1.278600784407582,
  "dvars_vstd": 1.0002251754028435,
  "efc": 0.5600539723036188,
  "fber": 413.0322265625,
  "fd_mean": 0.05597095943173292,
  "fd_num": 2,
  "fd_perc": 0.9433962264150944,
  "fwhm_avg": 2.8376926,
  "fwhm_x": 2.7660096,
  "fwhm_y": 2.9690431999999998,
  "fwhm_z": 2.778025,
  "gcor": 0.0434062,
  "gsr_x": -0.002858830848708749,
  "gsr_y": 0.0509074404835701,
  "provenance": {
    "md5sum": "d4994ea644991e7c09244bd67651a41f",
    "settings": {
      "fd_thres": 0.2,
      "testing": false
    },
    "software": "mriqc",
    "version": "22.0.6",
    "webapi_port": null,
    "webapi_url": "https://mriqc.nimh.nih.gov/api/v1"
  },
  "size_t": 212,
  "size_x": 64,
  "size_y": 64,
  "size_z": 37,
  "snr": 2.0026503710540067,
  "spacing_tr": 2.0,
  "spacing_x": 3.125,
  "spacing_y": 3.125,
  "spacing_z": 4.0,
  "summary_bg_k": 26.24264977800477,
  "summary_bg_mad": 14.014788609556339,
  "summary_bg_mean": 85.38136291503906,
  "summary_bg_median": 37.45283126831055,
  "summary_bg_n": 80814.0,
  "summary_bg_p05": 26.891510009765625,
  "summary_bg_p95": 327.14316558837885,
  "summary_bg_stdv": 124.14051818847656,
  "summary_fg_k": 2.812394178452072,
  "summary_fg_mad": 323.83320889944355,
  "summary_fg_mean": 890.2081909179688,
  "summary_fg_median": 788.1981201171875,
  "summary_fg_n": 33168.0,
  "summary_fg_p05": 444.764631652832,
  "summary_fg_p95": 1648.2818908691402,
  "summary_fg_stdv": 393.5715637207031,
  "tsnr": 88.65886865928769
}