{
  "bids_meta": {
    "AcquisitionMatrixPE": 256,
    "AcquisitionNumber": 1,
    "AcquisitionTime": "10:10:42.000000",
    "CoilString": "8HRBRAIN",
    "ConversionSoftware": "dcm2niix",
    "ConversionSoftwareVersion": "v1.0.20190410  (JP2:OpenJPEG) (JP-LS:CharLS) GCC5.5.0",
    "DeviceSerialNumber": "000000000000CAMH",
    "EchoTime": 0.002996,
    "FlipAngle": 8,
    "ImageOrientationPatientDICOM": [
      0,
      1,
      0,
      0,
      0,
      -1
    ],
    "ImageType": [
      "ORIGINAL",
      "PRIMARY",
      "OTHER"
    ],
    "ImagingFrequency": 127.757,
    "InPlanePhaseEncodingDirectionDICOM": "ROW",
    "InstitutionName": "CAMH",
    "InversionTime": 0.65,
    "MRAcquisitionType": "3D",
    "MagneticFieldStrength": 3,
    "Manufacturer": "GE",
    "ManufacturersModelName": "DISCOVERY_MR750",
    "Modality": "MR",
    "PatientPosition": "HFS",
    "PercentPhaseFOV": 100,
    "PixelBandwidth": 244.141,
    "ProcedureStepDescription": "SPIN1MR",
    "ProtocolName": "SagT1Bravo_09mm",
    "ReconMatrixPE": 256,
    "RepetitionTime": 0.006736,
    "SAR": 0.190241,
    "ScanOptions": "FAST_GEMS_EDR_GEMS_ACC_GEMS",
    "ScanningSequence": "GR",
    "SequenceVariant": "SS_SK",
    "SeriesDescription": "SagT1Bravo_09mm",
    "SeriesNumber": 2,
    "SliceThickness": 0.9,
    "SoftwareVersions": "24_LX_MR_Software_release:DV24.0_R01_1344.a",
    "SpacingBetweenSlices": 0.9,
    "StationName": "MRMR",
    "dataset": "ds003011",
    "modality": "T1w",
    "run_id": 1,
    "session_id": "Y2CMH",
    "subject_id": "03"
  },
  "cjv": 0.37921052081261136,
  "cnr": 3.551701711667966,
  "efc": 0.6037884016615684,
  "fber": 7364.37219375758,
  "fwhm_avg": 3.9514281240576596,
  "fwhm_x": 3.850588990894662,
  "fwhm_y": 4.138357039275971,
  "fwhm_z": 3.865338342002346,
  "icvs_csf": 0.22777096349367174,
  "icvs_gm": 0.42059755364936713,
  "icvs_wm": 0.35163148285696116,
  "inu_med": 0.7579053640365601,
  "inu_range": 0.40952845215797373,
  "provenance": {
    "md5sum": "e38e5f9e5c53c9d510f1c17698d72507",
    "settings": {
      "testing": false
    },
    "software": "mriqc",
    "version": "22.0.6",
    "warnings": {
      "large_rot_frame": true,
      "small_air_mask": false
    },
    "webapi_port": null,
    "webapi_url": "https://mriqc.nimh.nih.gov/api/v1"
  },
  "qi_1": 0.0,
  "qi_2": 0.00041277083525846566,
  "rpve_csf": 16.306936885905806,
  "rpve_gm": 8.78442015000673,
  "rpve_wm": 12.111168139396208,
  "size_x": 200,
  "size_y": 256,
  "size_z": 256,
  "snr_csf": 1.956568653644989,
  "snr_gm": 8.728250315654831,
  "snr_total": 9.41502813384138,
  "snr_wm": 17.560265432224316,
  "snrd_csf": 13.145218153502084,
  "snrd_gm": 57.02513258464822,
  "snrd_total": 52.17183962672484,
  "snrd_wm": 86.3451681420242,
  "spacing_x": 0.8999999761581421,
  "spacing_y": 0.8984000086784363,
  "spacing_z": 0.8984000086784363,
  "summary_bg_k": 5.506746549044642,
  "summary_bg_mad": 7.587691670178587,
  "summary_bg_mean": 9.351040953371779,
  "summary_bg_median": 5.117820259183645,
  "summary_bg_n": 2497931.0,
  "summary_bg_p05": 0.0,
  "summary_bg_p95": 36.41384342685342,
  "summary_bg_stdv": 13.135134728860606,
  "summary_csf_k": 4.111020134112769,
  "summary_csf_mad": 61.138235040287896,
  "summary_csf_mean": 162.437860201585,
  "summary_csf_median": 152.24594799801707,
  "summary_csf_n": 116039.0,
  "summary_csf_p05": 59.05743665993214,
  "summary_csf_p95": 306.1119254305959,
  "summary_csf_stdv": 77.8123945208872,
  "summary_gm_k": 0.17256738646899805,
  "summary_gm_mad": 73.42046975820287,
  "summary_gm_mean": 659.759589250976,
  "summary_gm_median": 660.4565453901887,
  "summary_gm_n": 68925.0,
  "summary_gm_p05": 533.438873950392,
  "summary_gm_p95": 783.7923317514359,
  "summary_gm_stdv": 75.66828749898436,
  "summary_wm_k": 0.2719756775193316,
  "summary_wm_mad": 55.35193779540351,
  "summary_wm_mean": 1000.0732285809189,
  "summary_wm_median": 1000.0368061847985,
  "summary_wm_n": 350771.0,
  "summary_wm_p05": 907.0692079514265,
  "summary_wm_p95": 1093.6671437323093,
  "summary_wm_stdv": 56.94876222456046,
  "tpm_overlap_csf": 0.14949610836129196,
  "tpm_overlap_gm": 0.4349439036954765,
  "tpm_overlap_wm": 0.4630349139623291,
  "wm2max": 0.5007928313297441
}