{
  "aor": 0.00065311320754717,
  "aqi": 0.0021306838679245287,
  "bids_meta": {
    "AcquisitionMatrixPE": 64,
    "AcquisitionNumber": 1,
    "AcquisitionTime": "09:46:21.487500",
    "BandwidthPerPixelPhaseEncode": 63.776,
    "BaseResolution": 64,
    "BodyPartExamined": "BRAIN",
    "ConsistencyInfo": "N4_VE11C_LATEST_20160120",
    "ConversionSoftware": "dcm2niix",
    "ConversionSoftwareVersion": "v1.0.20190410  (JP2:OpenJPEG) (JP-LS:CharLS) GCC5.5.0",
    "DerivedVendorReportedEchoSpacing": 0.000489996,
    "DeviceSerialNumber": "167003",
    "DwellTime": 3.2e-06,
    "EchoTime": 0.03,
    "EchoTrainLength": 31,
    "EffectiveEchoSpacing": 0.000244998,
    "FlipAngle": 77,
    "ImageOrientationPatientDICOM": [
      0.99828,
      -0.0513316,
      0.0283285,
      0.0526671,
      0.997429,
      -0.0486045
    ],
    "ImageType": [
      "ORIGINAL",
      "PRIMARY",
      "M",
      "ND",
      "MOSAIC"
    ],
    "ImagingFrequency": 123.235,
    "InPlanePhaseEncodingDirectionDICOM": "COL",
    "InstitutionAddress": "Wade_Avenue_55_City_Maryland_US_21228",
    "InstitutionName": "UMCBIR",
    "InstitutionalDepartmentName": "Department",
    "MRAcquisitionType": "2D",
    "MagneticFieldStrength": 3,
    "Manufacturer": "Siemens",
    "ManufacturersModelName": "Prisma_fit",
    "Modality": "MR",
    "ParallelReductionFactorInPlane": 2,
    "PartialFourier": 1,
    "PatientPosition": "HFS",
    "PercentPhaseFOV": 100,
    "PhaseEncodingDirection": "j-",
    "PhaseEncodingSteps": 63,
    "PhaseResolution": 1,
    "PixelBandwidth": 2440,
    "ProcedureStepDescription": "MPRC_Protocols_Bob_Buchanan",
    "ProtocolName": "EPI_3x3x4xTR2-Resting-Eye_closed",
    "PulseSequenceDetails": "%SiemensSeq%_ep2d_bold",
    "ReceiveCoilActiveElements": "HC1-7",
    "ReceiveCoilName": "HeadNeck_64",
    "ReconMatrixPE": 64,
    "RefLinesPE": 30,
    "RepetitionTime": 2,
    "SAR": 0.0951715,
    "ScanOptions": "FS",
    "ScanningSequence": "EP",
    "SequenceName": "_epfid2d1_64",
    "SequenceVariant": "SK",
    "SeriesDescription": "EPI_3x3x4xTR2-Resting-Eye_closed",
    "SeriesNumber": 8,
    "ShimSetting": [
      -987,
      -11557,
      11811,
      132,
      -25,
      -78,
      -86,
      -35
    ],
    "SliceThickness": 4,
    "SliceTiming": [
      0,
      1.015,
      0.0525,
      1.07,
      0.105,
      1.1225,
      0.16,
      1.175,
      0.2125,
      1.23,
      0.2675,
      1.2825,
      0.32,
      1.3375,
      0.3725,
      1.39,
      0.4275,
      1.4425,
      0.48,
      1.4975,
      0.535,
      1.55,
      0.5875,
      1.605,
      0.64,
      1.6575,
      0.695,
      1.71,
      0.7475,
      1.765,
      0.8025,
      1.8175,
      0.855,
      1.8725,
      0.9075,
      1.925,
      0.9625
    ],
    "SoftwareVersions": "syngo_MR_E11",
    "SpacingBetweenSlices": 4,
    "StationName": "MRC35455",
    "TaskName": "rest eyes closed",
    "TotalReadoutTime": 0.0154349,
    "TxRefAmp": 282.846,
    "dataset": "ds003011",
    "modality": "bold",
    "run_id": 1,
    "session_id": "Y3MRP",
    "subject_id": "02",
    "task_id": "rest"
  },
  "dummy_trs": 0,
  "dvars_nstd": 22.6281432971564,
  "dvars_std": 1.223932438056872,
  "dvars_vstd": 0.9863902775829377,
  "efc": 0.5556609327808413,
  "fber": 430.67791748046875,
  "fd_mean": 0.07619779489476135,
  "fd_num": 1,
  "fd_perc": 0.4716981132075472,
  "fwhm_avg": 2.797838454236256,
  "fwhm_x": 2.7453215999999996,
  "fwhm_y": 2.9183936,
  "fwhm_z": 2.729800162708769,
  "gcor": 0.0535247,
  "gsr_x": -0.0008725177613086998,
  "gsr_y": 0.04601210728287697,
  "provenance": {
    "md5sum": "5e62fb7ddba97e2394f759f18511074d",
    "settings": {
      "fd_thres": 0.2,
      "testing": false
    },
    "software": "mriqc",
    "version": "22.0.6",
    "webapi_port": null,
    "webapi_url": "https://mriqc.nimh.nih.gov/api/v1"
  },
  "size_t": 212,
  "size_x": 64,
  "size_y": 64,
  "size_z": 37,
  "snr": 1.9922373737892474,
  "spacing_tr": 2.0,
  "spacing_x": 3.125,
  "spacing_y": 3.125,
  "spacing_z": 3.999999761581421,
  "summary_bg_k": 33.66143609805614,
  "summary_bg_mad": 14.619717167868755,
  "summary_bg_mean": 87.49950408935547,
  "summary_bg_median": 39.12028503417969,
  "summary_bg_n": 80512.0,
  "summary_bg_p05": 27.971698760986328,
  "summary_bg_p95": 330.62216339111325,
  "summary_bg_stdv": 129.51980590820312,
  "summary_fg_k": 2.418494268856233,
  "summary_fg_mad": 355.3909454949352,
  "summary_fg_mean": 957.5970458984375,
  "summary_fg_median": 848.9056396484375,
  "summary_fg_n": 32552.0,
  "summary_fg_p05": 468.7195816040039,
  "summary_fg_p95": 1791.5799865722654,
  "summary_fg_stdv": 426.1001281738281,
  "tsnr": 80.9433299312368
}