{
  "aor": 0.0030720952380952384,
  "aqi": 0.002402864380952381,
  "bids_meta": {
    "AcquisitionMatrixPE": 64,
    "AcquisitionNumber": 1,
    "AcquisitionTime": "11:19:17.000000",
    "CoilString": "8HRBRAIN",
    "ConversionSoftware": "dcm2niix",
    "ConversionSoftwareVersion": "v1.0.20190410  (JP2:OpenJPEG) (JP-LS:CharLS) GCC5.5.0",
    "DeviceSerialNumber": "000000000000CAMH",
    "EchoTime": 0.03,
    "EffectiveEchoSpacing": 0.000452,
    "FlipAngle": 77,
    "ImageOrientationPatientDICOM": [
      1,
      0,
      0,
      0,
      1,
      0
    ],
    "ImageType": [
      "ORIGINAL",
      "PRIMARY",
      "OTHER"
    ],
    "ImagingFrequency": 127.757,
    "InPlanePhaseEncodingDirectionDICOM": "COL",
    "InstitutionName": "CAMH",
    "MRAcquisitionType": "2D",
    "MagneticFieldStrength": 3,
    "Manufacturer": "GE",
    "ManufacturersModelName": "DISCOVERY_MR750",
    "Modality": "MR",
    "PatientPosition": "HFS",
    "PercentPhaseFOV": 100,
    "PhaseEncodingDirection": "j",
    "PhaseEncodingPolarityGE": "Flipped",
    "PixelBandwidth": 7812.5,
    "ProcedureStepDescription": "SPIN1MR",
    "ProtocolName": "Ax_RestingState",
    "ReconMatrixPE": 64,
    "RepetitionTime": 2,
    "SAR": 0.308947,
    "ScanOptions": "MP_GEMS_EPI_GEMS_ACC_GEMS",
    "ScanningSequence": "EP_RM",
    "SequenceVariant": "NONE",
    "SeriesDescription": "Ax_RestingState",
    "SeriesNumber": 7,
    "SliceThickness": 4,
    "SliceTiming": [
      0,
      1,
      0.05,
      1.05,
      0.1,
      1.1,
      0.15,
      1.15,
      0.2,
      1.2,
      0.25,
      1.25,
      0.3,
      1.3,
      0.35,
      1.35,
      0.4,
      1.4,
      0.45,
      1.45,
      0.5,
      1.5,
      0.55,
      1.55,
      0.6,
      1.6,
      0.65,
      1.65,
      0.7,
      1.7,
      0.75,
      1.75,
      0.8,
      1.8,
      0.85,
      1.85,
      0.9,
      1.9,
      0.95,
      1.95
    ],
    "SoftwareVersions": "23_LX_MR_Software_release:DV23.1_V02_1317.c",
    "SpacingBetweenSlices": 4,
    "StationName": "MRMR",
    "TaskName": "rest eyes closed",
    "TotalReadoutTime": 0.028476,
    "TriggerDelayTime": 423950,
    "dataset": "ds003011",
    "modality": "bold",
    "run_id": 1,
    "session_id": "Y1CMH",
    "subject_id": "03",
    "task_id": "rest"
  },
  "dummy_trs": 2,
  "dvars_nstd": 16.83602296129186,
  "dvars_std": 1.2464909637799044,
  "dvars_vstd": 1.0209663046411481,
  "efc": 0.5048588310751986,
  "fber": 26289.791015625,
  "fd_mean": 0.16383105096062775,
  "fd_num": 59,
  "fd_perc": 28.095238095238095,
  "fwhm_avg": 2.621871,
  "fwhm_x": 2.6127999999999996,
  "fwhm_y": 2.9621280000000003,
  "fwhm_z": 2.290685,
  "gcor": 0.0348318,
  "gsr_x": 0.001384821254760027,
  "gsr_y": 0.030569465830922127,
  "provenance": {
    "md5sum": "85cecc9fa58c4f98639e30d16c322406",
    "settings": {
      "fd_thres": 0.2,
      "testing": false
    },
    "software": "mriqc",
    "version": "22.0.6",
    "webapi_port": null,
    "webapi_url": "https://mriqc.nimh.nih.gov/api/v1"
  },
  "size_t": 210,
  "size_x": 64,
  "size_y": 64,
  "size_z": 40,
  "snr": 5.709662481711196,
  "spacing_tr": 2.0,
  "spacing_x": 3.125,
  "spacing_y": 3.125,
  "spacing_z": 4.0,
  "summary_bg_k": 32.63743171012013,
  "summary_bg_mad": 40.708022088514745,
  "summary_bg_mean": 161.087646484375,
  "summary_bg_median": 27.590476989746094,
  "summary_bg_n": 95947.0,
  "summary_bg_p05": 0.0,
  "summary_bg_p95": 821.8738220214833,
  "summary_bg_stdv": 382.74407958984375,
  "summary_fg_k": 0.8708220759817467,
  "summary_fg_mad": 726.0939395735832,
  "summary_fg_mean": 4256.44775390625,
  "summary_fg_median": 4300.9404296875,
  "summary_fg_n": 32040.0,
  "summary_fg_p05": 2977.1206787109377,
  "summary_fg_p95": 5398.487158203125,
  "summary_fg_stdv": 753.2622680664062,
  "tsnr": 98.95452448958531
}