{
  "bids_meta": {
    "AcquisitionMatrixPE": 256,
    "AcquisitionNumber": 1,
    "AcquisitionTime": "10:18:43.360000",
    "BaseResolution": 256,
    "BodyPartExamined": "BRAIN",
    "CoilString": "HC1-7;NC1_2",
    "ConsistencyInfo": "N4_VE11C_LATEST_20160120",
    "ConversionSoftware": "dcm2niix",
    "ConversionSoftwareVersion": "v1.0.20190410  (JP2:OpenJPEG) (JP-LS:CharLS) GCC5.5.0",
    "DeviceSerialNumber": "66108",
    "DwellTime": 7.5e-06,
    "EchoTime": 0.00287,
    "FlipAngle": 9,
    "ImageOrientationPatientDICOM": [
      0.0618595,
      0.996233,
      -0.0607696,
      -0.099238,
      -0.0544453,
      -0.993573
    ],
    "ImageType": [
      "ORIGINAL",
      "PRIMARY",
      "M",
      "ND"
    ],
    "ImagingFrequency": 123.243,
    "InPlanePhaseEncodingDirectionDICOM": "ROW",
    "InstitutionAddress": "Huron_325_TORONTO_ONTARIO_CA_M5S_3G3",
    "InstitutionName": "University_of_Toronto",
    "InstitutionalDepartmentName": "Department",
    "InversionTime": 0.9,
    "MRAcquisitionType": "3D",
    "MagneticFieldStrength": 3,
    "Manufacturer": "Siemens",
    "ManufacturersModelName": "Prisma",
    "Modality": "MR",
    "PartialFourier": 1,
    "PatientPosition": "HFS",
    "PercentPhaseFOV": 100,
    "PhaseEncodingSteps": 307,
    "PhaseOversampling": 0.2,
    "PhaseResolution": 1,
    "PixelBandwidth": 260,
    "ProcedureStepDescription": "Voineskos_Colin",
    "ProtocolName": "t1_mprage_T1_900",
    "PulseSequenceDetails": "%SiemensSeq%_tfl",
    "ReceiveCoilActiveElements": "HC1-7;NC1,2",
    "ReceiveCoilName": "HeadNeck_64",
    "ReconMatrixPE": 256,
    "RefLinesPE": 31,
    "RepetitionTime": 2.3,
    "SAR": 0.063669,
    "ScanOptions": "IR",
    "ScanningSequence": "GR_IR",
    "SequenceName": "_tfl3d1_16ns",
    "SequenceVariant": "SK_SP_MP_OSP",
    "SeriesDescription": "t1_mprage_T1_900",
    "SeriesNumber": 6,
    "ShimSetting": [
      -1026,
      -6983,
      -6652,
      -33,
      -35,
      26,
      -37,
      -58
    ],
    "SliceThickness": 0.9,
    "SoftwareVersions": "syngo_MR_E11",
    "StationName": "AWP66108",
    "TxRefAmp": 281.998,
    "dataset": "ds003011",
    "modality": "T1w",
    "run_id": 1,
    "session_id": "Y4CMP",
    "subject_id": "02"
  },
  "cjv": 0.5409585278929449,
  "cnr": 2.337346417080565,
  "efc": 0.5433592467492326,
  "fber": -1.0,
  "fwhm_avg": 5.33785405755954,
  "fwhm_x": 5.424233477026449,
  "fwhm_y": 5.377658434782608,
  "fwhm_z": 5.211670260869565,
  "icvs_csf": 0.22417570916597832,
  "icvs_gm": 0.35965724306718516,
  "icvs_wm": 0.41616704776683655,
  "inu_med": 1.0623918771743774,
  "inu_range": 1.3920528590679169,
  "provenance": {
    "md5sum": "5456da36e6ad6c24a78f3bda87cbb1ea",
    "settings": {
      "testing": false
    },
    "software": "mriqc",
    "version": "22.0.6",
    "warnings": {
      "large_rot_frame": true,
      "small_air_mask": false
    },
    "webapi_port": null,
    "webapi_url": "https://mriqc.nimh.nih.gov/api/v1"
  },
  "qi_1": 3.6267483571585513e-06,
  "qi_2": 0.0018057679368154874,
  "rpve_csf": 19.229254129217914,
  "rpve_gm": 11.139743950174088,
  "rpve_wm": 11.47256553686057,
  "size_x": 240,
  "size_y": 256,
  "size_z": 256,
  "snr_csf": 2.8824322602953067,
  "snr_gm": 11.188299527437366,
  "snr_total": 8.90818454464818,
  "snr_wm": 12.653821846211866,
  "snrd_csf": 9.628462290589384,
  "snrd_gm": 25.336277772855084,
  "snrd_total": 22.868694504578304,
  "snrd_wm": 33.64134345029044,
  "spacing_x": 0.8999999761581421,
  "spacing_y": 0.8984375,
  "spacing_z": 0.8984375,
  "summary_bg_k": 787.9278422403718,
  "summary_bg_mad": 0.0,
  "summary_bg_mean": 10.759332610264108,
  "summary_bg_median": 0.0,
  "summary_bg_n": 3037852.0,
  "summary_bg_p05": 0.0,
  "summary_bg_p95": 48.055431097745895,
  "summary_bg_stdv": 19.47414487480808,
  "summary_csf_k": 6.2803483831745766,
  "summary_csf_mad": 86.82203374079732,
  "summary_csf_mean": 294.613181107589,
  "summary_csf_median": 286.20920707285404,
  "summary_csf_n": 127269.0,
  "summary_csf_p05": 151.0952159166336,
  "summary_csf_p95": 469.266872510314,
  "summary_csf_stdv": 99.29394927569955,
  "summary_gm_k": 0.07447918169797374,
  "summary_gm_mad": 66.7734343464529,
  "summary_gm_mean": 753.2098951377184,
  "summary_gm_median": 753.1291864365339,
  "summary_gm_n": 32712.0,
  "summary_gm_p05": 643.1604789942503,
  "summary_gm_p95": 864.8245366938409,
  "summary_gm_stdv": 67.31297039279993,
  "summary_wm_k": 1.5924808707768063,
  "summary_wm_mad": 66.7734343464529,
  "summary_wm_mean": 1013.3815539482395,
  "summary_wm_median": 999.9999940991402,
  "summary_wm_n": 401995.0,
  "summary_wm_p05": 909.4769727289677,
  "summary_wm_p95": 1167.076434776187,
  "summary_wm_stdv": 79.02740867188483,
  "tpm_overlap_csf": 0.17694164908649795,
  "tpm_overlap_gm": 0.42374819953075776,
  "tpm_overlap_wm": 0.4891540478383888,
  "wm2max": 0.15052144080610005
}