{
  "aor": 0.0013014832535885167,
  "aqi": 0.0035610804784688994,
  "bids_meta": {
    "AcquisitionMatrixPE": 64,
    "AcquisitionNumber": 1,
    "AcquisitionTime": "18:47:24.000000",
    "CoilString": "8HRBRAIN",
    "ConversionSoftware": "dcm2niix",
    "ConversionSoftwareVersion": "v1.0.20190410  (JP2:OpenJPEG) (JP-LS:CharLS) GCC5.5.0",
    "DeviceSerialNumber": "000000000000CAMH",
    "EchoTime": 0.03,
    "EffectiveEchoSpacing": 0.000452,
    "FlipAngle": 77,
    "ImageOrientationPatientDICOM": [
      1,
      0,
      0,
      0,
      1,
      0
    ],
    "ImageType": [
      "ORIGINAL",
      "PRIMARY",
      "OTHER"
    ],
    "ImagingFrequency": 127.757,
    "InPlanePhaseEncodingDirectionDICOM": "COL",
    "InstitutionName": "CAMH",
    "MRAcquisitionType": "2D",
    "MagneticFieldStrength": 3,
    "Manufacturer": "GE",
    "ManufacturersModelName": "DISCOVERY_MR750",
    "Modality": "MR",
    "PatientPosition": "HFS",
    "PercentPhaseFOV": 100,
    "PhaseEncodingDirection": "j",
    "PhaseEncodingPolarityGE": "Flipped",
    "PixelBandwidth": 7812.5,
    "ProcedureStepDescription": "SPIN1MR",
    "ProtocolName": "AxEPI_RestingState",
    "ReconMatrixPE": 64,
    "RepetitionTime": 2,
    "SAR": 0.322161,
    "ScanOptions": "MP_GEMS_EPI_GEMS_ACC_GEMS",
    "ScanningSequence": "EP_RM",
    "SequenceVariant": "NONE",
    "SeriesDescription": "AxEPI_RestingState",
    "SeriesNumber": 7,
    "SliceThickness": 4,
    "SliceTiming": [
      0,
      1,
      0.05,
      1.05,
      0.1,
      1.1,
      0.15,
      1.15,
      0.2,
      1.2,
      0.25,
      1.25,
      0.3,
      1.3,
      0.35,
      1.35,
      0.4,
      1.4,
      0.45,
      1.45,
      0.5,
      1.5,
      0.55,
      1.55,
      0.6,
      1.6,
      0.65,
      1.65,
      0.7,
      1.7,
      0.75,
      1.75,
      0.8,
      1.8,
      0.85,
      1.85,
      0.9,
      1.9,
      0.95,
      1.95
    ],
    "SoftwareVersions": "24_LX_MR_Software_release:DV24.0_R02_1607.b",
    "SpacingBetweenSlices": 4,
    "StationName": "MRMR",
    "TaskName": "rest eyes closed",
    "TotalReadoutTime": 0.028476,
    "TriggerDelayTime": 423950,
    "dataset": "ds003011",
    "modality": "bold",
    "run_id": 1,
    "session_id": "Y3CMH",
    "subject_id": "04",
    "task_id": "rest"
  },
  "dummy_trs": 3,
  "dvars_nstd": 13.634194034663466,
  "dvars_std": 1.075263999615385,
  "dvars_vstd": 0.9752339041346153,
  "efc": 0.4816759759971392,
  "fber": 22953.353515625,
  "fd_mean": 0.18337243487590155,
  "fd_num": 72,
  "fd_perc": 34.44976076555024,
  "fwhm_avg": 2.6617992333333333,
  "fwhm_x": 2.6058016,
  "fwhm_y": 3.0048736000000003,
  "fwhm_z": 2.3747225,
  "gcor": 0.0397845,
  "gsr_x": -0.003824318991973996,
  "gsr_y": 0.03540913015604019,
  "provenance": {
    "md5sum": "4a100566179c63c824d6a4cb77f5fa35",
    "settings": {
      "fd_thres": 0.2,
      "testing": false
    },
    "software": "mriqc",
    "version": "22.0.6",
    "webapi_port": null,
    "webapi_url": "https://mriqc.nimh.nih.gov/api/v1"
  },
  "size_t": 209,
  "size_x": 64,
  "size_y": 64,
  "size_z": 40,
  "snr": 5.838117310728237,
  "spacing_tr": 2.0,
  "spacing_x": 3.125,
  "spacing_y": 3.125,
  "spacing_z": 4.0,
  "summary_bg_k": 51.36708691132602,
  "summary_bg_mad": 35.61082672337611,
  "summary_bg_mean": 114.1917724609375,
  "summary_bg_median": 27.444974899291992,
  "summary_bg_n": 98829.0,
  "summary_bg_p05": 1.440191388130188,
  "summary_bg_p95": 503.0277221679684,
  "summary_bg_stdv": 251.27545166015625,
  "summary_fg_k": 0.5526634813163067,
  "summary_fg_mad": 614.8115399984903,
  "summary_fg_mean": 3973.78662109375,
  "summary_fg_median": 3966.458984375,
  "summary_fg_n": 29652.0,
  "summary_fg_p05": 2805.7402587890624,
  "summary_fg_p95": 5076.250830078124,
  "summary_fg_stdv": 679.395751953125,
  "tsnr": 85.46096886321902
}