{
  "aor": 0.00042533018867924526,
  "aqi": 0.0034861441037735853,
  "bids_meta": {
    "AcquisitionMatrixPE": 64,
    "AcquisitionNumber": 1,
    "AcquisitionTime": "15:19:26.420000",
    "BandwidthPerPixelPhaseEncode": 89.286,
    "BaseResolution": 64,
    "CoilString": "C:HEA;HEP",
    "ConversionSoftware": "dcm2niix",
    "ConversionSoftwareVersion": "v1.0.20190410  (JP2:OpenJPEG) (JP-LS:CharLS) GCC5.5.0",
    "DerivedVendorReportedEchoSpacing": 0.000699998,
    "DeviceSerialNumber": "35455",
    "DwellTime": 4.5e-06,
    "EchoTime": 0.03,
    "EffectiveEchoSpacing": 0.000174999,
    "FlipAngle": 77,
    "ImageOrientationPatientDICOM": [
      1,
      0,
      0,
      0,
      1,
      0
    ],
    "ImageType": [
      "ORIGINAL",
      "PRIMARY",
      "M",
      "ND",
      "MOSAIC"
    ],
    "ImagingFrequency": 123.259,
    "InPlanePhaseEncodingDirectionDICOM": "COL",
    "InstitutionAddress": "Wade_Avenue_55_250F90_Maryland_US_21228",
    "InstitutionName": "UMCBIR",
    "InstitutionalDepartmentName": "Department",
    "MRAcquisitionType": "2D",
    "MagneticFieldStrength": 3,
    "Manufacturer": "Siemens",
    "ManufacturersModelName": "TrioTim",
    "Modality": "MR",
    "ParallelReductionFactorInPlane": 4,
    "PartialFourier": 1,
    "PatientPosition": "HFS",
    "PercentPhaseFOV": 100,
    "PhaseEncodingDirection": "j-",
    "PhaseEncodingSteps": 61,
    "PhaseResolution": 1,
    "PixelBandwidth": 1736,
    "ProcedureStepDescription": "MPRC_Protocols_Bob_Buchanan",
    "ProtocolName": "EPI_3x3x4xTR2-Resting-Eye_closed",
    "PulseSequenceDetails": "%SiemensSeq%_ep2d_bold",
    "ReceiveCoilName": "32Ch_Head",
    "ReconMatrixPE": 64,
    "RefLinesPE": 32,
    "RepetitionTime": 2.02,
    "SAR": 0.183396,
    "ScanOptions": "FS",
    "ScanningSequence": "EP",
    "SequenceName": "_epfid2d1_64",
    "SequenceVariant": "SK",
    "SeriesDescription": "EPI_3x3x4xTR2-Resting-Eye_closed",
    "SeriesNumber": 5,
    "ShimSetting": [
      -2502,
      -28810,
      12096,
      683,
      401,
      -9,
      381,
      -88
    ],
    "SliceThickness": 4,
    "SliceTiming": [
      1.015,
      0,
      1.065,
      0.05,
      1.115,
      0.1025,
      1.165,
      0.1525,
      1.2175,
      0.2025,
      1.2675,
      0.2525,
      1.3175,
      0.305,
      1.37,
      0.355,
      1.42,
      0.405,
      1.47,
      0.4575,
      1.52,
      0.5075,
      1.5725,
      0.5575,
      1.6225,
      0.6075,
      1.6725,
      0.66,
      1.7225,
      0.71,
      1.775,
      0.76,
      1.825,
      0.81,
      1.875,
      0.8625,
      1.9275,
      0.9125,
      1.9775,
      0.9625
    ],
    "SoftwareVersions": "syngo_MR_B17",
    "SpacingBetweenSlices": 4,
    "StationName": "MRC35455",
    "TaskName": "rest eyes closed",
    "TotalReadoutTime": 0.011025,
    "TxRefAmp": 350.699,
    "dataset": "ds003011",
    "modality": "bold",
    "run_id": 1,
    "session_id": "Y1MRC",
    "subject_id": "04",
    "task_id": "rest"
  },
  "dummy_trs": 0,
  "dvars_nstd": 34.63745409170615,
  "dvars_std": 1.079483861469194,
  "dvars_vstd": 0.9882637796682466,
  "efc": 0.488472199713136,
  "fber": 1380.0233154296875,
  "fd_mean": 0.22194220034021855,
  "fd_num": 113,
  "fd_perc": 53.301886792452834,
  "fwhm_avg": 2.9988417999999997,
  "fwhm_x": 2.8873984000000004,
  "fwhm_y": 3.3547519999999995,
  "fwhm_z": 2.754375,
  "gcor": 0.0239474,
  "gsr_x": 0.00045532980584539473,
  "gsr_y": 0.0795818641781807,
  "provenance": {
    "md5sum": "978fb8a6360b97948081df0a8239e628",
    "settings": {
      "fd_thres": 0.2,
      "testing": false
    },
    "software": "mriqc",
    "version": "22.0.6",
    "webapi_port": null,
    "webapi_url": "https://mriqc.nimh.nih.gov/api/v1"
  },
  "size_t": 212,
  "size_x": 64,
  "size_y": 64,
  "size_z": 40,
  "snr": 2.210756214487438,
  "spacing_tr": 2.0199999809265137,
  "spacing_x": 3.125,
  "spacing_y": 3.125,
  "spacing_z": 4.0,
  "summary_bg_k": 98.4730338073463,
  "summary_bg_mad": 9.825736320911957,
  "summary_bg_mean": 31.64771842956543,
  "summary_bg_median": 14.617924690246582,
  "summary_bg_n": 97574.0,
  "summary_bg_p05": 5.844339847564697,
  "summary_bg_p95": 110.32735862731917,
  "summary_bg_stdv": 61.92439270019531,
  "summary_fg_k": 4.970431768951565,
  "summary_fg_mad": 184.15735705360902,
  "summary_fg_mean": 599.6405639648438,
  "summary_fg_median": 543.117919921875,
  "summary_fg_n": 30513.0,
  "summary_fg_p05": 323.74530029296875,
  "summary_fg_p95": 1077.5774169921874,
  "summary_fg_stdv": 245.6666259765625,
  "tsnr": 44.99475818593055
}