{
  "bids_meta": {
    "AcquisitionMatrixPE": 256,
    "AcquisitionNumber": 1,
    "AcquisitionTime": "10:49:28.000000",
    "CoilString": "8HRBRAIN",
    "ConversionSoftware": "dcm2niix",
    "ConversionSoftwareVersion": "v1.0.20190410  (JP2:OpenJPEG) (JP-LS:CharLS) GCC5.5.0",
    "DeviceSerialNumber": "000000000000CAMH",
    "EchoTime": 0.002996,
    "FlipAngle": 8,
    "ImageOrientationPatientDICOM": [
      0,
      1,
      0,
      0,
      0,
      -1
    ],
    "ImageType": [
      "ORIGINAL",
      "PRIMARY",
      "OTHER"
    ],
    "ImagingFrequency": 127.757,
    "InPlanePhaseEncodingDirectionDICOM": "ROW",
    "InstitutionName": "CAMH",
    "InversionTime": 0.65,
    "MRAcquisitionType": "3D",
    "MagneticFieldStrength": 3,
    "Manufacturer": "GE",
    "ManufacturersModelName": "DISCOVERY_MR750",
    "Modality": "MR",
    "PatientPosition": "HFS",
    "PercentPhaseFOV": 100,
    "PixelBandwidth": 244.141,
    "ProcedureStepDescription": "SPIN1MR",
    "ProtocolName": "SagT1Bravo_09mm",
    "ReconMatrixPE": 256,
    "RepetitionTime": 0.006736,
    "SAR": 0.186919,
    "ScanOptions": "FAST_GEMS_EDR_GEMS_ACC_GEMS",
    "ScanningSequence": "GR",
    "SequenceVariant": "SS_SK",
    "SeriesDescription": "SagT1Bravo_09mm",
    "SeriesNumber": 2,
    "SliceThickness": 0.9,
    "SoftwareVersions": "24_LX_MR_Software_release:DV24.0_R01_1344.a",
    "SpacingBetweenSlices": 0.9,
    "StationName": "MRMR",
    "dataset": "ds003011",
    "modality": "T1w",
    "run_id": 1,
    "session_id": "Y2CMH",
    "subject_id": "01"
  },
  "cjv": 0.3916368315636753,
  "cnr": 3.511351087392108,
  "efc": 0.5735131866294078,
  "fber": 10919.685142439737,
  "fwhm_avg": 3.3024655990278453,
  "fwhm_x": 3.2717111977818596,
  "fwhm_y": 3.4726068230890506,
  "fwhm_z": 3.163078776212625,
  "icvs_csf": 0.2296447923133304,
  "icvs_gm": 0.428433629503879,
  "icvs_wm": 0.3419215781827906,
  "inu_med": 0.685071587562561,
  "inu_range": 0.19482653141021722,
  "provenance": {
    "md5sum": "6b72505dd49e4ffb6293226dcaebbd95",
    "settings": {
      "testing": false
    },
    "software": "mriqc",
    "version": "22.0.6",
    "warnings": {
      "large_rot_frame": true,
      "small_air_mask": false
    },
    "webapi_port": null,
    "webapi_url": "https://mriqc.nimh.nih.gov/api/v1"
  },
  "qi_1": 0.0,
  "qi_2": 0.0005317865876762126,
  "rpve_csf": 18.454196078208675,
  "rpve_gm": 10.103253958672076,
  "rpve_wm": 14.322516919135406,
  "size_x": 200,
  "size_y": 256,
  "size_z": 256,
  "snr_csf": 1.4733607196423508,
  "snr_gm": 9.878538165503015,
  "snr_total": 9.538573536399662,
  "snr_wm": 17.26382172405362,
  "snrd_csf": 16.1591011590743,
  "snrd_gm": 54.265967984045616,
  "snrd_total": 50.06716092049307,
  "snrd_wm": 79.77641361835929,
  "spacing_x": 0.8999999761581421,
  "spacing_y": 0.8984000086784363,
  "spacing_z": 0.8984000086784363,
  "summary_bg_k": 719.5341129019916,
  "summary_bg_mad": 8.212441266729085,
  "summary_bg_mean": 9.613139888796498,
  "summary_bg_median": 5.539207458496094,
  "summary_bg_n": 3733354.0,
  "summary_bg_p05": 0.0,
  "summary_bg_p95": 35.93560838699341,
  "summary_bg_stdv": 14.030019744573229,
  "summary_csf_k": 22.377429676742267,
  "summary_csf_mad": 105.06792045621523,
  "summary_csf_mean": 226.03733845489836,
  "summary_csf_median": 202.56189274787903,
  "summary_csf_n": 48539.0,
  "summary_csf_p05": 60.927820038795474,
  "summary_csf_p95": 465.0960922479628,
  "summary_csf_stdv": 137.4814758175732,
  "summary_gm_k": 0.15262201077846793,
  "summary_gm_mad": 68.11193475593436,
  "summary_gm_mean": 678.6952538389056,
  "summary_gm_median": 680.2492959499359,
  "summary_gm_n": 41024.0,
  "summary_gm_p05": 563.8566992282867,
  "summary_gm_p95": 788.9510493159294,
  "summary_gm_stdv": 68.86049267946962,
  "summary_wm_k": 0.1815487954648516,
  "summary_wm_mad": 57.127794561684205,
  "summary_wm_mean": 1000.5753868153607,
  "summary_wm_median": 1000.0346665382385,
  "summary_wm_n": 271026.0,
  "summary_wm_p05": 906.2489602565765,
  "summary_wm_p95": 1096.209156036377,
  "summary_wm_stdv": 57.926503042937824,
  "tpm_overlap_csf": 0.15427621243557998,
  "tpm_overlap_gm": 0.43318643327263817,
  "tpm_overlap_wm": 0.476950378602903,
  "wm2max": 0.5090402847777817
}