{
  "bids_meta": {
    "AcquisitionMatrixPE": 256,
    "AcquisitionNumber": 1,
    "AcquisitionTime": "17:03:29.000000",
    "CoilString": "8HRBRAIN",
    "ConversionSoftware": "dcm2niix",
    "ConversionSoftwareVersion": "v1.0.20190410  (JP2:OpenJPEG) (JP-LS:CharLS) GCC5.5.0",
    "DeviceSerialNumber": "000000000000CAMH",
    "EchoTime": 0.002996,
    "FlipAngle": 8,
    "ImageOrientationPatientDICOM": [
      0,
      1,
      0,
      0,
      0,
      -1
    ],
    "ImageType": [
      "ORIGINAL",
      "PRIMARY",
      "OTHER"
    ],
    "ImagingFrequency": 127.757,
    "InPlanePhaseEncodingDirectionDICOM": "ROW",
    "InstitutionName": "CAMH",
    "InversionTime": 0.65,
    "MRAcquisitionType": "3D",
    "MagneticFieldStrength": 3,
    "Manufacturer": "GE",
    "ManufacturersModelName": "DISCOVERY_MR750",
    "Modality": "MR",
    "PatientPosition": "HFS",
    "PercentPhaseFOV": 100,
    "PixelBandwidth": 244.141,
    "ProcedureStepDescription": "SPIN1MR",
    "ProtocolName": "SagT1Bravo_09mm",
    "ReconMatrixPE": 256,
    "RepetitionTime": 0.006736,
    "SAR": 0.190241,
    "ScanOptions": "FAST_GEMS_EDR_GEMS_ACC_GEMS",
    "ScanningSequence": "GR",
    "SequenceVariant": "SS_SK",
    "SeriesDescription": "SagT1Bravo_09mm",
    "SeriesNumber": 2,
    "SliceThickness": 0.9,
    "SoftwareVersions": "24_LX_MR_Software_release:DV24.0_R02_1607.b",
    "SpacingBetweenSlices": 0.9,
    "StationName": "MRMR",
    "dataset": "ds003011",
    "modality": "T1w",
    "run_id": 1,
    "session_id": "Y3CMH",
    "subject_id": "03"
  },
  "cjv": 0.39409987542929525,
  "cnr": 3.459133179003801,
  "efc": 0.5727362238628749,
  "fber": 6853.196874517842,
  "fwhm_avg": 3.8247180579859035,
  "fwhm_x": 3.712444542790639,
  "fwhm_y": 4.001869952437696,
  "fwhm_z": 3.7598396787293753,
  "icvs_csf": 0.2296596303082872,
  "icvs_gm": 0.4168380716838317,
  "icvs_wm": 0.3535022980078811,
  "inu_med": 0.747796893119812,
  "inu_range": 0.3243661999702454,
  "provenance": {
    "md5sum": "83a724ac067dfc1fc78e1c8b45caeaee",
    "settings": {
      "testing": false
    },
    "software": "mriqc",
    "version": "22.0.6",
    "warnings": {
      "large_rot_frame": true,
      "small_air_mask": false
    },
    "webapi_port": null,
    "webapi_url": "https://mriqc.nimh.nih.gov/api/v1"
  },
  "qi_1": 0.0,
  "qi_2": 0.000490495197087699,
  "rpve_csf": 16.392932702503458,
  "rpve_gm": 8.860726350943992,
  "rpve_wm": 12.04013805836863,
  "size_x": 200,
  "size_y": 256,
  "size_z": 256,
  "snr_csf": 1.7307672833657484,
  "snr_gm": 8.194403616683251,
  "snr_total": 8.662942554628712,
  "snr_wm": 16.063656763837134,
  "snrd_csf": 9.71090029043506,
  "snrd_gm": 47.520811361671235,
  "snrd_total": 43.50967296976618,
  "snrd_wm": 73.29730725719226,
  "spacing_x": 0.8999999761581421,
  "spacing_y": 0.8984000086784363,
  "spacing_z": 0.8984000086784363,
  "summary_bg_k": 4.361498689622265,
  "summary_bg_mad": 8.9383901247136,
  "summary_bg_mean": 10.895563516983149,
  "summary_bg_median": 6.0288525223731995,
  "summary_bg_n": 3502828.0,
  "summary_bg_p05": 0.0,
  "summary_bg_p95": 39.36697153002024,
  "summary_bg_stdv": 14.165717079868555,
  "summary_csf_k": 4.815055853819731,
  "summary_csf_mad": 57.30146526378897,
  "summary_csf_mean": 144.32254895382127,
  "summary_csf_median": 132.49121138453484,
  "summary_csf_n": 114393.0,
  "summary_csf_p05": 47.692529775202274,
  "summary_csf_p95": 290.533273935318,
  "summary_csf_stdv": 76.55022922562172,
  "summary_gm_k": 0.13473248901592827,
  "summary_gm_mad": 78.10450418499741,
  "summary_gm_mean": 647.1770050048987,
  "summary_gm_median": 648.3528483435512,
  "summary_gm_n": 57478.0,
  "summary_gm_p05": 515.2874605283141,
  "summary_gm_p95": 775.3229944866149,
  "summary_gm_stdv": 79.12073149414525,
  "summary_wm_k": 0.3208532876239323,
  "summary_wm_mad": 60.493747451186685,
  "summary_wm_mean": 1000.066523167785,
  "summary_wm_median": 1000.0359121486545,
  "summary_wm_n": 348662.0,
  "summary_wm_p05": 898.227253779769,
  "summary_wm_p95": 1102.0598866790533,
  "summary_wm_stdv": 62.25447248685092,
  "tpm_overlap_csf": 0.14312436302609452,
  "tpm_overlap_gm": 0.4261440171908647,
  "tpm_overlap_wm": 0.4604284465547083,
  "wm2max": 0.5115426082528945
}