{
  "aor": 0.0018173584905660375,
  "aqi": 0.002025908943396227,
  "bids_meta": {
    "AcquisitionMatrixPE": 64,
    "AcquisitionNumber": 1,
    "AcquisitionTime": "10:43:6.247500",
    "BandwidthPerPixelPhaseEncode": 54.825,
    "BaseResolution": 64,
    "CoilString": "C:HEA;HEP",
    "ConversionSoftware": "dcm2niix",
    "ConversionSoftwareVersion": "v1.0.20190410  (JP2:OpenJPEG) (JP-LS:CharLS) GCC5.5.0",
    "DerivedVendorReportedEchoSpacing": 0.000569995,
    "DeviceSerialNumber": "35455",
    "DwellTime": 3.8e-06,
    "EchoTime": 0.03,
    "EffectiveEchoSpacing": 0.000284998,
    "FlipAngle": 77,
    "ImageOrientationPatientDICOM": [
      1,
      0,
      0,
      0,
      0.993961,
      -0.109734
    ],
    "ImageType": [
      "ORIGINAL",
      "PRIMARY",
      "M",
      "ND",
      "MOSAIC"
    ],
    "ImagingFrequency": 123.258,
    "InPlanePhaseEncodingDirectionDICOM": "COL",
    "InstitutionAddress": "Wade_Avenue_55_48CA09_Maryland_US_21228",
    "InstitutionName": "UMCBIR",
    "InstitutionalDepartmentName": "Department",
    "MRAcquisitionType": "2D",
    "MagneticFieldStrength": 3,
    "Manufacturer": "Siemens",
    "ManufacturersModelName": "TrioTim",
    "Modality": "MR",
    "ParallelReductionFactorInPlane": 2,
    "PartialFourier": 1,
    "PatientPosition": "HFS",
    "PercentPhaseFOV": 100,
    "PhaseEncodingDirection": "j-",
    "PhaseEncodingSteps": 63,
    "PhaseResolution": 1,
    "PixelBandwidth": 2056,
    "ProcedureStepDescription": "MPRC_Protocols_Bob_Buchanan",
    "ProtocolName": "EPI_3x3x4xTR2-Resting-Eye_closed",
    "PulseSequenceDetails": "%SiemensSeq%_ep2d_bold",
    "ReceiveCoilName": "32Ch_Head",
    "ReconMatrixPE": 64,
    "RefLinesPE": 30,
    "RepetitionTime": 2,
    "SAR": 0.253076,
    "ScanOptions": "FS",
    "ScanningSequence": "EP",
    "SequenceName": "_epfid2d1_64",
    "SequenceVariant": "SK",
    "SeriesDescription": "EPI_3x3x4xTR2-Resting-Eye_closed",
    "SeriesNumber": 5,
    "ShimSetting": [
      -2502,
      -28829,
      12167,
      743,
      442,
      295,
      218,
      -138
    ],
    "SliceThickness": 4,
    "SliceTiming": [
      0,
      1.03,
      0.0525,
      1.085,
      0.1075,
      1.14,
      0.1625,
      1.1925,
      0.2175,
      1.2475,
      0.27,
      1.3025,
      0.325,
      1.355,
      0.38,
      1.41,
      0.4325,
      1.465,
      0.4875,
      1.5175,
      0.5425,
      1.5725,
      0.595,
      1.6275,
      0.65,
      1.6825,
      0.705,
      1.735,
      0.76,
      1.79,
      0.8125,
      1.845,
      0.8675,
      1.8975,
      0.9225,
      1.9525,
      0.975
    ],
    "SoftwareVersions": "syngo_MR_B17",
    "SpacingBetweenSlices": 4,
    "StationName": "MRC35455",
    "TaskName": "rest eyes closed",
    "TotalReadoutTime": 0.0179549,
    "TxRefAmp": 340.887,
    "dataset": "ds003011",
    "modality": "bold",
    "run_id": 1,
    "session_id": "Y2MRC",
    "subject_id": "03",
    "task_id": "rest"
  },
  "dummy_trs": 0,
  "dvars_nstd": 22.77126315431279,
  "dvars_std": 1.2110882872511843,
  "dvars_vstd": 1.0054288503791469,
  "efc": 0.5219254279927321,
  "fber": 1048.4942626953125,
  "fd_mean": 0.13888152743705517,
  "fd_num": 31,
  "fd_perc": 14.622641509433961,
  "fwhm_avg": 3.371147,
  "fwhm_x": 3.2884160000000002,
  "fwhm_y": 3.648,
  "fwhm_z": 3.177025,
  "gcor": 0.0244568,
  "gsr_x": -0.0011451116297394037,
  "gsr_y": 0.08155181258916855,
  "provenance": {
    "md5sum": "44ecf6577f739ae37a9d8b012f0794f2",
    "settings": {
      "fd_thres": 0.2,
      "testing": false
    },
    "software": "mriqc",
    "version": "22.0.6",
    "webapi_port": null,
    "webapi_url": "https://mriqc.nimh.nih.gov/api/v1"
  },
  "size_t": 212,
  "size_x": 64,
  "size_y": 64,
  "size_z": 37,
  "snr": 1.9511193688639203,
  "spacing_tr": 2.0,
  "spacing_x": 3.125,
  "spacing_y": 3.125,
  "spacing_z": 4.0,
  "summary_bg_k": 84.48051561470115,
  "summary_bg_mad": 9.245285539705606,
  "summary_bg_mean": 44.68628692626953,
  "summary_bg_median": 18.287736892700195,
  "summary_bg_n": 83011.0,
  "summary_bg_p05": 11.04716968536377,
  "summary_bg_p95": 157.51415252685547,
  "summary_bg_stdv": 93.3872299194336,
  "summary_fg_k": 3.9214387094318104,
  "summary_fg_mad": 223.45332888550737,
  "summary_fg_mean": 681.76611328125,
  "summary_fg_median": 607.4339599609375,
  "summary_fg_n": 33009.0,
  "summary_fg_p05": 339.8103820800781,
  "summary_fg_p95": 1323.780200195312,
  "summary_fg_stdv": 311.3211669921875,
  "tsnr": 81.00732626812533
}