{
  "bids_meta": {
    "AcquisitionMatrixPE": 256,
    "AcquisitionNumber": 1,
    "AcquisitionTime": "13:48:43.000000",
    "CoilString": "8HRBRAIN",
    "ConversionSoftware": "dcm2niix",
    "ConversionSoftwareVersion": "v1.0.20190410  (JP2:OpenJPEG) (JP-LS:CharLS) GCC5.5.0",
    "DeviceSerialNumber": "000000000000CAMH",
    "EchoTime": 0.002996,
    "FlipAngle": 8,
    "ImageOrientationPatientDICOM": [
      0,
      1,
      0,
      0,
      0,
      -1
    ],
    "ImageType": [
      "ORIGINAL",
      "PRIMARY",
      "OTHER"
    ],
    "ImagingFrequency": 127.757,
    "InPlanePhaseEncodingDirectionDICOM": "ROW",
    "InstitutionName": "CAMH",
    "InversionTime": 0.65,
    "MRAcquisitionType": "3D",
    "MagneticFieldStrength": 3,
    "Manufacturer": "GE",
    "ManufacturersModelName": "DISCOVERY_MR750",
    "Modality": "MR",
    "PatientPosition": "HFS",
    "PercentPhaseFOV": 100,
    "PixelBandwidth": 244.141,
    "ProcedureStepDescription": "SPIN1MR",
    "ProtocolName": "SagT1_BRAVO",
    "ReconMatrixPE": 256,
    "RepetitionTime": 0.006736,
    "SAR": 0.186919,
    "ScanOptions": "FAST_GEMS_EDR_GEMS_ACC_GEMS",
    "ScanningSequence": "GR",
    "SequenceVariant": "SS_SK",
    "SeriesDescription": "SagT1_BRAVO",
    "SeriesNumber": 2,
    "SliceThickness": 0.9,
    "SoftwareVersions": "23_LX_MR_Software_release:DV23.1_V02_1317.c",
    "SpacingBetweenSlices": 0.9,
    "StationName": "MRMR",
    "dataset": "ds003011",
    "modality": "T1w",
    "run_id": 1,
    "session_id": "Y1CMH",
    "subject_id": "01"
  },
  "cjv": 0.3664791857159746,
  "cnr": 3.692884913804126,
  "efc": 0.569958926303703,
  "fber": 4143.8407468847645,
  "fwhm_avg": 3.4122841508746498,
  "fwhm_x": 3.388611200878652,
  "fwhm_y": 3.5439558874042794,
  "fwhm_z": 3.3042853643410175,
  "icvs_csf": 0.23723287055457076,
  "icvs_gm": 0.42928760389609916,
  "icvs_wm": 0.3334795255493301,
  "inu_med": 0.6044180393218994,
  "inu_range": 0.16886430680751796,
  "provenance": {
    "md5sum": "7eecc5aa8ede43fd9c6d7136111193ba",
    "settings": {
      "testing": false
    },
    "software": "mriqc",
    "version": "22.0.6",
    "warnings": {
      "large_rot_frame": true,
      "small_air_mask": false
    },
    "webapi_port": null,
    "webapi_url": "https://mriqc.nimh.nih.gov/api/v1"
  },
  "qi_1": 0.0,
  "qi_2": 0.0004749307915947329,
  "rpve_csf": 18.09173189381211,
  "rpve_gm": 10.162609733486372,
  "rpve_wm": 14.887216400389395,
  "size_x": 200,
  "size_y": 256,
  "size_z": 256,
  "snr_csf": 1.567995912331797,
  "snr_gm": 9.876170723823503,
  "snr_total": 10.085515049947597,
  "snr_wm": 18.812378513687495,
  "snrd_csf": 16.178266151152464,
  "snrd_gm": 55.259451045005775,
  "snrd_total": 51.03701552688235,
  "snrd_wm": 81.67332938448878,
  "spacing_x": 0.8999999761581421,
  "spacing_y": 0.8984000086784363,
  "spacing_z": 0.8984000086784363,
  "summary_bg_k": 4.373937204081601,
  "summary_bg_mad": 8.021423703523316,
  "summary_bg_mean": 9.259064299363025,
  "summary_bg_median": 5.4103680700063705,
  "summary_bg_n": 3366006.0,
  "summary_bg_p05": 0.0,
  "summary_bg_p95": 33.93776334822178,
  "summary_bg_stdv": 12.281203515006458,
  "summary_csf_k": 11.66302349553936,
  "summary_csf_mad": 102.38253527042488,
  "summary_csf_mean": 217.91104570435343,
  "summary_csf_median": 198.08505158126354,
  "summary_csf_n": 54255.0,
  "summary_csf_p05": 55.995670019090184,
  "summary_csf_p95": 454.76602886617184,
  "summary_csf_stdv": 126.32891738719466,
  "summary_gm_k": 0.24296743063194937,
  "summary_gm_mad": 66.5535093946874,
  "summary_gm_mean": 676.3079212764137,
  "summary_gm_median": 676.591119736433,
  "summary_gm_n": 44110.0,
  "summary_gm_p05": 563.4652419090271,
  "summary_gm_p95": 788.5398326322434,
  "summary_gm_stdv": 68.50665802068916,
  "summary_wm_k": 0.19970688173581497,
  "summary_wm_mad": 51.96910266100864,
  "summary_wm_mean": 999.2814166784941,
  "summary_wm_median": 999.9999698847532,
  "summary_wm_n": 269453.0,
  "summary_wm_p05": 910.5813412368298,
  "summary_wm_p95": 1085.0575139671564,
  "summary_wm_stdv": 53.1563892117271,
  "tpm_overlap_csf": 0.1506765688740731,
  "tpm_overlap_gm": 0.4334974081679197,
  "tpm_overlap_wm": 0.47982023977023974,
  "wm2max": 0.5377900825280384
}