{
  "aor": 0.0005307655502392345,
  "aqi": 0.0021305984210526316,
  "bids_meta": {
    "AcquisitionMatrixPE": 64,
    "AcquisitionNumber": 1,
    "AcquisitionTime": "06:05:0.000000",
    "CoilString": "8HRBRAIN",
    "ConversionSoftware": "dcm2niix",
    "ConversionSoftwareVersion": "v1.0.20190410  (JP2:OpenJPEG) (JP-LS:CharLS) GCC5.5.0",
    "DeviceSerialNumber": "000000000000GEHC",
    "EchoTime": 0.03,
    "EffectiveEchoSpacing": 0.000664,
    "FlipAngle": 77,
    "ImageOrientationPatientDICOM": [
      1,
      0,
      0,
      0,
      0.939993,
      -0.341194
    ],
    "ImageType": [
      "ORIGINAL",
      "PRIMARY",
      "OTHER"
    ],
    "ImagingFrequency": 127.763,
    "InPlanePhaseEncodingDirectionDICOM": "COL",
    "MRAcquisitionType": "2D",
    "MagneticFieldStrength": 3,
    "Manufacturer": "GE",
    "ManufacturersModelName": "Signa_HDxt",
    "Modality": "MR",
    "PatientPosition": "HFS",
    "PercentPhaseFOV": 100,
    "PhaseEncodingDirection": "j-",
    "PhaseEncodingPolarityGE": "Unflipped",
    "PixelBandwidth": 7812.5,
    "ProcedureStepDescription": "BRAIN_MRI",
    "ProtocolName": "Resting_State_212",
    "ReconMatrixPE": 64,
    "RepetitionTime": 2,
    "SAR": 0.323333,
    "ScanOptions": "MP_GEMS_EPI_GEMS_ACC_GEMS_PFF",
    "ScanningSequence": "EP_GR",
    "SequenceVariant": "SS",
    "SeriesDescription": "Resting_State_212",
    "SeriesNumber": 6,
    "SliceThickness": 4,
    "SliceTiming": [
      0,
      1,
      0.05,
      1.05,
      0.1,
      1.1,
      0.15,
      1.15,
      0.2,
      1.2,
      0.25,
      1.25,
      0.3,
      1.3,
      0.35,
      1.35,
      0.4,
      1.4,
      0.45,
      1.45,
      0.5,
      1.5,
      0.55,
      1.55,
      0.6,
      1.6,
      0.65,
      1.65,
      0.7,
      1.7,
      0.75,
      1.75,
      0.8,
      1.8,
      0.85,
      1.85,
      0.9,
      1.9,
      0.95,
      1.95
    ],
    "SoftwareVersions": "24_LX_MR_Software_release:HD16.0_V02_1131.a",
    "SpacingBetweenSlices": 4,
    "StationName": "MHMRMR3T",
    "TaskName": "rest eyes closed",
    "TotalReadoutTime": 0.041832,
    "TriggerDelayTime": 423950,
    "dataset": "ds003011",
    "modality": "bold",
    "run_id": 1,
    "session_id": "Y2ZHH",
    "subject_id": "04",
    "task_id": "rest"
  },
  "dummy_trs": 3,
  "dvars_nstd": 19.382955262451933,
  "dvars_std": 1.2029633751923077,
  "dvars_vstd": 0.9864913900480766,
  "efc": 0.46743659928084386,
  "fber": 32870.0234375,
  "fd_mean": 0.21269087412656648,
  "fd_num": 104,
  "fd_perc": 49.760765550239235,
  "fwhm_avg": 2.6082810228592614,
  "fwhm_x": 2.7661504000000003,
  "fwhm_y": 2.6117024,
  "fwhm_z": 2.4469902685777845,
  "gcor": 0.0431284,
  "gsr_x": -0.01259543839842081,
  "gsr_y": 0.020819084718823433,
  "provenance": {
    "md5sum": "2e5ccc280492dbdc07e8967cb1d37670",
    "settings": {
      "fd_thres": 0.2,
      "testing": false
    },
    "software": "mriqc",
    "version": "22.0.6",
    "webapi_port": null,
    "webapi_url": "https://mriqc.nimh.nih.gov/api/v1"
  },
  "size_t": 209,
  "size_x": 64,
  "size_y": 64,
  "size_z": 40,
  "snr": 3.4752752627664045,
  "spacing_tr": 2.0,
  "spacing_x": 3.125,
  "spacing_y": 3.125,
  "spacing_z": 3.999762535095215,
  "summary_bg_k": 57.246880289863974,
  "summary_bg_mad": 26.651370670443715,
  "summary_bg_mean": 115.13428497314453,
  "summary_bg_median": 18.00956916809082,
  "summary_bg_n": 100222.0,
  "summary_bg_p05": 0.0,
  "summary_bg_p95": 552.0483062744138,
  "summary_bg_stdv": 268.73870849609375,
  "summary_fg_k": 1.3167659761457449,
  "summary_fg_mad": 752.0479845380892,
  "summary_fg_mean": 3365.822265625,
  "summary_fg_median": 3191.798828125,
  "summary_fg_n": 27314.0,
  "summary_fg_p05": 2152.0146728515624,
  "summary_fg_p95": 5160.577709960938,
  "summary_fg_stdv": 918.4136962890625,
  "tsnr": 88.57818317878991
}