{
  "aor": 0.0006738207547169812,
  "aqi": 0.002124792287735849,
  "bids_meta": {
    "AcquisitionMatrixPE": 64,
    "AcquisitionNumber": 1,
    "AcquisitionTime": "06:05:0.000000",
    "BandwidthPerPixelPhaseEncode": 63.776,
    "BaseResolution": 64,
    "BodyPartExamined": "BRAIN",
    "ConsistencyInfo": "N4_VE11B_LATEST_20150530",
    "ConversionSoftware": "dcm2niix",
    "ConversionSoftwareVersion": "v1.0.20190410  (JP2:OpenJPEG) (JP-LS:CharLS) GCC5.5.0",
    "DerivedVendorReportedEchoSpacing": 0.000489996,
    "DeviceSerialNumber": "66106",
    "DwellTime": 3.2e-06,
    "EchoTime": 0.03,
    "EchoTrainLength": 31,
    "EffectiveEchoSpacing": 0.000244998,
    "FlipAngle": 77,
    "ImageOrientationPatientDICOM": [
      0.999869,
      -0.00650451,
      -0.0147904,
      0.00436273,
      0.990074,
      -0.140483
    ],
    "ImageType": [
      "ORIGINAL",
      "PRIMARY",
      "M",
      "ND",
      "MOSAIC"
    ],
    "ImagingFrequency": 123.255,
    "InPlanePhaseEncodingDirectionDICOM": "COL",
    "InstitutionAddress": "Community_Drive_300_Manhasset_NYC_US_11030",
    "InstitutionalDepartmentName": "Department",
    "MRAcquisitionType": "2D",
    "MagneticFieldStrength": 3,
    "Manufacturer": "Siemens",
    "ManufacturersModelName": "Prisma",
    "Modality": "MR",
    "ParallelReductionFactorInPlane": 2,
    "PartialFourier": 1,
    "PatientPosition": "HFS",
    "PercentPhaseFOV": 100,
    "PhaseEncodingDirection": "j-",
    "PhaseEncodingSteps": 63,
    "PhaseResolution": 1,
    "PixelBandwidth": 2440,
    "ProcedureStepDescription": "BRAIN_MRI",
    "ProtocolName": "EPI_3x3x4xTR2-Resting-Eye_closed",
    "PulseSequenceDetails": "%SiemensSeq%_ep2d_bold",
    "ReceiveCoilActiveElements": "HC1-7",
    "ReceiveCoilName": "HeadNeck_64",
    "ReconMatrixPE": 64,
    "RefLinesPE": 30,
    "RepetitionTime": 2,
    "SAR": 0.0824385,
    "ScanOptions": "FS",
    "ScanningSequence": "EP",
    "SequenceName": "_epfid2d1_64",
    "SequenceVariant": "SK",
    "SeriesDescription": "EPI_3x3x4xTR2-Resting-Eye_closed",
    "SeriesNumber": 10,
    "ShimSetting": [
      -1303,
      -10756,
      554,
      548,
      -105,
      -217,
      -63,
      37
    ],
    "SliceThickness": 4,
    "SliceTiming": [
      0,
      1.0175,
      0.0525,
      1.07,
      0.1075,
      1.1225,
      0.16,
      1.1775,
      0.215,
      1.23,
      0.2675,
      1.285,
      0.32,
      1.3375,
      0.375,
      1.39,
      0.4275,
      1.445,
      0.4825,
      1.4975,
      0.535,
      1.5525,
      0.5875,
      1.605,
      0.6425,
      1.6575,
      0.695,
      1.7125,
      0.75,
      1.765,
      0.8025,
      1.82,
      0.855,
      1.8725,
      0.91,
      1.925,
      0.9625
    ],
    "SoftwareVersions": "syngo_MR_E11",
    "SpacingBetweenSlices": 4,
    "StationName": "MHMRSIEM3T",
    "TaskName": "rest eyes closed",
    "TotalReadoutTime": 0.0154349,
    "TxRefAmp": 262.105,
    "dataset": "ds003011",
    "modality": "bold",
    "run_id": 1,
    "session_id": "Y3ZHP",
    "subject_id": "04",
    "task_id": "rest"
  },
  "dummy_trs": 0,
  "dvars_nstd": 16.496170138909953,
  "dvars_std": 1.0328010966350716,
  "dvars_vstd": 0.9699617399052135,
  "efc": 0.5416023125588882,
  "fber": 496.2012939453125,
  "fd_mean": 0.17993760689494467,
  "fd_num": 79,
  "fd_perc": 37.264150943396224,
  "fwhm_avg": 2.7359780666666667,
  "fwhm_x": 2.6305471999999996,
  "fwhm_y": 2.860512,
  "fwhm_z": 2.716875,
  "gcor": 0.0507755,
  "gsr_x": -0.002532116137444973,
  "gsr_y": 0.06842641532421112,
  "provenance": {
    "md5sum": "84c1346098087b383276335a1c25447e",
    "settings": {
      "fd_thres": 0.2,
      "testing": false
    },
    "software": "mriqc",
    "version": "22.0.6",
    "webapi_port": null,
    "webapi_url": "https://mriqc.nimh.nih.gov/api/v1"
  },
  "size_t": 212,
  "size_x": 64,
  "size_y": 64,
  "size_z": 37,
  "snr": 2.2395637191770335,
  "spacing_tr": 2.0,
  "spacing_x": 3.125,
  "spacing_y": 3.125,
  "spacing_z": 4.0,
  "summary_bg_k": 41.458779417413105,
  "summary_bg_mad": 8.594898050493404,
  "summary_bg_mean": 62.43767166137695,
  "summary_bg_median": 31.226415634155273,
  "summary_bg_n": 85184.0,
  "summary_bg_p05": 24.433961868286133,
  "summary_bg_p95": 214.23066406249941,
  "summary_bg_stdv": 90.5160140991211,
  "summary_fg_k": 1.67479764200929,
  "summary_fg_mad": 259.7631476467529,
  "summary_fg_mean": 777.8971557617188,
  "summary_fg_median": 702.5518798828125,
  "summary_fg_n": 30695.0,
  "summary_fg_p05": 405.1500183105469,
  "summary_fg_p95": 1408.3051757812498,
  "summary_fg_stdv": 313.6952209472656,
  "tsnr": 74.1324569247663
}