{
  "bids_meta": {
    "AcquisitionMatrixPE": 256,
    "AcquisitionNumber": 1,
    "AcquisitionTime": "06:05:0.000000",
    "CoilString": "8HRBRAIN",
    "ConversionSoftware": "dcm2niix",
    "ConversionSoftwareVersion": "v1.0.20190410  (JP2:OpenJPEG) (JP-LS:CharLS) GCC5.5.0",
    "DeviceSerialNumber": "000000000000GEHC",
    "EchoTime": 0.002788,
    "FlipAngle": 8,
    "ImageOrientationPatientDICOM": [
      0,
      1,
      0,
      0,
      0,
      -1
    ],
    "ImageType": [
      "ORIGINAL",
      "PRIMARY",
      "OTHER"
    ],
    "ImagingFrequency": 127.763,
    "InPlanePhaseEncodingDirectionDICOM": "ROW",
    "InversionTime": 0.65,
    "MRAcquisitionType": "3D",
    "MagneticFieldStrength": 3,
    "Manufacturer": "GE",
    "ManufacturersModelName": "Signa_HDxt",
    "Modality": "MR",
    "PatientPosition": "HFS",
    "PercentPhaseFOV": 100,
    "PixelBandwidth": 244.141,
    "ProcedureStepDescription": "BRAIN_MRI",
    "ProtocolName": "SAGITTAL_IR-FSPGR",
    "ReconMatrixPE": 256,
    "RepetitionTime": 0.006364,
    "SAR": 0.204922,
    "ScanOptions": "FAST_GEMS_EDR_GEMS_ACC_GEMS",
    "ScanningSequence": "GR",
    "SequenceVariant": "SS_SP_SK",
    "SeriesDescription": "SAGITTAL_IR-FSPGR",
    "SeriesNumber": 3,
    "SliceThickness": 0.9,
    "SoftwareVersions": "24_LX_MR_Software_release:HD16.0_V02_1131.a",
    "SpacingBetweenSlices": 0.9,
    "StationName": "MHMRMR3T",
    "dataset": "ds003011",
    "modality": "T1w",
    "run_id": 1,
    "session_id": "Y1ZHH",
    "subject_id": "01"
  },
  "cjv": 0.45164329747434273,
  "cnr": 2.9698765478946263,
  "efc": 0.6774691406765923,
  "fber": 6765.062500000001,
  "fwhm_avg": 3.2127895810486855,
  "fwhm_x": 3.0872111928942787,
  "fwhm_y": 3.4436219613921932,
  "fwhm_z": 3.107535588859584,
  "icvs_csf": 0.20874417456803593,
  "icvs_gm": 0.43338753492703,
  "icvs_wm": 0.3578682905049341,
  "inu_med": 0.753859668970108,
  "inu_range": 0.2711024403572083,
  "provenance": {
    "md5sum": "29631fab9a8123104263cb427b18e8b4",
    "settings": {
      "testing": false
    },
    "software": "mriqc",
    "version": "22.0.6",
    "warnings": {
      "large_rot_frame": true,
      "small_air_mask": false
    },
    "webapi_port": null,
    "webapi_url": "https://mriqc.nimh.nih.gov/api/v1"
  },
  "qi_1": 0.0,
  "qi_2": 0.0018121270682828028,
  "rpve_csf": 20.26598294114164,
  "rpve_gm": 10.058109422924025,
  "rpve_wm": 13.537312530489203,
  "size_x": 200,
  "size_y": 256,
  "size_z": 256,
  "snr_csf": 2.0095025615092306,
  "snr_gm": 9.195539275219476,
  "snr_total": 8.60309593789639,
  "snr_wm": 14.604245976960463,
  "snrd_csf": 5.314721240998337,
  "snrd_gm": 15.344203874671129,
  "snrd_total": 14.33411762746738,
  "snrd_wm": 22.343427766732677,
  "spacing_x": 0.8999999761581421,
  "spacing_y": 0.8984000086784363,
  "spacing_z": 0.8984000086784363,
  "summary_bg_k": 195.00882903867145,
  "summary_bg_mad": 0.0,
  "summary_bg_mean": 14.818886144131143,
  "summary_bg_median": 0.0,
  "summary_bg_n": 828160.0,
  "summary_bg_p05": 0.0,
  "summary_bg_p95": 67.50113844126463,
  "summary_bg_stdv": 29.321213834937357,
  "summary_csf_k": 5.778937107283651,
  "summary_csf_mad": 95.72881191927995,
  "summary_csf_mean": 254.01092175225418,
  "summary_csf_median": 237.86508882790804,
  "summary_csf_n": 49564.0,
  "summary_csf_p05": 92.65915148332715,
  "summary_csf_p95": 474.36073901485645,
  "summary_csf_stdv": 118.36894055112555,
  "summary_gm_k": -0.022894763356752446,
  "summary_gm_mad": 74.16992401423418,
  "summary_gm_mean": 685.9595889579547,
  "summary_gm_median": 686.7435284256935,
  "summary_gm_n": 40038.0,
  "summary_gm_p05": 560.4577388204634,
  "summary_gm_p95": 808.4438673779368,
  "summary_gm_stdv": 74.68131358821107,
  "summary_wm_k": 0.2032858929391277,
  "summary_wm_mad": 67.31027786262871,
  "summary_wm_mean": 1001.0362778117859,
  "summary_wm_median": 1000.0000356473029,
  "summary_wm_n": 266708.0,
  "summary_wm_p05": 890.6101858355105,
  "summary_wm_p95": 1115.1733367331326,
  "summary_wm_stdv": 68.47311134814132,
  "tpm_overlap_csf": 0.16252763364972106,
  "tpm_overlap_gm": 0.43700875291245,
  "tpm_overlap_wm": 0.47191497104034824,
  "wm2max": 0.41736926498732735
}