{
  "bids_meta": {
    "AcquisitionMatrixPE": 256,
    "AcquisitionNumber": 1,
    "AcquisitionTime": "06:05:0.000000",
    "CoilString": "8HRBRAIN",
    "ConversionSoftware": "dcm2niix",
    "ConversionSoftwareVersion": "v1.0.20190410  (JP2:OpenJPEG) (JP-LS:CharLS) GCC5.5.0",
    "DeviceSerialNumber": "000000000000GEHC",
    "EchoTime": 0.002788,
    "FlipAngle": 8,
    "ImageOrientationPatientDICOM": [
      0,
      1,
      0,
      0,
      0,
      -1
    ],
    "ImageType": [
      "ORIGINAL",
      "PRIMARY",
      "OTHER"
    ],
    "ImagingFrequency": 127.763,
    "InPlanePhaseEncodingDirectionDICOM": "ROW",
    "InversionTime": 0.65,
    "MRAcquisitionType": "3D",
    "MagneticFieldStrength": 3,
    "Manufacturer": "GE",
    "ManufacturersModelName": "Signa_HDxt",
    "Modality": "MR",
    "PatientPosition": "HFS",
    "PercentPhaseFOV": 100,
    "PixelBandwidth": 244.141,
    "ProcedureStepDescription": "BRAIN_MRI",
    "ProtocolName": "SAGITTAL_IR-FSPGR",
    "ReconMatrixPE": 256,
    "RepetitionTime": 0.006364,
    "SAR": 0.213447,
    "ScanOptions": "FAST_GEMS_EDR_GEMS_ACC_GEMS",
    "ScanningSequence": "GR",
    "SequenceVariant": "SS_SP_SK",
    "SeriesDescription": "SAGITTAL_IR-FSPGR",
    "SeriesNumber": 3,
    "SliceThickness": 0.9,
    "SoftwareVersions": "24_LX_MR_Software_release:HD16.0_V02_1131.a",
    "SpacingBetweenSlices": 0.9,
    "StationName": "MHMRMR3T",
    "dataset": "ds003011",
    "modality": "T1w",
    "run_id": 1,
    "session_id": "Y2ZHH",
    "subject_id": "04"
  },
  "cjv": 0.4363762399519018,
  "cnr": 3.1018539085337364,
  "efc": 0.6522694503594807,
  "fber": 2338.1737884444447,
  "fwhm_avg": 3.719611922771502,
  "fwhm_x": 3.5574778720187576,
  "fwhm_y": 3.989481261551137,
  "fwhm_z": 3.611876634744611,
  "icvs_csf": 0.27729891428665665,
  "icvs_gm": 0.37684245821867773,
  "icvs_wm": 0.3458586274946656,
  "inu_med": 0.7081258893013,
  "inu_range": 0.24985830783843965,
  "provenance": {
    "md5sum": "0170b32ed3b0b5ed839ad9963fb2030d",
    "settings": {
      "testing": false
    },
    "software": "mriqc",
    "version": "22.0.6",
    "warnings": {
      "large_rot_frame": true,
      "small_air_mask": false
    },
    "webapi_port": null,
    "webapi_url": "https://mriqc.nimh.nih.gov/api/v1"
  },
  "qi_1": 0.0,
  "qi_2": 0.0014371135140340936,
  "rpve_csf": 14.924415140392712,
  "rpve_gm": 10.138902875773388,
  "rpve_wm": 12.782744918985195,
  "size_x": 200,
  "size_y": 256,
  "size_z": 256,
  "snr_csf": 2.5823389113561332,
  "snr_gm": 9.503201317006768,
  "snr_total": 9.451360079061809,
  "snr_wm": 16.268540008822526,
  "snrd_csf": 14.974335620657532,
  "snrd_gm": 46.08915906850538,
  "snrd_total": 42.43643567719081,
  "snrd_wm": 66.24581234240951,
  "spacing_x": 0.8999999761581421,
  "spacing_y": 0.8984000086784363,
  "spacing_z": 0.8984000086784363,
  "summary_bg_k": 5.344836039533792,
  "summary_bg_mad": 9.88986645302732,
  "summary_bg_mean": 15.21720235898093,
  "summary_bg_median": 6.670613553375006,
  "summary_bg_n": 1343436.0,
  "summary_bg_p05": 0.0,
  "summary_bg_p95": 61.41700999438763,
  "summary_bg_stdv": 22.00982334802078,
  "summary_csf_k": 1.6675556371445452,
  "summary_csf_mad": 75.43217667427346,
  "summary_csf_mean": 234.6409670678006,
  "summary_csf_median": 226.05091017857194,
  "summary_csf_n": 155025.0,
  "summary_csf_p05": 107.95342052355409,
  "summary_csf_p95": 394.11879485473037,
  "summary_csf_stdv": 87.53699218349048,
  "summary_gm_k": 0.0285553641510492,
  "summary_gm_mad": 72.44766076241315,
  "summary_gm_mean": 695.194404061353,
  "summary_gm_median": 695.7568349428475,
  "summary_gm_n": 30130.0,
  "summary_gm_p05": 573.7517077624798,
  "summary_gm_p95": 814.5253330618143,
  "summary_gm_stdv": 73.21167527904518,
  "summary_wm_k": 0.18717589453702832,
  "summary_wm_mad": 60.33403735545069,
  "summary_wm_mean": 1001.1666148286477,
  "summary_wm_median": 1000.0394378006458,
  "summary_wm_n": 328348.0,
  "summary_wm_p05": 901.9932598918676,
  "summary_wm_p95": 1104.08522079885,
  "summary_wm_stdv": 61.470661437503786,
  "tpm_overlap_csf": 0.1666887778327938,
  "tpm_overlap_gm": 0.41650204259617146,
  "tpm_overlap_wm": 0.5004302655420505,
  "wm2max": 0.44342545110873866
}