{
  "bids_meta": {
    "AcquisitionMatrixPE": 256,
    "AcquisitionNumber": 1,
    "AcquisitionTime": "08:45:45.540000",
    "BaseResolution": 256,
    "BodyPartExamined": "BRAIN",
    "ConsistencyInfo": "N4_VE11C_LATEST_20160120",
    "ConversionSoftware": "dcm2niix",
    "ConversionSoftwareVersion": "v1.0.20190410  (JP2:OpenJPEG) (JP-LS:CharLS) GCC5.5.0",
    "DeviceSerialNumber": "167003",
    "DwellTime": 7.5e-06,
    "EchoTime": 0.00289,
    "FlipAngle": 9,
    "ImageOrientationPatientDICOM": [
      0.00994444,
      0.978459,
      -0.206203,
      0.00186921,
      -0.206231,
      -0.978502
    ],
    "ImageType": [
      "ORIGINAL",
      "PRIMARY",
      "M",
      "ND"
    ],
    "ImagingFrequency": 123.235,
    "InPlanePhaseEncodingDirectionDICOM": "ROW",
    "InstitutionAddress": "Wade_Avenue_55_City_Maryland_US_21228",
    "InstitutionName": "UMCBIR",
    "InstitutionalDepartmentName": "Department",
    "InversionTime": 0.9,
    "MRAcquisitionType": "3D",
    "MagneticFieldStrength": 3,
    "Manufacturer": "Siemens",
    "ManufacturersModelName": "Prisma_fit",
    "Modality": "MR",
    "PartialFourier": 1,
    "PatientPosition": "HFS",
    "PercentPhaseFOV": 100,
    "PhaseEncodingSteps": 255,
    "PhaseResolution": 1,
    "PixelBandwidth": 260,
    "ProcedureStepDescription": "MPRC_Protocols_Bob_Buchanan",
    "ProtocolName": "MPRAGE_TI-900_Buchanan",
    "PulseSequenceDetails": "%SiemensSeq%_tfl",
    "ReceiveCoilActiveElements": "HC1-7",
    "ReceiveCoilName": "HeadNeck_64",
    "ReconMatrixPE": 256,
    "RefLinesPE": 31,
    "RepetitionTime": 2.3,
    "SAR": 0.074755,
    "ScanOptions": "IR",
    "ScanningSequence": "GR_IR",
    "SequenceName": "_tfl3d1_16ns",
    "SequenceVariant": "SK_SP_MP",
    "SeriesDescription": "MPRAGE_TI-900_Buchanan",
    "SeriesNumber": 7,
    "ShimSetting": [
      -1000,
      -11591,
      11577,
      45,
      5,
      -13,
      -26,
      -28
    ],
    "SliceThickness": 0.9,
    "SoftwareVersions": "syngo_MR_E11",
    "StationName": "MRC35455",
    "TxRefAmp": 267.882,
    "dataset": "ds003011",
    "modality": "T1w",
    "run_id": 3,
    "session_id": "Y3MRP",
    "subject_id": "03"
  },
  "cjv": 0.535415216267872,
  "cnr": 2.4328717767944315,
  "efc": 0.5322551975011134,
  "fber": 2754.7502040816325,
  "fwhm_avg": 5.024932528905832,
  "fwhm_x": 5.1882668041088,
  "fwhm_y": 4.935702260869565,
  "fwhm_z": 4.950828521739131,
  "icvs_csf": 0.20563510879230906,
  "icvs_gm": 0.38783251340043934,
  "icvs_wm": 0.40653237780725165,
  "inu_med": 1.0559192895889282,
  "inu_range": 1.36910514831543,
  "provenance": {
    "md5sum": "a7b1d8ad183f8342ae31508957b348d8",
    "settings": {
      "testing": false
    },
    "software": "mriqc",
    "version": "22.0.6",
    "warnings": {
      "large_rot_frame": true,
      "small_air_mask": false
    },
    "webapi_port": null,
    "webapi_url": "https://mriqc.nimh.nih.gov/api/v1"
  },
  "qi_1": 0.0,
  "qi_2": 0.007113704252437194,
  "rpve_csf": 22.63994157690201,
  "rpve_gm": 11.361557166536798,
  "rpve_wm": 12.407841827597117,
  "size_x": 240,
  "size_y": 256,
  "size_z": 256,
  "snr_csf": 2.3274387118847244,
  "snr_gm": 9.039255802084298,
  "snr_total": 7.391807537686408,
  "snr_wm": 10.808728099090205,
  "snrd_csf": 8.557593571904642,
  "snrd_gm": 30.85147344461438,
  "snrd_total": 27.752104311408804,
  "snrd_wm": 43.84724591770739,
  "spacing_x": 0.8999999761581421,
  "spacing_y": 0.8984375,
  "spacing_z": 0.8984375,
  "summary_bg_k": 1.7751910739195944,
  "summary_bg_mad": 0.0,
  "summary_bg_mean": 11.610227398998514,
  "summary_bg_median": 0.0,
  "summary_bg_n": 2857834.0,
  "summary_bg_p05": 0.0,
  "summary_bg_p95": 42.729307398200035,
  "summary_bg_stdv": 14.943006834861412,
  "summary_csf_k": 4.414968472772791,
  "summary_csf_mad": 68.82325881326798,
  "summary_csf_mean": 205.27605882629663,
  "summary_csf_median": 195.19016075879335,
  "summary_csf_n": 130277.0,
  "summary_csf_p05": 87.91946496069431,
  "summary_csf_p95": 354.92170778661966,
  "summary_csf_stdv": 83.86446896560423,
  "summary_gm_k": 0.08647807999745627,
  "summary_gm_mad": 76.28602181711632,
  "summary_gm_mean": 703.1308540524963,
  "summary_gm_median": 703.6912901625037,
  "summary_gm_n": 37092.0,
  "summary_gm_p05": 573.9373724088073,
  "summary_gm_p95": 829.8657894954085,
  "summary_gm_stdv": 77.84731616741679,
  "summary_wm_k": 1.1465552818384754,
  "summary_wm_mad": 82.42207139805828,
  "summary_wm_mean": 1010.934111698864,
  "summary_wm_median": 1000.1118781343102,
  "summary_wm_n": 322452.0,
  "summary_wm_p05": 879.7539337351918,
  "summary_wm_p95": 1182.8859312459826,
  "summary_wm_stdv": 92.5280308813969,
  "tpm_overlap_csf": 0.15461444356821472,
  "tpm_overlap_gm": 0.4164420211414998,
  "tpm_overlap_wm": 0.43078972971962404,
  "wm2max": 0.20020600550840817
}