{
  "bids_meta": {
    "AcquisitionMatrixPE": 256,
    "AcquisitionNumber": 1,
    "AcquisitionTime": "08:34:45.685000",
    "BaseResolution": 256,
    "BodyPartExamined": "BRAIN",
    "ConsistencyInfo": "N4_VE11C_LATEST_20160120",
    "ConversionSoftware": "dcm2niix",
    "ConversionSoftwareVersion": "v1.0.20190410  (JP2:OpenJPEG) (JP-LS:CharLS) GCC5.5.0",
    "DeviceSerialNumber": "167003",
    "DwellTime": 7.5e-06,
    "EchoTime": 0.00289,
    "FlipAngle": 9,
    "ImageOrientationPatientDICOM": [
      0.00994444,
      0.978459,
      -0.206203,
      0.00186921,
      -0.206231,
      -0.978502
    ],
    "ImageType": [
      "ORIGINAL",
      "PRIMARY",
      "M",
      "ND"
    ],
    "ImagingFrequency": 123.235,
    "InPlanePhaseEncodingDirectionDICOM": "ROW",
    "InstitutionAddress": "Wade_Avenue_55_City_Maryland_US_21228",
    "InstitutionName": "UMCBIR",
    "InstitutionalDepartmentName": "Department",
    "InversionTime": 0.9,
    "MRAcquisitionType": "3D",
    "MagneticFieldStrength": 3,
    "Manufacturer": "Siemens",
    "ManufacturersModelName": "Prisma_fit",
    "Modality": "MR",
    "PartialFourier": 1,
    "PatientPosition": "HFS",
    "PercentPhaseFOV": 100,
    "PhaseEncodingSteps": 255,
    "PhaseResolution": 1,
    "PixelBandwidth": 260,
    "ProcedureStepDescription": "MPRC_Protocols_Bob_Buchanan",
    "ProtocolName": "MPRAGE_TI-900_Buchanan",
    "PulseSequenceDetails": "%SiemensSeq%_tfl",
    "ReceiveCoilActiveElements": "HC1-7",
    "ReceiveCoilName": "HeadNeck_64",
    "ReconMatrixPE": 256,
    "RefLinesPE": 31,
    "RepetitionTime": 2.3,
    "SAR": 0.074755,
    "ScanOptions": "IR",
    "ScanningSequence": "GR_IR",
    "SequenceName": "_tfl3d1_16ns",
    "SequenceVariant": "SK_SP_MP",
    "SeriesDescription": "MPRAGE_TI-900_Buchanan",
    "SeriesNumber": 5,
    "ShimSetting": [
      -1000,
      -11591,
      11577,
      45,
      5,
      -13,
      -26,
      -28
    ],
    "SliceThickness": 0.9,
    "SoftwareVersions": "syngo_MR_E11",
    "StationName": "MRC35455",
    "TxRefAmp": 267.882,
    "dataset": "ds003011",
    "modality": "T1w",
    "run_id": 1,
    "session_id": "Y3MRP",
    "subject_id": "03"
  },
  "cjv": 0.525076446875882,
  "cnr": 2.4918157749781695,
  "efc": 0.5325175325206565,
  "fber": 2754.3342746017365,
  "fwhm_avg": 5.075458004104643,
  "fwhm_x": 5.206222360140015,
  "fwhm_y": 5.001126956521739,
  "fwhm_z": 5.019024695652174,
  "icvs_csf": 0.20764796825178836,
  "icvs_gm": 0.38641885099240664,
  "icvs_wm": 0.40593318075580503,
  "inu_med": 1.0684555172920227,
  "inu_range": 1.3851356536149981,
  "provenance": {
    "md5sum": "58f47591885ce3dfe092860b4d112556",
    "settings": {
      "testing": false
    },
    "software": "mriqc",
    "version": "22.0.6",
    "warnings": {
      "large_rot_frame": true,
      "small_air_mask": false
    },
    "webapi_port": null,
    "webapi_url": "https://mriqc.nimh.nih.gov/api/v1"
  },
  "qi_1": 0.0,
  "qi_2": 0.006901653023791888,
  "rpve_csf": 22.438873067096367,
  "rpve_gm": 11.397530125630288,
  "rpve_wm": 12.44702857252509,
  "size_x": 240,
  "size_y": 256,
  "size_z": 256,
  "snr_csf": 2.407344218441931,
  "snr_gm": 9.241426321370506,
  "snr_total": 7.6105867998247625,
  "snr_wm": 11.18298985966185,
  "snrd_csf": 8.734097674987192,
  "snrd_gm": 30.697494537144596,
  "snrd_total": 27.662904919819287,
  "snrd_wm": 43.557122547326074,
  "spacing_x": 0.8999999761581421,
  "spacing_y": 0.8984375,
  "spacing_z": 0.8984375,
  "summary_bg_k": 2.6808691861466203,
  "summary_bg_mad": 0.0,
  "summary_bg_mean": 11.442520916294594,
  "summary_bg_median": 0.0,
  "summary_bg_n": 2857798.0,
  "summary_bg_p05": 0.0,
  "summary_bg_p95": 42.43521485477686,
  "summary_bg_stdv": 15.04085556231081,
  "summary_csf_k": 4.737364087198816,
  "summary_csf_mad": 65.93444178340384,
  "summary_csf_mean": 210.83008801273073,
  "summary_csf_median": 200.52053526043892,
  "summary_csf_n": 131758.0,
  "summary_csf_p05": 100.01697239838545,
  "summary_csf_p95": 359.7374613955617,
  "summary_csf_stdv": 83.29501563604025,
  "summary_gm_k": 0.0583464270770806,
  "summary_gm_mad": 74.82636395775602,
  "summary_gm_mean": 704.6137987439508,
  "summary_gm_median": 704.7640483081341,
  "summary_gm_n": 34541.0,
  "summary_gm_p05": 578.3636883273721,
  "summary_gm_p95": 829.2406785488129,
  "summary_gm_stdv": 76.26028947033791,
  "summary_wm_k": 1.234527181691357,
  "summary_wm_mad": 80.19507168566676,
  "summary_wm_mean": 1010.2672020243464,
  "summary_wm_median": 999.999983124435,
  "summary_wm_n": 323432.0,
  "summary_wm_p05": 883.4445929899812,
  "summary_wm_p95": 1175.2857106179,
  "summary_wm_stdv": 89.42138459861718,
  "tpm_overlap_csf": 0.15436472993338327,
  "tpm_overlap_gm": 0.4165146413097985,
  "tpm_overlap_wm": 0.43074478234437846,
  "wm2max": 0.19908677138468311
}