{
  "aor": 0.0008007619047619048,
  "aqi": 0.002636542523809524,
  "bids_meta": {
    "AcquisitionMatrixPE": 64,
    "AcquisitionNumber": 1,
    "AcquisitionTime": "18:04:30.000000",
    "CoilString": "8HRBRAIN",
    "ConversionSoftware": "dcm2niix",
    "ConversionSoftwareVersion": "v1.0.20190410  (JP2:OpenJPEG) (JP-LS:CharLS) GCC5.5.0",
    "DeviceSerialNumber": "000000000000CAMH",
    "EchoTime": 0.03,
    "EffectiveEchoSpacing": 0.000452,
    "FlipAngle": 77,
    "ImageOrientationPatientDICOM": [
      1,
      0,
      0,
      0,
      1,
      0
    ],
    "ImageType": [
      "ORIGINAL",
      "PRIMARY",
      "OTHER"
    ],
    "ImagingFrequency": 127.757,
    "InPlanePhaseEncodingDirectionDICOM": "COL",
    "InstitutionName": "CAMH",
    "MRAcquisitionType": "2D",
    "MagneticFieldStrength": 3,
    "Manufacturer": "GE",
    "ManufacturersModelName": "DISCOVERY_MR750",
    "Modality": "MR",
    "PatientPosition": "HFS",
    "PercentPhaseFOV": 100,
    "PhaseEncodingDirection": "j",
    "PhaseEncodingPolarityGE": "Flipped",
    "PixelBandwidth": 7812.5,
    "ProcedureStepDescription": "SPIN1MR",
    "ProtocolName": "AxEPI_RestingState",
    "ReconMatrixPE": 64,
    "RepetitionTime": 2,
    "SAR": 0.32779,
    "ScanOptions": "MP_GEMS_EPI_GEMS_ACC_GEMS",
    "ScanningSequence": "EP_RM",
    "SequenceVariant": "NONE",
    "SeriesDescription": "AxEPI_RestingState",
    "SeriesNumber": 7,
    "SliceThickness": 4,
    "SliceTiming": [
      0,
      1,
      0.05,
      1.05,
      0.1,
      1.1,
      0.15,
      1.15,
      0.2,
      1.2,
      0.25,
      1.25,
      0.3,
      1.3,
      0.35,
      1.35,
      0.4,
      1.4,
      0.45,
      1.45,
      0.5,
      1.5,
      0.55,
      1.55,
      0.6,
      1.6,
      0.65,
      1.65,
      0.7,
      1.7,
      0.75,
      1.75,
      0.8,
      1.8,
      0.85,
      1.85,
      0.9,
      1.9,
      0.95,
      1.95
    ],
    "SoftwareVersions": "24_LX_MR_Software_release:DV24.0_R02_1607.b",
    "SpacingBetweenSlices": 4,
    "StationName": "MRMR",
    "TaskName": "rest eyes closed",
    "TotalReadoutTime": 0.028476,
    "TriggerDelayTime": 423950,
    "dataset": "ds003011",
    "modality": "bold",
    "run_id": 1,
    "session_id": "Y3CMH",
    "subject_id": "02",
    "task_id": "rest"
  },
  "dummy_trs": 2,
  "dvars_nstd": 15.142933229856446,
  "dvars_std": 1.2094045264593298,
  "dvars_vstd": 0.9972022814832537,
  "efc": 0.5204425527656512,
  "fber": 17143.857421875,
  "fd_mean": 0.05648058956841131,
  "fd_num": 0,
  "fd_perc": 0.0,
  "fwhm_avg": 2.596423685579636,
  "fwhm_x": 2.5596864,
  "fwhm_y": 2.8632224,
  "fwhm_z": 2.3663622567389075,
  "gcor": 0.0685074,
  "gsr_x": 0.003154406324028969,
  "gsr_y": 0.02439238503575325,
  "provenance": {
    "md5sum": "3427d822caf85a3baa23ca7b81a96348",
    "settings": {
      "fd_thres": 0.2,
      "testing": false
    },
    "software": "mriqc",
    "version": "22.0.6",
    "webapi_port": null,
    "webapi_url": "https://mriqc.nimh.nih.gov/api/v1"
  },
  "size_t": 210,
  "size_x": 64,
  "size_y": 64,
  "size_z": 40,
  "snr": 5.754405133036305,
  "spacing_tr": 2.0,
  "spacing_x": 3.125,
  "spacing_y": 3.125,
  "spacing_z": 3.9999961853027344,
  "summary_bg_k": 30.469675874064542,
  "summary_bg_mad": 42.47302632551257,
  "summary_bg_mean": 147.8303680419922,
  "summary_bg_median": 32.476192474365234,
  "summary_bg_n": 92583.0,
  "summary_bg_p05": 1.3285714387893677,
  "summary_bg_p95": 692.9861938476557,
  "summary_bg_stdv": 311.1074523925781,
  "summary_fg_k": 0.40525803586199416,
  "summary_fg_mad": 663.7821156930584,
  "summary_fg_mean": 4048.938232421875,
  "summary_fg_median": 4040.688232421875,
  "summary_fg_n": 34434.0,
  "summary_fg_p05": 2875.6367919921877,
  "summary_fg_p95": 5210.970849609375,
  "summary_fg_stdv": 702.1802368164062,
  "tsnr": 97.79225012287498
}