{
  "aor": 0.002933809523809524,
  "aqi": 0.001997412238095238,
  "bids_meta": {
    "AcquisitionMatrixPE": 64,
    "AcquisitionNumber": 1,
    "AcquisitionTime": "17:14:52.000000",
    "CoilString": "8HRBRAIN",
    "ConversionSoftware": "dcm2niix",
    "ConversionSoftwareVersion": "v1.0.20190410  (JP2:OpenJPEG) (JP-LS:CharLS) GCC5.5.0",
    "DeviceSerialNumber": "000000000000CAMH",
    "EchoTime": 0.03,
    "EffectiveEchoSpacing": 0.000452,
    "FlipAngle": 77,
    "ImageOrientationPatientDICOM": [
      1,
      0,
      0,
      0,
      1,
      0
    ],
    "ImageType": [
      "ORIGINAL",
      "PRIMARY",
      "OTHER"
    ],
    "ImagingFrequency": 127.757,
    "InPlanePhaseEncodingDirectionDICOM": "COL",
    "InstitutionName": "CAMH",
    "MRAcquisitionType": "2D",
    "MagneticFieldStrength": 3,
    "Manufacturer": "GE",
    "ManufacturersModelName": "DISCOVERY_MR750",
    "Modality": "MR",
    "PatientPosition": "HFS",
    "PercentPhaseFOV": 100,
    "PhaseEncodingDirection": "j",
    "PhaseEncodingPolarityGE": "Flipped",
    "PixelBandwidth": 7812.5,
    "ProcedureStepDescription": "SPIN1MR",
    "ProtocolName": "AxEPI_RestingState",
    "ReconMatrixPE": 64,
    "RepetitionTime": 2,
    "SAR": 0.315933,
    "ScanOptions": "MP_GEMS_EPI_GEMS_ACC_GEMS",
    "ScanningSequence": "EP_RM",
    "SequenceVariant": "NONE",
    "SeriesDescription": "AxEPI_RestingState",
    "SeriesNumber": 7,
    "SliceThickness": 4,
    "SliceTiming": [
      0,
      1,
      0.05,
      1.05,
      0.1,
      1.1,
      0.15,
      1.15,
      0.2,
      1.2,
      0.25,
      1.25,
      0.3,
      1.3,
      0.35,
      1.35,
      0.4,
      1.4,
      0.45,
      1.45,
      0.5,
      1.5,
      0.55,
      1.55,
      0.6,
      1.6,
      0.65,
      1.65,
      0.7,
      1.7,
      0.75,
      1.75,
      0.8,
      1.8,
      0.85,
      1.85,
      0.9,
      1.9,
      0.95,
      1.95
    ],
    "SoftwareVersions": "24_LX_MR_Software_release:DV24.0_R02_1607.b",
    "SpacingBetweenSlices": 4,
    "StationName": "MRMR",
    "TaskName": "rest eyes closed",
    "TotalReadoutTime": 0.028476,
    "TriggerDelayTime": 423950,
    "dataset": "ds003011",
    "modality": "bold",
    "run_id": 1,
    "session_id": "Y3CMH",
    "subject_id": "03",
    "task_id": "rest"
  },
  "dummy_trs": 2,
  "dvars_nstd": 14.191198084306215,
  "dvars_std": 1.2068140755023928,
  "dvars_vstd": 1.0258740371770336,
  "efc": 0.5004124104499376,
  "fber": 26607.7109375,
  "fd_mean": 0.10853479066479851,
  "fd_num": 12,
  "fd_perc": 5.714285714285714,
  "fwhm_avg": 2.610953192132179,
  "fwhm_x": 2.6224991999999996,
  "fwhm_y": 2.9282432,
  "fwhm_z": 2.282117176396538,
  "gcor": 0.0380483,
  "gsr_x": 0.002821339061483741,
  "gsr_y": 0.026624221354722977,
  "provenance": {
    "md5sum": "a37318451831caafe15b138fb00729de",
    "settings": {
      "fd_thres": 0.2,
      "testing": false
    },
    "software": "mriqc",
    "version": "22.0.6",
    "webapi_port": null,
    "webapi_url": "https://mriqc.nimh.nih.gov/api/v1"
  },
  "size_t": 210,
  "size_x": 64,
  "size_y": 64,
  "size_z": 40,
  "snr": 5.4601569169300825,
  "spacing_tr": 2.0,
  "spacing_x": 3.125,
  "spacing_y": 3.125,
  "spacing_z": 3.9999961853027344,
  "summary_bg_k": 30.524794970868292,
  "summary_bg_mad": 37.001517094563106,
  "summary_bg_mean": 153.33946228027344,
  "summary_bg_median": 27.447620391845703,
  "summary_bg_n": 96399.0,
  "summary_bg_p05": 1.0142858028411865,
  "summary_bg_p95": 742.9790527343747,
  "summary_bg_stdv": 356.0757141113281,
  "summary_fg_k": 0.8466144735810008,
  "summary_fg_mad": 748.2902611661615,
  "summary_fg_mean": 4258.35595703125,
  "summary_fg_median": 4269.2666015625,
  "summary_fg_n": 31819.0,
  "summary_fg_p05": 2975.7635009765627,
  "summary_fg_p95": 5491.683642578125,
  "summary_fg_stdv": 781.8822021484375,
  "tsnr": 105.43476192746311
}