{
  "aor": 0.0004867142857142857,
  "aqi": 0.0021459702857142856,
  "bids_meta": {
    "AcquisitionMatrixPE": 64,
    "AcquisitionNumber": 1,
    "AcquisitionTime": "14:01:46.000000",
    "CoilString": "8HRBRAIN",
    "ConversionSoftware": "dcm2niix",
    "ConversionSoftwareVersion": "v1.0.20190410  (JP2:OpenJPEG) (JP-LS:CharLS) GCC5.5.0",
    "DeviceSerialNumber": "000000000000CAMH",
    "EchoTime": 0.03,
    "EffectiveEchoSpacing": 0.000452,
    "FlipAngle": 77,
    "ImageOrientationPatientDICOM": [
      1,
      0,
      0,
      0,
      1,
      0
    ],
    "ImageType": [
      "ORIGINAL",
      "PRIMARY",
      "OTHER"
    ],
    "ImagingFrequency": 127.757,
    "InPlanePhaseEncodingDirectionDICOM": "COL",
    "InstitutionName": "CAMH",
    "MRAcquisitionType": "2D",
    "MagneticFieldStrength": 3,
    "Manufacturer": "GE",
    "ManufacturersModelName": "DISCOVERY_MR750",
    "Modality": "MR",
    "PatientPosition": "HFS",
    "PercentPhaseFOV": 100,
    "PhaseEncodingDirection": "j",
    "PhaseEncodingPolarityGE": "Flipped",
    "PixelBandwidth": 7812.5,
    "ProcedureStepDescription": "SPIN1MR",
    "ProtocolName": "Ax_RestingState",
    "ReconMatrixPE": 64,
    "RepetitionTime": 2,
    "SAR": 0.310416,
    "ScanOptions": "MP_GEMS_EPI_GEMS_ACC_GEMS",
    "ScanningSequence": "EP_RM",
    "SequenceVariant": "NONE",
    "SeriesDescription": "Ax_RestingState",
    "SeriesNumber": 7,
    "SliceThickness": 4,
    "SliceTiming": [
      0,
      1,
      0.05,
      1.05,
      0.1,
      1.1,
      0.15,
      1.15,
      0.2,
      1.2,
      0.25,
      1.25,
      0.3,
      1.3,
      0.35,
      1.35,
      0.4,
      1.4,
      0.45,
      1.45,
      0.5,
      1.5,
      0.55,
      1.55,
      0.6,
      1.6,
      0.65,
      1.65,
      0.7,
      1.7,
      0.75,
      1.75,
      0.8,
      1.8,
      0.85,
      1.85,
      0.9,
      1.9,
      0.95,
      1.95
    ],
    "SoftwareVersions": "23_LX_MR_Software_release:DV23.1_V02_1317.c",
    "SpacingBetweenSlices": 4,
    "StationName": "MRMR",
    "TaskName": "rest eyes closed",
    "TotalReadoutTime": 0.028476,
    "TriggerDelayTime": 423950,
    "dataset": "ds003011",
    "modality": "bold",
    "run_id": 1,
    "session_id": "Y1CMH",
    "subject_id": "01",
    "task_id": "rest"
  },
  "dummy_trs": 2,
  "dvars_nstd": 12.16224748444975,
  "dvars_std": 1.07621905229665,
  "dvars_vstd": 0.9998432520095701,
  "efc": 0.4647582075545577,
  "fber": 17538.7421875,
  "fd_mean": 0.0803898306266765,
  "fd_num": 1,
  "fd_perc": 0.47619047619047616,
  "fwhm_avg": 2.3687543477703863,
  "fwhm_x": 2.3906752,
  "fwhm_y": 2.6778784,
  "fwhm_z": 2.03770944331116,
  "gcor": 0.064027,
  "gsr_x": 0.010470687411725521,
  "gsr_y": 0.01594073325395584,
  "provenance": {
    "md5sum": "5101746fc4efa7e70c26a239a22cf105",
    "settings": {
      "fd_thres": 0.2,
      "testing": false
    },
    "software": "mriqc",
    "version": "22.0.6",
    "webapi_port": null,
    "webapi_url": "https://mriqc.nimh.nih.gov/api/v1"
  },
  "size_t": 210,
  "size_x": 64,
  "size_y": 64,
  "size_z": 40,
  "snr": 6.852015288364649,
  "spacing_tr": 2.0,
  "spacing_x": 3.125,
  "spacing_y": 3.125,
  "spacing_z": 3.9999961853027344,
  "summary_bg_k": 18.29172098593359,
  "summary_bg_mad": 50.66263676642634,
  "summary_bg_mean": 184.57977294921875,
  "summary_bg_median": 34.52857208251953,
  "summary_bg_n": 106490.0,
  "summary_bg_p05": 0.0,
  "summary_bg_p95": 992.6409790039045,
  "summary_bg_stdv": 412.7059631347656,
  "summary_fg_k": 2.6512362295227847,
  "summary_fg_mad": 548.34383297056,
  "summary_fg_mean": 4290.611328125,
  "summary_fg_median": 4340.93115234375,
  "summary_fg_n": 23156.0,
  "summary_fg_p05": 3159.1109008789062,
  "summary_fg_p95": 5199.70849609375,
  "summary_fg_stdv": 633.5125122070312,
  "tsnr": 107.8884915271774
}