{
  "aor": 0.000952122641509434,
  "aqi": 0.0017586522405660377,
  "bids_meta": {
    "AcquisitionMatrixPE": 64,
    "AcquisitionNumber": 1,
    "AcquisitionTime": "09:48:4.330000",
    "BandwidthPerPixelPhaseEncode": 63.776,
    "BaseResolution": 64,
    "BodyPartExamined": "BRAIN",
    "CoilString": "HC1-7;NC1_2",
    "ConsistencyInfo": "N4_VE11C_LATEST_20160120",
    "ConversionSoftware": "dcm2niix",
    "ConversionSoftwareVersion": "v1.0.20190410  (JP2:OpenJPEG) (JP-LS:CharLS) GCC5.5.0",
    "DerivedVendorReportedEchoSpacing": 0.000489996,
    "DeviceSerialNumber": "66108",
    "DwellTime": 3.2e-06,
    "EchoTime": 0.03,
    "EchoTrainLength": 31,
    "EffectiveEchoSpacing": 0.000244998,
    "FlipAngle": 77,
    "ImageOrientationPatientDICOM": [
      0.998794,
      0.0489022,
      -0.00444149,
      -0.0471019,
      0.928593,
      -0.368098
    ],
    "ImageType": [
      "ORIGINAL",
      "PRIMARY",
      "M",
      "ND",
      "MOSAIC"
    ],
    "ImagingFrequency": 123.243,
    "InPlanePhaseEncodingDirectionDICOM": "COL",
    "InstitutionAddress": "Huron_325_TORONTO_ONTARIO_CA_M5S_3G3",
    "InstitutionName": "University_of_Toronto",
    "InstitutionalDepartmentName": "Department",
    "MRAcquisitionType": "2D",
    "MagneticFieldStrength": 3,
    "Manufacturer": "Siemens",
    "ManufacturersModelName": "Prisma",
    "Modality": "MR",
    "ParallelReductionFactorInPlane": 2,
    "PartialFourier": 1,
    "PatientPosition": "HFS",
    "PercentPhaseFOV": 100,
    "PhaseEncodingDirection": "j-",
    "PhaseEncodingSteps": 63,
    "PhaseResolution": 1,
    "PixelBandwidth": 2440,
    "ProcedureStepDescription": "Voineskos_Colin",
    "ProtocolName": "EPI_3x3x4xTR2-Resting_EyeClosed",
    "PulseSequenceDetails": "%SiemensSeq%_ep2d_bold",
    "ReceiveCoilActiveElements": "HC1-7;NC1,2",
    "ReceiveCoilName": "HeadNeck_64",
    "ReconMatrixPE": 64,
    "RefLinesPE": 30,
    "RepetitionTime": 2,
    "SAR": 0.106104,
    "ScanOptions": "FS",
    "ScanningSequence": "EP",
    "SequenceName": "_epfid2d1_64",
    "SequenceVariant": "SK",
    "SeriesDescription": "EPI_3x3x4xTR2-Resting_EyeClosed",
    "SeriesNumber": 6,
    "ShimSetting": [
      -1044,
      -6898,
      -6360,
      298,
      -105,
      58,
      -146,
      -47
    ],
    "SliceThickness": 4,
    "SliceTiming": [
      0,
      1.015,
      0.0525,
      1.07,
      0.1075,
      1.1225,
      0.16,
      1.1775,
      0.2125,
      1.23,
      0.2675,
      1.2825,
      0.32,
      1.3375,
      0.375,
      1.39,
      0.4275,
      1.445,
      0.48,
      1.4975,
      0.535,
      1.5525,
      0.5875,
      1.605,
      0.6425,
      1.6575,
      0.695,
      1.7125,
      0.7475,
      1.765,
      0.8025,
      1.82,
      0.855,
      1.8725,
      0.91,
      1.925,
      0.9625
    ],
    "SoftwareVersions": "syngo_MR_E11",
    "SpacingBetweenSlices": 4,
    "StationName": "AWP66108",
    "TaskName": "rest eyes closed",
    "TotalReadoutTime": 0.0154349,
    "TxRefAmp": 275.601,
    "dataset": "ds003011",
    "modality": "bold",
    "run_id": 1,
    "session_id": "Y4CMP",
    "subject_id": "03",
    "task_id": "rest"
  },
  "dummy_trs": 0,
  "dvars_nstd": 22.114282264691933,
  "dvars_std": 1.1660351865402843,
  "dvars_vstd": 1.0002496899526063,
  "efc": 0.5539636507325725,
  "fber": 447.4138488769531,
  "fd_mean": 0.1890771914666274,
  "fd_num": 97,
  "fd_perc": 45.75471698113208,
  "fwhm_avg": 2.773438666666667,
  "fwhm_x": 2.6832992,
  "fwhm_y": 3.0179168,
  "fwhm_z": 2.6191,
  "gcor": 0.0109152,
  "gsr_x": -0.00030727603007107973,
  "gsr_y": 0.06295246630907059,
  "provenance": {
    "md5sum": "307512c4b4ce28e58ec64759e0b339b8",
    "settings": {
      "fd_thres": 0.2,
      "testing": false
    },
    "software": "mriqc",
    "version": "22.0.6",
    "webapi_port": null,
    "webapi_url": "https://mriqc.nimh.nih.gov/api/v1"
  },
  "size_t": 212,
  "size_x": 64,
  "size_y": 64,
  "size_z": 37,
  "snr": 2.2064868753008935,
  "spacing_tr": 2.0,
  "spacing_x": 3.125,
  "spacing_y": 3.125,
  "spacing_z": 4.0,
  "summary_bg_k": 53.28202542641943,
  "summary_bg_mad": 9.608941433787662,
  "summary_bg_mean": 76.2641830444336,
  "summary_bg_median": 36.01415252685547,
  "summary_bg_n": 82554.0,
  "summary_bg_p05": 28.075471878051758,
  "summary_bg_p95": 283.94669647216705,
  "summary_bg_stdv": 123.87077331542969,
  "summary_fg_k": 1.7897755698081985,
  "summary_fg_mad": 310.3429222702568,
  "summary_fg_mean": 862.540771484375,
  "summary_fg_median": 786.9080810546875,
  "summary_fg_n": 31662.0,
  "summary_fg_p05": 419.64647521972654,
  "summary_fg_p95": 1552.2772033691385,
  "summary_fg_stdv": 356.6282958984375,
  "tsnr": 78.49463089741766
}