{
  "aor": 0.0021039047619047626,
  "aqi": 0.003897820666666667,
  "bids_meta": {
    "AcquisitionMatrixPE": 64,
    "AcquisitionNumber": 1,
    "AcquisitionTime": "09:29:49.740000",
    "BandwidthPerPixelPhaseEncode": 63.776,
    "BaseResolution": 64,
    "BodyPartExamined": "BRAIN",
    "CoilString": "HC1-7;NC1_2",
    "ConsistencyInfo": "N4_VE11C_LATEST_20160120",
    "ConversionSoftware": "dcm2niix",
    "ConversionSoftwareVersion": "v1.0.20190410  (JP2:OpenJPEG) (JP-LS:CharLS) GCC5.5.0",
    "DerivedVendorReportedEchoSpacing": 0.000489996,
    "DeviceSerialNumber": "66108",
    "DwellTime": 3.2e-06,
    "EchoTime": 0.03,
    "EchoTrainLength": 31,
    "EffectiveEchoSpacing": 0.000244998,
    "FlipAngle": 77,
    "ImageOrientationPatientDICOM": [
      0.999654,
      0.0261067,
      -0.00308151,
      -0.0261769,
      0.977807,
      -0.207864
    ],
    "ImageType": [
      "ORIGINAL",
      "PRIMARY",
      "M",
      "ND",
      "MOSAIC"
    ],
    "ImagingFrequency": 123.243,
    "InPlanePhaseEncodingDirectionDICOM": "COL",
    "InstitutionAddress": "Huron_325_TORONTO_ONTARIO_CA_M5S_3G3",
    "InstitutionName": "University_of_Toronto",
    "InstitutionalDepartmentName": "Department",
    "MRAcquisitionType": "2D",
    "MagneticFieldStrength": 3,
    "Manufacturer": "Siemens",
    "ManufacturersModelName": "Prisma",
    "Modality": "MR",
    "ParallelReductionFactorInPlane": 2,
    "PartialFourier": 1,
    "PatientPosition": "HFS",
    "PercentPhaseFOV": 100,
    "PhaseEncodingDirection": "j-",
    "PhaseEncodingSteps": 63,
    "PhaseResolution": 1,
    "PixelBandwidth": 2440,
    "ProcedureStepDescription": "Voineskos_Colin",
    "ProtocolName": "EPI_3x3x4xTR2-Resting_EyeClosed",
    "PulseSequenceDetails": "%SiemensSeq%_ep2d_bold",
    "ReceiveCoilActiveElements": "HC1-7;NC1,2",
    "ReceiveCoilName": "HeadNeck_64",
    "ReconMatrixPE": 64,
    "RefLinesPE": 30,
    "RepetitionTime": 2,
    "SAR": 0.101405,
    "ScanOptions": "FS",
    "ScanningSequence": "EP",
    "SequenceName": "_epfid2d1_64",
    "SequenceVariant": "SK",
    "SeriesDescription": "EPI_3x3x4xTR2-Resting_EyeClosed",
    "SeriesNumber": 7,
    "ShimSetting": [
      -1048,
      -6908,
      -6367,
      299,
      -154,
      136,
      -68,
      -50
    ],
    "SliceThickness": 4,
    "SliceTiming": [
      0,
      1.0175,
      0.055,
      1.07,
      0.1075,
      1.125,
      0.16,
      1.1775,
      0.215,
      1.23,
      0.2675,
      1.285,
      0.3225,
      1.3375,
      0.375,
      1.3925,
      0.4275,
      1.445,
      0.4825,
      1.4975,
      0.535,
      1.5525,
      0.59,
      1.605,
      0.6425,
      1.66,
      0.695,
      1.7125,
      0.75,
      1.7675,
      0.8025,
      1.82,
      0.8575,
      1.8725,
      0.91,
      1.9275,
      0.9625
    ],
    "SoftwareVersions": "syngo_MR_E11",
    "SpacingBetweenSlices": 4,
    "StationName": "AWP66108",
    "TaskName": "rest eyes closed",
    "TotalReadoutTime": 0.0154349,
    "TxRefAmp": 270.041,
    "dataset": "ds003011",
    "modality": "bold",
    "run_id": 2,
    "session_id": "Y4CMP",
    "subject_id": "03",
    "task_id": "rest"
  },
  "dummy_trs": 2,
  "dvars_nstd": 25.731498681961728,
  "dvars_std": 1.168052847607656,
  "dvars_vstd": 0.989227914784689,
  "efc": 0.555324988279279,
  "fber": 421.1739807128906,
  "fd_mean": 0.19993469628429103,
  "fd_num": 92,
  "fd_perc": 43.80952380952381,
  "fwhm_avg": 2.8022997333333333,
  "fwhm_x": 2.7161408,
  "fwhm_y": 3.0159584,
  "fwhm_z": 2.6748,
  "gcor": 0.0116381,
  "gsr_x": 0.002676270669326186,
  "gsr_y": 0.0612904392182827,
  "provenance": {
    "md5sum": "8ecaaba0e64614c88ec9d52f1974a207",
    "settings": {
      "fd_thres": 0.2,
      "testing": false
    },
    "software": "mriqc",
    "version": "22.0.6",
    "webapi_port": null,
    "webapi_url": "https://mriqc.nimh.nih.gov/api/v1"
  },
  "size_t": 210,
  "size_x": 64,
  "size_y": 64,
  "size_z": 37,
  "snr": 2.226318539828389,
  "spacing_tr": 2.0,
  "spacing_x": 3.125,
  "spacing_y": 3.125,
  "spacing_z": 4.0,
  "summary_bg_k": 60.46048158607301,
  "summary_bg_mad": 12.086739486556567,
  "summary_bg_mean": 77.15141296386719,
  "summary_bg_median": 38.261905670166016,
  "summary_bg_n": 81843.0,
  "summary_bg_p05": 27.27142906188965,
  "summary_bg_p95": 269.9933349609371,
  "summary_bg_stdv": 126.36583709716797,
  "summary_fg_k": 1.8734021972303339,
  "summary_fg_mad": 317.3756907772037,
  "summary_fg_mean": 890.7821044921875,
  "summary_fg_median": 814.1619262695312,
  "summary_fg_n": 31548.0,
  "summary_fg_p05": 436.8890747070312,
  "summary_fg_p95": 1598.3919311523437,
  "summary_fg_stdv": 365.6929626464844,
  "tsnr": 61.64376789238304
}