{
  "bids_meta": {
    "AcquisitionMatrixPE": 256,
    "AcquisitionNumber": 1,
    "AcquisitionTime": "10:41:14.257500",
    "BaseResolution": 256,
    "CoilString": "C:HEA;HEP",
    "ConversionSoftware": "dcm2niix",
    "ConversionSoftwareVersion": "v1.0.20190410  (JP2:OpenJPEG) (JP-LS:CharLS) GCC5.5.0",
    "DeviceSerialNumber": "35455",
    "DwellTime": 7.5e-06,
    "EchoTime": 0.00285,
    "FlipAngle": 9,
    "ImageOrientationPatientDICOM": [
      -0.050063,
      0.988259,
      -0.144356,
      0.00730339,
      -0.144171,
      -0.989526
    ],
    "ImageType": [
      "ORIGINAL",
      "PRIMARY",
      "M",
      "ND"
    ],
    "ImagingFrequency": 123.259,
    "InPlanePhaseEncodingDirectionDICOM": "ROW",
    "InstitutionAddress": "Wade_Avenue_55_250F90_Maryland_US_21228",
    "InstitutionName": "UMCBIR",
    "InstitutionalDepartmentName": "Department",
    "InversionTime": 0.9,
    "MRAcquisitionType": "3D",
    "MagneticFieldStrength": 3,
    "Manufacturer": "Siemens",
    "ManufacturersModelName": "TrioTim",
    "Modality": "MR",
    "PartialFourier": 1,
    "PatientPosition": "HFS",
    "PercentPhaseFOV": 100,
    "PhaseEncodingSteps": 255,
    "PhaseResolution": 1,
    "PixelBandwidth": 260,
    "ProcedureStepDescription": "MPRC_Protocols_Bob_Buchanan",
    "ProtocolName": "MPRAGE_TI-900_Buchanan",
    "PulseSequenceDetails": "%SiemensSeq%_tfl",
    "ReceiveCoilName": "32Ch_Head",
    "ReconMatrixPE": 256,
    "RefLinesPE": 31,
    "RepetitionTime": 2.3,
    "SAR": 0.169956,
    "ScanOptions": "IR",
    "ScanningSequence": "GR_IR",
    "SequenceName": "_tfl3d1_ns",
    "SequenceVariant": "SP_MP",
    "SeriesDescription": "MPRAGE_TI-900_Buchanan",
    "SeriesNumber": 2,
    "ShimSetting": [
      -2506,
      -28900,
      11652,
      9,
      517,
      -186,
      -2,
      -108
    ],
    "SliceThickness": 0.9,
    "SoftwareVersions": "syngo_MR_B17",
    "StationName": "MRC35455",
    "TxRefAmp": 346.008,
    "dataset": "ds003011",
    "modality": "T1w",
    "run_id": 1,
    "session_id": "Y1MRC",
    "subject_id": "03"
  },
  "cjv": 0.5068769456450695,
  "cnr": 2.668280159743558,
  "efc": 0.5385898801976314,
  "fber": 7443.650973291082,
  "fwhm_avg": 4.575005084630192,
  "fwhm_x": 4.6603001234557935,
  "fwhm_y": 4.650885565217392,
  "fwhm_z": 4.413829565217391,
  "icvs_csf": 0.2057428472498641,
  "icvs_gm": 0.40023129650890815,
  "icvs_wm": 0.39402585624122777,
  "inu_med": 0.9644302129745483,
  "inu_range": 1.153100851178169,
  "provenance": {
    "md5sum": "c6a3bc21c395051804d6df961e9b72a2",
    "settings": {
      "testing": false
    },
    "software": "mriqc",
    "version": "22.0.6",
    "warnings": {
      "large_rot_frame": true,
      "small_air_mask": false
    },
    "webapi_port": null,
    "webapi_url": "https://mriqc.nimh.nih.gov/api/v1"
  },
  "qi_1": 0.0,
  "qi_2": 0.006115341556338735,
  "rpve_csf": 22.491185286064315,
  "rpve_gm": 11.195465025123593,
  "rpve_wm": 12.905368488191977,
  "size_x": 240,
  "size_y": 256,
  "size_z": 256,
  "snr_csf": 2.6592275605171953,
  "snr_gm": 9.535027947523492,
  "snr_total": 8.862787166984182,
  "snr_wm": 14.394105992911859,
  "snrd_csf": 7.2846244505901065,
  "snrd_gm": 24.01263842252433,
  "snrd_total": 21.533618961197664,
  "snrd_wm": 33.303594010478555,
  "spacing_x": 0.8999999761581421,
  "spacing_y": 0.8984375,
  "spacing_z": 0.8984375,
  "summary_bg_k": 3546.2640765116585,
  "summary_bg_mad": 0.0,
  "summary_bg_mean": 11.028039512222257,
  "summary_bg_median": 0.0,
  "summary_bg_n": 4223503.0,
  "summary_bg_p05": 0.0,
  "summary_bg_p95": 40.680805422365665,
  "summary_bg_stdv": 19.672910033431954,
  "summary_csf_k": 5.044246936281702,
  "summary_csf_mad": 63.56330558781782,
  "summary_csf_mean": 230.40009684030267,
  "summary_csf_median": 218.74797590821981,
  "summary_csf_n": 129209.0,
  "summary_csf_p05": 124.04099783301353,
  "summary_csf_p95": 380.50414200127125,
  "summary_csf_stdv": 82.25965038325236,
  "summary_gm_k": 0.09465792444260979,
  "summary_gm_mad": 74.3164963827494,
  "summary_gm_mean": 722.4883353900173,
  "summary_gm_median": 721.0688878707588,
  "summary_gm_n": 34308.0,
  "summary_gm_p05": 599.0168010476976,
  "summary_gm_p95": 848.8814025297761,
  "summary_gm_stdv": 75.62205197565297,
  "summary_wm_k": 0.3229671606752378,
  "summary_wm_mad": 67.0999105603731,
  "summary_wm_mean": 1004.3945187665984,
  "summary_wm_median": 1000.0644274353981,
  "summary_wm_n": 332296.0,
  "summary_wm_p05": 897.8144157081842,
  "summary_wm_p95": 1125.7171845957637,
  "summary_wm_stdv": 69.4772515324825,
  "tpm_overlap_csf": 0.14767688348418637,
  "tpm_overlap_gm": 0.4188859849301814,
  "tpm_overlap_wm": 0.4418389918172404,
  "wm2max": 0.31896693535120907
}