{
  "bids_meta": {
    "AcquisitionMatrixPE": 256,
    "AcquisitionNumber": 1,
    "AcquisitionTime": "09:35:14.717500",
    "BaseResolution": 256,
    "CoilString": "C:HEA;HEP",
    "ConversionSoftware": "dcm2niix",
    "ConversionSoftwareVersion": "v1.0.20190410  (JP2:OpenJPEG) (JP-LS:CharLS) GCC5.5.0",
    "DeviceSerialNumber": "35455",
    "DwellTime": 7.5e-06,
    "EchoTime": 0.00285,
    "FlipAngle": 9,
    "ImageOrientationPatientDICOM": [
      -0.0104717,
      0.999945,
      0,
      0,
      0,
      -1
    ],
    "ImageType": [
      "ORIGINAL",
      "PRIMARY",
      "M",
      "ND"
    ],
    "ImagingFrequency": 123.259,
    "InPlanePhaseEncodingDirectionDICOM": "ROW",
    "InstitutionAddress": "Wade_Avenue_55_48CA09_Maryland_US_21228",
    "InstitutionName": "UMCBIR",
    "InstitutionalDepartmentName": "Department",
    "InversionTime": 0.9,
    "MRAcquisitionType": "3D",
    "MagneticFieldStrength": 3,
    "Manufacturer": "Siemens",
    "ManufacturersModelName": "TrioTim",
    "Modality": "MR",
    "PartialFourier": 1,
    "PatientPosition": "HFS",
    "PercentPhaseFOV": 100,
    "PhaseEncodingSteps": 255,
    "PhaseResolution": 1,
    "PixelBandwidth": 260,
    "ProcedureStepDescription": "MPRC_Protocols_Bob_Buchanan",
    "ProtocolName": "MPRAGE_TI-900_Buchanan",
    "PulseSequenceDetails": "%SiemensSeq%_tfl",
    "ReceiveCoilName": "32Ch_Head",
    "ReconMatrixPE": 256,
    "RefLinesPE": 31,
    "RepetitionTime": 2.3,
    "SAR": 0.127353,
    "ScanOptions": "IR",
    "ScanningSequence": "GR_IR",
    "SequenceName": "_tfl3d1_ns",
    "SequenceVariant": "SP_MP",
    "SeriesDescription": "MPRAGE_TI-900_Buchanan",
    "SeriesNumber": 2,
    "ShimSetting": [
      -2506,
      -28924,
      11636,
      74,
      524,
      -197,
      -13,
      -122
    ],
    "SliceThickness": 0.9,
    "SoftwareVersions": "syngo_MR_B17",
    "StationName": "MRC35455",
    "TxRefAmp": 312.843,
    "dataset": "ds003011",
    "modality": "T1w",
    "run_id": 1,
    "session_id": "Y2MRC",
    "subject_id": "01"
  },
  "cjv": 0.480557160803963,
  "cnr": 2.767068723190523,
  "efc": 0.514576646629313,
  "fber": 7833.551524653979,
  "fwhm_avg": 3.7497670806412415,
  "fwhm_x": 3.8438445462715505,
  "fwhm_y": 3.874526608695652,
  "fwhm_z": 3.5309300869565217,
  "icvs_csf": 0.20471003629215337,
  "icvs_gm": 0.4092826762822711,
  "icvs_wm": 0.3860072874255755,
  "inu_med": 0.951553225517273,
  "inu_range": 0.8843647480010985,
  "provenance": {
    "md5sum": "af72e4abbc7371dded9041f3dd24e205",
    "settings": {
      "testing": false
    },
    "software": "mriqc",
    "version": "22.0.6",
    "warnings": {
      "large_rot_frame": true,
      "small_air_mask": false
    },
    "webapi_port": null,
    "webapi_url": "https://mriqc.nimh.nih.gov/api/v1"
  },
  "qi_1": 0.0,
  "qi_2": 0.007168614624472737,
  "rpve_csf": 25.89708150226685,
  "rpve_gm": 12.903935021474798,
  "rpve_wm": 15.425520216294474,
  "size_x": 240,
  "size_y": 256,
  "size_z": 256,
  "snr_csf": 1.9667665477915857,
  "snr_gm": 10.270682882735333,
  "snr_total": 9.112907387674214,
  "snr_wm": 15.101272732495728,
  "snrd_csf": 7.080060136224319,
  "snrd_gm": 20.62548061743402,
  "snrd_total": 18.721312860208535,
  "snrd_wm": 28.45839782696726,
  "spacing_x": 0.8999999761581421,
  "spacing_y": 0.8984375,
  "spacing_z": 0.8984375,
  "summary_bg_k": 5365.5155129835375,
  "summary_bg_mad": 0.0,
  "summary_bg_mean": 9.580578495132649,
  "summary_bg_median": 0.0,
  "summary_bg_n": 4322473.0,
  "summary_bg_p05": 0.0,
  "summary_bg_p95": 38.06642332673073,
  "summary_bg_stdv": 23.022466390050297,
  "summary_csf_k": 15.123003918087807,
  "summary_csf_mad": 96.80937798558207,
  "summary_csf_mean": 271.4475035773099,
  "summary_csf_median": 248.80383157730103,
  "summary_csf_n": 49825.0,
  "summary_csf_p05": 116.52125144004822,
  "summary_csf_p95": 503.3633626520631,
  "summary_csf_stdv": 126.50272858622098,
  "summary_gm_k": 0.1613339709054995,
  "summary_gm_mad": 68.95581772464412,
  "summary_gm_mean": 725.8095243392546,
  "summary_gm_median": 724.8100308477879,
  "summary_gm_n": 27451.0,
  "summary_gm_p05": 610.1885824203491,
  "summary_gm_p95": 843.3366299122572,
  "summary_gm_stdv": 70.56948764900066,
  "summary_wm_k": 0.37855973755003225,
  "summary_wm_mad": 63.322513402207235,
  "summary_wm_mean": 1004.673419713381,
  "summary_wm_median": 1000.0703784525394,
  "summary_wm_n": 262814.0,
  "summary_wm_p05": 903.9544186294079,
  "summary_wm_p95": 1121.376318961382,
  "summary_wm_stdv": 66.22411855913745,
  "tpm_overlap_csf": 0.16046469221577736,
  "tpm_overlap_gm": 0.4295874346147589,
  "tpm_overlap_wm": 0.47065905292579097,
  "wm2max": 0.2912877211629853
}