{
  "bids_meta": {
    "AcquisitionMatrixPE": 256,
    "AcquisitionNumber": 1,
    "AcquisitionTime": "09:40:47.772500",
    "BaseResolution": 256,
    "CoilString": "C:HEA;HEP",
    "ConversionSoftware": "dcm2niix",
    "ConversionSoftwareVersion": "v1.0.20190410  (JP2:OpenJPEG) (JP-LS:CharLS) GCC5.5.0",
    "DeviceSerialNumber": "35455",
    "DwellTime": 7.5e-06,
    "EchoTime": 0.00285,
    "FlipAngle": 9,
    "ImageOrientationPatientDICOM": [
      -0.0104717,
      0.999945,
      0,
      0,
      0,
      -1
    ],
    "ImageType": [
      "ORIGINAL",
      "PRIMARY",
      "M",
      "ND"
    ],
    "ImagingFrequency": 123.259,
    "InPlanePhaseEncodingDirectionDICOM": "ROW",
    "InstitutionAddress": "Wade_Avenue_55_48CA09_Maryland_US_21228",
    "InstitutionName": "UMCBIR",
    "InstitutionalDepartmentName": "Department",
    "InversionTime": 0.9,
    "MRAcquisitionType": "3D",
    "MagneticFieldStrength": 3,
    "Manufacturer": "Siemens",
    "ManufacturersModelName": "TrioTim",
    "Modality": "MR",
    "PartialFourier": 1,
    "PatientPosition": "HFS",
    "PercentPhaseFOV": 100,
    "PhaseEncodingSteps": 255,
    "PhaseResolution": 1,
    "PixelBandwidth": 260,
    "ProcedureStepDescription": "MPRC_Protocols_Bob_Buchanan",
    "ProtocolName": "MPRAGE_TI-900_Buchanan",
    "PulseSequenceDetails": "%SiemensSeq%_tfl",
    "ReceiveCoilName": "32Ch_Head",
    "ReconMatrixPE": 256,
    "RefLinesPE": 31,
    "RepetitionTime": 2.3,
    "SAR": 0.1267,
    "ScanOptions": "IR",
    "ScanningSequence": "GR_IR",
    "SequenceName": "_tfl3d1_ns",
    "SequenceVariant": "SP_MP",
    "SeriesDescription": "MPRAGE_TI-900_Buchanan",
    "SeriesNumber": 3,
    "ShimSetting": [
      -2506,
      -28924,
      11636,
      74,
      524,
      -197,
      -13,
      -122
    ],
    "SliceThickness": 0.9,
    "SoftwareVersions": "syngo_MR_B17",
    "StationName": "MRC35455",
    "TxRefAmp": 312.843,
    "dataset": "ds003011",
    "modality": "T1w",
    "run_id": 2,
    "session_id": "Y2MRC",
    "subject_id": "01"
  },
  "cjv": 0.4786144084868085,
  "cnr": 2.7729464036816616,
  "efc": 0.5171275487974435,
  "fber": 6173.617079293629,
  "fwhm_avg": 3.6591600465663823,
  "fwhm_x": 3.8145778788295823,
  "fwhm_y": 3.705655652173913,
  "fwhm_z": 3.4572466086956526,
  "icvs_csf": 0.20498680070607542,
  "icvs_gm": 0.4129853957692576,
  "icvs_wm": 0.382027803524667,
  "inu_med": 0.9536970853805542,
  "inu_range": 0.8876154184341426,
  "provenance": {
    "md5sum": "632b9540a0bc7bac82d2672d0f45aabc",
    "settings": {
      "testing": false
    },
    "software": "mriqc",
    "version": "22.0.6",
    "warnings": {
      "large_rot_frame": true,
      "small_air_mask": false
    },
    "webapi_port": null,
    "webapi_url": "https://mriqc.nimh.nih.gov/api/v1"
  },
  "qi_1": 0.0,
  "qi_2": 0.007609343479392756,
  "rpve_csf": 25.850754881389953,
  "rpve_gm": 12.82291907782047,
  "rpve_wm": 15.566997018452069,
  "size_x": 240,
  "size_y": 256,
  "size_z": 256,
  "snr_csf": 1.9365802901997007,
  "snr_gm": 10.249649526071899,
  "snr_total": 9.172835888665341,
  "snr_wm": 15.332277849724424,
  "snrd_csf": 6.56079585117355,
  "snrd_gm": 19.393440585981917,
  "snrd_total": 17.570997293989265,
  "snrd_wm": 26.75875544481233,
  "spacing_x": 0.8999999761581421,
  "spacing_y": 0.8984375,
  "spacing_z": 0.8984375,
  "summary_bg_k": 5083.7968936712705,
  "summary_bg_mad": 0.0,
  "summary_bg_mean": 10.603142343833245,
  "summary_bg_median": 0.0,
  "summary_bg_n": 4279665.0,
  "summary_bg_p05": 0.0,
  "summary_bg_p95": 38.817134499549866,
  "summary_bg_stdv": 24.483065963521753,
  "summary_csf_k": 12.600734397376678,
  "summary_csf_mad": 95.11506560014952,
  "summary_csf_mean": 268.5455363530403,
  "summary_csf_median": 245.18313682079315,
  "summary_csf_n": 49790.0,
  "summary_csf_p05": 112.74260273873809,
  "summary_csf_p95": 506.7788638740775,
  "summary_csf_stdv": 126.60496230221078,
  "summary_gm_k": 0.02893338669100798,
  "summary_gm_mad": 69.47899181353057,
  "summary_gm_mean": 725.9080341135633,
  "summary_gm_median": 724.7511894106865,
  "summary_gm_n": 25592.0,
  "summary_gm_p05": 610.3465075492859,
  "summary_gm_p95": 844.5196934938431,
  "summary_gm_stdv": 70.70846936836979,
  "summary_wm_k": 0.4314613004670069,
  "summary_wm_mad": 62.25903633893176,
  "summary_wm_mean": 1003.8357440315317,
  "summary_wm_median": 999.9999613165855,
  "summary_wm_n": 259144.0,
  "summary_wm_p05": 903.8040443658829,
  "summary_wm_p95": 1117.4394373297691,
  "summary_wm_stdv": 65.22175254628422,
  "tpm_overlap_csf": 0.16243795975042927,
  "tpm_overlap_gm": 0.43187027392399074,
  "tpm_overlap_wm": 0.47317471098920627,
  "wm2max": 0.2980751025560114
}