{
  "bids_meta": {
    "AcquisitionMatrixPE": 256,
    "AcquisitionNumber": 1,
    "AcquisitionTime": "09:46:18.885000",
    "BaseResolution": 256,
    "CoilString": "C:HEA;HEP",
    "ConversionSoftware": "dcm2niix",
    "ConversionSoftwareVersion": "v1.0.20190410  (JP2:OpenJPEG) (JP-LS:CharLS) GCC5.5.0",
    "DeviceSerialNumber": "35455",
    "DwellTime": 7.5e-06,
    "EchoTime": 0.00285,
    "FlipAngle": 9,
    "ImageOrientationPatientDICOM": [
      -0.0104717,
      0.999945,
      0,
      0,
      0,
      -1
    ],
    "ImageType": [
      "ORIGINAL",
      "PRIMARY",
      "M",
      "ND"
    ],
    "ImagingFrequency": 123.259,
    "InPlanePhaseEncodingDirectionDICOM": "ROW",
    "InstitutionAddress": "Wade_Avenue_55_48CA09_Maryland_US_21228",
    "InstitutionName": "UMCBIR",
    "InstitutionalDepartmentName": "Department",
    "InversionTime": 0.9,
    "MRAcquisitionType": "3D",
    "MagneticFieldStrength": 3,
    "Manufacturer": "Siemens",
    "ManufacturersModelName": "TrioTim",
    "Modality": "MR",
    "PartialFourier": 1,
    "PatientPosition": "HFS",
    "PercentPhaseFOV": 100,
    "PhaseEncodingSteps": 255,
    "PhaseResolution": 1,
    "PixelBandwidth": 260,
    "ProcedureStepDescription": "MPRC_Protocols_Bob_Buchanan",
    "ProtocolName": "MPRAGE_TI-900_Buchanan",
    "PulseSequenceDetails": "%SiemensSeq%_tfl",
    "ReceiveCoilName": "32Ch_Head",
    "ReconMatrixPE": 256,
    "RefLinesPE": 31,
    "RepetitionTime": 2.3,
    "SAR": 0.1267,
    "ScanOptions": "IR",
    "ScanningSequence": "GR_IR",
    "SequenceName": "_tfl3d1_ns",
    "SequenceVariant": "SP_MP",
    "SeriesDescription": "MPRAGE_TI-900_Buchanan",
    "SeriesNumber": 4,
    "ShimSetting": [
      -2506,
      -28924,
      11636,
      74,
      524,
      -197,
      -13,
      -122
    ],
    "SliceThickness": 0.9,
    "SoftwareVersions": "syngo_MR_B17",
    "StationName": "MRC35455",
    "TxRefAmp": 312.843,
    "dataset": "ds003011",
    "modality": "T1w",
    "run_id": 3,
    "session_id": "Y2MRC",
    "subject_id": "01"
  },
  "cjv": 0.4869532950287679,
  "cnr": 2.721205700409208,
  "efc": 0.5168785716410687,
  "fber": 6598.603394587956,
  "fwhm_avg": 3.6669731351969843,
  "fwhm_x": 3.8218001012431277,
  "fwhm_y": 3.7120445217391302,
  "fwhm_z": 3.4670747826086954,
  "icvs_csf": 0.20454165139321454,
  "icvs_gm": 0.41300839018973284,
  "icvs_wm": 0.38244995841705265,
  "inu_med": 0.9609736800193787,
  "inu_range": 0.8929981738328926,
  "provenance": {
    "md5sum": "d9400dc7b630f7ab11bf1cc1738a82aa",
    "settings": {
      "testing": false
    },
    "software": "mriqc",
    "version": "22.0.6",
    "warnings": {
      "large_rot_frame": true,
      "small_air_mask": false
    },
    "webapi_port": null,
    "webapi_url": "https://mriqc.nimh.nih.gov/api/v1"
  },
  "qi_1": 0.0,
  "qi_2": 0.007806846375237293,
  "rpve_csf": 25.893599438245047,
  "rpve_gm": 12.828581991048123,
  "rpve_wm": 15.538333969136804,
  "size_x": 240,
  "size_y": 256,
  "size_z": 256,
  "snr_csf": 1.9392510506430285,
  "snr_gm": 10.20825136770929,
  "snr_total": 9.099485202154852,
  "snr_wm": 15.150953188112242,
  "snrd_csf": 6.433126856383923,
  "snrd_gm": 18.844856446336326,
  "snrd_total": 17.066724674534708,
  "snrd_wm": 25.92219072088387,
  "spacing_x": 0.8999999761581421,
  "spacing_y": 0.8984375,
  "spacing_z": 0.8984375,
  "summary_bg_k": 5043.729583883833,
  "summary_bg_mad": 0.0,
  "summary_bg_mean": 10.365842139587267,
  "summary_bg_median": 0.0,
  "summary_bg_n": 4286826.0,
  "summary_bg_p05": 0.0,
  "summary_bg_p95": 39.7625298500061,
  "summary_bg_stdv": 25.273188345808173,
  "summary_csf_k": 12.957779670248726,
  "summary_csf_mad": 94.97824633896744,
  "summary_csf_mean": 272.7218395362482,
  "summary_csf_median": 248.17065071314573,
  "summary_csf_n": 50395.0,
  "summary_csf_p05": 118.59726785123348,
  "summary_csf_p95": 511.29366942197026,
  "summary_csf_stdv": 127.97115069962018,
  "summary_gm_k": 0.11913993062296235,
  "summary_gm_mad": 69.90317052749435,
  "summary_gm_mean": 727.7223008767097,
  "summary_gm_median": 726.9777809903026,
  "summary_gm_n": 25623.0,
  "summary_gm_p05": 611.4869607836008,
  "summary_gm_p95": 847.1627887487411,
  "summary_gm_stdv": 71.21333210033431,
  "summary_wm_k": 0.4283827334783812,
  "summary_wm_mad": 63.04590489741804,
  "summary_wm_mean": 1004.3039487348941,
  "summary_wm_median": 1000.0000128597021,
  "summary_wm_n": 257870.0,
  "summary_wm_p05": 903.5620715394616,
  "summary_wm_p95": 1120.0469562783837,
  "summary_wm_stdv": 66.00232087581954,
  "tpm_overlap_csf": 0.16016723128387172,
  "tpm_overlap_gm": 0.4299393771674656,
  "tpm_overlap_wm": 0.47126455790508814,
  "wm2max": 0.29741300066630055
}