{
  "bids_meta": {
    "AcquisitionMatrixPE": 256,
    "AcquisitionNumber": 1,
    "AcquisitionTime": "12:50:36.242500",
    "BaseResolution": 256,
    "CoilString": "C:HEA;HEP",
    "ConversionSoftware": "dcm2niix",
    "ConversionSoftwareVersion": "v1.0.20190410  (JP2:OpenJPEG) (JP-LS:CharLS) GCC5.5.0",
    "DeviceSerialNumber": "35455",
    "DwellTime": 7.5e-06,
    "EchoTime": 0.00285,
    "FlipAngle": 9,
    "ImageOrientationPatientDICOM": [
      -0.012217,
      0.999925,
      -1.35845e-08,
      0.010471,
      0.000127921,
      -0.999945
    ],
    "ImageType": [
      "ORIGINAL",
      "PRIMARY",
      "M",
      "ND"
    ],
    "ImagingFrequency": 123.259,
    "InPlanePhaseEncodingDirectionDICOM": "ROW",
    "InstitutionAddress": "Wade_Avenue_55_250F90_Maryland_US_21228",
    "InstitutionName": "UMCBIR",
    "InstitutionalDepartmentName": "Department",
    "InversionTime": 0.9,
    "MRAcquisitionType": "3D",
    "MagneticFieldStrength": 3,
    "Manufacturer": "Siemens",
    "ManufacturersModelName": "TrioTim",
    "Modality": "MR",
    "PartialFourier": 1,
    "PatientPosition": "HFS",
    "PercentPhaseFOV": 100,
    "PhaseEncodingSteps": 255,
    "PhaseResolution": 1,
    "PixelBandwidth": 260,
    "ProcedureStepDescription": "MPRC_Protocols_Bob_Buchanan",
    "ProtocolName": "MPRAGE_TI-900_Buchanan",
    "PulseSequenceDetails": "%SiemensSeq%_tfl",
    "ReceiveCoilName": "32Ch_Head",
    "ReconMatrixPE": 256,
    "RefLinesPE": 31,
    "RepetitionTime": 2.3,
    "SAR": 0.119119,
    "ScanOptions": "IR",
    "ScanningSequence": "GR_IR",
    "SequenceName": "_tfl3d1_ns",
    "SequenceVariant": "SP_MP",
    "SeriesDescription": "MPRAGE_TI-900_Buchanan",
    "SeriesNumber": 3,
    "ShimSetting": [
      -2506,
      -28900,
      11652,
      9,
      517,
      -186,
      -2,
      -108
    ],
    "SliceThickness": 0.9,
    "SoftwareVersions": "syngo_MR_B17",
    "StationName": "MRC35455",
    "TxRefAmp": 317.823,
    "dataset": "ds003011",
    "modality": "T1w",
    "run_id": 1,
    "session_id": "Y1MRC",
    "subject_id": "01"
  },
  "cjv": 0.46485645229031547,
  "cnr": 2.8689198289017597,
  "efc": 0.5109140745497117,
  "fber": 6774.145091921066,
  "fwhm_avg": 3.854725986949692,
  "fwhm_x": 3.9929334391099465,
  "fwhm_y": 3.9376473043478257,
  "fwhm_z": 3.633597217391304,
  "icvs_csf": 0.20747702273145213,
  "icvs_gm": 0.4110606134527263,
  "icvs_wm": 0.38146236381582155,
  "inu_med": 0.9532024264335632,
  "inu_range": 0.9919220805168152,
  "provenance": {
    "md5sum": "46fbab2887112ac65cd0b73144507396",
    "settings": {
      "testing": false
    },
    "software": "mriqc",
    "version": "22.0.6",
    "warnings": {
      "large_rot_frame": true,
      "small_air_mask": false
    },
    "webapi_port": null,
    "webapi_url": "https://mriqc.nimh.nih.gov/api/v1"
  },
  "qi_1": 0.0,
  "qi_2": 0.007283370255800762,
  "rpve_csf": 25.622339527649903,
  "rpve_gm": 12.95186660811165,
  "rpve_wm": 15.678769826913955,
  "size_x": 240,
  "size_y": 256,
  "size_z": 256,
  "snr_csf": 2.016773942735161,
  "snr_gm": 10.565238890735309,
  "snr_total": 9.398576913837282,
  "snr_wm": 15.613717908041375,
  "snrd_csf": 8.576211624240253,
  "snrd_gm": 25.273485710550684,
  "snrd_total": 22.89839262064794,
  "snrd_wm": 34.84548052715289,
  "spacing_x": 0.8999999761581421,
  "spacing_y": 0.8984375,
  "spacing_z": 0.8984375,
  "summary_bg_k": 4491.003329700832,
  "summary_bg_mad": 0.0,
  "summary_bg_mean": 10.276201506693086,
  "summary_bg_median": 0.0,
  "summary_bg_n": 4425141.0,
  "summary_bg_p05": 0.0,
  "summary_bg_p95": 37.92600631713867,
  "summary_bg_stdv": 18.80118802577084,
  "summary_csf_k": 12.425447054221019,
  "summary_csf_mad": 93.1910204325091,
  "summary_csf_mean": 268.900397884698,
  "summary_csf_median": 246.1212158203125,
  "summary_csf_n": 51324.0,
  "summary_csf_p05": 118.75083446502686,
  "summary_csf_p95": 496.4759552478789,
  "summary_csf_stdv": 122.03589746619113,
  "summary_gm_k": 0.13737615397876857,
  "summary_gm_mad": 67.14078792764106,
  "summary_gm_mean": 726.469894763091,
  "summary_gm_median": 725.301718711853,
  "summary_gm_n": 26847.0,
  "summary_gm_p05": 614.6399974822998,
  "summary_gm_p95": 841.9772315025327,
  "summary_gm_stdv": 68.64853866797975,
  "summary_wm_k": 0.48701565998187313,
  "summary_wm_mad": 60.55450272829706,
  "summary_wm_mean": 1004.547452911759,
  "summary_wm_median": 1000.0000476837158,
  "summary_wm_n": 262832.0,
  "summary_wm_p05": 907.5719833374023,
  "summary_wm_p95": 1117.1595811843872,
  "summary_wm_stdv": 64.04612605501981,
  "tpm_overlap_csf": 0.15810538510065872,
  "tpm_overlap_gm": 0.43071445541650943,
  "tpm_overlap_wm": 0.4734578960669295,
  "wm2max": 0.2942693703417796
}