{
  "bids_meta": {
    "AcquisitionMatrixPE": 256,
    "AcquisitionNumber": 1,
    "AcquisitionTime": "10:25:11.710000",
    "BaseResolution": 256,
    "CoilString": "C:HEA;HEP",
    "ConversionSoftware": "dcm2niix",
    "ConversionSoftwareVersion": "v1.0.20190410  (JP2:OpenJPEG) (JP-LS:CharLS) GCC5.5.0",
    "DeviceSerialNumber": "35455",
    "DwellTime": 7.5e-06,
    "EchoTime": 0.00285,
    "FlipAngle": 9,
    "ImageOrientationPatientDICOM": [
      -0.00696967,
      0.998317,
      -0.057564,
      0.000401837,
      -0.0575626,
      -0.998342
    ],
    "ImageType": [
      "ORIGINAL",
      "PRIMARY",
      "M",
      "ND"
    ],
    "ImagingFrequency": 123.259,
    "InPlanePhaseEncodingDirectionDICOM": "ROW",
    "InstitutionAddress": "Wade_Avenue_55_48CA09_Maryland_US_21228",
    "InstitutionName": "UMCBIR",
    "InstitutionalDepartmentName": "Department",
    "InversionTime": 0.9,
    "MRAcquisitionType": "3D",
    "MagneticFieldStrength": 3,
    "Manufacturer": "Siemens",
    "ManufacturersModelName": "TrioTim",
    "Modality": "MR",
    "PartialFourier": 1,
    "PatientPosition": "HFS",
    "PercentPhaseFOV": 100,
    "PhaseEncodingSteps": 255,
    "PhaseResolution": 1,
    "PixelBandwidth": 260,
    "ProcedureStepDescription": "MPRC_Protocols_Bob_Buchanan",
    "ProtocolName": "MPRAGE_TI-900_Buchanan",
    "PulseSequenceDetails": "%SiemensSeq%_tfl",
    "ReceiveCoilName": "32Ch_Head",
    "ReconMatrixPE": 256,
    "RefLinesPE": 31,
    "RepetitionTime": 2.3,
    "SAR": 0.184081,
    "ScanOptions": "IR",
    "ScanningSequence": "GR_IR",
    "SequenceName": "_tfl3d1_ns",
    "SequenceVariant": "SP_MP",
    "SeriesDescription": "MPRAGE_TI-900_Buchanan",
    "SeriesNumber": 2,
    "ShimSetting": [
      -2506,
      -28924,
      11636,
      74,
      524,
      -197,
      -13,
      -122
    ],
    "SliceThickness": 0.9,
    "SoftwareVersions": "syngo_MR_B17",
    "StationName": "MRC35455",
    "TxRefAmp": 340.887,
    "dataset": "ds003011",
    "modality": "T1w",
    "run_id": 1,
    "session_id": "Y2MRC",
    "subject_id": "03"
  },
  "cjv": 0.48678587469313717,
  "cnr": 2.738592379009506,
  "efc": 0.5536482586936408,
  "fber": 3738.2590973534975,
  "fwhm_avg": 4.765170922603636,
  "fwhm_x": 4.91223346346308,
  "fwhm_y": 4.831198608695653,
  "fwhm_z": 4.552080695652174,
  "icvs_csf": 0.20414633837276502,
  "icvs_gm": 0.3978797467653766,
  "icvs_wm": 0.3979739148618584,
  "inu_med": 0.9693465232849121,
  "inu_range": 1.3521275818347929,
  "provenance": {
    "md5sum": "678fb3319d7c042929ee334eff4281b6",
    "settings": {
      "testing": false
    },
    "software": "mriqc",
    "version": "22.0.6",
    "warnings": {
      "large_rot_frame": true,
      "small_air_mask": false
    },
    "webapi_port": null,
    "webapi_url": "https://mriqc.nimh.nih.gov/api/v1"
  },
  "qi_1": 0.0,
  "qi_2": 0.0029928110390204147,
  "rpve_csf": 22.37527660214407,
  "rpve_gm": 11.112783445043005,
  "rpve_wm": 12.620156885432797,
  "size_x": 240,
  "size_y": 256,
  "size_z": 256,
  "snr_csf": 2.6484629060861637,
  "snr_gm": 9.740876968378627,
  "snr_total": 8.88257091531424,
  "snr_wm": 14.25837287147793,
  "snrd_csf": 10.636015914364485,
  "snrd_gm": 34.744318653590646,
  "snrd_total": 31.274339870578984,
  "snrd_wm": 48.44268504378182,
  "spacing_x": 0.8999999761581421,
  "spacing_y": 0.8984375,
  "spacing_z": 0.8984375,
  "summary_bg_k": 15.567212339325522,
  "summary_bg_mad": 13.523949559773694,
  "summary_bg_mean": 13.072553887762757,
  "summary_bg_median": 9.121765360236168,
  "summary_bg_n": 3135713.0,
  "summary_bg_p05": 0.0,
  "summary_bg_p95": 45.96238359808922,
  "summary_bg_stdv": 17.932933379085917,
  "summary_csf_k": 4.537035279735676,
  "summary_csf_mad": 64.05529597691262,
  "summary_csf_mean": 231.54004226022298,
  "summary_csf_median": 219.5587708801031,
  "summary_csf_n": 127884.0,
  "summary_csf_p05": 123.4726401843131,
  "summary_csf_p95": 384.88192911446095,
  "summary_csf_stdv": 82.90012744542535,
  "summary_gm_k": 0.13670357820261891,
  "summary_gm_mad": 71.49871007570279,
  "summary_gm_mean": 718.6274008601794,
  "summary_gm_median": 717.2253182083368,
  "summary_gm_n": 40606.0,
  "summary_gm_p05": 599.2257372401655,
  "summary_gm_p95": 843.3036719858646,
  "summary_gm_stdv": 73.6295601477429,
  "summary_wm_k": 0.5348874530167951,
  "summary_wm_mad": 66.152032342769,
  "summary_wm_mean": 1005.5992064761476,
  "summary_wm_median": 1000.000044375658,
  "summary_wm_n": 338784.0,
  "summary_wm_p05": 900.7212958037853,
  "summary_wm_p95": 1130.7453478723764,
  "summary_wm_stdv": 70.13412943550138,
  "tpm_overlap_csf": 0.14711825926290042,
  "tpm_overlap_gm": 0.41859928171220967,
  "tpm_overlap_wm": 0.4440328716424792,
  "wm2max": 0.294173440704208
}