{
  "bids_meta": {
    "AcquisitionMatrixPE": 256,
    "AcquisitionNumber": 1,
    "AcquisitionTime": "10:31:12.747500",
    "BaseResolution": 256,
    "CoilString": "C:HEA;HEP",
    "ConversionSoftware": "dcm2niix",
    "ConversionSoftwareVersion": "v1.0.20190410  (JP2:OpenJPEG) (JP-LS:CharLS) GCC5.5.0",
    "DeviceSerialNumber": "35455",
    "DwellTime": 7.5e-06,
    "EchoTime": 0.00285,
    "FlipAngle": 9,
    "ImageOrientationPatientDICOM": [
      -0.00696967,
      0.998317,
      -0.057564,
      0.000401837,
      -0.0575626,
      -0.998342
    ],
    "ImageType": [
      "ORIGINAL",
      "PRIMARY",
      "M",
      "ND"
    ],
    "ImagingFrequency": 123.259,
    "InPlanePhaseEncodingDirectionDICOM": "ROW",
    "InstitutionAddress": "Wade_Avenue_55_48CA09_Maryland_US_21228",
    "InstitutionName": "UMCBIR",
    "InstitutionalDepartmentName": "Department",
    "InversionTime": 0.9,
    "MRAcquisitionType": "3D",
    "MagneticFieldStrength": 3,
    "Manufacturer": "Siemens",
    "ManufacturersModelName": "TrioTim",
    "Modality": "MR",
    "PartialFourier": 1,
    "PatientPosition": "HFS",
    "PercentPhaseFOV": 100,
    "PhaseEncodingSteps": 255,
    "PhaseResolution": 1,
    "PixelBandwidth": 260,
    "ProcedureStepDescription": "MPRC_Protocols_Bob_Buchanan",
    "ProtocolName": "MPRAGE_TI-900_Buchanan",
    "PulseSequenceDetails": "%SiemensSeq%_tfl",
    "ReceiveCoilName": "32Ch_Head",
    "ReconMatrixPE": 256,
    "RefLinesPE": 31,
    "RepetitionTime": 2.3,
    "SAR": 0.179779,
    "ScanOptions": "IR",
    "ScanningSequence": "GR_IR",
    "SequenceName": "_tfl3d1_ns",
    "SequenceVariant": "SP_MP",
    "SeriesDescription": "MPRAGE_TI-900_Buchanan",
    "SeriesNumber": 3,
    "ShimSetting": [
      -2506,
      -28924,
      11636,
      74,
      524,
      -197,
      -13,
      -122
    ],
    "SliceThickness": 0.9,
    "SoftwareVersions": "syngo_MR_B17",
    "StationName": "MRC35455",
    "TxRefAmp": 340.887,
    "dataset": "ds003011",
    "modality": "T1w",
    "run_id": 2,
    "session_id": "Y2MRC",
    "subject_id": "03"
  },
  "cjv": 0.49530468754245227,
  "cnr": 2.701004615302819,
  "efc": 0.5544625700878772,
  "fber": 3492.7481154573616,
  "fwhm_avg": 4.81212076448567,
  "fwhm_x": 4.877355684761357,
  "fwhm_y": 4.943282086956522,
  "fwhm_z": 4.61572452173913,
  "icvs_csf": 0.20529872620344178,
  "icvs_gm": 0.39588149153296154,
  "icvs_wm": 0.3988197822635967,
  "inu_med": 0.967740535736084,
  "inu_range": 1.3465853333473201,
  "provenance": {
    "md5sum": "144cfb210600274428b25fc0cc24153e",
    "settings": {
      "testing": false
    },
    "software": "mriqc",
    "version": "22.0.6",
    "warnings": {
      "large_rot_frame": true,
      "small_air_mask": false
    },
    "webapi_port": null,
    "webapi_url": "https://mriqc.nimh.nih.gov/api/v1"
  },
  "qi_1": 0.0,
  "qi_2": 0.0037454666861142577,
  "rpve_csf": 22.236850796326138,
  "rpve_gm": 11.121001221878819,
  "rpve_wm": 12.59944064837542,
  "size_x": 240,
  "size_y": 256,
  "size_z": 256,
  "snr_csf": 2.6223862273903293,
  "snr_gm": 9.532042243979573,
  "snr_total": 8.734488588141287,
  "snr_wm": 14.04903729305396,
  "snrd_csf": 10.104386391044237,
  "snrd_gm": 33.37360662231521,
  "snrd_total": 30.0131153055658,
  "snrd_wm": 46.561352903337955,
  "spacing_x": 0.8999999761581421,
  "spacing_y": 0.8984375,
  "spacing_z": 0.8984375,
  "summary_bg_k": 6.672759904630931,
  "summary_bg_mad": 14.070389884406154,
  "summary_bg_mean": 12.98485040840017,
  "summary_bg_median": 9.490333758294582,
  "summary_bg_n": 3155021.0,
  "summary_bg_p05": 0.0,
  "summary_bg_p95": 43.796132825315,
  "summary_bg_stdv": 16.59605882067073,
  "summary_csf_k": 3.987299794014219,
  "summary_csf_mad": 64.72379346826831,
  "summary_csf_mean": 228.81850260370638,
  "summary_csf_median": 217.01229860633612,
  "summary_csf_n": 127993.0,
  "summary_csf_p05": 121.19507703185081,
  "summary_csf_p95": 382.7767949178815,
  "summary_csf_stdv": 82.75342838037503,
  "summary_gm_k": 0.11733679059167912,
  "summary_gm_mad": 73.47870272967658,
  "summary_gm_mean": 718.8397844592474,
  "summary_gm_median": 716.7662444412708,
  "summary_gm_n": 40203.0,
  "summary_gm_p05": 597.8277578808368,
  "summary_gm_p95": 847.1634302802385,
  "summary_gm_stdv": 75.1945188346966,
  "summary_wm_k": 0.6516911729739752,
  "summary_wm_mad": 66.80829567336552,
  "summary_wm_mean": 1006.1864687652892,
  "summary_wm_median": 999.9999830499291,
  "summary_wm_n": 342293.0,
  "summary_wm_p05": 900.386627972126,
  "summary_wm_p95": 1133.216149508953,
  "summary_wm_stdv": 71.17914925077794,
  "tpm_overlap_csf": 0.1528092513185379,
  "tpm_overlap_gm": 0.42315141274903545,
  "tpm_overlap_wm": 0.44773814245237975,
  "wm2max": 0.2929667387498713
}