{
  "bids_meta": {
    "AcquisitionMatrixPE": 256,
    "AcquisitionNumber": 1,
    "AcquisitionTime": "09:39:48.560000",
    "BaseResolution": 256,
    "BodyPartExamined": "BRAIN",
    "ConsistencyInfo": "N4_VE11C_LATEST_20160120",
    "ConversionSoftware": "dcm2niix",
    "ConversionSoftwareVersion": "v1.0.20190410  (JP2:OpenJPEG) (JP-LS:CharLS) GCC5.5.0",
    "DeviceSerialNumber": "167003",
    "DwellTime": 7.5e-06,
    "EchoTime": 0.00289,
    "FlipAngle": 9,
    "ImageOrientationPatientDICOM": [
      0.0540721,
      0.997166,
      -0.0523149,
      0.0255579,
      -0.0537565,
      -0.998227
    ],
    "ImageType": [
      "ORIGINAL",
      "PRIMARY",
      "M",
      "ND"
    ],
    "ImagingFrequency": 123.235,
    "InPlanePhaseEncodingDirectionDICOM": "ROW",
    "InstitutionAddress": "Wade_Avenue_55_City_Maryland_US_21228",
    "InstitutionName": "UMCBIR",
    "InstitutionalDepartmentName": "Department",
    "InversionTime": 0.9,
    "MRAcquisitionType": "3D",
    "MagneticFieldStrength": 3,
    "Manufacturer": "Siemens",
    "ManufacturersModelName": "Prisma_fit",
    "Modality": "MR",
    "PartialFourier": 1,
    "PatientPosition": "HFS",
    "PercentPhaseFOV": 100,
    "PhaseEncodingSteps": 255,
    "PhaseResolution": 1,
    "PixelBandwidth": 260,
    "ProcedureStepDescription": "MPRC_Protocols_Bob_Buchanan",
    "ProtocolName": "MPRAGE_TI-900_Buchanan",
    "PulseSequenceDetails": "%SiemensSeq%_tfl",
    "ReceiveCoilActiveElements": "HC1-7",
    "ReceiveCoilName": "HeadNeck_64",
    "ReconMatrixPE": 256,
    "RefLinesPE": 31,
    "RepetitionTime": 2.3,
    "SAR": 0.0672021,
    "ScanOptions": "IR",
    "ScanningSequence": "GR_IR",
    "SequenceName": "_tfl3d1_16ns",
    "SequenceVariant": "SK_SP_MP",
    "SeriesDescription": "MPRAGE_TI-900_Buchanan",
    "SeriesNumber": 7,
    "ShimSetting": [
      -1000,
      -11591,
      11577,
      45,
      5,
      -13,
      -26,
      -28
    ],
    "SliceThickness": 0.9,
    "SoftwareVersions": "syngo_MR_E11",
    "StationName": "MRC35455",
    "TxRefAmp": 282.846,
    "dataset": "ds003011",
    "modality": "T1w",
    "run_id": 3,
    "session_id": "Y3MRP",
    "subject_id": "02"
  },
  "cjv": 0.6003174627077897,
  "cnr": 2.0709288254413636,
  "efc": 0.5143024553136522,
  "fber": -1.0,
  "fwhm_avg": 4.874446067669073,
  "fwhm_x": 5.110211246485479,
  "fwhm_y": 4.750347130434783,
  "fwhm_z": 4.762779826086957,
  "icvs_csf": 0.2230789884127538,
  "icvs_gm": 0.3643564104938052,
  "icvs_wm": 0.412564601093441,
  "inu_med": 1.0398437976837158,
  "inu_range": 1.3516415297985078,
  "provenance": {
    "md5sum": "67bb67913cd0a4160f0e52c6d119aba6",
    "settings": {
      "testing": false
    },
    "software": "mriqc",
    "version": "22.0.6",
    "warnings": {
      "large_rot_frame": true,
      "small_air_mask": false
    },
    "webapi_port": null,
    "webapi_url": "https://mriqc.nimh.nih.gov/api/v1"
  },
  "qi_1": 0.0,
  "qi_2": 0.006480034365836612,
  "rpve_csf": 19.99173844598313,
  "rpve_gm": 11.2129745341241,
  "rpve_wm": 11.567375823260932,
  "size_x": 240,
  "size_y": 256,
  "size_z": 256,
  "snr_csf": 1.9177263911246716,
  "snr_gm": 8.006554024160904,
  "snr_total": 6.0561338879525906,
  "snr_wm": 8.244121248572197,
  "snrd_csf": 3.145481701728512,
  "snrd_gm": 10.494440283112343,
  "snrd_total": 9.684596113637465,
  "snrd_wm": 15.41386635607154,
  "spacing_x": 0.8999999761581421,
  "spacing_y": 0.8984375,
  "spacing_z": 0.8984375,
  "summary_bg_k": 7138.569903687626,
  "summary_bg_mad": 0.0,
  "summary_bg_mean": 10.51932824389839,
  "summary_bg_median": 0.0,
  "summary_bg_n": 3067673.0,
  "summary_bg_p05": 0.0,
  "summary_bg_p95": 40.90513628721237,
  "summary_bg_stdv": 42.50767974367555,
  "summary_csf_k": 10.597065906848245,
  "summary_csf_mad": 89.5174346363584,
  "summary_csf_mean": 221.47694569771676,
  "summary_csf_median": 204.0905204117298,
  "summary_csf_n": 114874.0,
  "summary_csf_p05": 78.22019412368536,
  "summary_csf_p95": 412.20628029853106,
  "summary_csf_stdv": 106.4227060914168,
  "summary_gm_k": 0.09241518452101793,
  "summary_gm_mad": 83.87219101064211,
  "summary_gm_mean": 680.8088339354816,
  "summary_gm_median": 680.9182128235698,
  "summary_gm_n": 27538.0,
  "summary_gm_p05": 538.9469286352396,
  "summary_gm_p95": 820.7136918902397,
  "summary_gm_stdv": 85.04355899044936,
  "summary_wm_k": 0.6717986438341521,
  "summary_wm_mad": 107.74350691367101,
  "summary_wm_mean": 1022.0229756257168,
  "summary_wm_median": 1000.1088241711259,
  "summary_wm_n": 364674.0,
  "summary_wm_p05": 860.0957645922899,
  "summary_wm_p95": 1256.8538285270333,
  "summary_wm_stdv": 121.31158952891259,
  "tpm_overlap_csf": 0.1707410359972779,
  "tpm_overlap_gm": 0.418694938868565,
  "tpm_overlap_wm": 0.4694483107750555,
  "wm2max": 0.16254973035098577
}