{
  "bids_meta": {
    "AcquisitionMatrixPE": 256,
    "AcquisitionNumber": 1,
    "AcquisitionTime": "17:53:37.000000",
    "CoilString": "8HRBRAIN",
    "ConversionSoftware": "dcm2niix",
    "ConversionSoftwareVersion": "v1.0.20190410  (JP2:OpenJPEG) (JP-LS:CharLS) GCC5.5.0",
    "DeviceSerialNumber": "000000000000CAMH",
    "EchoTime": 0.002996,
    "FlipAngle": 8,
    "ImageOrientationPatientDICOM": [
      0,
      1,
      0,
      0,
      0,
      -1
    ],
    "ImageType": [
      "ORIGINAL",
      "PRIMARY",
      "OTHER"
    ],
    "ImagingFrequency": 127.757,
    "InPlanePhaseEncodingDirectionDICOM": "ROW",
    "InstitutionName": "CAMH",
    "InversionTime": 0.65,
    "MRAcquisitionType": "3D",
    "MagneticFieldStrength": 3,
    "Manufacturer": "GE",
    "ManufacturersModelName": "DISCOVERY_MR750",
    "Modality": "MR",
    "PatientPosition": "HFS",
    "PercentPhaseFOV": 100,
    "PixelBandwidth": 244.141,
    "ProcedureStepDescription": "SPIN1MR",
    "ProtocolName": "SagT1Bravo_09mm",
    "ReconMatrixPE": 256,
    "RepetitionTime": 0.006736,
    "SAR": 0.197381,
    "ScanOptions": "FAST_GEMS_EDR_GEMS_ACC_GEMS",
    "ScanningSequence": "GR",
    "SequenceVariant": "SS_SK",
    "SeriesDescription": "SagT1Bravo_09mm",
    "SeriesNumber": 2,
    "SliceThickness": 0.9,
    "SoftwareVersions": "24_LX_MR_Software_release:DV24.0_R02_1607.b",
    "SpacingBetweenSlices": 0.9,
    "StationName": "MRMR",
    "dataset": "ds003011",
    "modality": "T1w",
    "run_id": 1,
    "session_id": "Y3CMH",
    "subject_id": "02"
  },
  "cjv": 0.39319881159104597,
  "cnr": 3.441974241084628,
  "efc": 0.593732816392626,
  "fber": 3199.4116941899583,
  "fwhm_avg": 3.9599056586122168,
  "fwhm_x": 3.9264334373482983,
  "fwhm_y": 4.052381973321084,
  "fwhm_z": 3.900901565167269,
  "icvs_csf": 0.25110029375376036,
  "icvs_gm": 0.4015840143268413,
  "icvs_wm": 0.3473156919193983,
  "inu_med": 0.7320457100868225,
  "inu_range": 0.29511717557907113,
  "provenance": {
    "md5sum": "e03543cdc4ae7f9b5801c941d4806703",
    "settings": {
      "testing": false
    },
    "software": "mriqc",
    "version": "22.0.6",
    "warnings": {
      "large_rot_frame": true,
      "small_air_mask": false
    },
    "webapi_port": null,
    "webapi_url": "https://mriqc.nimh.nih.gov/api/v1"
  },
  "qi_1": 0.0,
  "qi_2": 0.000539249086173334,
  "rpve_csf": 14.284922495931408,
  "rpve_gm": 8.523476586407723,
  "rpve_wm": 11.479054977422594,
  "size_x": 200,
  "size_y": 256,
  "size_z": 256,
  "snr_csf": 1.7103356771635712,
  "snr_gm": 8.174211286346527,
  "snr_total": 8.865421126750919,
  "snr_wm": 16.71171641674266,
  "snrd_csf": 11.736107235336009,
  "snrd_gm": 52.018591450559185,
  "snrd_total": 47.81779237773949,
  "snrd_wm": 79.69867844732327,
  "spacing_x": 0.8999999761581421,
  "spacing_y": 0.8984000086784363,
  "spacing_z": 0.8984000086784363,
  "summary_bg_k": 3.3583043128710113,
  "summary_bg_mad": 8.220424135605118,
  "summary_bg_mean": 11.595533809106625,
  "summary_bg_median": 5.544591821730137,
  "summary_bg_n": 3273270.0,
  "summary_bg_p05": 0.0,
  "summary_bg_p95": 42.22660890221596,
  "summary_bg_stdv": 15.017574840801585,
  "summary_csf_k": 4.628703453256939,
  "summary_csf_mad": 74.21603259150835,
  "summary_csf_mean": 158.68705401332375,
  "summary_csf_median": 147.26059973984957,
  "summary_csf_n": 111264.0,
  "summary_csf_p05": 43.077092901989836,
  "summary_csf_p95": 318.32378759123355,
  "summary_csf_stdv": 86.10002114933665,
  "summary_gm_k": 0.1356569412053208,
  "summary_gm_mad": 78.60490310458566,
  "summary_gm_mean": 650.6918527261356,
  "summary_gm_median": 652.7112287767231,
  "summary_gm_n": 53102.0,
  "summary_gm_p05": 516.557041637972,
  "summary_gm_p95": 778.8741867542267,
  "summary_gm_stdv": 79.84930411729412,
  "summary_wm_k": 0.27580410402951117,
  "summary_wm_mad": 57.96095661714795,
  "summary_wm_mean": 1000.109893385559,
  "summary_wm_median": 1000.0313520729542,
  "summary_wm_n": 383132.0,
  "summary_wm_p05": 901.8576189130545,
  "summary_wm_p95": 1098.2990613654256,
  "summary_wm_stdv": 59.840056045712515,
  "tpm_overlap_csf": 0.16375835522615123,
  "tpm_overlap_gm": 0.4437328561398962,
  "tpm_overlap_wm": 0.512412776726534,
  "wm2max": 0.5489524391193619
}