{
  "bids_meta": {
    "AcquisitionMatrixPE": 256,
    "AcquisitionNumber": 1,
    "AcquisitionTime": "15:07:16.760000",
    "BaseResolution": 256,
    "CoilString": "C:HEA;HEP",
    "ConversionSoftware": "dcm2niix",
    "ConversionSoftwareVersion": "v1.0.20190410  (JP2:OpenJPEG) (JP-LS:CharLS) GCC5.5.0",
    "DeviceSerialNumber": "35455",
    "DwellTime": 7.5e-06,
    "EchoTime": 0.00285,
    "FlipAngle": 9,
    "ImageOrientationPatientDICOM": [
      -0.00871375,
      0.998499,
      -0.0540788,
      0.000471935,
      -0.0540768,
      -0.998537
    ],
    "ImageType": [
      "ORIGINAL",
      "PRIMARY",
      "M",
      "ND"
    ],
    "ImagingFrequency": 123.259,
    "InPlanePhaseEncodingDirectionDICOM": "ROW",
    "InstitutionAddress": "Wade_Avenue_55_250F90_Maryland_US_21228",
    "InstitutionName": "UMCBIR",
    "InstitutionalDepartmentName": "Department",
    "InversionTime": 0.9,
    "MRAcquisitionType": "3D",
    "MagneticFieldStrength": 3,
    "Manufacturer": "Siemens",
    "ManufacturersModelName": "TrioTim",
    "Modality": "MR",
    "PartialFourier": 1,
    "PatientPosition": "HFS",
    "PercentPhaseFOV": 100,
    "PhaseEncodingSteps": 255,
    "PhaseResolution": 1,
    "PixelBandwidth": 260,
    "ProcedureStepDescription": "MPRC_Protocols_Bob_Buchanan",
    "ProtocolName": "MPRAGE_TI-900_Buchanan",
    "PulseSequenceDetails": "%SiemensSeq%_tfl",
    "ReceiveCoilName": "32Ch_Head",
    "ReconMatrixPE": 256,
    "RefLinesPE": 31,
    "RepetitionTime": 2.3,
    "SAR": 0.120767,
    "ScanOptions": "IR",
    "ScanningSequence": "GR_IR",
    "SequenceName": "_tfl3d1_ns",
    "SequenceVariant": "SP_MP",
    "SeriesDescription": "MPRAGE_TI-900_Buchanan",
    "SeriesNumber": 3,
    "ShimSetting": [
      -2506,
      -28900,
      11652,
      9,
      517,
      -186,
      -2,
      -108
    ],
    "SliceThickness": 0.9,
    "SoftwareVersions": "syngo_MR_B17",
    "StationName": "MRC35455",
    "TxRefAmp": 350.699,
    "dataset": "ds003011",
    "modality": "T1w",
    "run_id": 2,
    "session_id": "Y1MRC",
    "subject_id": "04"
  },
  "cjv": 0.5181748277222873,
  "cnr": 2.577260530867915,
  "efc": 0.5396656007183811,
  "fber": 7662.084444444445,
  "fwhm_avg": 4.491224026721725,
  "fwhm_x": 4.48502234103474,
  "fwhm_y": 4.678678260869566,
  "fwhm_z": 4.30997147826087,
  "icvs_csf": 0.26413562815987135,
  "icvs_gm": 0.3504934479771467,
  "icvs_wm": 0.38537092386298194,
  "inu_med": 0.9665457904338837,
  "inu_range": 1.066234505176544,
  "provenance": {
    "md5sum": "1a402d7680c1d52024c945955ef30c28",
    "settings": {
      "testing": false
    },
    "software": "mriqc",
    "version": "22.0.6",
    "warnings": {
      "large_rot_frame": true,
      "small_air_mask": false
    },
    "webapi_port": null,
    "webapi_url": "https://mriqc.nimh.nih.gov/api/v1"
  },
  "qi_1": 0.00011575447703723888,
  "qi_2": 0.006032849788969635,
  "rpve_csf": 19.526983801722285,
  "rpve_gm": 13.027383835132166,
  "rpve_wm": 14.044526512388538,
  "size_x": 240,
  "size_y": 256,
  "size_z": 256,
  "snr_csf": 2.6150836251298943,
  "snr_gm": 9.51454388380748,
  "snr_total": 9.007865377496833,
  "snr_wm": 14.893968623553127,
  "snrd_csf": 5.96547749083039,
  "snrd_gm": 18.6495388503278,
  "snrd_total": 16.729794653435814,
  "snrd_wm": 25.574367619149246,
  "spacing_x": 0.8999999761581421,
  "spacing_y": 0.8984375,
  "spacing_z": 0.8984375,
  "summary_bg_k": 4068.2663481125805,
  "summary_bg_mad": 0.0,
  "summary_bg_mean": 10.899478419023689,
  "summary_bg_median": 0.0,
  "summary_bg_n": 3483527.0,
  "summary_bg_p05": 0.0,
  "summary_bg_p95": 43.62436701357365,
  "summary_bg_stdv": 25.61848063361278,
  "summary_csf_k": 2.1590430591921654,
  "summary_csf_mad": 74.64191687919742,
  "summary_csf_mean": 245.62146671799513,
  "summary_csf_median": 233.27427627146244,
  "summary_csf_n": 145278.0,
  "summary_csf_p05": 125.25203414261341,
  "summary_csf_p95": 412.84292424470186,
  "summary_csf_stdv": 89.2030645496869,
  "summary_gm_k": -0.017124173173527435,
  "summary_gm_mad": 76.81595329315462,
  "summary_gm_mean": 729.5095903880965,
  "summary_gm_median": 729.2723314762115,
  "summary_gm_n": 16552.0,
  "summary_gm_p05": 605.7646610286087,
  "summary_gm_p95": 857.6678861830383,
  "summary_gm_stdv": 76.64584979738628,
  "summary_wm_k": 0.5236199070121401,
  "summary_wm_mad": 63.499980257666735,
  "summary_wm_mean": 1005.1700479006383,
  "summary_wm_median": 1000.0611194372177,
  "summary_wm_n": 331243.0,
  "summary_wm_p05": 904.1363908499479,
  "summary_wm_p95": 1124.7021680474281,
  "summary_wm_stdv": 67.14527438284507,
  "tpm_overlap_csf": 0.17419736878664868,
  "tpm_overlap_gm": 0.4080731078986358,
  "tpm_overlap_wm": 0.4916977509694628,
  "wm2max": 0.3132871415993569
}