{
  "bids_meta": {
    "AcquisitionMatrixPE": 256,
    "AcquisitionNumber": 1,
    "AcquisitionTime": "15:01:44.707500",
    "BaseResolution": 256,
    "CoilString": "C:HEA;HEP",
    "ConversionSoftware": "dcm2niix",
    "ConversionSoftwareVersion": "v1.0.20190410  (JP2:OpenJPEG) (JP-LS:CharLS) GCC5.5.0",
    "DeviceSerialNumber": "35455",
    "DwellTime": 7.5e-06,
    "EchoTime": 0.00285,
    "FlipAngle": 9,
    "ImageOrientationPatientDICOM": [
      -0.00871375,
      0.998499,
      -0.0540788,
      0.000471935,
      -0.0540768,
      -0.998537
    ],
    "ImageType": [
      "ORIGINAL",
      "PRIMARY",
      "M",
      "ND"
    ],
    "ImagingFrequency": 123.259,
    "InPlanePhaseEncodingDirectionDICOM": "ROW",
    "InstitutionAddress": "Wade_Avenue_55_250F90_Maryland_US_21228",
    "InstitutionName": "UMCBIR",
    "InstitutionalDepartmentName": "Department",
    "InversionTime": 0.9,
    "MRAcquisitionType": "3D",
    "MagneticFieldStrength": 3,
    "Manufacturer": "Siemens",
    "ManufacturersModelName": "TrioTim",
    "Modality": "MR",
    "PartialFourier": 1,
    "PatientPosition": "HFS",
    "PercentPhaseFOV": 100,
    "PhaseEncodingSteps": 255,
    "PhaseResolution": 1,
    "PixelBandwidth": 260,
    "ProcedureStepDescription": "MPRC_Protocols_Bob_Buchanan",
    "ProtocolName": "MPRAGE_TI-900_Buchanan",
    "PulseSequenceDetails": "%SiemensSeq%_tfl",
    "ReceiveCoilName": "32Ch_Head",
    "ReconMatrixPE": 256,
    "RefLinesPE": 31,
    "RepetitionTime": 2.3,
    "SAR": 0.121825,
    "ScanOptions": "IR",
    "ScanningSequence": "GR_IR",
    "SequenceName": "_tfl3d1_ns",
    "SequenceVariant": "SP_MP",
    "SeriesDescription": "MPRAGE_TI-900_Buchanan",
    "SeriesNumber": 2,
    "ShimSetting": [
      -2506,
      -28900,
      11652,
      9,
      517,
      -186,
      -2,
      -108
    ],
    "SliceThickness": 0.9,
    "SoftwareVersions": "syngo_MR_B17",
    "StationName": "MRC35455",
    "TxRefAmp": 350.699,
    "dataset": "ds003011",
    "modality": "T1w",
    "run_id": 1,
    "session_id": "Y1MRC",
    "subject_id": "04"
  },
  "cjv": 0.5091582429673864,
  "cnr": 2.604001773095231,
  "efc": 0.5377323227316472,
  "fber": 8303.075298438933,
  "fwhm_avg": 4.384362712286148,
  "fwhm_x": 4.436789006423659,
  "fwhm_y": 4.5237426086956525,
  "fwhm_z": 4.192556521739131,
  "icvs_csf": 0.2658160469468788,
  "icvs_gm": 0.35534054140365834,
  "icvs_wm": 0.37884341164946284,
  "inu_med": 0.9691263735294342,
  "inu_range": 1.0698416978120804,
  "provenance": {
    "md5sum": "d6c3510849f2939fe805fc3ca4eb759a",
    "settings": {
      "testing": false
    },
    "software": "mriqc",
    "version": "22.0.6",
    "warnings": {
      "large_rot_frame": true,
      "small_air_mask": false
    },
    "webapi_port": null,
    "webapi_url": "https://mriqc.nimh.nih.gov/api/v1"
  },
  "qi_1": 0.00011732085039485132,
  "qi_2": 0.005274664934966981,
  "rpve_csf": 19.41031573639743,
  "rpve_gm": 12.982883984191842,
  "rpve_wm": 14.271966955909193,
  "size_x": 240,
  "size_y": 256,
  "size_z": 256,
  "snr_csf": 2.6085668244622804,
  "snr_gm": 9.635572972391229,
  "snr_total": 9.195990156939601,
  "snr_wm": 15.343830673965295,
  "snrd_csf": 5.9986295651456345,
  "snrd_gm": 18.846314476515897,
  "snrd_total": 16.872695467013827,
  "snrd_wm": 25.77314235937995,
  "spacing_x": 0.8999999761581421,
  "spacing_y": 0.8984375,
  "spacing_z": 0.8984375,
  "summary_bg_k": 4076.1847466747236,
  "summary_bg_mad": 0.0,
  "summary_bg_mean": 10.939715552063243,
  "summary_bg_median": 0.0,
  "summary_bg_n": 3476907.0,
  "summary_bg_p05": 0.0,
  "summary_bg_p95": 43.820521503686905,
  "summary_bg_stdv": 25.419346236213734,
  "summary_csf_k": 2.319327594430389,
  "summary_csf_mad": 73.62437217793571,
  "summary_csf_mean": 245.78866119748054,
  "summary_csf_median": 232.74732080101967,
  "summary_csf_n": 146328.0,
  "summary_csf_p05": 127.52558952569962,
  "summary_csf_p95": 415.2880006846037,
  "summary_csf_stdv": 89.22390767369308,
  "summary_gm_k": 0.07423593183699717,
  "summary_gm_mad": 74.7914692269915,
  "summary_gm_mean": 732.128773653515,
  "summary_gm_median": 731.2385526970029,
  "summary_gm_n": 17284.0,
  "summary_gm_p05": 607.6489381566644,
  "summary_gm_p95": 859.8137355521321,
  "summary_gm_stdv": 75.88727736896531,
  "summary_wm_k": 0.45951002809638286,
  "summary_wm_mad": 62.05065977479918,
  "summary_wm_mean": 1004.5620837594988,
  "summary_wm_median": 1000.0000446140766,
  "summary_wm_n": 326932.0,
  "summary_wm_p05": 905.4054457992315,
  "summary_wm_p95": 1119.1288875043392,
  "summary_wm_stdv": 65.17267666017511,
  "tpm_overlap_csf": 0.17241826040698502,
  "tpm_overlap_gm": 0.40926801054590545,
  "tpm_overlap_wm": 0.49105273888294154,
  "wm2max": 0.3145622252945668
}