{
  "bids_meta": {
    "AcquisitionMatrixPE": 256,
    "AcquisitionNumber": 1,
    "AcquisitionTime": "15:34:9.000000",
    "CoilString": "8HRBRAIN",
    "ConversionSoftware": "dcm2niix",
    "ConversionSoftwareVersion": "v1.0.20190410  (JP2:OpenJPEG) (JP-LS:CharLS) GCC5.5.0",
    "DeviceSerialNumber": "000000000000CAMH",
    "EchoTime": 0.002996,
    "FlipAngle": 8,
    "ImageOrientationPatientDICOM": [
      0,
      1,
      0,
      0,
      0,
      -1
    ],
    "ImageType": [
      "ORIGINAL",
      "PRIMARY",
      "OTHER"
    ],
    "ImagingFrequency": 127.757,
    "InPlanePhaseEncodingDirectionDICOM": "ROW",
    "InstitutionName": "CAMH",
    "InversionTime": 0.65,
    "MRAcquisitionType": "3D",
    "MagneticFieldStrength": 3,
    "Manufacturer": "GE",
    "ManufacturersModelName": "DISCOVERY_MR750",
    "Modality": "MR",
    "PatientPosition": "HFS",
    "PercentPhaseFOV": 100,
    "PixelBandwidth": 244.141,
    "ProcedureStepDescription": "SPIN1MR",
    "ProtocolName": "SagT1_BRAVO",
    "ReconMatrixPE": 256,
    "RepetitionTime": 0.006736,
    "SAR": 0.193991,
    "ScanOptions": "FAST_GEMS_EDR_GEMS_ACC_GEMS",
    "ScanningSequence": "GR",
    "SequenceVariant": "SS_SK",
    "SeriesDescription": "SagT1_BRAVO",
    "SeriesNumber": 2,
    "SliceThickness": 0.9,
    "SoftwareVersions": "23_LX_MR_Software_release:DV23.1_V02_1317.c",
    "SpacingBetweenSlices": 0.9,
    "StationName": "MRMR",
    "dataset": "ds003011",
    "modality": "T1w",
    "run_id": 1,
    "session_id": "Y1CMH",
    "subject_id": "04"
  },
  "cjv": 0.40289061673874244,
  "cnr": 3.34491884309015,
  "efc": 0.5658073018699955,
  "fber": 3988.919667590028,
  "fwhm_avg": 4.207680029440365,
  "fwhm_x": 4.1192556646785645,
  "fwhm_y": 4.449643768236921,
  "fwhm_z": 4.054140655405608,
  "icvs_csf": 0.27266339306471615,
  "icvs_gm": 0.38485846001804247,
  "icvs_wm": 0.3424781469172414,
  "inu_med": 0.6884260177612305,
  "inu_range": 0.2899957388639449,
  "provenance": {
    "md5sum": "e4dc4ef4eb69ad4a8dc58a05256b6802",
    "settings": {
      "testing": false
    },
    "software": "mriqc",
    "version": "22.0.6",
    "warnings": {
      "large_rot_frame": true,
      "small_air_mask": false
    },
    "webapi_port": null,
    "webapi_url": "https://mriqc.nimh.nih.gov/api/v1"
  },
  "qi_1": 0.0,
  "qi_2": 0.0005048947477080868,
  "rpve_csf": 15.449662331611513,
  "rpve_gm": 10.198736792462535,
  "rpve_wm": 13.403098224930181,
  "size_x": 200,
  "size_y": 256,
  "size_z": 256,
  "snr_csf": 1.9454907162303139,
  "snr_gm": 9.077364537331675,
  "snr_total": 9.69674658704888,
  "snr_wm": 18.067384507584652,
  "snrd_csf": 12.5671924854904,
  "snrd_gm": 50.18131397374466,
  "snrd_total": 45.38696245293934,
  "snrd_wm": 73.41238089958297,
  "spacing_x": 0.8999999761581421,
  "spacing_y": 0.8984000086784363,
  "spacing_z": 0.8984000086784363,
  "summary_bg_k": 3.793958739508164,
  "summary_bg_mad": 8.924338502790013,
  "summary_bg_mean": 12.012212758016224,
  "summary_bg_median": 6.019374847412109,
  "summary_bg_n": 3765933.0,
  "summary_bg_p05": 0.0,
  "summary_bg_p95": 41.477254807949066,
  "summary_bg_stdv": 14.706180544738949,
  "summary_csf_k": 1.8082649507181419,
  "summary_csf_mad": 78.39008794247582,
  "summary_csf_mean": 179.5733608276899,
  "summary_csf_median": 171.19164767861366,
  "summary_csf_n": 130166.0,
  "summary_csf_p05": 53.641408145427704,
  "summary_csf_p95": 340.3141352534294,
  "summary_csf_stdv": 87.99373271712999,
  "summary_gm_k": 0.12124952769852193,
  "summary_gm_mad": 73.62579264801761,
  "summary_gm_mean": 681.0806261023674,
  "summary_gm_median": 683.5752561092377,
  "summary_gm_n": 41853.0,
  "summary_gm_p05": 553.4376259446144,
  "summary_gm_p95": 802.4265584349632,
  "summary_gm_stdv": 75.3045762199152,
  "summary_wm_k": 0.23631720384566313,
  "summary_wm_mad": 53.87139752465429,
  "summary_wm_mean": 1000.115798274147,
  "summary_wm_median": 1000.0313483476639,
  "summary_wm_n": 336741.0,
  "summary_wm_p05": 909.207760155201,
  "summary_wm_p95": 1091.1057438254356,
  "summary_wm_stdv": 55.35000724977797,
  "tpm_overlap_csf": 0.1628230709192207,
  "tpm_overlap_gm": 0.4227650444773666,
  "tpm_overlap_wm": 0.5022765941306387,
  "wm2max": 0.5507156299097046
}