{
  "aor": 0.0008131603773584905,
  "aqi": 0.00215002179245283,
  "bids_meta": {
    "AcquisitionMatrixPE": 64,
    "AcquisitionNumber": 1,
    "AcquisitionTime": "09:52:42.930000",
    "BandwidthPerPixelPhaseEncode": 54.825,
    "BaseResolution": 64,
    "CoilString": "C:HEA;HEP",
    "ConversionSoftware": "dcm2niix",
    "ConversionSoftwareVersion": "v1.0.20190410  (JP2:OpenJPEG) (JP-LS:CharLS) GCC5.5.0",
    "DerivedVendorReportedEchoSpacing": 0.000569995,
    "DeviceSerialNumber": "35455",
    "DwellTime": 3.8e-06,
    "EchoTime": 0.03,
    "EffectiveEchoSpacing": 0.000284998,
    "FlipAngle": 77,
    "ImageOrientationPatientDICOM": [
      1,
      0,
      0,
      0,
      1,
      0
    ],
    "ImageType": [
      "ORIGINAL",
      "PRIMARY",
      "M",
      "ND",
      "MOSAIC"
    ],
    "ImagingFrequency": 123.258,
    "InPlanePhaseEncodingDirectionDICOM": "COL",
    "InstitutionAddress": "Wade_Avenue_55_48CA09_Maryland_US_21228",
    "InstitutionName": "UMCBIR",
    "InstitutionalDepartmentName": "Department",
    "MRAcquisitionType": "2D",
    "MagneticFieldStrength": 3,
    "Manufacturer": "Siemens",
    "ManufacturersModelName": "TrioTim",
    "Modality": "MR",
    "ParallelReductionFactorInPlane": 2,
    "PartialFourier": 1,
    "PatientPosition": "HFS",
    "PercentPhaseFOV": 100,
    "PhaseEncodingDirection": "j-",
    "PhaseEncodingSteps": 63,
    "PhaseResolution": 1,
    "PixelBandwidth": 2056,
    "ProcedureStepDescription": "MPRC_Protocols_Bob_Buchanan",
    "ProtocolName": "EPI_3x3x4xTR2-Resting-Eye_closed",
    "PulseSequenceDetails": "%SiemensSeq%_ep2d_bold",
    "ReceiveCoilName": "32Ch_Head",
    "ReconMatrixPE": 64,
    "RefLinesPE": 30,
    "RepetitionTime": 2,
    "SAR": 0.180214,
    "ScanOptions": "FS",
    "ScanningSequence": "EP",
    "SequenceName": "_epfid2d1_64",
    "SequenceVariant": "SK",
    "SeriesDescription": "EPI_3x3x4xTR2-Resting-Eye_closed",
    "SeriesNumber": 5,
    "ShimSetting": [
      -2514,
      -28932,
      12072,
      908,
      442,
      130,
      -73,
      -273
    ],
    "SliceThickness": 4,
    "SliceTiming": [
      0,
      1.03,
      0.0525,
      1.085,
      0.1075,
      1.14,
      0.1625,
      1.1925,
      0.2175,
      1.2475,
      0.27,
      1.3025,
      0.325,
      1.355,
      0.38,
      1.41,
      0.4325,
      1.465,
      0.4875,
      1.5175,
      0.5425,
      1.5725,
      0.595,
      1.6275,
      0.65,
      1.6825,
      0.705,
      1.735,
      0.76,
      1.79,
      0.8125,
      1.845,
      0.8675,
      1.8975,
      0.9225,
      1.9525,
      0.975
    ],
    "SoftwareVersions": "syngo_MR_B17",
    "SpacingBetweenSlices": 4,
    "StationName": "MRC35455",
    "TaskName": "rest eyes closed",
    "TotalReadoutTime": 0.0179549,
    "TxRefAmp": 312.843,
    "dataset": "ds003011",
    "modality": "bold",
    "run_id": 1,
    "session_id": "Y2MRC",
    "subject_id": "01",
    "task_id": "rest"
  },
  "dummy_trs": 0,
  "dvars_nstd": 22.880133045734613,
  "dvars_std": 1.1980970731753557,
  "dvars_vstd": 1.0046699439810431,
  "efc": 0.5027357943875274,
  "fber": 973.1683959960938,
  "fd_mean": 0.17002593807237618,
  "fd_num": 86,
  "fd_perc": 40.56603773584906,
  "fwhm_avg": 2.886749066666667,
  "fwhm_x": 2.8252128,
  "fwhm_y": 3.1321344,
  "fwhm_z": 2.7029,
  "gcor": 0.02441,
  "gsr_x": 0.02341383323073387,
  "gsr_y": 0.05876975879073143,
  "provenance": {
    "md5sum": "427aeaac21fdd9944373874a429f5f2b",
    "settings": {
      "fd_thres": 0.2,
      "testing": false
    },
    "software": "mriqc",
    "version": "22.0.6",
    "webapi_port": null,
    "webapi_url": "https://mriqc.nimh.nih.gov/api/v1"
  },
  "size_t": 212,
  "size_x": 64,
  "size_y": 64,
  "size_z": 37,
  "snr": 2.6337528059013833,
  "spacing_tr": 2.0,
  "spacing_x": 3.125,
  "spacing_y": 3.125,
  "spacing_z": 4.0,
  "summary_bg_k": 49.17225546553022,
  "summary_bg_mad": 9.406133039912742,
  "summary_bg_mean": 40.576446533203125,
  "summary_bg_median": 17.466981887817383,
  "summary_bg_n": 92845.0,
  "summary_bg_p05": 10.179244995117188,
  "summary_bg_p95": 146.14056396484384,
  "summary_bg_stdv": 77.14768981933594,
  "summary_fg_k": 2.676287923734737,
  "summary_fg_mad": 163.7506279155154,
  "summary_fg_mean": 597.1851196289062,
  "summary_fg_median": 554.1415405273438,
  "summary_fg_n": 24609.0,
  "summary_fg_p05": 337.5518859863281,
  "summary_fg_p95": 1014.3009765625,
  "summary_fg_stdv": 210.3957061767578,
  "tsnr": 83.94371055043302
}