{
  "bids_meta": {
    "AcquisitionMatrixPE": 256,
    "AcquisitionNumber": 1,
    "AcquisitionTime": "15:12:48.720000",
    "BaseResolution": 256,
    "CoilString": "C:HEA;HEP",
    "ConversionSoftware": "dcm2niix",
    "ConversionSoftwareVersion": "v1.0.20190410  (JP2:OpenJPEG) (JP-LS:CharLS) GCC5.5.0",
    "DeviceSerialNumber": "35455",
    "DwellTime": 7.5e-06,
    "EchoTime": 0.00285,
    "FlipAngle": 9,
    "ImageOrientationPatientDICOM": [
      -0.00871375,
      0.998499,
      -0.0540788,
      0.000471935,
      -0.0540768,
      -0.998537
    ],
    "ImageType": [
      "ORIGINAL",
      "PRIMARY",
      "M",
      "ND"
    ],
    "ImagingFrequency": 123.259,
    "InPlanePhaseEncodingDirectionDICOM": "ROW",
    "InstitutionAddress": "Wade_Avenue_55_250F90_Maryland_US_21228",
    "InstitutionName": "UMCBIR",
    "InstitutionalDepartmentName": "Department",
    "InversionTime": 0.9,
    "MRAcquisitionType": "3D",
    "MagneticFieldStrength": 3,
    "Manufacturer": "Siemens",
    "ManufacturersModelName": "TrioTim",
    "Modality": "MR",
    "PartialFourier": 1,
    "PatientPosition": "HFS",
    "PercentPhaseFOV": 100,
    "PhaseEncodingSteps": 255,
    "PhaseResolution": 1,
    "PixelBandwidth": 260,
    "ProcedureStepDescription": "MPRC_Protocols_Bob_Buchanan",
    "ProtocolName": "MPRAGE_TI-900_Buchanan",
    "PulseSequenceDetails": "%SiemensSeq%_tfl",
    "ReceiveCoilName": "32Ch_Head",
    "ReconMatrixPE": 256,
    "RefLinesPE": 31,
    "RepetitionTime": 2.3,
    "SAR": 0.120767,
    "ScanOptions": "IR",
    "ScanningSequence": "GR_IR",
    "SequenceName": "_tfl3d1_ns",
    "SequenceVariant": "SP_MP",
    "SeriesDescription": "MPRAGE_TI-900_Buchanan",
    "SeriesNumber": 4,
    "ShimSetting": [
      -2506,
      -28900,
      11652,
      9,
      517,
      -186,
      -2,
      -108
    ],
    "SliceThickness": 0.9,
    "SoftwareVersions": "syngo_MR_B17",
    "StationName": "MRC35455",
    "TxRefAmp": 350.699,
    "dataset": "ds003011",
    "modality": "T1w",
    "run_id": 3,
    "session_id": "Y1MRC",
    "subject_id": "04"
  },
  "cjv": 0.5046416001955687,
  "cnr": 2.631053980483127,
  "efc": 0.5382627517872519,
  "fber": 8156.18404746902,
  "fwhm_avg": 4.383684966696042,
  "fwhm_x": 4.434700117479434,
  "fwhm_y": 4.5213273043478255,
  "fwhm_z": 4.19502747826087,
  "icvs_csf": 0.26412425777137427,
  "icvs_gm": 0.3553503888318919,
  "icvs_wm": 0.3805253533967338,
  "inu_med": 0.9733738601207733,
  "inu_range": 1.071314385533333,
  "provenance": {
    "md5sum": "a8bbe635a070637ca1b29a9362aca7b1",
    "settings": {
      "testing": false
    },
    "software": "mriqc",
    "version": "22.0.6",
    "warnings": {
      "large_rot_frame": true,
      "small_air_mask": false
    },
    "webapi_port": null,
    "webapi_url": "https://mriqc.nimh.nih.gov/api/v1"
  },
  "qi_1": 0.00012039256461885279,
  "qi_2": 0.006094515338935163,
  "rpve_csf": 19.55713644001947,
  "rpve_gm": 12.966423218483664,
  "rpve_wm": 14.184192315491687,
  "size_x": 240,
  "size_y": 256,
  "size_z": 256,
  "snr_csf": 2.6169989467354395,
  "snr_gm": 9.640607700395565,
  "snr_total": 9.127662017151694,
  "snr_wm": 15.125379404324082,
  "snrd_csf": 6.017531490256038,
  "snrd_gm": 18.816148315453173,
  "snrd_total": 16.89679651539348,
  "snrd_wm": 25.856709740471224,
  "spacing_x": 0.8999999761581421,
  "spacing_y": 0.8984375,
  "spacing_z": 0.8984375,
  "summary_bg_k": 4369.868488900741,
  "summary_bg_mad": 0.0,
  "summary_bg_mean": 10.759295345532507,
  "summary_bg_median": 0.0,
  "summary_bg_n": 3496890.0,
  "summary_bg_p05": 0.0,
  "summary_bg_p95": 43.2726134210825,
  "summary_bg_stdv": 25.337192641853306,
  "summary_csf_k": 2.229340755243479,
  "summary_csf_mad": 73.82212791886924,
  "summary_csf_mean": 245.3675750418185,
  "summary_csf_median": 232.7261232882738,
  "summary_csf_n": 144705.0,
  "summary_csf_p05": 125.91883078217506,
  "summary_csf_p95": 413.55067774653435,
  "summary_csf_stdv": 88.92831976004969,
  "summary_gm_k": 0.15881728644628357,
  "summary_gm_mad": 74.5802499000643,
  "summary_gm_mean": 728.7426597108297,
  "summary_gm_median": 727.708572819829,
  "summary_gm_n": 16664.0,
  "summary_gm_p05": 606.2831906691193,
  "summary_gm_p95": 854.1387491077185,
  "summary_gm_stdv": 75.4814178064359,
  "summary_wm_k": 0.47763731441465973,
  "summary_wm_mad": 62.82935919154083,
  "summary_wm_mean": 1004.6181235272114,
  "summary_wm_median": 1000.0000546127558,
  "summary_wm_n": 324594.0,
  "summary_wm_p05": 904.186690479517,
  "summary_wm_p95": 1121.3806940317154,
  "summary_wm_stdv": 66.11394580553578,
  "tpm_overlap_csf": 0.16927410339164478,
  "tpm_overlap_gm": 0.40524311543008174,
  "tpm_overlap_wm": 0.48627868076629827,
  "wm2max": 0.31312545032423345
}