{
  "aor": 0.0017533649289099527,
  "aqi": 0.004327732085308057,
  "bids_meta": {
    "AcquisitionMatrixPE": 64,
    "AcquisitionNumber": 1,
    "AcquisitionTime": "15:45:49.000000",
    "CoilString": "8HRBRAIN",
    "ConversionSoftware": "dcm2niix",
    "ConversionSoftwareVersion": "v1.0.20190410  (JP2:OpenJPEG) (JP-LS:CharLS) GCC5.5.0",
    "DeviceSerialNumber": "000000000000CAMH",
    "EchoTime": 0.03,
    "EffectiveEchoSpacing": 0.000452,
    "FlipAngle": 77,
    "ImageOrientationPatientDICOM": [
      1,
      0,
      0,
      0,
      1,
      0
    ],
    "ImageType": [
      "ORIGINAL",
      "PRIMARY",
      "OTHER"
    ],
    "ImagingFrequency": 127.757,
    "InPlanePhaseEncodingDirectionDICOM": "COL",
    "InstitutionName": "CAMH",
    "MRAcquisitionType": "2D",
    "MagneticFieldStrength": 3,
    "Manufacturer": "GE",
    "ManufacturersModelName": "DISCOVERY_MR750",
    "Modality": "MR",
    "PatientPosition": "HFS",
    "PercentPhaseFOV": 100,
    "PhaseEncodingDirection": "j",
    "PhaseEncodingPolarityGE": "Flipped",
    "PixelBandwidth": 7812.5,
    "ProcedureStepDescription": "SPIN1MR",
    "ProtocolName": "Ax_RestingState",
    "ReconMatrixPE": 64,
    "RepetitionTime": 2,
    "SAR": 0.322161,
    "ScanOptions": "MP_GEMS_EPI_GEMS_ACC_GEMS",
    "ScanningSequence": "EP_RM",
    "SequenceVariant": "NONE",
    "SeriesDescription": "Ax_RestingState",
    "SeriesNumber": 7,
    "SliceThickness": 4,
    "SliceTiming": [
      0,
      1,
      0.05,
      1.05,
      0.1,
      1.1,
      0.15,
      1.15,
      0.2,
      1.2,
      0.25,
      1.25,
      0.3,
      1.3,
      0.35,
      1.35,
      0.4,
      1.4,
      0.45,
      1.45,
      0.5,
      1.5,
      0.55,
      1.55,
      0.6,
      1.6,
      0.65,
      1.65,
      0.7,
      1.7,
      0.75,
      1.75,
      0.8,
      1.8,
      0.85,
      1.85,
      0.9,
      1.9,
      0.95,
      1.95
    ],
    "SoftwareVersions": "23_LX_MR_Software_release:DV23.1_V02_1317.c",
    "SpacingBetweenSlices": 4,
    "StationName": "MRMR",
    "TaskName": "rest eyes closed",
    "TotalReadoutTime": 0.028476,
    "TriggerDelayTime": 423950,
    "dataset": "ds003011",
    "modality": "bold",
    "run_id": 1,
    "session_id": "Y1CMH",
    "subject_id": "04",
    "task_id": "rest"
  },
  "dummy_trs": 1,
  "dvars_nstd": 13.471969718142855,
  "dvars_std": 1.0076994354761901,
  "dvars_vstd": 0.9546252844285713,
  "efc": 0.48684246840071826,
  "fber": 19974.2890625,
  "fd_mean": 0.21473890066161005,
  "fd_num": 93,
  "fd_perc": 44.07582938388626,
  "fwhm_avg": 2.716577766666667,
  "fwhm_x": 2.6365664,
  "fwhm_y": 3.1249344000000003,
  "fwhm_z": 2.3882325,
  "gcor": 0.0542795,
  "gsr_x": -0.006137262564152479,
  "gsr_y": 0.03844333067536354,
  "provenance": {
    "md5sum": "a468ffe84d746e02b7e3b0f2a9289a57",
    "settings": {
      "fd_thres": 0.2,
      "testing": false
    },
    "software": "mriqc",
    "version": "22.0.6",
    "webapi_port": null,
    "webapi_url": "https://mriqc.nimh.nih.gov/api/v1"
  },
  "size_t": 211,
  "size_x": 64,
  "size_y": 64,
  "size_z": 40,
  "snr": 5.781456582747086,
  "spacing_tr": 2.0,
  "spacing_x": 3.125,
  "spacing_y": 3.125,
  "spacing_z": 4.0,
  "summary_bg_k": 47.25585238654739,
  "summary_bg_mad": 47.02870356277925,
  "summary_bg_mean": 140.99388122558594,
  "summary_bg_median": 32.18483352661133,
  "summary_bg_n": 98759.0,
  "summary_bg_p05": 0.056872040033340454,
  "summary_bg_p95": 625.2033569335933,
  "summary_bg_stdv": 310.0354919433594,
  "summary_fg_k": 0.45386966623107217,
  "summary_fg_mad": 694.2654090853378,
  "summary_fg_mean": 4319.892578125,
  "summary_fg_median": 4325.40771484375,
  "summary_fg_n": 29652.0,
  "summary_fg_p05": 3078.381103515625,
  "summary_fg_p95": 5552.810644531249,
  "summary_fg_stdv": 748.1392822265625,
  "tsnr": 76.42228665039875
}