{
  "bids_meta": {
    "AcquisitionMatrixPE": 256,
    "AcquisitionNumber": 1,
    "AcquisitionTime": "10:59:28.650000",
    "BaseResolution": 256,
    "BodyPartExamined": "BRAIN",
    "CoilString": "HC1-7;NC1_2",
    "ConsistencyInfo": "N4_VE11C_LATEST_20160120",
    "ConversionSoftware": "dcm2niix",
    "ConversionSoftwareVersion": "v1.0.20190410  (JP2:OpenJPEG) (JP-LS:CharLS) GCC5.5.0",
    "DeviceSerialNumber": "66108",
    "DwellTime": 7.5e-06,
    "EchoTime": 0.00287,
    "FlipAngle": 9,
    "ImageOrientationPatientDICOM": [
      0.0326469,
      0.986597,
      -0.159878,
      0.00135708,
      -0.160007,
      -0.987115
    ],
    "ImageType": [
      "ORIGINAL",
      "PRIMARY",
      "M",
      "ND"
    ],
    "ImagingFrequency": 123.243,
    "InPlanePhaseEncodingDirectionDICOM": "ROW",
    "InstitutionAddress": "Huron_325_TORONTO_ONTARIO_CA_M5S_3G3",
    "InstitutionName": "University_of_Toronto",
    "InstitutionalDepartmentName": "Department",
    "InversionTime": 0.9,
    "MRAcquisitionType": "3D",
    "MagneticFieldStrength": 3,
    "Manufacturer": "Siemens",
    "ManufacturersModelName": "Prisma",
    "Modality": "MR",
    "PartialFourier": 1,
    "PatientPosition": "HFS",
    "PercentPhaseFOV": 100,
    "PhaseEncodingSteps": 282,
    "PhaseOversampling": 0.1,
    "PhaseResolution": 1,
    "PixelBandwidth": 260,
    "ProcedureStepDescription": "Voineskos_Colin",
    "ProtocolName": "t1_mprage_T1_900",
    "PulseSequenceDetails": "%SiemensSeq%_tfl",
    "ReceiveCoilActiveElements": "HC1-7;NC1,2",
    "ReceiveCoilName": "HeadNeck_64",
    "ReconMatrixPE": 256,
    "RefLinesPE": 31,
    "RepetitionTime": 2.3,
    "SAR": 0.0506627,
    "ScanOptions": "IR",
    "ScanningSequence": "GR_IR",
    "SequenceName": "_tfl3d1_16ns",
    "SequenceVariant": "SK_SP_MP_OSP",
    "SeriesDescription": "t1_mprage_T1_900",
    "SeriesNumber": 6,
    "ShimSetting": [
      -1026,
      -6983,
      -6652,
      -33,
      -35,
      26,
      -37,
      -58
    ],
    "SliceThickness": 0.9,
    "SoftwareVersions": "syngo_MR_E11",
    "StationName": "AWP66108",
    "TxRefAmp": 248.957,
    "dataset": "ds003011",
    "modality": "T1w",
    "run_id": 1,
    "session_id": "Y4CMP",
    "subject_id": "04"
  },
  "cjv": 0.5309053037089025,
  "cnr": 2.4407112260222963,
  "efc": 0.5522778650424407,
  "fber": 3730.390532544379,
  "fwhm_avg": 5.116549913444098,
  "fwhm_x": 5.151477914245338,
  "fwhm_y": 5.215877565217391,
  "fwhm_z": 4.9822942608695655,
  "icvs_csf": 0.2717640771552337,
  "icvs_gm": 0.32956600057742796,
  "icvs_wm": 0.39866992226733833,
  "inu_med": 1.027384340763092,
  "inu_range": 1.290480524301529,
  "provenance": {
    "md5sum": "4b50943a3b40cc36ff5be6eb5a03e1cf",
    "settings": {
      "testing": false
    },
    "software": "mriqc",
    "version": "22.0.6",
    "warnings": {
      "large_rot_frame": true,
      "small_air_mask": false
    },
    "webapi_port": null,
    "webapi_url": "https://mriqc.nimh.nih.gov/api/v1"
  },
  "qi_1": 0.0,
  "qi_2": 0.0013808135432122916,
  "rpve_csf": 18.68584219509307,
  "rpve_gm": 13.331570558884126,
  "rpve_wm": 13.444439174768792,
  "size_x": 240,
  "size_y": 256,
  "size_z": 256,
  "snr_csf": 3.190225442212575,
  "snr_gm": 11.107176047560316,
  "snr_total": 9.506550655795781,
  "snr_wm": 14.222250477614452,
  "snrd_csf": 8.021379286048012,
  "snrd_gm": 21.210930633269626,
  "snrd_total": 19.112830448677915,
  "snrd_wm": 28.10618142671611,
  "spacing_x": 0.8999999761581421,
  "spacing_y": 0.8984375,
  "spacing_z": 0.8984375,
  "summary_bg_k": 11.27712821436082,
  "summary_bg_mad": 0.0,
  "summary_bg_mean": 15.175342463056383,
  "summary_bg_median": 0.0,
  "summary_bg_n": 2682512.0,
  "summary_bg_p05": 0.0,
  "summary_bg_p95": 59.4087004289031,
  "summary_bg_stdv": 23.31150149250602,
  "summary_csf_k": 1.5127567957048083,
  "summary_csf_mad": 77.19014677696214,
  "summary_csf_mean": 294.0495833136322,
  "summary_csf_median": 285.42208187282085,
  "summary_csf_n": 163126.0,
  "summary_csf_p05": 164.83822513371706,
  "summary_csf_p95": 454.53698966652155,
  "summary_csf_stdv": 89.46740980848485,
  "summary_gm_k": 0.058152653914180785,
  "summary_gm_mad": 67.54137842984187,
  "summary_gm_mean": 755.5436487787279,
  "summary_gm_median": 754.741518124938,
  "summary_gm_n": 16329.0,
  "summary_gm_p05": 645.6303274780512,
  "summary_gm_p95": 868.2223627939819,
  "summary_gm_stdv": 67.94872108589115,
  "summary_wm_k": 1.1015625702251208,
  "summary_wm_mad": 62.716994256281744,
  "summary_wm_mean": 1009.4192195298851,
  "summary_wm_median": 1000.0929429009557,
  "summary_wm_n": 342043.0,
  "summary_wm_p05": 911.4912347495556,
  "summary_wm_p95": 1141.781298853457,
  "summary_wm_stdv": 70.31879255210963,
  "tpm_overlap_csf": 0.1733091079835265,
  "tpm_overlap_gm": 0.3909586961710137,
  "tpm_overlap_wm": 0.4828338457149255,
  "wm2max": 0.1990500646995953
}