{
  "bids_meta": {
    "AcquisitionMatrixPE": 256,
    "AcquisitionNumber": 1,
    "AcquisitionTime": "10:34:16.567500",
    "BaseResolution": 256,
    "BodyPartExamined": "BRAIN",
    "ConsistencyInfo": "N4_VE11C_LATEST_20160120",
    "ConversionSoftware": "dcm2niix",
    "ConversionSoftwareVersion": "v1.0.20190410  (JP2:OpenJPEG) (JP-LS:CharLS) GCC5.5.0",
    "DeviceSerialNumber": "167003",
    "DwellTime": 7.5e-06,
    "EchoTime": 0.00289,
    "FlipAngle": 9,
    "ImageOrientationPatientDICOM": [
      0.0192364,
      0.986671,
      -0.161585,
      -0.0185495,
      -0.161235,
      -0.986742
    ],
    "ImageType": [
      "ORIGINAL",
      "PRIMARY",
      "M",
      "ND"
    ],
    "ImagingFrequency": 123.235,
    "InPlanePhaseEncodingDirectionDICOM": "ROW",
    "InstitutionAddress": "Wade_Avenue_55_City_Maryland_US_21228",
    "InstitutionName": "UMCBIR",
    "InstitutionalDepartmentName": "Department",
    "InversionTime": 0.9,
    "MRAcquisitionType": "3D",
    "MagneticFieldStrength": 3,
    "Manufacturer": "Siemens",
    "ManufacturersModelName": "Prisma_fit",
    "Modality": "MR",
    "PartialFourier": 1,
    "PatientPosition": "HFS",
    "PercentPhaseFOV": 100,
    "PhaseEncodingSteps": 255,
    "PhaseResolution": 1,
    "PixelBandwidth": 260,
    "ProcedureStepDescription": "MPRC_Protocols_Bob_Buchanan",
    "ProtocolName": "MPRAGE_TI-900_Buchanan",
    "PulseSequenceDetails": "%SiemensSeq%_tfl",
    "ReceiveCoilActiveElements": "HC1-7",
    "ReceiveCoilName": "HeadNeck_64",
    "ReconMatrixPE": 256,
    "RefLinesPE": 31,
    "RepetitionTime": 2.3,
    "SAR": 0.0579344,
    "ScanOptions": "IR",
    "ScanningSequence": "GR_IR",
    "SequenceName": "_tfl3d1_16ns",
    "SequenceVariant": "SK_SP_MP",
    "SeriesDescription": "MPRAGE_TI-900_Buchanan",
    "SeriesNumber": 7,
    "ShimSetting": [
      -1000,
      -11591,
      11577,
      45,
      5,
      -13,
      -26,
      -28
    ],
    "SliceThickness": 0.9,
    "SoftwareVersions": "syngo_MR_E11",
    "StationName": "MRC35455",
    "TxRefAmp": 258.826,
    "dataset": "ds003011",
    "modality": "T1w",
    "run_id": 3,
    "session_id": "Y3MRP",
    "subject_id": "04"
  },
  "cjv": 0.5092868673392927,
  "cnr": 2.331861715745309,
  "efc": 0.5142788254935629,
  "fber": -1.0,
  "fwhm_avg": 4.917189301523027,
  "fwhm_x": 5.150933469786471,
  "fwhm_y": 4.860393739130435,
  "fwhm_z": 4.740240695652174,
  "icvs_csf": 0.26579635214713915,
  "icvs_gm": 0.3406160145358086,
  "icvs_wm": 0.39358763331705227,
  "inu_med": 1.0234442949295044,
  "inu_range": 1.3785186290740965,
  "provenance": {
    "md5sum": "e35886b7dd98ebf155ef21fe7561cf59",
    "settings": {
      "testing": false
    },
    "software": "mriqc",
    "version": "22.0.6",
    "warnings": {
      "large_rot_frame": true,
      "small_air_mask": false
    },
    "webapi_port": null,
    "webapi_url": "https://mriqc.nimh.nih.gov/api/v1"
  },
  "qi_1": 0.0,
  "qi_2": 0.006361846847980424,
  "rpve_csf": 19.622913261475965,
  "rpve_gm": 13.287443529794063,
  "rpve_wm": 13.641566531285907,
  "size_x": 240,
  "size_y": 256,
  "size_z": 256,
  "snr_csf": 2.161551604139895,
  "snr_gm": 8.834567179287571,
  "snr_total": 7.115996625696461,
  "snr_wm": 10.351871093661918,
  "snrd_csf": 2.423649330804399,
  "snrd_gm": 8.070097231218973,
  "snrd_total": 7.432524614466825,
  "snrd_wm": 11.803827281377101,
  "spacing_x": 0.8999999761581421,
  "spacing_y": 0.8984375,
  "spacing_z": 0.8984375,
  "summary_bg_k": 5037.648025260232,
  "summary_bg_mad": 0.0,
  "summary_bg_mean": 11.353153940324576,
  "summary_bg_median": 0.0,
  "summary_bg_n": 2426261.0,
  "summary_bg_p05": 0.0,
  "summary_bg_p95": 38.623750895261765,
  "summary_bg_stdv": 55.50203133578954,
  "summary_csf_k": 1.9510547559471565,
  "summary_csf_mad": 83.42722699284963,
  "summary_csf_mean": 218.81234155151967,
  "summary_csf_median": 205.32741136848927,
  "summary_csf_n": 152411.0,
  "summary_csf_p05": 90.5660365819931,
  "summary_csf_p95": 395.56048330664635,
  "summary_csf_stdv": 94.99043991195508,
  "summary_gm_k": 0.16146615846760248,
  "summary_gm_mad": 76.02244353194581,
  "summary_gm_mean": 684.7654040808767,
  "summary_gm_median": 683.6847859621048,
  "summary_gm_n": 20597.0,
  "summary_gm_p05": 558.8235222920775,
  "summary_gm_p95": 813.1187465772034,
  "summary_gm_stdv": 77.38558948938436,
  "summary_wm_k": 0.7670521457439272,
  "summary_wm_mad": 85.07273442860603,
  "summary_wm_mean": 1012.3096332965191,
  "summary_wm_median": 999.9999872595072,
  "summary_wm_n": 321664.0,
  "summary_wm_p05": 874.6947724297643,
  "summary_wm_p95": 1196.0044242739677,
  "summary_wm_stdv": 96.60074239656548,
  "tpm_overlap_csf": 0.1691946857145003,
  "tpm_overlap_gm": 0.3914097050369467,
  "tpm_overlap_wm": 0.4680256214110541,
  "wm2max": 0.18397757099006817
}