{
  "bids_meta": {
    "AcquisitionMatrixPE": 256,
    "AcquisitionNumber": 1,
    "AcquisitionTime": "06:05:0.000000",
    "CoilString": "8HRBRAIN",
    "ConversionSoftware": "dcm2niix",
    "ConversionSoftwareVersion": "v1.0.20190410  (JP2:OpenJPEG) (JP-LS:CharLS) GCC5.5.0",
    "DeviceSerialNumber": "000000000000GEHC",
    "EchoTime": 0.002788,
    "FlipAngle": 8,
    "ImageOrientationPatientDICOM": [
      0,
      1,
      0,
      0,
      0,
      -1
    ],
    "ImageType": [
      "ORIGINAL",
      "PRIMARY",
      "OTHER"
    ],
    "ImagingFrequency": 127.763,
    "InPlanePhaseEncodingDirectionDICOM": "ROW",
    "InversionTime": 0.65,
    "MRAcquisitionType": "3D",
    "MagneticFieldStrength": 3,
    "Manufacturer": "GE",
    "ManufacturersModelName": "Signa_HDxt",
    "Modality": "MR",
    "PatientPosition": "HFS",
    "PercentPhaseFOV": 100,
    "PixelBandwidth": 244.141,
    "ProcedureStepDescription": "BRAIN_MRI",
    "ProtocolName": "SAGITTAL_IR-FSPGR",
    "ReconMatrixPE": 256,
    "RepetitionTime": 0.006364,
    "SAR": 0.204922,
    "ScanOptions": "FAST_GEMS_EDR_GEMS_ACC_GEMS",
    "ScanningSequence": "GR",
    "SequenceVariant": "SS_SP_SK",
    "SeriesDescription": "SAGITTAL_IR-FSPGR",
    "SeriesNumber": 3,
    "SliceThickness": 0.9,
    "SoftwareVersions": "24_LX_MR_Software_release:HD16.0_V02_1131.a",
    "SpacingBetweenSlices": 0.9,
    "StationName": "MHMRMR3T",
    "dataset": "ds003011",
    "modality": "T1w",
    "run_id": 1,
    "session_id": "Y2ZHH",
    "subject_id": "01"
  },
  "cjv": 0.41364076081779827,
  "cnr": 3.3013650273064834,
  "efc": 0.6526300505565799,
  "fber": 7419.885281930359,
  "fwhm_avg": 3.0454395727763637,
  "fwhm_x": 2.950800078169507,
  "fwhm_y": 3.2392363890121256,
  "fwhm_z": 2.946282251147459,
  "icvs_csf": 0.21498728771335676,
  "icvs_gm": 0.4364906804542709,
  "icvs_wm": 0.34852203183237235,
  "inu_med": 0.6831112504005432,
  "inu_range": 0.16686345934867863,
  "provenance": {
    "md5sum": "67695658b1efb637bbb65c7a412e47fd",
    "settings": {
      "testing": false
    },
    "software": "mriqc",
    "version": "22.0.6",
    "warnings": {
      "large_rot_frame": true,
      "small_air_mask": false
    },
    "webapi_port": null,
    "webapi_url": "https://mriqc.nimh.nih.gov/api/v1"
  },
  "qi_1": 0.0,
  "qi_2": 0.0013906163855096942,
  "rpve_csf": 19.36239646102557,
  "rpve_gm": 9.896378756950421,
  "rpve_wm": 13.752339387471174,
  "size_x": 200,
  "size_y": 256,
  "size_z": 256,
  "snr_csf": 1.708819364094579,
  "snr_gm": 9.983547598384318,
  "snr_total": 9.375791092827468,
  "snr_wm": 16.435006316003506,
  "snrd_csf": 15.091596823804537,
  "snrd_gm": 43.650221402368174,
  "snrd_total": 40.726863514923195,
  "snrd_wm": 63.43877231859688,
  "spacing_x": 0.8999999761581421,
  "spacing_y": 0.8984000086784363,
  "spacing_z": 0.8984000086784363,
  "summary_bg_k": 334.06239413492244,
  "summary_bg_mad": 10.327066643505045,
  "summary_bg_mean": 13.100683487000218,
  "summary_bg_median": 6.965500600636005,
  "summary_bg_n": 1369507.0,
  "summary_bg_p05": 0.0,
  "summary_bg_p95": 54.0031164214015,
  "summary_bg_stdv": 21.8047414377223,
  "summary_csf_k": 27.301133335384254,
  "summary_csf_mad": 95.06976057109055,
  "summary_csf_mean": 261.43063784030863,
  "summary_csf_median": 237.89233227819204,
  "summary_csf_n": 51677.0,
  "summary_csf_p05": 98.61509909182787,
  "summary_csf_p95": 495.0913932800292,
  "summary_csf_stdv": 139.2130938717371,
  "summary_gm_k": 0.032462367493823585,
  "summary_gm_mad": 68.94835670810721,
  "summary_gm_mean": 687.6483171383377,
  "summary_gm_median": 688.0685387440026,
  "summary_gm_n": 45251.0,
  "summary_gm_p05": 572.9124244023114,
  "summary_gm_p95": 800.1721248812973,
  "summary_gm_stdv": 68.91948269111167,
  "summary_wm_k": 0.15725707340940298,
  "summary_wm_mad": 60.0792288848617,
  "summary_wm_mean": 1000.5099125062313,
  "summary_wm_median": 1000.0000450536609,
  "summary_wm_n": 267581.0,
  "summary_wm_p05": 901.4996718540788,
  "summary_wm_p95": 1100.958830229938,
  "summary_wm_stdv": 60.84562167067901,
  "tpm_overlap_csf": 0.15467058807027206,
  "tpm_overlap_gm": 0.43411752632693446,
  "tpm_overlap_wm": 0.4659827772018169,
  "wm2max": 0.4301768856120392
}