{
  "aor": 0.0015965094339622644,
  "aqi": 0.004532296603773585,
  "bids_meta": {
    "AcquisitionMatrixPE": 64,
    "AcquisitionNumber": 1,
    "AcquisitionTime": "10:59:28.445000",
    "BandwidthPerPixelPhaseEncode": 89.286,
    "BaseResolution": 64,
    "CoilString": "C:HEA;HEP",
    "ConversionSoftware": "dcm2niix",
    "ConversionSoftwareVersion": "v1.0.20190410  (JP2:OpenJPEG) (JP-LS:CharLS) GCC5.5.0",
    "DerivedVendorReportedEchoSpacing": 0.000699998,
    "DeviceSerialNumber": "35455",
    "DwellTime": 4.5e-06,
    "EchoTime": 0.03,
    "EffectiveEchoSpacing": 0.000174999,
    "FlipAngle": 77,
    "ImageOrientationPatientDICOM": [
      0.999877,
      0.0157073,
      0,
      -0.0157073,
      0.999877,
      0
    ],
    "ImageType": [
      "ORIGINAL",
      "PRIMARY",
      "M",
      "ND",
      "MOSAIC"
    ],
    "ImagingFrequency": 123.259,
    "InPlanePhaseEncodingDirectionDICOM": "COL",
    "InstitutionAddress": "Wade_Avenue_55_250F90_Maryland_US_21228",
    "InstitutionName": "UMCBIR",
    "InstitutionalDepartmentName": "Department",
    "MRAcquisitionType": "2D",
    "MagneticFieldStrength": 3,
    "Manufacturer": "Siemens",
    "ManufacturersModelName": "TrioTim",
    "Modality": "MR",
    "ParallelReductionFactorInPlane": 4,
    "PartialFourier": 1,
    "PatientPosition": "HFS",
    "PercentPhaseFOV": 100,
    "PhaseEncodingDirection": "j-",
    "PhaseEncodingSteps": 61,
    "PhaseResolution": 1,
    "PixelBandwidth": 1736,
    "ProcedureStepDescription": "MPRC_Protocols_Bob_Buchanan",
    "ProtocolName": "EPI_3x3x4xTR2-Resting-Eye_closed",
    "PulseSequenceDetails": "%SiemensSeq%_ep2d_bold",
    "ReceiveCoilName": "32Ch_Head",
    "ReconMatrixPE": 64,
    "RefLinesPE": 32,
    "RepetitionTime": 2.02,
    "SAR": 0.261867,
    "ScanOptions": "FS",
    "ScanningSequence": "EP",
    "SequenceName": "_epfid2d1_64",
    "SequenceVariant": "SK",
    "SeriesDescription": "EPI_3x3x4xTR2-Resting-Eye_closed",
    "SeriesNumber": 5,
    "ShimSetting": [
      -2502,
      -28816,
      12119,
      640,
      465,
      299,
      99,
      -158
    ],
    "SliceThickness": 4,
    "SliceTiming": [
      1.015,
      0,
      1.065,
      0.05,
      1.115,
      0.1025,
      1.1675,
      0.1525,
      1.2175,
      0.2025,
      1.2675,
      0.255,
      1.3175,
      0.305,
      1.37,
      0.355,
      1.42,
      0.405,
      1.47,
      0.4575,
      1.52,
      0.5075,
      1.5725,
      0.5575,
      1.6225,
      0.6075,
      1.6725,
      0.66,
      1.725,
      0.71,
      1.775,
      0.76,
      1.825,
      0.8125,
      1.875,
      0.8625,
      1.9275,
      0.9125,
      1.9775,
      0.9625
    ],
    "SoftwareVersions": "syngo_MR_B17",
    "SpacingBetweenSlices": 4,
    "StationName": "MRC35455",
    "TaskName": "rest eyes closed",
    "TotalReadoutTime": 0.011025,
    "TxRefAmp": 346.008,
    "dataset": "ds003011",
    "modality": "bold",
    "run_id": 1,
    "session_id": "Y1MRC",
    "subject_id": "03",
    "task_id": "rest"
  },
  "dummy_trs": 0,
  "dvars_nstd": 33.59451497298579,
  "dvars_std": 1.1270442722274883,
  "dvars_vstd": 1.013852716966824,
  "efc": 0.5043820987481273,
  "fber": 1700.5921630859375,
  "fd_mean": 0.18573568214869937,
  "fd_num": 62,
  "fd_perc": 29.245283018867923,
  "fwhm_avg": 3.1873774000000004,
  "fwhm_x": 3.0672512,
  "fwhm_y": 3.545056,
  "fwhm_z": 2.949825,
  "gcor": 0.0365101,
  "gsr_x": 0.018736593425273895,
  "gsr_y": 0.07418584823608398,
  "provenance": {
    "md5sum": "ac8f47d47dd27a0809f6f4526f3a1bf4",
    "settings": {
      "fd_thres": 0.2,
      "testing": false
    },
    "software": "mriqc",
    "version": "22.0.6",
    "webapi_port": null,
    "webapi_url": "https://mriqc.nimh.nih.gov/api/v1"
  },
  "size_t": 212,
  "size_x": 64,
  "size_y": 64,
  "size_z": 40,
  "snr": 2.326311016604909,
  "spacing_tr": 2.0199999809265137,
  "spacing_x": 3.125,
  "spacing_y": 3.125,
  "spacing_z": 4.0,
  "summary_bg_k": 108.9451782199533,
  "summary_bg_mad": 9.049467564616059,
  "summary_bg_mean": 31.61229133605957,
  "summary_bg_median": 12.632075309753418,
  "summary_bg_n": 94979.0,
  "summary_bg_p05": 5.438679218292236,
  "summary_bg_p95": 110.23207626342766,
  "summary_bg_stdv": 73.40103912353516,
  "summary_fg_k": 3.8597823442275168,
  "summary_fg_mad": 179.0662056426927,
  "summary_fg_mean": 579.2091064453125,
  "summary_fg_median": 533.44580078125,
  "summary_fg_n": 32832.0,
  "summary_fg_p05": 305.9464614868164,
  "summary_fg_p95": 1026.1924865722647,
  "summary_fg_stdv": 229.30625915527344,
  "tsnr": 47.90581888798624
}