{
  "bids_meta": {
    "AcquisitionMatrixPE": 256,
    "AcquisitionNumber": 1,
    "AcquisitionTime": "06:05:0.000000",
    "BaseResolution": 256,
    "BodyPartExamined": "BRAIN",
    "ConsistencyInfo": "N4_VE11B_LATEST_20150530",
    "ConversionSoftware": "dcm2niix",
    "ConversionSoftwareVersion": "v1.0.20190410  (JP2:OpenJPEG) (JP-LS:CharLS) GCC5.5.0",
    "DeviceSerialNumber": "66106",
    "DwellTime": 7.5e-06,
    "EchoTime": 0.00279,
    "FlipAngle": 9,
    "ImageOrientationPatientDICOM": [
      0.0474076,
      0.965303,
      0.256792,
      0.0176786,
      0.25623,
      -0.966454
    ],
    "ImageType": [
      "ORIGINAL",
      "PRIMARY",
      "M",
      "ND"
    ],
    "ImagingFrequency": 123.254,
    "InPlanePhaseEncodingDirectionDICOM": "ROW",
    "InstitutionAddress": "Community_Drive_300_Manhasset_NYC_US_11030",
    "InstitutionalDepartmentName": "Department",
    "InversionTime": 0.9,
    "MRAcquisitionType": "3D",
    "MagneticFieldStrength": 3,
    "Manufacturer": "Siemens",
    "ManufacturersModelName": "Prisma",
    "Modality": "MR",
    "PartialFourier": 1,
    "PatientPosition": "HFS",
    "PercentPhaseFOV": 100,
    "PhaseEncodingSteps": 255,
    "PhaseResolution": 1,
    "PixelBandwidth": 260,
    "ProcedureStepDescription": "BRAIN_MRI",
    "ProtocolName": "MPRAGE_TI_900",
    "PulseSequenceDetails": "%SiemensSeq%_tfl",
    "ReceiveCoilActiveElements": "HC1-7",
    "ReceiveCoilName": "HeadNeck_64",
    "ReconMatrixPE": 256,
    "RefLinesPE": 31,
    "RepetitionTime": 2.3,
    "SAR": 0.0697774,
    "ScanOptions": "IR",
    "ScanningSequence": "GR_IR",
    "SequenceName": "_tfl3d1_16ns",
    "SequenceVariant": "SK_SP_MP",
    "SeriesDescription": "MPRAGE_TI_900",
    "SeriesNumber": 5,
    "ShimSetting": [
      -1300,
      -10821,
      321,
      168,
      -43,
      10,
      -40,
      -18
    ],
    "SliceThickness": 0.9,
    "SoftwareVersions": "syngo_MR_E11",
    "StationName": "MHMRSIEM3T",
    "TxRefAmp": 266.617,
    "dataset": "ds003011",
    "modality": "T1w",
    "run_id": 1,
    "session_id": "Y3ZHP",
    "subject_id": "03"
  },
  "cjv": 0.5293216042380406,
  "cnr": 2.4550349135693232,
  "efc": 0.4938203606256601,
  "fber": -1.0,
  "fwhm_avg": 4.720223430881245,
  "fwhm_x": 4.846655683948084,
  "fwhm_y": 4.7028424347826085,
  "fwhm_z": 4.611172173913044,
  "icvs_csf": 0.20698624457534992,
  "icvs_gm": 0.38720003049885166,
  "icvs_wm": 0.4058137249257984,
  "inu_med": 1.066955029964447,
  "inu_range": 1.2256132513284685,
  "provenance": {
    "md5sum": "18be7b038dfba60287baa1e003aa870f",
    "settings": {
      "testing": false
    },
    "software": "mriqc",
    "version": "22.0.6",
    "warnings": {
      "large_rot_frame": true,
      "small_air_mask": false
    },
    "webapi_port": null,
    "webapi_url": "https://mriqc.nimh.nih.gov/api/v1"
  },
  "qi_1": 0.0,
  "qi_2": 0.008468563755381426,
  "rpve_csf": 21.928842447476175,
  "rpve_gm": 11.079697655302105,
  "rpve_wm": 12.066357557963698,
  "size_x": 240,
  "size_y": 256,
  "size_z": 256,
  "snr_csf": 2.2180735029896397,
  "snr_gm": 8.592478268868767,
  "snr_total": 6.978029309673133,
  "snr_wm": 10.123536157160991,
  "snrd_csf": 7.712396589950707,
  "snrd_gm": 29.589016337671215,
  "snrd_total": 26.81194237982368,
  "snrd_wm": 43.134414211849126,
  "spacing_x": 0.8999999761581421,
  "spacing_y": 0.8984375,
  "spacing_z": 0.8984375,
  "summary_bg_k": 1425.904540585431,
  "summary_bg_mad": 0.0,
  "summary_bg_mean": 8.753602453876322,
  "summary_bg_median": 0.0,
  "summary_bg_n": 3174247.0,
  "summary_bg_p05": 0.0,
  "summary_bg_p95": 31.61950373649597,
  "summary_bg_stdv": 15.190271222792514,
  "summary_csf_k": 4.570678604174425,
  "summary_csf_mad": 64.21261227905329,
  "summary_csf_mean": 187.2029247445782,
  "summary_csf_median": 178.82290768623352,
  "summary_csf_n": 129472.0,
  "summary_csf_p05": 84.36296164989471,
  "summary_csf_p95": 332.66906452178955,
  "summary_csf_stdv": 80.62051003207108,
  "summary_gm_k": 0.12547786812383777,
  "summary_gm_mad": 77.80362530744186,
  "summary_gm_mean": 684.615673397195,
  "summary_gm_median": 686.0635180473328,
  "summary_gm_n": 38678.0,
  "summary_gm_p05": 550.6642859756947,
  "summary_gm_p95": 813.2058082818985,
  "summary_gm_stdv": 79.84362923141006,
  "summary_wm_k": 0.7987133008632985,
  "summary_wm_mad": 88.44007028618076,
  "summary_wm_mean": 1012.5438438925468,
  "summary_wm_median": 1000.1328744888306,
  "summary_wm_n": 333109.0,
  "summary_wm_p05": 871.6620336771011,
  "summary_wm_p95": 1197.5554902553558,
  "summary_wm_stdv": 98.7926903951071,
  "tpm_overlap_csf": 0.1525087715204229,
  "tpm_overlap_gm": 0.41532990989142826,
  "tpm_overlap_wm": 0.43146914262802527,
  "wm2max": 0.14269737465643068
}