{
  "aor": 0.0006973205741626793,
  "aqi": 0.002054567846889952,
  "bids_meta": {
    "AcquisitionMatrixPE": 64,
    "AcquisitionNumber": 1,
    "AcquisitionTime": "06:05:0.000000",
    "CoilString": "8HRBRAIN",
    "ConversionSoftware": "dcm2niix",
    "ConversionSoftwareVersion": "v1.0.20190410  (JP2:OpenJPEG) (JP-LS:CharLS) GCC5.5.0",
    "DeviceSerialNumber": "000000000000GEHC",
    "EchoTime": 0.03,
    "EffectiveEchoSpacing": 0.000664,
    "FlipAngle": 77,
    "ImageOrientationPatientDICOM": [
      1,
      0,
      0,
      0,
      0.940092,
      -0.340922
    ],
    "ImageType": [
      "ORIGINAL",
      "PRIMARY",
      "OTHER"
    ],
    "ImagingFrequency": 127.763,
    "InPlanePhaseEncodingDirectionDICOM": "COL",
    "MRAcquisitionType": "2D",
    "MagneticFieldStrength": 3,
    "Manufacturer": "GE",
    "ManufacturersModelName": "Signa_HDxt",
    "Modality": "MR",
    "PatientPosition": "HFS",
    "PercentPhaseFOV": 100,
    "PhaseEncodingDirection": "j-",
    "PhaseEncodingPolarityGE": "Unflipped",
    "PixelBandwidth": 7812.5,
    "ProcedureStepDescription": "BRAIN_MRI",
    "ProtocolName": "Resting_State_212",
    "ReconMatrixPE": 64,
    "RepetitionTime": 2,
    "SAR": 0.310418,
    "ScanOptions": "MP_GEMS_EPI_GEMS_ACC_GEMS_PFF",
    "ScanningSequence": "EP_GR",
    "SequenceVariant": "SS",
    "SeriesDescription": "Resting_State_212",
    "SeriesNumber": 7,
    "SliceThickness": 4,
    "SliceTiming": [
      0,
      1,
      0.05,
      1.05,
      0.1,
      1.1,
      0.15,
      1.15,
      0.2,
      1.2,
      0.25,
      1.25,
      0.3,
      1.3,
      0.35,
      1.35,
      0.4,
      1.4,
      0.45,
      1.45,
      0.5,
      1.5,
      0.55,
      1.55,
      0.6,
      1.6,
      0.65,
      1.65,
      0.7,
      1.7,
      0.75,
      1.75,
      0.8,
      1.8,
      0.85,
      1.85,
      0.9,
      1.9,
      0.95,
      1.95
    ],
    "SoftwareVersions": "24_LX_MR_Software_release:HD16.0_V02_1131.a",
    "SpacingBetweenSlices": 4,
    "StationName": "MHMRMR3T",
    "TaskName": "rest eyes closed",
    "TotalReadoutTime": 0.041832,
    "TriggerDelayTime": 423950,
    "dataset": "ds003011",
    "modality": "bold",
    "run_id": 1,
    "session_id": "Y2ZHH",
    "subject_id": "01",
    "task_id": "rest"
  },
  "dummy_trs": 3,
  "dvars_nstd": 19.377652122692314,
  "dvars_std": 1.2438935192307699,
  "dvars_vstd": 0.9842815972596152,
  "efc": 0.43740834019719826,
  "fber": 38860.4140625,
  "fd_mean": 0.08636097843385225,
  "fd_num": 0,
  "fd_perc": 0.0,
  "fwhm_avg": 2.5040184930499874,
  "fwhm_x": 2.7705824000000003,
  "fwhm_y": 2.4922528,
  "fwhm_z": 2.249220279149962,
  "gcor": 0.0341251,
  "gsr_x": 0.0004899505875073373,
  "gsr_y": 0.03186320886015892,
  "provenance": {
    "md5sum": "d8c43bb544dd80f4b5342fa37c73ab93",
    "settings": {
      "fd_thres": 0.2,
      "testing": false
    },
    "software": "mriqc",
    "version": "22.0.6",
    "webapi_port": null,
    "webapi_url": "https://mriqc.nimh.nih.gov/api/v1"
  },
  "size_t": 209,
  "size_x": 64,
  "size_y": 64,
  "size_z": 40,
  "snr": 3.8465634546913425,
  "spacing_tr": 2.0,
  "spacing_x": 3.125,
  "spacing_y": 3.125,
  "spacing_z": 4.0001373291015625,
  "summary_bg_k": 26.418628776835618,
  "summary_bg_mad": 26.144163429457194,
  "summary_bg_mean": 136.51104736328125,
  "summary_bg_median": 17.633970260620117,
  "summary_bg_n": 108826.0,
  "summary_bg_p05": 0.0,
  "summary_bg_p95": 711.4186248779297,
  "summary_bg_stdv": 316.231201171875,
  "summary_fg_k": 0.595971226055751,
  "summary_fg_mad": 807.5925400892243,
  "summary_fg_mean": 3458.413330078125,
  "summary_fg_median": 3370.63623046875,
  "summary_fg_n": 20864.0,
  "summary_fg_p05": 2168.1958618164062,
  "summary_fg_p95": 5027.6437011718735,
  "summary_fg_stdv": 876.2510986328125,
  "tsnr": 86.05513809830882
}