{
  "aor": 0.0016318571428571428,
  "aqi": 0.0025794550000000005,
  "bids_meta": {
    "AcquisitionMatrixPE": 64,
    "AcquisitionNumber": 1,
    "AcquisitionTime": "10:17:5.000000",
    "CoilString": "8HRBRAIN",
    "ConversionSoftware": "dcm2niix",
    "ConversionSoftwareVersion": "v1.0.20190410  (JP2:OpenJPEG) (JP-LS:CharLS) GCC5.5.0",
    "DeviceSerialNumber": "000000000000CAMH",
    "EchoTime": 0.03,
    "EffectiveEchoSpacing": 0.000452,
    "FlipAngle": 77,
    "ImageOrientationPatientDICOM": [
      1,
      0,
      0,
      0,
      1,
      0
    ],
    "ImageType": [
      "ORIGINAL",
      "PRIMARY",
      "OTHER"
    ],
    "ImagingFrequency": 127.757,
    "InPlanePhaseEncodingDirectionDICOM": "COL",
    "InstitutionName": "CAMH",
    "MRAcquisitionType": "2D",
    "MagneticFieldStrength": 3,
    "Manufacturer": "GE",
    "ManufacturersModelName": "DISCOVERY_MR750",
    "Modality": "MR",
    "PatientPosition": "HFS",
    "PercentPhaseFOV": 100,
    "PhaseEncodingDirection": "j",
    "PhaseEncodingPolarityGE": "Flipped",
    "PixelBandwidth": 7812.5,
    "ProcedureStepDescription": "SPIN1MR",
    "ProtocolName": "AxEPI_RestingState",
    "ReconMatrixPE": 64,
    "RepetitionTime": 2,
    "SAR": 0.315933,
    "ScanOptions": "MP_GEMS_EPI_GEMS_ACC_GEMS",
    "ScanningSequence": "EP_RM",
    "SequenceVariant": "NONE",
    "SeriesDescription": "AxEPI_RestingState",
    "SeriesNumber": 5,
    "SliceThickness": 4,
    "SliceTiming": [
      0,
      1,
      0.05,
      1.05,
      0.1,
      1.1,
      0.15,
      1.15,
      0.2,
      1.2,
      0.25,
      1.25,
      0.3,
      1.3,
      0.35,
      1.35,
      0.4,
      1.4,
      0.45,
      1.45,
      0.5,
      1.5,
      0.55,
      1.55,
      0.6,
      1.6,
      0.65,
      1.65,
      0.7,
      1.7,
      0.75,
      1.75,
      0.8,
      1.8,
      0.85,
      1.85,
      0.9,
      1.9,
      0.95,
      1.95
    ],
    "SoftwareVersions": "24_LX_MR_Software_release:DV24.0_R01_1344.a",
    "SpacingBetweenSlices": 4,
    "StationName": "MRMR",
    "TaskName": "rest eyes closed",
    "TotalReadoutTime": 0.028476,
    "TriggerDelayTime": 423950,
    "dataset": "ds003011",
    "modality": "bold",
    "run_id": 1,
    "session_id": "Y2CMH",
    "subject_id": "03",
    "task_id": "rest"
  },
  "dummy_trs": 2,
  "dvars_nstd": 14.347686416507173,
  "dvars_std": 1.1267306627751201,
  "dvars_vstd": 0.9752598084688993,
  "efc": 0.511854036534876,
  "fber": 20682.97265625,
  "fd_mean": 0.113535476121055,
  "fd_num": 10,
  "fd_perc": 4.761904761904762,
  "fwhm_avg": 2.6407872666666665,
  "fwhm_x": 2.6378784,
  "fwhm_y": 2.9869984,
  "fwhm_z": 2.297485,
  "gcor": 0.0342357,
  "gsr_x": -0.00360771338455379,
  "gsr_y": 0.02867242880165577,
  "provenance": {
    "md5sum": "5a0140a102ecb439542808644cdf7c1a",
    "settings": {
      "fd_thres": 0.2,
      "testing": false
    },
    "software": "mriqc",
    "version": "22.0.6",
    "webapi_port": null,
    "webapi_url": "https://mriqc.nimh.nih.gov/api/v1"
  },
  "size_t": 210,
  "size_x": 64,
  "size_y": 64,
  "size_z": 40,
  "snr": 5.501538151771797,
  "spacing_tr": 2.0,
  "spacing_x": 3.125,
  "spacing_y": 3.125,
  "spacing_z": 4.0,
  "summary_bg_k": 31.121555748294483,
  "summary_bg_mad": 44.39334767062572,
  "summary_bg_mean": 195.89280700683594,
  "summary_bg_median": 32.980953216552734,
  "summary_bg_n": 95897.0,
  "summary_bg_p05": 1.1857143640518188,
  "summary_bg_p95": 1033.2305419921875,
  "summary_bg_stdv": 443.0330505371094,
  "summary_fg_k": 0.9039617668138762,
  "summary_fg_mad": 785.4476173040259,
  "summary_fg_mean": 4510.08935546875,
  "summary_fg_median": 4543.28125,
  "summary_fg_n": 32385.0,
  "summary_fg_p05": 3140.758251953125,
  "summary_fg_p95": 5791.78671875,
  "summary_fg_stdv": 825.8074340820312,
  "tsnr": 96.49959868565202
}