{
  "aor": 0.0004322641509433962,
  "aqi": 0.0034691670283018864,
  "bids_meta": {
    "AcquisitionMatrixPE": 64,
    "AcquisitionNumber": 1,
    "AcquisitionTime": "13:08:26.447500",
    "BandwidthPerPixelPhaseEncode": 89.286,
    "BaseResolution": 64,
    "CoilString": "C:HEA;HEP",
    "ConversionSoftware": "dcm2niix",
    "ConversionSoftwareVersion": "v1.0.20190410  (JP2:OpenJPEG) (JP-LS:CharLS) GCC5.5.0",
    "DerivedVendorReportedEchoSpacing": 0.000699998,
    "DeviceSerialNumber": "35455",
    "DwellTime": 4.5e-06,
    "EchoTime": 0.03,
    "EffectiveEchoSpacing": 0.000174999,
    "FlipAngle": 77,
    "ImageOrientationPatientDICOM": [
      0.999816,
      0.0191974,
      0,
      -0.0191974,
      0.999816,
      0
    ],
    "ImageType": [
      "ORIGINAL",
      "PRIMARY",
      "M",
      "ND",
      "MOSAIC"
    ],
    "ImagingFrequency": 123.259,
    "InPlanePhaseEncodingDirectionDICOM": "COL",
    "InstitutionAddress": "Wade_Avenue_55_250F90_Maryland_US_21228",
    "InstitutionName": "UMCBIR",
    "InstitutionalDepartmentName": "Department",
    "MRAcquisitionType": "2D",
    "MagneticFieldStrength": 3,
    "Manufacturer": "Siemens",
    "ManufacturersModelName": "TrioTim",
    "Modality": "MR",
    "ParallelReductionFactorInPlane": 4,
    "PartialFourier": 1,
    "PatientPosition": "HFS",
    "PercentPhaseFOV": 100,
    "PhaseEncodingDirection": "j-",
    "PhaseEncodingSteps": 61,
    "PhaseResolution": 1,
    "PixelBandwidth": 1736,
    "ProcedureStepDescription": "MPRC_Protocols_Bob_Buchanan",
    "ProtocolName": "EPI_3x3x4xTR2-Resting-Eye_closed",
    "PulseSequenceDetails": "%SiemensSeq%_ep2d_bold",
    "ReceiveCoilName": "32Ch_Head",
    "ReconMatrixPE": 64,
    "RefLinesPE": 32,
    "RepetitionTime": 2.02,
    "SAR": 0.181933,
    "ScanOptions": "FS",
    "ScanningSequence": "EP",
    "SequenceName": "_epfid2d1_64",
    "SequenceVariant": "SK",
    "SeriesDescription": "EPI_3x3x4xTR2-Resting-Eye_closed",
    "SeriesNumber": 6,
    "ShimSetting": [
      -2485,
      -28955,
      12079,
      933,
      535,
      86,
      -4,
      -241
    ],
    "SliceThickness": 4,
    "SliceTiming": [
      1.015,
      0,
      1.065,
      0.05,
      1.115,
      0.1025,
      1.1675,
      0.1525,
      1.2175,
      0.2025,
      1.2675,
      0.255,
      1.3175,
      0.305,
      1.37,
      0.355,
      1.42,
      0.405,
      1.47,
      0.4575,
      1.52,
      0.5075,
      1.5725,
      0.5575,
      1.6225,
      0.6075,
      1.6725,
      0.66,
      1.725,
      0.71,
      1.775,
      0.76,
      1.825,
      0.8125,
      1.875,
      0.8625,
      1.9275,
      0.9125,
      1.9775,
      0.9625
    ],
    "SoftwareVersions": "syngo_MR_B17",
    "SpacingBetweenSlices": 4,
    "StationName": "MRC35455",
    "TaskName": "rest eyes closed",
    "TotalReadoutTime": 0.011025,
    "TxRefAmp": 317.823,
    "dataset": "ds003011",
    "modality": "bold",
    "run_id": 1,
    "session_id": "Y1MRC",
    "subject_id": "01",
    "task_id": "rest"
  },
  "dummy_trs": 0,
  "dvars_nstd": 26.733216145592433,
  "dvars_std": 1.0678113100000002,
  "dvars_vstd": 0.993223677677725,
  "efc": 0.46195578504686596,
  "fber": 1996.72998046875,
  "fd_mean": 0.09737646857018371,
  "fd_num": 0,
  "fd_perc": 0.0,
  "fwhm_avg": 3.0712818,
  "fwhm_x": 2.9791104,
  "fwhm_y": 3.39216,
  "fwhm_z": 2.842575,
  "gcor": 0.0173046,
  "gsr_x": 0.03152264654636383,
  "gsr_y": 0.059287238866090775,
  "provenance": {
    "md5sum": "29988ea6468877de0e0597f8ab531c03",
    "settings": {
      "fd_thres": 0.2,
      "testing": false
    },
    "software": "mriqc",
    "version": "22.0.6",
    "webapi_port": null,
    "webapi_url": "https://mriqc.nimh.nih.gov/api/v1"
  },
  "size_t": 212,
  "size_x": 64,
  "size_y": 64,
  "size_z": 40,
  "snr": 2.4050352947759506,
  "spacing_tr": 2.0199999809265137,
  "spacing_x": 3.125,
  "spacing_y": 3.125,
  "spacing_z": 4.0,
  "summary_bg_k": 52.927141245399206,
  "summary_bg_mad": 8.462022829825191,
  "summary_bg_mean": 32.97593307495117,
  "summary_bg_median": 12.311321258544922,
  "summary_bg_n": 105366.0,
  "summary_bg_p05": 5.575471878051758,
  "summary_bg_p95": 127.8679256439209,
  "summary_bg_stdv": 71.90789031982422,
  "summary_fg_k": 2.877773007404124,
  "summary_fg_mad": 172.534349280554,
  "summary_fg_mean": 599.7418212890625,
  "summary_fg_median": 549.61083984375,
  "summary_fg_n": 24198.0,
  "summary_fg_p05": 329.8415008544922,
  "summary_fg_p95": 1064.163928222656,
  "summary_fg_stdv": 228.5203399658203,
  "tsnr": 55.561306362506
}