{
  "aor": 0.0017004306220095692,
  "aqi": 0.0023703754066985647,
  "bids_meta": {
    "AcquisitionMatrixPE": 64,
    "AcquisitionNumber": 1,
    "AcquisitionTime": "06:05:0.000000",
    "CoilString": "8HRBRAIN",
    "ConversionSoftware": "dcm2niix",
    "ConversionSoftwareVersion": "v1.0.20190410  (JP2:OpenJPEG) (JP-LS:CharLS) GCC5.5.0",
    "DeviceSerialNumber": "000000000000GEHC",
    "EchoTime": 0.03,
    "EffectiveEchoSpacing": 0.000664,
    "FlipAngle": 77,
    "ImageOrientationPatientDICOM": [
      1,
      0,
      0,
      0,
      0.940983,
      -0.338453
    ],
    "ImageType": [
      "ORIGINAL",
      "PRIMARY",
      "OTHER"
    ],
    "ImagingFrequency": 127.763,
    "InPlanePhaseEncodingDirectionDICOM": "COL",
    "MRAcquisitionType": "2D",
    "MagneticFieldStrength": 3,
    "Manufacturer": "GE",
    "ManufacturersModelName": "Signa_HDxt",
    "Modality": "MR",
    "PatientPosition": "HFS",
    "PercentPhaseFOV": 100,
    "PhaseEncodingDirection": "j-",
    "PhaseEncodingPolarityGE": "Unflipped",
    "PixelBandwidth": 7812.5,
    "ProcedureStepDescription": "BRAIN_MRI",
    "ProtocolName": "Resting_State_212",
    "ReconMatrixPE": 64,
    "RepetitionTime": 2,
    "SAR": 0.315936,
    "ScanOptions": "MP_GEMS_EPI_GEMS_ACC_GEMS_PFF",
    "ScanningSequence": "EP_GR",
    "SequenceVariant": "SS",
    "SeriesDescription": "Resting_State_212",
    "SeriesNumber": 9,
    "SliceThickness": 4,
    "SliceTiming": [
      0,
      1,
      0.05,
      1.05,
      0.1,
      1.1,
      0.15,
      1.15,
      0.2,
      1.2,
      0.25,
      1.25,
      0.3,
      1.3,
      0.35,
      1.35,
      0.4,
      1.4,
      0.45,
      1.45,
      0.5,
      1.5,
      0.55,
      1.55,
      0.6,
      1.6,
      0.65,
      1.65,
      0.7,
      1.7,
      0.75,
      1.75,
      0.8,
      1.8,
      0.85,
      1.85,
      0.9,
      1.9,
      0.95,
      1.95
    ],
    "SoftwareVersions": "24_LX_MR_Software_release:HD16.0_V02_1131.a",
    "SpacingBetweenSlices": 4,
    "StationName": "MHMRMR3T",
    "TaskName": "rest eyes closed",
    "TotalReadoutTime": 0.041832,
    "TriggerDelayTime": 423950,
    "dataset": "ds003011",
    "modality": "bold",
    "run_id": 1,
    "session_id": "Y2ZHH",
    "subject_id": "03",
    "task_id": "rest"
  },
  "dummy_trs": 3,
  "dvars_nstd": 16.659952548990383,
  "dvars_std": 1.192161493317307,
  "dvars_vstd": 1.0020390163942305,
  "efc": 0.4866968867058971,
  "fber": 53094.4609375,
  "fd_mean": 0.140031764169341,
  "fd_num": 29,
  "fd_perc": 13.875598086124402,
  "fwhm_avg": 2.3322597714426396,
  "fwhm_x": 2.5006144,
  "fwhm_y": 2.3588032,
  "fwhm_z": 2.1373617143279176,
  "gcor": 0.0349575,
  "gsr_x": -0.010468610562384129,
  "gsr_y": 0.01671815849840641,
  "provenance": {
    "md5sum": "523602e07576e1f78bd22ea48e355a19",
    "settings": {
      "fd_thres": 0.2,
      "testing": false
    },
    "software": "mriqc",
    "version": "22.0.6",
    "webapi_port": null,
    "webapi_url": "https://mriqc.nimh.nih.gov/api/v1"
  },
  "size_t": 209,
  "size_x": 64,
  "size_y": 64,
  "size_z": 40,
  "snr": 4.270875506994983,
  "spacing_tr": 2.0,
  "spacing_x": 3.125,
  "spacing_y": 3.125,
  "spacing_z": 3.999692678451538,
  "summary_bg_k": 38.913210872058244,
  "summary_bg_mad": 23.253445072557412,
  "summary_bg_mean": 138.45225524902344,
  "summary_bg_median": 15.703349113464355,
  "summary_bg_n": 98370.0,
  "summary_bg_p05": 0.0,
  "summary_bg_p95": 734.2708007812471,
  "summary_bg_stdv": 340.556396484375,
  "summary_fg_k": 1.3681823201813064,
  "summary_fg_mad": 687.437873844478,
  "summary_fg_mean": 3593.146240234375,
  "summary_fg_median": 3508.004638671875,
  "summary_fg_n": 29546.0,
  "summary_fg_p05": 2377.6231689453125,
  "summary_fg_p95": 5096.275146484375,
  "summary_fg_stdv": 821.3644409179688,
  "tsnr": 92.71584389917552
}