{
  "bids_meta": {
    "AcquisitionMatrixPE": 256,
    "AcquisitionNumber": 1,
    "AcquisitionTime": "06:05:0.000000",
    "CoilString": "8HRBRAIN",
    "ConversionSoftware": "dcm2niix",
    "ConversionSoftwareVersion": "v1.0.20190410  (JP2:OpenJPEG) (JP-LS:CharLS) GCC5.5.0",
    "DeviceSerialNumber": "000000000000GEHC",
    "EchoTime": 0.002788,
    "FlipAngle": 8,
    "ImageOrientationPatientDICOM": [
      0,
      1,
      0,
      0,
      0,
      -1
    ],
    "ImageType": [
      "ORIGINAL",
      "PRIMARY",
      "OTHER"
    ],
    "ImagingFrequency": 127.763,
    "InPlanePhaseEncodingDirectionDICOM": "ROW",
    "InversionTime": 0.65,
    "MRAcquisitionType": "3D",
    "MagneticFieldStrength": 3,
    "Manufacturer": "GE",
    "ManufacturersModelName": "Signa_HDxt",
    "Modality": "MR",
    "PatientPosition": "HFS",
    "PercentPhaseFOV": 100,
    "PixelBandwidth": 244.141,
    "ProcedureStepDescription": "BRAIN_MRI",
    "ProtocolName": "SAGITTAL_IR-FSPGR",
    "ReconMatrixPE": 256,
    "RepetitionTime": 0.006364,
    "SAR": 0.208565,
    "ScanOptions": "FAST_GEMS_EDR_GEMS_ACC_GEMS",
    "ScanningSequence": "GR",
    "SequenceVariant": "SS_SP_SK",
    "SeriesDescription": "SAGITTAL_IR-FSPGR",
    "SeriesNumber": 3,
    "SliceThickness": 0.9,
    "SoftwareVersions": "24_LX_MR_Software_release:HD16.0_V02_1131.a",
    "SpacingBetweenSlices": 0.9,
    "StationName": "MHMRMR3T",
    "dataset": "ds003011",
    "modality": "T1w",
    "run_id": 1,
    "session_id": "Y1ZHH",
    "subject_id": "03"
  },
  "cjv": 0.4629126682748231,
  "cnr": 2.8711753070230754,
  "efc": 0.6828487086136467,
  "fber": 6701.135749053543,
  "fwhm_avg": 3.4865439163745258,
  "fwhm_x": 3.3105334210325195,
  "fwhm_y": 3.736320088573669,
  "fwhm_z": 3.4127782395173885,
  "icvs_csf": 0.22100767418731163,
  "icvs_gm": 0.4102819935713316,
  "icvs_wm": 0.3687103322413568,
  "inu_med": 0.8306926488876343,
  "inu_range": 0.30588141679763803,
  "provenance": {
    "md5sum": "d9e02de9fba8a8ddb60cded0277033db",
    "settings": {
      "testing": false
    },
    "software": "mriqc",
    "version": "22.0.6",
    "warnings": {
      "large_rot_frame": true,
      "small_air_mask": false
    },
    "webapi_port": null,
    "webapi_url": "https://mriqc.nimh.nih.gov/api/v1"
  },
  "qi_1": 0.0,
  "qi_2": 0.002024740618766722,
  "rpve_csf": 16.71096802413467,
  "rpve_gm": 8.793852684182403,
  "rpve_wm": 11.111538032997643,
  "size_x": 200,
  "size_y": 256,
  "size_z": 256,
  "snr_csf": 2.500840878007752,
  "snr_gm": 8.620782344809982,
  "snr_total": 8.293336110524224,
  "snr_wm": 13.75838510875494,
  "snrd_csf": 4.891694446556179,
  "snrd_gm": 16.106332096180964,
  "snrd_total": 14.876631738535705,
  "snrd_wm": 23.63186867286997,
  "spacing_x": 0.8999999761581421,
  "spacing_y": 0.8984000086784363,
  "spacing_z": 0.8984000086784363,
  "summary_bg_k": 107.55069870171158,
  "summary_bg_mad": 0.0,
  "summary_bg_mean": 15.851616186103703,
  "summary_bg_median": 0.0,
  "summary_bg_n": 995348.0,
  "summary_bg_p05": 0.0,
  "summary_bg_p95": 71.13648170232773,
  "summary_bg_stdv": 27.7248255043626,
  "summary_csf_k": 2.346082598439181,
  "summary_csf_mad": 70.83163608110075,
  "summary_csf_mean": 215.72023740457817,
  "summary_csf_median": 207.01242512464523,
  "summary_csf_n": 131726.0,
  "summary_csf_p05": 99.07283478975296,
  "summary_csf_p95": 364.7920888662338,
  "summary_csf_stdv": 82.77681366078194,
  "summary_gm_k": 0.06038776129038004,
  "summary_gm_mad": 77.19447796635217,
  "summary_gm_mean": 680.7081404654953,
  "summary_gm_median": 681.606527864933,
  "summary_gm_n": 44011.0,
  "summary_gm_p05": 547.7752015888691,
  "summary_gm_p95": 810.3161894083023,
  "summary_gm_stdv": 79.06460886794864,
  "summary_wm_k": 0.5050119800898245,
  "summary_wm_mad": 70.23136797871854,
  "summary_wm_mean": 1002.3232650942274,
  "summary_wm_median": 1000.0809530615807,
  "summary_wm_n": 340448.0,
  "summary_wm_p05": 887.161404132843,
  "summary_wm_p95": 1124.7013803124428,
  "summary_wm_stdv": 72.6887259211952,
  "tpm_overlap_csf": 0.1431410486365197,
  "tpm_overlap_gm": 0.4197722045966331,
  "tpm_overlap_wm": 0.4508947529179692,
  "wm2max": 0.4348537929334718
}