{
  "bids_meta": {
    "AcquisitionMatrixPE": 256,
    "AcquisitionNumber": 1,
    "AcquisitionTime": "06:05:0.000000",
    "CoilString": "8HRBRAIN",
    "ConversionSoftware": "dcm2niix",
    "ConversionSoftwareVersion": "v1.0.20190410  (JP2:OpenJPEG) (JP-LS:CharLS) GCC5.5.0",
    "DeviceSerialNumber": "000000000000GEHC",
    "EchoTime": 0.002788,
    "FlipAngle": 8,
    "ImageOrientationPatientDICOM": [
      0,
      1,
      0,
      0,
      0,
      -1
    ],
    "ImageType": [
      "ORIGINAL",
      "PRIMARY",
      "OTHER"
    ],
    "ImagingFrequency": 127.763,
    "InPlanePhaseEncodingDirectionDICOM": "ROW",
    "InversionTime": 0.65,
    "MRAcquisitionType": "3D",
    "MagneticFieldStrength": 3,
    "Manufacturer": "GE",
    "ManufacturersModelName": "Signa_HDxt",
    "Modality": "MR",
    "PatientPosition": "HFS",
    "PercentPhaseFOV": 100,
    "PixelBandwidth": 244.141,
    "ProcedureStepDescription": "BRAIN_MRI",
    "ProtocolName": "SAGITTAL_IR-FSPGR",
    "ReconMatrixPE": 256,
    "RepetitionTime": 0.006364,
    "SAR": 0.212675,
    "ScanOptions": "FAST_GEMS_EDR_GEMS_ACC_GEMS",
    "ScanningSequence": "GR",
    "SequenceVariant": "SS_SP_SK",
    "SeriesDescription": "SAGITTAL_IR-FSPGR",
    "SeriesNumber": 3,
    "SliceThickness": 0.9,
    "SoftwareVersions": "24_LX_MR_Software_release:HD16.0_V02_1131.a",
    "SpacingBetweenSlices": 0.9,
    "StationName": "MHMRMR3T",
    "dataset": "ds003011",
    "modality": "T1w",
    "run_id": 1,
    "session_id": "Y1ZHH",
    "subject_id": "04"
  },
  "cjv": 0.45822967990145475,
  "cnr": 2.9121064135336385,
  "efc": 0.6825060087482924,
  "fber": 2397.4923306362466,
  "fwhm_avg": 3.795064790440978,
  "fwhm_x": 3.6196223181094678,
  "fwhm_y": 4.072673602688737,
  "fwhm_z": 3.692898450524728,
  "icvs_csf": 0.2703778815175655,
  "icvs_gm": 0.37797138268195957,
  "icvs_wm": 0.35165073580047496,
  "inu_med": 0.7143741250038147,
  "inu_range": 0.27676070928573604,
  "provenance": {
    "md5sum": "8387cb0a7f583fca8820fcf74a054a49",
    "settings": {
      "testing": false
    },
    "software": "mriqc",
    "version": "22.0.6",
    "warnings": {
      "large_rot_frame": true,
      "small_air_mask": false
    },
    "webapi_port": null,
    "webapi_url": "https://mriqc.nimh.nih.gov/api/v1"
  },
  "qi_1": 8.880448667591144e-05,
  "qi_2": 0.002165476929630699,
  "rpve_csf": 15.483859251770427,
  "rpve_gm": 10.206414749171428,
  "rpve_wm": 12.659593484524185,
  "size_x": 200,
  "size_y": 256,
  "size_z": 256,
  "snr_csf": 2.6126066094293003,
  "snr_gm": 9.226677579617984,
  "snr_total": 8.96520401135315,
  "snr_wm": 15.056327845012161,
  "snrd_csf": 15.622294253982064,
  "snrd_gm": 46.96866475215964,
  "snrd_total": 43.39802013613482,
  "snrd_wm": 67.60310140226275,
  "spacing_x": 0.8999999761581421,
  "spacing_y": 0.8984000086784363,
  "spacing_z": 0.8984000086784363,
  "summary_bg_k": 116.73283426495583,
  "summary_bg_mad": 9.691278438112414,
  "summary_bg_mean": 18.001928342183287,
  "summary_bg_median": 6.536667972803116,
  "summary_bg_n": 921322.0,
  "summary_bg_p05": 0.0,
  "summary_bg_p95": 72.93158760666847,
  "summary_bg_stdv": 30.08089347986667,
  "summary_csf_k": 1.3798873120262796,
  "summary_csf_mad": 78.34690827215599,
  "summary_csf_mean": 238.56203805174414,
  "summary_csf_median": 231.096918836236,
  "summary_csf_n": 147420.0,
  "summary_csf_p05": 107.77973970100287,
  "summary_csf_p95": 395.6520266234875,
  "summary_csf_stdv": 88.45424113846495,
  "summary_gm_k": 0.06249359512510466,
  "summary_gm_mad": 74.80795828071044,
  "summary_gm_mean": 694.1495257259315,
  "summary_gm_median": 694.7963935136795,
  "summary_gm_n": 27221.0,
  "summary_gm_p05": 568.5799450725317,
  "summary_gm_p95": 817.0834966003895,
  "summary_gm_stdv": 75.30160507525068,
  "summary_wm_k": 0.24229277405108274,
  "summary_wm_mad": 65.06223445811425,
  "summary_wm_mean": 1001.5691662088112,
  "summary_wm_median": 1000.0367541313171,
  "summary_wm_n": 330273.0,
  "summary_wm_p05": 895.5969579815865,
  "summary_wm_p95": 1113.0329752117395,
  "summary_wm_stdv": 66.41959782422722,
  "tpm_overlap_csf": 0.17285534051353768,
  "tpm_overlap_gm": 0.42059543819259215,
  "tpm_overlap_wm": 0.5054714131429872,
  "wm2max": 0.4792425602308924
}