{
  "aor": 0.0012679716981132078,
  "aqi": 0.0028388257547169804,
  "bids_meta": {
    "AcquisitionMatrixPE": 64,
    "AcquisitionNumber": 1,
    "AcquisitionTime": "10:27:15.227500",
    "BandwidthPerPixelPhaseEncode": 63.776,
    "BaseResolution": 64,
    "BodyPartExamined": "BRAIN",
    "CoilString": "HC1-7;NC1_2",
    "ConsistencyInfo": "N4_VE11C_LATEST_20160120",
    "ConversionSoftware": "dcm2niix",
    "ConversionSoftwareVersion": "v1.0.20190410  (JP2:OpenJPEG) (JP-LS:CharLS) GCC5.5.0",
    "DerivedVendorReportedEchoSpacing": 0.000489996,
    "DeviceSerialNumber": "66108",
    "DwellTime": 3.2e-06,
    "EchoTime": 0.03,
    "EchoTrainLength": 31,
    "EffectiveEchoSpacing": 0.000244998,
    "FlipAngle": 77,
    "ImageOrientationPatientDICOM": [
      0.99614,
      -0.0540793,
      -0.0691424,
      0.0452344,
      0.991296,
      -0.12364
    ],
    "ImageType": [
      "ORIGINAL",
      "PRIMARY",
      "M",
      "ND",
      "MOSAIC"
    ],
    "ImagingFrequency": 123.243,
    "InPlanePhaseEncodingDirectionDICOM": "COL",
    "InstitutionAddress": "Huron_325_TORONTO_ONTARIO_CA_M5S_3G3",
    "InstitutionName": "University_of_Toronto",
    "InstitutionalDepartmentName": "Department",
    "MRAcquisitionType": "2D",
    "MagneticFieldStrength": 3,
    "Manufacturer": "Siemens",
    "ManufacturersModelName": "Prisma",
    "Modality": "MR",
    "ParallelReductionFactorInPlane": 2,
    "PartialFourier": 1,
    "PatientPosition": "HFS",
    "PercentPhaseFOV": 100,
    "PhaseEncodingDirection": "j-",
    "PhaseEncodingSteps": 63,
    "PhaseResolution": 1,
    "PixelBandwidth": 2440,
    "ProcedureStepDescription": "Voineskos_Colin",
    "ProtocolName": "EPI_3x3x4xTR2-Resting_EyeClosed",
    "PulseSequenceDetails": "%SiemensSeq%_ep2d_bold",
    "ReceiveCoilActiveElements": "HC1-7;NC1,2",
    "ReceiveCoilName": "HeadNeck_64",
    "ReconMatrixPE": 64,
    "RefLinesPE": 30,
    "RepetitionTime": 2,
    "SAR": 0.0901674,
    "ScanOptions": "FS",
    "ScanningSequence": "EP",
    "SequenceName": "_epfid2d1_64",
    "SequenceVariant": "SK",
    "SeriesDescription": "EPI_3x3x4xTR2-Resting_EyeClosed",
    "SeriesNumber": 7,
    "ShimSetting": [
      -1051,
      -6962,
      -6399,
      112,
      47,
      -11,
      -93,
      -7
    ],
    "SliceThickness": 4,
    "SliceTiming": [
      0,
      1.0175,
      0.055,
      1.07,
      0.1075,
      1.125,
      0.1625,
      1.1775,
      0.215,
      1.2325,
      0.2675,
      1.285,
      0.3225,
      1.3375,
      0.375,
      1.3925,
      0.43,
      1.445,
      0.4825,
      1.5,
      0.535,
      1.5525,
      0.59,
      1.605,
      0.6425,
      1.66,
      0.6975,
      1.7125,
      0.75,
      1.7675,
      0.8025,
      1.82,
      0.8575,
      1.875,
      0.91,
      1.9275,
      0.965
    ],
    "SoftwareVersions": "syngo_MR_E11",
    "SpacingBetweenSlices": 4,
    "StationName": "AWP66108",
    "TaskName": "rest eyes closed",
    "TotalReadoutTime": 0.0154349,
    "TxRefAmp": 281.998,
    "dataset": "ds003011",
    "modality": "bold",
    "run_id": 1,
    "session_id": "Y4CMP",
    "subject_id": "02",
    "task_id": "rest"
  },
  "dummy_trs": 0,
  "dvars_nstd": 26.74095434919432,
  "dvars_std": 1.216464612037915,
  "dvars_vstd": 0.9852640232701423,
  "efc": 0.5651296258183032,
  "fber": 357.0698547363281,
  "fd_mean": 0.1315511877476526,
  "fd_num": 48,
  "fd_perc": 22.641509433962263,
  "fwhm_avg": 2.7455898666666663,
  "fwhm_x": 2.6841792,
  "fwhm_y": 2.8791904,
  "fwhm_z": 2.6734,
  "gcor": 0.0388313,
  "gsr_x": 0.0032482496462762356,
  "gsr_y": 0.05223705247044563,
  "provenance": {
    "md5sum": "a1ac1dc2ad45832855de4b7a222cfe0b",
    "settings": {
      "fd_thres": 0.2,
      "testing": false
    },
    "software": "mriqc",
    "version": "22.0.6",
    "webapi_port": null,
    "webapi_url": "https://mriqc.nimh.nih.gov/api/v1"
  },
  "size_t": 212,
  "size_x": 64,
  "size_y": 64,
  "size_z": 37,
  "snr": 1.9814696289403328,
  "spacing_tr": 2.0,
  "spacing_x": 3.125,
  "spacing_y": 3.125,
  "spacing_z": 4.0,
  "summary_bg_k": 36.81118567782662,
  "summary_bg_mad": 14.067236545321842,
  "summary_bg_mean": 92.29022216796875,
  "summary_bg_median": 41.88915252685547,
  "summary_bg_n": 79906.0,
  "summary_bg_p05": 30.78302001953125,
  "summary_bg_p95": 339.79481506347656,
  "summary_bg_stdv": 135.73089599609375,
  "summary_fg_k": 2.5319167617919867,
  "summary_fg_mad": 340.77477160972745,
  "summary_fg_mean": 918.5626220703125,
  "summary_fg_median": 813.3585205078125,
  "summary_fg_n": 33438.0,
  "summary_fg_p05": 451.75235748291016,
  "summary_fg_p95": 1723.264154052734,
  "summary_fg_stdv": 410.476318359375,
  "tsnr": 65.49495499767363
}