{
  "aor": 0.0019012735849056601,
  "aqi": 0.004305615943396226,
  "bids_meta": {
    "AcquisitionMatrixPE": 64,
    "AcquisitionNumber": 1,
    "AcquisitionTime": "06:05:0.000000",
    "BandwidthPerPixelPhaseEncode": 63.776,
    "BaseResolution": 64,
    "BodyPartExamined": "BRAIN",
    "ConsistencyInfo": "N4_VE11B_LATEST_20150530",
    "ConversionSoftware": "dcm2niix",
    "ConversionSoftwareVersion": "v1.0.20190410  (JP2:OpenJPEG) (JP-LS:CharLS) GCC5.5.0",
    "DerivedVendorReportedEchoSpacing": 0.000489996,
    "DeviceSerialNumber": "66106",
    "DwellTime": 3.2e-06,
    "EchoTime": 0.03,
    "EchoTrainLength": 31,
    "EffectiveEchoSpacing": 0.000244998,
    "FlipAngle": 77,
    "ImageOrientationPatientDICOM": [
      0.998719,
      -0.0499627,
      0.0080707,
      0.0502434,
      0.997957,
      -0.0394543
    ],
    "ImageType": [
      "ORIGINAL",
      "PRIMARY",
      "M",
      "ND",
      "MOSAIC"
    ],
    "ImagingFrequency": 123.254,
    "InPlanePhaseEncodingDirectionDICOM": "COL",
    "InstitutionAddress": "Community_Drive_300_Manhasset_NYC_US_11030",
    "InstitutionalDepartmentName": "Department",
    "MRAcquisitionType": "2D",
    "MagneticFieldStrength": 3,
    "Manufacturer": "Siemens",
    "ManufacturersModelName": "Prisma",
    "Modality": "MR",
    "ParallelReductionFactorInPlane": 2,
    "PartialFourier": 1,
    "PatientPosition": "HFS",
    "PercentPhaseFOV": 100,
    "PhaseEncodingDirection": "j-",
    "PhaseEncodingSteps": 63,
    "PhaseResolution": 1,
    "PixelBandwidth": 2440,
    "ProcedureStepDescription": "BRAIN_MRI",
    "ProtocolName": "EPI_3x3x4xTR2-Resting-Eye_closed",
    "PulseSequenceDetails": "%SiemensSeq%_ep2d_bold",
    "ReceiveCoilActiveElements": "HC1-7",
    "ReceiveCoilName": "HeadNeck_64",
    "ReconMatrixPE": 64,
    "RefLinesPE": 30,
    "RepetitionTime": 2,
    "SAR": 0.0988262,
    "ScanOptions": "FS",
    "ScanningSequence": "EP",
    "SequenceName": "_epfid2d1_64",
    "SequenceVariant": "SK",
    "SeriesDescription": "EPI_3x3x4xTR2-Resting-Eye_closed",
    "SeriesNumber": 10,
    "ShimSetting": [
      -1314,
      -10785,
      583,
      523,
      -103,
      13,
      -40,
      6
    ],
    "SliceThickness": 4,
    "SliceTiming": [
      0,
      1.0175,
      0.0525,
      1.07,
      0.1075,
      1.1225,
      0.16,
      1.1775,
      0.215,
      1.23,
      0.2675,
      1.285,
      0.32,
      1.3375,
      0.375,
      1.39,
      0.4275,
      1.445,
      0.4825,
      1.4975,
      0.535,
      1.5525,
      0.5875,
      1.605,
      0.6425,
      1.6575,
      0.695,
      1.7125,
      0.75,
      1.765,
      0.8025,
      1.82,
      0.855,
      1.8725,
      0.91,
      1.9275,
      0.9625
    ],
    "SoftwareVersions": "syngo_MR_E11",
    "SpacingBetweenSlices": 4,
    "StationName": "MHMRSIEM3T",
    "TaskName": "rest eyes closed",
    "TotalReadoutTime": 0.0154349,
    "TxRefAmp": 266.617,
    "dataset": "ds003011",
    "modality": "bold",
    "run_id": 1,
    "session_id": "Y3ZHP",
    "subject_id": "03",
    "task_id": "rest"
  },
  "dummy_trs": 0,
  "dvars_nstd": 24.584030124834115,
  "dvars_std": 1.225327716255924,
  "dvars_vstd": 1.0010776427962091,
  "efc": 0.5635455870339412,
  "fber": 497.7818908691406,
  "fd_mean": 0.16681921918767018,
  "fd_num": 46,
  "fd_perc": 21.69811320754717,
  "fwhm_avg": 2.709266866666667,
  "fwhm_x": 2.610976,
  "fwhm_y": 2.9038495999999996,
  "fwhm_z": 2.612975,
  "gcor": 0.040816,
  "gsr_x": -0.006984770763665438,
  "gsr_y": 0.0565786175429821,
  "provenance": {
    "md5sum": "33410744f030dd320c46c44879ad8941",
    "settings": {
      "fd_thres": 0.2,
      "testing": false
    },
    "software": "mriqc",
    "version": "22.0.6",
    "webapi_port": null,
    "webapi_url": "https://mriqc.nimh.nih.gov/api/v1"
  },
  "size_t": 212,
  "size_x": 64,
  "size_y": 64,
  "size_z": 37,
  "snr": 2.479918245117346,
  "spacing_tr": 2.0,
  "spacing_x": 3.125,
  "spacing_y": 3.125,
  "spacing_z": 4.0,
  "summary_bg_k": 49.008491189630455,
  "summary_bg_mad": 8.238231161277065,
  "summary_bg_mean": 67.3270492553711,
  "summary_bg_median": 31.76886749267578,
  "summary_bg_n": 81672.0,
  "summary_bg_p05": 25.443397521972656,
  "summary_bg_p95": 241.52004547119134,
  "summary_bg_stdv": 107.03959655761719,
  "summary_fg_k": 1.3142779380588818,
  "summary_fg_mad": 264.4521576844369,
  "summary_fg_mean": 795.148681640625,
  "summary_fg_median": 736.910400390625,
  "summary_fg_n": 32286.0,
  "summary_fg_p05": 413.66510009765625,
  "summary_fg_p95": 1365.9139404296875,
  "summary_fg_stdv": 297.146484375,
  "tsnr": 76.53713693388272
}