{
  "bids_meta": {
    "AcquisitionMatrixPE": 256,
    "AcquisitionNumber": 1,
    "AcquisitionTime": "09:21:21.915000",
    "BaseResolution": 256,
    "BodyPartExamined": "BRAIN",
    "CoilString": "HC1-7;NC1_2",
    "ConsistencyInfo": "N4_VE11C_LATEST_20160120",
    "ConversionSoftware": "dcm2niix",
    "ConversionSoftwareVersion": "v1.0.20190410  (JP2:OpenJPEG) (JP-LS:CharLS) GCC5.5.0",
    "DeviceSerialNumber": "66108",
    "DwellTime": 7.5e-06,
    "EchoTime": 0.00287,
    "FlipAngle": 9,
    "ImageOrientationPatientDICOM": [
      -0.0344121,
      0.99937,
      -0.00872574,
      -0.0136258,
      -0.00919925,
      -0.999865
    ],
    "ImageType": [
      "ORIGINAL",
      "PRIMARY",
      "M",
      "ND"
    ],
    "ImagingFrequency": 123.243,
    "InPlanePhaseEncodingDirectionDICOM": "ROW",
    "InstitutionAddress": "Huron_325_TORONTO_ONTARIO_CA_M5S_3G3",
    "InstitutionName": "University_of_Toronto",
    "InstitutionalDepartmentName": "Department",
    "InversionTime": 0.9,
    "MRAcquisitionType": "3D",
    "MagneticFieldStrength": 3,
    "Manufacturer": "Siemens",
    "ManufacturersModelName": "Prisma",
    "Modality": "MR",
    "PartialFourier": 1,
    "PatientPosition": "HFS",
    "PercentPhaseFOV": 100,
    "PhaseEncodingSteps": 307,
    "PhaseOversampling": 0.2,
    "PhaseResolution": 1,
    "PixelBandwidth": 260,
    "ProcedureStepDescription": "Voineskos_Colin",
    "ProtocolName": "t1_mprage_T1_900",
    "PulseSequenceDetails": "%SiemensSeq%_tfl",
    "ReceiveCoilActiveElements": "HC1-7;NC1,2",
    "ReceiveCoilName": "HeadNeck_64",
    "ReconMatrixPE": 256,
    "RefLinesPE": 31,
    "RepetitionTime": 2.3,
    "SAR": 0.071604,
    "ScanOptions": "IR",
    "ScanningSequence": "GR_IR",
    "SequenceName": "_tfl3d1_16ns",
    "SequenceVariant": "SK_SP_MP_OSP",
    "SeriesDescription": "t1_mprage_T1_900",
    "SeriesNumber": 6,
    "ShimSetting": [
      -1026,
      -6983,
      -6652,
      -33,
      -35,
      26,
      -37,
      -58
    ],
    "SliceThickness": 0.9,
    "SoftwareVersions": "syngo_MR_E11",
    "StationName": "AWP66108",
    "TxRefAmp": 270.041,
    "dataset": "ds003011",
    "modality": "T1w",
    "run_id": 1,
    "session_id": "Y4CMP",
    "subject_id": "03"
  },
  "cjv": 0.5087794767761942,
  "cnr": 2.5169705020910187,
  "efc": 0.568906116623954,
  "fber": -1.0,
  "fwhm_avg": 5.200487073673245,
  "fwhm_x": 5.2430779166719095,
  "fwhm_y": 5.231560347826087,
  "fwhm_z": 5.12682295652174,
  "icvs_csf": 0.2103862577114346,
  "icvs_gm": 0.37598127538439013,
  "icvs_wm": 0.41363246690417527,
  "inu_med": 1.0783358216285706,
  "inu_range": 1.2942468732595445,
  "provenance": {
    "md5sum": "7548da8b5a966bad697cd119d6f7a686",
    "settings": {
      "testing": false
    },
    "software": "mriqc",
    "version": "22.0.6",
    "warnings": {
      "large_rot_frame": true,
      "small_air_mask": false
    },
    "webapi_port": null,
    "webapi_url": "https://mriqc.nimh.nih.gov/api/v1"
  },
  "qi_1": 3.7334651569178866e-05,
  "qi_2": 0.0010689316138648784,
  "rpve_csf": 21.57633930545117,
  "rpve_gm": 11.401992233416367,
  "rpve_wm": 12.141383920145135,
  "size_x": 240,
  "size_y": 256,
  "size_z": 256,
  "snr_csf": 3.262685130266738,
  "snr_gm": 11.83676853381285,
  "snr_total": 9.515842583209432,
  "snr_wm": 13.448074085548706,
  "snrd_csf": 8.229059315650279,
  "snrd_gm": 22.948076538045044,
  "snrd_total": 20.611998817693657,
  "snrd_wm": 30.658860599385644,
  "spacing_x": 0.8999999761581421,
  "spacing_y": 0.8984375,
  "spacing_z": 0.8984375,
  "summary_bg_k": 18.607334639530336,
  "summary_bg_mad": 0.0,
  "summary_bg_mean": 12.243069184507112,
  "summary_bg_median": 0.0,
  "summary_bg_n": 2638133.0,
  "summary_bg_p05": 0.0,
  "summary_bg_p95": 52.03343831002712,
  "summary_bg_stdv": 21.370590445844268,
  "summary_csf_k": 3.4303603295562137,
  "summary_csf_mad": 63.776823307425325,
  "summary_csf_mean": 278.8705290218726,
  "summary_csf_median": 268.43243084847927,
  "summary_csf_n": 133410.0,
  "summary_csf_p05": 168.1224811822176,
  "summary_csf_p95": 431.20129112154245,
  "summary_csf_stdv": 82.27316277421711,
  "summary_gm_k": 0.20169939267423365,
  "summary_gm_mad": 61.40956130693137,
  "summary_gm_mean": 749.1087894636194,
  "summary_gm_median": 748.56769554317,
  "summary_gm_n": 32217.0,
  "summary_gm_p05": 645.7218201830983,
  "summary_gm_p95": 855.1704978570342,
  "summary_gm_stdv": 63.23990164428959,
  "summary_wm_k": 1.1515780972418606,
  "summary_wm_mad": 66.56183742565351,
  "summary_wm_mean": 1010.0704832696508,
  "summary_wm_median": 1000.0939550995827,
  "summary_wm_n": 347909.0,
  "summary_wm_p05": 907.2039361670613,
  "summary_wm_p95": 1150.9345722943544,
  "summary_wm_stdv": 74.36696968235793,
  "tpm_overlap_csf": 0.15015604793771056,
  "tpm_overlap_gm": 0.4088220188746582,
  "tpm_overlap_wm": 0.43466446240345585,
  "wm2max": 0.20964344076706504
}