{
  "bids_meta": {
    "AcquisitionMatrixPE": 256,
    "AcquisitionNumber": 1,
    "AcquisitionTime": "08:44:6.762500",
    "BaseResolution": 256,
    "CoilString": "C:HEA;HEP",
    "ConversionSoftware": "dcm2niix",
    "ConversionSoftwareVersion": "v1.0.20190410  (JP2:OpenJPEG) (JP-LS:CharLS) GCC5.5.0",
    "DeviceSerialNumber": "35455",
    "DwellTime": 7.5e-06,
    "EchoTime": 0.00285,
    "FlipAngle": 9,
    "ImageOrientationPatientDICOM": [
      -0.0452522,
      0.986925,
      -0.154695,
      -0.00703256,
      -0.155165,
      -0.987864
    ],
    "ImageType": [
      "ORIGINAL",
      "PRIMARY",
      "M",
      "ND"
    ],
    "ImagingFrequency": 123.259,
    "InPlanePhaseEncodingDirectionDICOM": "ROW",
    "InstitutionAddress": "Wade_Avenue_55_48CA09_Maryland_US_21228",
    "InstitutionName": "UMCBIR",
    "InstitutionalDepartmentName": "Department",
    "InversionTime": 0.9,
    "MRAcquisitionType": "3D",
    "MagneticFieldStrength": 3,
    "Manufacturer": "Siemens",
    "ManufacturersModelName": "TrioTim",
    "Modality": "MR",
    "PartialFourier": 1,
    "PatientPosition": "HFS",
    "PercentPhaseFOV": 100,
    "PhaseEncodingSteps": 255,
    "PhaseResolution": 1,
    "PixelBandwidth": 260,
    "ProcedureStepDescription": "MPRC_Protocols_Bob_Buchanan",
    "ProtocolName": "MPRAGE_TI-900_Buchanan",
    "PulseSequenceDetails": "%SiemensSeq%_tfl",
    "ReceiveCoilName": "32Ch_Head",
    "ReconMatrixPE": 256,
    "RefLinesPE": 31,
    "RepetitionTime": 2.3,
    "SAR": 0.164202,
    "ScanOptions": "IR",
    "ScanningSequence": "GR_IR",
    "SequenceName": "_tfl3d1_ns",
    "SequenceVariant": "SP_MP",
    "SeriesDescription": "MPRAGE_TI-900_Buchanan",
    "SeriesNumber": 3,
    "ShimSetting": [
      -2506,
      -28924,
      11636,
      74,
      524,
      -197,
      -13,
      -122
    ],
    "SliceThickness": 0.9,
    "SoftwareVersions": "syngo_MR_B17",
    "StationName": "MRC35455",
    "TxRefAmp": 344.366,
    "dataset": "ds003011",
    "modality": "T1w",
    "run_id": 2,
    "session_id": "Y2MRC",
    "subject_id": "04"
  },
  "cjv": 0.5308175870127094,
  "cnr": 2.504347665328126,
  "efc": 0.526734065391392,
  "fber": 6364.612810233773,
  "fwhm_avg": 4.519536897179687,
  "fwhm_x": 4.586122343712975,
  "fwhm_y": 4.649360695652174,
  "fwhm_z": 4.323127652173913,
  "icvs_csf": 0.271650156644198,
  "icvs_gm": 0.35163572894470474,
  "icvs_wm": 0.37671411441109726,
  "inu_med": 0.9626563787460327,
  "inu_range": 1.1537054061889649,
  "provenance": {
    "md5sum": "69407769fa093a432073ba53e875acca",
    "settings": {
      "testing": false
    },
    "software": "mriqc",
    "version": "22.0.6",
    "warnings": {
      "large_rot_frame": true,
      "small_air_mask": false
    },
    "webapi_port": null,
    "webapi_url": "https://mriqc.nimh.nih.gov/api/v1"
  },
  "qi_1": 0.0,
  "qi_2": 0.005276422644034712,
  "rpve_csf": 19.063310779409452,
  "rpve_gm": 13.017650145894997,
  "rpve_wm": 14.30356216084374,
  "size_x": 240,
  "size_y": 256,
  "size_z": 256,
  "snr_csf": 2.66431412501203,
  "snr_gm": 9.676598916331434,
  "snr_total": 9.174148826969619,
  "snr_wm": 15.181533439565392,
  "snrd_csf": 5.950142354919236,
  "snrd_gm": 18.624737575118907,
  "snrd_total": 16.590803329186446,
  "snrd_wm": 25.197530057521195,
  "spacing_x": 0.8999999761581421,
  "spacing_y": 0.8984375,
  "spacing_z": 0.8984375,
  "summary_bg_k": 5180.7309263339685,
  "summary_bg_mad": 0.0,
  "summary_bg_mean": 11.18491410229362,
  "summary_bg_median": 0.0,
  "summary_bg_n": 4148511.0,
  "summary_bg_p05": 0.0,
  "summary_bg_p95": 41.66666866838932,
  "summary_bg_stdv": 26.001764694840837,
  "summary_csf_k": 2.1064687919914533,
  "summary_csf_mad": 74.66556475174217,
  "summary_csf_mean": 247.65797852556173,
  "summary_csf_median": 236.15570957958698,
  "summary_csf_n": 153238.0,
  "summary_csf_p05": 127.34083008766174,
  "summary_csf_p95": 413.18889090418816,
  "summary_csf_stdv": 88.6362973529689,
  "summary_gm_k": 0.10900021815202177,
  "summary_gm_mad": 75.01261584952583,
  "summary_gm_mean": 738.5624606553616,
  "summary_gm_median": 739.1988049075007,
  "summary_gm_n": 16212.0,
  "summary_gm_p05": 613.4965516775846,
  "summary_gm_p95": 864.9010581374168,
  "summary_gm_stdv": 76.38799675966756,
  "summary_wm_k": 0.3621395689343121,
  "summary_wm_mad": 63.460772166155365,
  "summary_wm_mean": 1004.1278149357736,
  "summary_wm_median": 1000.0669287294149,
  "summary_wm_n": 319807.0,
  "summary_wm_p05": 902.8224082738161,
  "summary_wm_p95": 1118.7801500558853,
  "summary_wm_stdv": 65.87380445866415,
  "tpm_overlap_csf": 0.16906761024297307,
  "tpm_overlap_gm": 0.403621850694634,
  "tpm_overlap_wm": 0.48526713838453256,
  "wm2max": 0.2935010893673818
}