{
  "bids_meta": {
    "AcquisitionMatrixPE": 256,
    "AcquisitionNumber": 1,
    "AcquisitionTime": "08:49:38.875000",
    "BaseResolution": 256,
    "CoilString": "C:HEA;HEP",
    "ConversionSoftware": "dcm2niix",
    "ConversionSoftwareVersion": "v1.0.20190410  (JP2:OpenJPEG) (JP-LS:CharLS) GCC5.5.0",
    "DeviceSerialNumber": "35455",
    "DwellTime": 7.5e-06,
    "EchoTime": 0.00285,
    "FlipAngle": 9,
    "ImageOrientationPatientDICOM": [
      -0.0452522,
      0.986925,
      -0.154695,
      -0.00703256,
      -0.155165,
      -0.987864
    ],
    "ImageType": [
      "ORIGINAL",
      "PRIMARY",
      "M",
      "ND"
    ],
    "ImagingFrequency": 123.259,
    "InPlanePhaseEncodingDirectionDICOM": "ROW",
    "InstitutionAddress": "Wade_Avenue_55_48CA09_Maryland_US_21228",
    "InstitutionName": "UMCBIR",
    "InstitutionalDepartmentName": "Department",
    "InversionTime": 0.9,
    "MRAcquisitionType": "3D",
    "MagneticFieldStrength": 3,
    "Manufacturer": "Siemens",
    "ManufacturersModelName": "TrioTim",
    "Modality": "MR",
    "PartialFourier": 1,
    "PatientPosition": "HFS",
    "PercentPhaseFOV": 100,
    "PhaseEncodingSteps": 255,
    "PhaseResolution": 1,
    "PixelBandwidth": 260,
    "ProcedureStepDescription": "MPRC_Protocols_Bob_Buchanan",
    "ProtocolName": "MPRAGE_TI-900_Buchanan",
    "PulseSequenceDetails": "%SiemensSeq%_tfl",
    "ReceiveCoilName": "32Ch_Head",
    "ReconMatrixPE": 256,
    "RefLinesPE": 31,
    "RepetitionTime": 2.3,
    "SAR": 0.164202,
    "ScanOptions": "IR",
    "ScanningSequence": "GR_IR",
    "SequenceName": "_tfl3d1_ns",
    "SequenceVariant": "SP_MP",
    "SeriesDescription": "MPRAGE_TI-900_Buchanan",
    "SeriesNumber": 4,
    "ShimSetting": [
      -2506,
      -28924,
      11636,
      74,
      524,
      -197,
      -13,
      -122
    ],
    "SliceThickness": 0.9,
    "SoftwareVersions": "syngo_MR_B17",
    "StationName": "MRC35455",
    "TxRefAmp": 344.366,
    "dataset": "ds003011",
    "modality": "T1w",
    "run_id": 3,
    "session_id": "Y2MRC",
    "subject_id": "04"
  },
  "cjv": 0.5375562774756596,
  "cnr": 2.446869511648667,
  "efc": 0.5308016723415557,
  "fber": 4237.710694939886,
  "fwhm_avg": 4.522223029168458,
  "fwhm_x": 4.5797445657662434,
  "fwhm_y": 4.6478024347826095,
  "fwhm_z": 4.339122086956522,
  "icvs_csf": 0.269959837480362,
  "icvs_gm": 0.34343978071229947,
  "icvs_wm": 0.38660038180733847,
  "inu_med": 0.969616174697876,
  "inu_range": 1.172335213422775,
  "provenance": {
    "md5sum": "f9baefd8ddcb19c2c0329c2f95404a86",
    "settings": {
      "testing": false
    },
    "software": "mriqc",
    "version": "22.0.6",
    "warnings": {
      "large_rot_frame": true,
      "small_air_mask": false
    },
    "webapi_port": null,
    "webapi_url": "https://mriqc.nimh.nih.gov/api/v1"
  },
  "qi_1": 2.6940840608108654e-06,
  "qi_2": 0.0033955050496524627,
  "rpve_csf": 19.181880448471667,
  "rpve_gm": 13.119451645182973,
  "rpve_wm": 13.957714697953177,
  "size_x": 240,
  "size_y": 256,
  "size_z": 256,
  "snr_csf": 2.608226913169405,
  "snr_gm": 9.035189550032834,
  "snr_total": 8.763950286009495,
  "snr_wm": 14.648434394826243,
  "snrd_csf": 11.418116284362743,
  "snrd_gm": 34.69285848882446,
  "snrd_total": 31.176910717164958,
  "snrd_wm": 47.419757378307665,
  "spacing_x": 0.8999999761581421,
  "spacing_y": 0.8984375,
  "spacing_z": 0.8984375,
  "summary_bg_k": 3499.88589382731,
  "summary_bg_mad": 13.815684431119688,
  "summary_bg_mean": 13.650100933755576,
  "summary_bg_median": 9.318537540733814,
  "summary_bg_n": 4170546.0,
  "summary_bg_p05": 0.0,
  "summary_bg_p95": 48.94010555744171,
  "summary_bg_stdv": 28.53885848491778,
  "summary_csf_k": 1.5123586299752994,
  "summary_csf_mad": 80.7848417880739,
  "summary_csf_mean": 251.8415249465084,
  "summary_csf_median": 240.7881646975875,
  "summary_csf_n": 153492.0,
  "summary_csf_p05": 121.21212190389633,
  "summary_csf_p95": 421.96614268422127,
  "summary_csf_stdv": 92.31841720265322,
  "summary_gm_k": 0.08555088543736611,
  "summary_gm_mad": 78.99196670922632,
  "summary_gm_mean": 731.8339794639224,
  "summary_gm_median": 731.6118977591395,
  "summary_gm_n": 15292.0,
  "summary_gm_p05": 599.3028914555907,
  "summary_gm_p95": 867.5807418983429,
  "summary_gm_stdv": 80.97096047884523,
  "summary_wm_k": 0.46217504148921584,
  "summary_wm_mad": 65.28174551803883,
  "summary_wm_mean": 1005.0254378871514,
  "summary_wm_median": 1000.0000057071447,
  "summary_wm_n": 326307.0,
  "summary_wm_p05": 901.6929913461208,
  "summary_wm_p95": 1124.9822229519486,
  "summary_wm_stdv": 68.26657692236509,
  "tpm_overlap_csf": 0.16768597103547306,
  "tpm_overlap_gm": 0.3978777979168218,
  "tpm_overlap_wm": 0.48261694591164805,
  "wm2max": 0.2896545214616434
}