{
  "bids_meta": {
    "AcquisitionMatrixPE": 256,
    "AcquisitionNumber": 1,
    "AcquisitionTime": "08:38:36.320000",
    "BaseResolution": 256,
    "CoilString": "C:HEA;HEP",
    "ConversionSoftware": "dcm2niix",
    "ConversionSoftwareVersion": "v1.0.20190410  (JP2:OpenJPEG) (JP-LS:CharLS) GCC5.5.0",
    "DeviceSerialNumber": "35455",
    "DwellTime": 7.5e-06,
    "EchoTime": 0.00285,
    "FlipAngle": 9,
    "ImageOrientationPatientDICOM": [
      -0.0452522,
      0.986925,
      -0.154695,
      -0.00703256,
      -0.155165,
      -0.987864
    ],
    "ImageType": [
      "ORIGINAL",
      "PRIMARY",
      "M",
      "ND"
    ],
    "ImagingFrequency": 123.259,
    "InPlanePhaseEncodingDirectionDICOM": "ROW",
    "InstitutionAddress": "Wade_Avenue_55_48CA09_Maryland_US_21228",
    "InstitutionName": "UMCBIR",
    "InstitutionalDepartmentName": "Department",
    "InversionTime": 0.9,
    "MRAcquisitionType": "3D",
    "MagneticFieldStrength": 3,
    "Manufacturer": "Siemens",
    "ManufacturersModelName": "TrioTim",
    "Modality": "MR",
    "PartialFourier": 1,
    "PatientPosition": "HFS",
    "PercentPhaseFOV": 100,
    "PhaseEncodingSteps": 255,
    "PhaseResolution": 1,
    "PixelBandwidth": 260,
    "ProcedureStepDescription": "MPRC_Protocols_Bob_Buchanan",
    "ProtocolName": "MPRAGE_TI-900_Buchanan",
    "PulseSequenceDetails": "%SiemensSeq%_tfl",
    "ReceiveCoilName": "32Ch_Head",
    "ReconMatrixPE": 256,
    "RefLinesPE": 31,
    "RepetitionTime": 2.3,
    "SAR": 0.164202,
    "ScanOptions": "IR",
    "ScanningSequence": "GR_IR",
    "SequenceName": "_tfl3d1_ns",
    "SequenceVariant": "SP_MP",
    "SeriesDescription": "MPRAGE_TI-900_Buchanan",
    "SeriesNumber": 2,
    "ShimSetting": [
      -2506,
      -28924,
      11636,
      74,
      524,
      -197,
      -13,
      -122
    ],
    "SliceThickness": 0.9,
    "SoftwareVersions": "syngo_MR_B17",
    "StationName": "MRC35455",
    "TxRefAmp": 344.366,
    "dataset": "ds003011",
    "modality": "T1w",
    "run_id": 1,
    "session_id": "Y2MRC",
    "subject_id": "04"
  },
  "cjv": 0.5347460376626759,
  "cnr": 2.4886671537839042,
  "efc": 0.5245187663853331,
  "fber": 6551.1523466033605,
  "fwhm_avg": 4.5351091676425055,
  "fwhm_x": 4.5783556768405616,
  "fwhm_y": 4.674270608695652,
  "fwhm_z": 4.352701217391304,
  "icvs_csf": 0.2710257227005961,
  "icvs_gm": 0.35080760732129745,
  "icvs_wm": 0.37816666997810644,
  "inu_med": 0.9559902548789978,
  "inu_range": 1.1261902332305906,
  "provenance": {
    "md5sum": "ba8e49729dcda67d40065301f61ddd53",
    "settings": {
      "testing": false
    },
    "software": "mriqc",
    "version": "22.0.6",
    "warnings": {
      "large_rot_frame": true,
      "small_air_mask": false
    },
    "webapi_port": null,
    "webapi_url": "https://mriqc.nimh.nih.gov/api/v1"
  },
  "qi_1": 0.0,
  "qi_2": 0.004748982461738504,
  "rpve_csf": 19.1534665235252,
  "rpve_gm": 13.069818082493885,
  "rpve_wm": 14.280858995568064,
  "size_x": 240,
  "size_y": 256,
  "size_z": 256,
  "snr_csf": 2.6415063958027987,
  "snr_gm": 9.463175330056384,
  "snr_total": 9.078799291763497,
  "snr_wm": 15.13171614943131,
  "snrd_csf": 6.284071657402331,
  "snrd_gm": 19.565913519948985,
  "snrd_total": 17.45125115626901,
  "snrd_wm": 26.50376829145571,
  "spacing_x": 0.8999999761581421,
  "spacing_y": 0.8984375,
  "spacing_z": 0.8984375,
  "summary_bg_k": 4998.8028355476035,
  "summary_bg_mad": 0.0,
  "summary_bg_mean": 11.004564591710562,
  "summary_bg_median": 0.0,
  "summary_bg_n": 4202179.0,
  "summary_bg_p05": 0.0,
  "summary_bg_p95": 41.824587255716324,
  "summary_bg_stdv": 24.720255689251417,
  "summary_csf_k": 1.9779091896045013,
  "summary_csf_mad": 76.10671281212964,
  "summary_csf_mean": 248.30877468051543,
  "summary_csf_median": 237.1168174147606,
  "summary_csf_n": 153457.0,
  "summary_csf_p05": 124.99500655531884,
  "summary_csf_p95": 414.3892333507538,
  "summary_csf_stdv": 89.76546307302456,
  "summary_gm_k": 0.09609353962829736,
  "summary_gm_mad": 76.59963193656054,
  "summary_gm_mean": 737.7329608904258,
  "summary_gm_median": 738.2804329097271,
  "summary_gm_n": 15859.0,
  "summary_gm_p05": 608.9433825582266,
  "summary_gm_p95": 866.3474520742893,
  "summary_gm_stdv": 78.013682554448,
  "summary_wm_k": 0.4186624762650317,
  "summary_wm_mad": 63.389399401812646,
  "summary_wm_mean": 1004.3987940103385,
  "summary_wm_median": 1000.066442489624,
  "summary_wm_n": 322061.0,
  "summary_wm_p05": 903.5839685499668,
  "summary_wm_p95": 1120.2871956825256,
  "summary_wm_stdv": 66.09064563518977,
  "tpm_overlap_csf": 0.16838052438919987,
  "tpm_overlap_gm": 0.40353021389772853,
  "tpm_overlap_wm": 0.4845418457232179,
  "wm2max": 0.29493087557603687
}