{
  "bids_meta": {
    "AcquisitionMatrixPE": 256,
    "AcquisitionNumber": 1,
    "AcquisitionTime": "06:05:0.000000",
    "BaseResolution": 256,
    "BodyPartExamined": "BRAIN",
    "ConsistencyInfo": "N4_VE11B_LATEST_20150530",
    "ConversionSoftware": "dcm2niix",
    "ConversionSoftwareVersion": "v1.0.20190410  (JP2:OpenJPEG) (JP-LS:CharLS) GCC5.5.0",
    "DeviceSerialNumber": "66106",
    "DwellTime": 7.5e-06,
    "EchoTime": 0.00279,
    "FlipAngle": 9,
    "ImageOrientationPatientDICOM": [
      0.0567024,
      0.985147,
      0.162078,
      -0.0604959,
      0.165431,
      -0.984364
    ],
    "ImageType": [
      "ORIGINAL",
      "PRIMARY",
      "M",
      "ND"
    ],
    "ImagingFrequency": 123.255,
    "InPlanePhaseEncodingDirectionDICOM": "ROW",
    "InstitutionAddress": "Community_Drive_300_Manhasset_NYC_US_11030",
    "InstitutionalDepartmentName": "Department",
    "InversionTime": 0.9,
    "MRAcquisitionType": "3D",
    "MagneticFieldStrength": 3,
    "Manufacturer": "Siemens",
    "ManufacturersModelName": "Prisma",
    "Modality": "MR",
    "PartialFourier": 1,
    "PatientPosition": "HFS",
    "PercentPhaseFOV": 100,
    "PhaseEncodingSteps": 255,
    "PhaseResolution": 1,
    "PixelBandwidth": 260,
    "ProcedureStepDescription": "BRAIN_MRI",
    "ProtocolName": "MPRAGE_TI_900",
    "PulseSequenceDetails": "%SiemensSeq%_tfl",
    "ReceiveCoilActiveElements": "HC1-7",
    "ReceiveCoilName": "HeadNeck_64",
    "ReconMatrixPE": 256,
    "RefLinesPE": 31,
    "RepetitionTime": 2.3,
    "SAR": 0.0629829,
    "ScanOptions": "IR",
    "ScanningSequence": "GR_IR",
    "SequenceName": "_tfl3d1_16ns",
    "SequenceVariant": "SK_SP_MP",
    "SeriesDescription": "MPRAGE_TI_900",
    "SeriesNumber": 5,
    "ShimSetting": [
      -1300,
      -10821,
      321,
      168,
      -43,
      10,
      -40,
      -18
    ],
    "SliceThickness": 0.9,
    "SoftwareVersions": "syngo_MR_E11",
    "StationName": "MHMRSIEM3T",
    "TxRefAmp": 280.033,
    "dataset": "ds003011",
    "modality": "T1w",
    "run_id": 1,
    "session_id": "Y3ZHP",
    "subject_id": "02"
  },
  "cjv": 0.6244866700800296,
  "cnr": 2.071328895082706,
  "efc": 0.48593360900970434,
  "fber": -1.0,
  "fwhm_avg": 4.833645796400045,
  "fwhm_x": 5.0266779109392665,
  "fwhm_y": 4.860861217391305,
  "fwhm_z": 4.613398260869565,
  "icvs_csf": 0.2223370316645738,
  "icvs_gm": 0.36742531418955743,
  "icvs_wm": 0.41023765414586877,
  "inu_med": 1.0353001356124878,
  "inu_range": 1.2719234108924864,
  "provenance": {
    "md5sum": "a7d13e16e993d1a057f264c29d413327",
    "settings": {
      "testing": false
    },
    "software": "mriqc",
    "version": "22.0.6",
    "warnings": {
      "large_rot_frame": true,
      "small_air_mask": false
    },
    "webapi_port": null,
    "webapi_url": "https://mriqc.nimh.nih.gov/api/v1"
  },
  "qi_1": 0.0,
  "qi_2": 0.007078862177714407,
  "rpve_csf": 19.707263800615507,
  "rpve_gm": 10.942767304505475,
  "rpve_wm": 11.363089919940155,
  "size_x": 240,
  "size_y": 256,
  "size_z": 256,
  "snr_csf": 1.9820421542461344,
  "snr_gm": 7.416157909662387,
  "snr_total": 5.652271803494621,
  "snr_wm": 7.55861534657534,
  "snrd_csf": 4.762291493567583,
  "snrd_gm": 15.72387515581915,
  "snrd_total": 14.720349890965132,
  "snrd_wm": 23.674883023508663,
  "spacing_x": 0.8999999761581421,
  "spacing_y": 0.8984375,
  "spacing_z": 0.8984375,
  "summary_bg_k": 4281.135749088593,
  "summary_bg_mad": 0.0,
  "summary_bg_mean": 10.98012389227246,
  "summary_bg_median": 0.0,
  "summary_bg_n": 3676079.0,
  "summary_bg_p05": 0.0,
  "summary_bg_p95": 34.11086082458496,
  "summary_bg_stdv": 27.672213184844377,
  "summary_csf_k": 10.542417476628467,
  "summary_csf_mad": 94.8240711256228,
  "summary_csf_mean": 212.74156841212857,
  "summary_csf_median": 201.1537528038025,
  "summary_csf_n": 114495.0,
  "summary_csf_p05": 84.14848387241364,
  "summary_csf_p95": 395.0338661670685,
  "summary_csf_stdv": 101.48768729864146,
  "summary_gm_k": -0.010034510179532052,
  "summary_gm_mad": 88.68839593514132,
  "summary_gm_mean": 663.1558016954141,
  "summary_gm_median": 664.158525466919,
  "summary_gm_n": 32938.0,
  "summary_gm_p05": 514.6538830697536,
  "summary_gm_p95": 809.3993102610109,
  "summary_gm_stdv": 89.55424783704795,
  "summary_wm_k": 0.5032188838047804,
  "summary_wm_mad": 121.0401378485891,
  "summary_wm_mean": 1022.7428115385,
  "summary_wm_median": 1000.0000154972076,
  "summary_wm_n": 360507.0,
  "summary_wm_p05": 843.6167675256729,
  "summary_wm_p95": 1275.7712763547897,
  "summary_wm_stdv": 132.29918215294327,
  "tpm_overlap_csf": 0.16720243261498557,
  "tpm_overlap_gm": 0.4196771528014816,
  "tpm_overlap_wm": 0.46308046462931685,
  "wm2max": 0.1331537010755001
}