{
  "bids_meta": {
    "AcquisitionMatrixPE": 256,
    "AcquisitionNumber": 1,
    "AcquisitionTime": "09:34:18.552500",
    "BaseResolution": 256,
    "BodyPartExamined": "BRAIN",
    "ConsistencyInfo": "N4_VE11C_LATEST_20160120",
    "ConversionSoftware": "dcm2niix",
    "ConversionSoftwareVersion": "v1.0.20190410  (JP2:OpenJPEG) (JP-LS:CharLS) GCC5.5.0",
    "DeviceSerialNumber": "167003",
    "DwellTime": 7.5e-06,
    "EchoTime": 0.00289,
    "FlipAngle": 9,
    "ImageOrientationPatientDICOM": [
      0.0540721,
      0.997166,
      -0.0523149,
      0.0255579,
      -0.0537565,
      -0.998227
    ],
    "ImageType": [
      "ORIGINAL",
      "PRIMARY",
      "M",
      "ND"
    ],
    "ImagingFrequency": 123.235,
    "InPlanePhaseEncodingDirectionDICOM": "ROW",
    "InstitutionAddress": "Wade_Avenue_55_City_Maryland_US_21228",
    "InstitutionName": "UMCBIR",
    "InstitutionalDepartmentName": "Department",
    "InversionTime": 0.9,
    "MRAcquisitionType": "3D",
    "MagneticFieldStrength": 3,
    "Manufacturer": "Siemens",
    "ManufacturersModelName": "Prisma_fit",
    "Modality": "MR",
    "PartialFourier": 1,
    "PatientPosition": "HFS",
    "PercentPhaseFOV": 100,
    "PhaseEncodingSteps": 255,
    "PhaseResolution": 1,
    "PixelBandwidth": 260,
    "ProcedureStepDescription": "MPRC_Protocols_Bob_Buchanan",
    "ProtocolName": "MPRAGE_TI-900_Buchanan",
    "PulseSequenceDetails": "%SiemensSeq%_tfl",
    "ReceiveCoilActiveElements": "HC1-7",
    "ReceiveCoilName": "HeadNeck_64",
    "ReconMatrixPE": 256,
    "RefLinesPE": 31,
    "RepetitionTime": 2.3,
    "SAR": 0.0672021,
    "ScanOptions": "IR",
    "ScanningSequence": "GR_IR",
    "SequenceName": "_tfl3d1_16ns",
    "SequenceVariant": "SK_SP_MP",
    "SeriesDescription": "MPRAGE_TI-900_Buchanan",
    "SeriesNumber": 6,
    "ShimSetting": [
      -1000,
      -11591,
      11577,
      45,
      5,
      -13,
      -26,
      -28
    ],
    "SliceThickness": 0.9,
    "SoftwareVersions": "syngo_MR_E11",
    "StationName": "MRC35455",
    "TxRefAmp": 282.846,
    "dataset": "ds003011",
    "modality": "T1w",
    "run_id": 2,
    "session_id": "Y3MRP",
    "subject_id": "02"
  },
  "cjv": 0.5863485857214864,
  "cnr": 2.0694717865797205,
  "efc": 0.5151298962575663,
  "fber": -1.0,
  "fwhm_avg": 4.871463188214786,
  "fwhm_x": 5.084477912470445,
  "fwhm_y": 4.775880347826087,
  "fwhm_z": 4.754031304347826,
  "icvs_csf": 0.22324210970780764,
  "icvs_gm": 0.36429654782503385,
  "icvs_wm": 0.4124613424671585,
  "inu_med": 1.0452953577041626,
  "inu_range": 1.3610206186771387,
  "provenance": {
    "md5sum": "8262249ab08d131a38ab313c4f67a0b8",
    "settings": {
      "testing": false
    },
    "software": "mriqc",
    "version": "22.0.6",
    "warnings": {
      "large_rot_frame": true,
      "small_air_mask": false
    },
    "webapi_port": null,
    "webapi_url": "https://mriqc.nimh.nih.gov/api/v1"
  },
  "qi_1": 0.0,
  "qi_2": 0.0071312641395548815,
  "rpve_csf": 19.96619903747212,
  "rpve_gm": 11.20197406271149,
  "rpve_wm": 11.583786286498645,
  "size_x": 240,
  "size_y": 256,
  "size_z": 256,
  "snr_csf": 2.003800022790425,
  "snr_gm": 8.318473376198984,
  "snr_total": 6.323269073517167,
  "snr_wm": 8.647533821562094,
  "snrd_csf": 2.790704405200107,
  "snrd_gm": 9.224667621545787,
  "snrd_total": 8.469575575532966,
  "snrd_wm": 13.393354699853003,
  "spacing_x": 0.8999999761581421,
  "spacing_y": 0.8984375,
  "spacing_z": 0.8984375,
  "summary_bg_k": 5086.893731590029,
  "summary_bg_mad": 0.0,
  "summary_bg_mean": 10.114026946491425,
  "summary_bg_median": 0.0,
  "summary_bg_n": 3071903.0,
  "summary_bg_p05": 0.0,
  "summary_bg_p95": 38.58625155687332,
  "summary_bg_stdv": 48.92032084837784,
  "summary_csf_k": 4.346468047391658,
  "summary_csf_mad": 88.61641001570224,
  "summary_csf_mean": 224.17021936220843,
  "summary_csf_median": 208.38737535476685,
  "summary_csf_n": 116032.0,
  "summary_csf_p05": 79.55036735534668,
  "summary_csf_p95": 414.7211406826973,
  "summary_csf_stdv": 103.99564577752196,
  "summary_gm_k": 0.16003468364582973,
  "summary_gm_mad": 81.56555641589954,
  "summary_gm_mean": 688.7162765743972,
  "summary_gm_median": 688.8240368962288,
  "summary_gm_n": 27986.0,
  "summary_gm_p05": 553.2857751250267,
  "summary_gm_p95": 825.2269765734673,
  "summary_gm_stdv": 82.80506519076141,
  "summary_wm_k": 0.7898880521161713,
  "summary_wm_mad": 100.95540381535699,
  "summary_wm_mean": 1021.6298628672337,
  "summary_wm_median": 1000.1080830693245,
  "summary_wm_n": 364966.0,
  "summary_wm_p05": 868.244702398777,
  "summary_wm_p95": 1246.8655405044556,
  "summary_wm_stdv": 115.65224647470926,
  "tpm_overlap_csf": 0.1718852742093936,
  "tpm_overlap_gm": 0.41975461352246163,
  "tpm_overlap_wm": 0.4707610113715953,
  "wm2max": 0.1638685226507987
}