{
  "bids_meta": {
    "AcquisitionMatrixPE": 256,
    "AcquisitionNumber": 1,
    "AcquisitionTime": "09:28:47.650000",
    "BaseResolution": 256,
    "BodyPartExamined": "BRAIN",
    "ConsistencyInfo": "N4_VE11C_LATEST_20160120",
    "ConversionSoftware": "dcm2niix",
    "ConversionSoftwareVersion": "v1.0.20190410  (JP2:OpenJPEG) (JP-LS:CharLS) GCC5.5.0",
    "DeviceSerialNumber": "167003",
    "DwellTime": 7.5e-06,
    "EchoTime": 0.00289,
    "FlipAngle": 9,
    "ImageOrientationPatientDICOM": [
      0.0540721,
      0.997166,
      -0.0523149,
      0.0255579,
      -0.0537565,
      -0.998227
    ],
    "ImageType": [
      "ORIGINAL",
      "PRIMARY",
      "M",
      "ND"
    ],
    "ImagingFrequency": 123.235,
    "InPlanePhaseEncodingDirectionDICOM": "ROW",
    "InstitutionAddress": "Wade_Avenue_55_City_Maryland_US_21228",
    "InstitutionName": "UMCBIR",
    "InstitutionalDepartmentName": "Department",
    "InversionTime": 0.9,
    "MRAcquisitionType": "3D",
    "MagneticFieldStrength": 3,
    "Manufacturer": "Siemens",
    "ManufacturersModelName": "Prisma_fit",
    "Modality": "MR",
    "PartialFourier": 1,
    "PatientPosition": "HFS",
    "PercentPhaseFOV": 100,
    "PhaseEncodingSteps": 255,
    "PhaseResolution": 1,
    "PixelBandwidth": 260,
    "ProcedureStepDescription": "MPRC_Protocols_Bob_Buchanan",
    "ProtocolName": "MPRAGE_TI-900_Buchanan",
    "PulseSequenceDetails": "%SiemensSeq%_tfl",
    "ReceiveCoilActiveElements": "HC1-7",
    "ReceiveCoilName": "HeadNeck_64",
    "ReconMatrixPE": 256,
    "RefLinesPE": 31,
    "RepetitionTime": 2.3,
    "SAR": 0.0672021,
    "ScanOptions": "IR",
    "ScanningSequence": "GR_IR",
    "SequenceName": "_tfl3d1_16ns",
    "SequenceVariant": "SK_SP_MP",
    "SeriesDescription": "MPRAGE_TI-900_Buchanan",
    "SeriesNumber": 5,
    "ShimSetting": [
      -1000,
      -11591,
      11577,
      45,
      5,
      -13,
      -26,
      -28
    ],
    "SliceThickness": 0.9,
    "SoftwareVersions": "syngo_MR_E11",
    "StationName": "MRC35455",
    "TxRefAmp": 282.846,
    "dataset": "ds003011",
    "modality": "T1w",
    "run_id": 1,
    "session_id": "Y3MRP",
    "subject_id": "02"
  },
  "cjv": 0.5868953859783833,
  "cnr": 2.0600491755326393,
  "efc": 0.5152435302518694,
  "fber": -1.0,
  "fwhm_avg": 4.942437352592855,
  "fwhm_x": 5.0988445795176975,
  "fwhm_y": 4.921088,
  "fwhm_z": 4.80737947826087,
  "icvs_csf": 0.22418368552714507,
  "icvs_gm": 0.361729313768123,
  "icvs_wm": 0.4140870007047319,
  "inu_med": 1.0501670837402344,
  "inu_range": 1.3400601148605347,
  "provenance": {
    "md5sum": "0016da4762261c7619ffd1058fc48c43",
    "settings": {
      "testing": false
    },
    "software": "mriqc",
    "version": "22.0.6",
    "warnings": {
      "large_rot_frame": true,
      "small_air_mask": false
    },
    "webapi_port": null,
    "webapi_url": "https://mriqc.nimh.nih.gov/api/v1"
  },
  "qi_1": 9.117864278531341e-06,
  "qi_2": 0.006602813648496088,
  "rpve_csf": 19.813681034679632,
  "rpve_gm": 11.236106749479513,
  "rpve_wm": 11.554889598571988,
  "size_x": 240,
  "size_y": 256,
  "size_z": 256,
  "snr_csf": 2.0163448219070257,
  "snr_gm": 8.2379180279378,
  "snr_total": 6.320291998305213,
  "snr_wm": 8.706613145070811,
  "snrd_csf": 2.792784773741431,
  "snrd_gm": 9.147896439865805,
  "snrd_total": 8.399651612330608,
  "snrd_wm": 13.258273623384587,
  "spacing_x": 0.8999999761581421,
  "spacing_y": 0.8984375,
  "spacing_z": 0.8984375,
  "summary_bg_k": 4398.660499222634,
  "summary_bg_mad": 0.0,
  "summary_bg_mean": 11.670956384988576,
  "summary_bg_median": 0.0,
  "summary_bg_n": 3126093.0,
  "summary_bg_p05": 0.0,
  "summary_bg_p95": 42.6261123418808,
  "summary_bg_stdv": 49.4186952416346,
  "summary_csf_k": 16.70718045954979,
  "summary_csf_mad": 86.93635396124867,
  "summary_csf_mean": 225.6978292021824,
  "summary_csf_median": 210.6672436594963,
  "summary_csf_n": 118600.0,
  "summary_csf_p05": 80.53979015350342,
  "summary_csf_p95": 411.5883159041405,
  "summary_csf_stdv": 104.47932973911809,
  "summary_gm_k": 0.16848757952008997,
  "summary_gm_mad": 82.2521120583138,
  "summary_gm_mean": 689.676273539704,
  "summary_gm_median": 690.0503563284874,
  "summary_gm_n": 29350.0,
  "summary_gm_p05": 550.8675314694643,
  "summary_gm_p95": 827.2464616298676,
  "summary_gm_stdv": 83.76371291210742,
  "summary_wm_k": 0.7590971278222236,
  "summary_wm_mad": 99.71877678112175,
  "summary_wm_mean": 1021.4998121334779,
  "summary_wm_median": 1000.1071282625198,
  "summary_wm_n": 371076.0,
  "summary_wm_p05": 869.0157676935196,
  "summary_wm_p95": 1245.689227759838,
  "summary_wm_stdv": 114.86737311288441,
  "tpm_overlap_csf": 0.16677236797085127,
  "tpm_overlap_gm": 0.4184998189312016,
  "tpm_overlap_wm": 0.46822004306572895,
  "wm2max": 0.16073949116948394
}