{
  "aor": 0.0009211428571428571,
  "aqi": 0.002073729285714286,
  "bids_meta": {
    "AcquisitionMatrixPE": 64,
    "AcquisitionNumber": 1,
    "AcquisitionTime": "06:05:0.000000",
    "CoilString": "8HRBRAIN",
    "ConversionSoftware": "dcm2niix",
    "ConversionSoftwareVersion": "v1.0.20190410  (JP2:OpenJPEG) (JP-LS:CharLS) GCC5.5.0",
    "DeviceSerialNumber": "000000000000GEHC",
    "EchoTime": 0.03,
    "EffectiveEchoSpacing": 0.000664,
    "FlipAngle": 77,
    "ImageOrientationPatientDICOM": [
      1,
      0,
      0,
      0,
      1,
      0
    ],
    "ImageType": [
      "ORIGINAL",
      "PRIMARY",
      "OTHER"
    ],
    "ImagingFrequency": 127.763,
    "InPlanePhaseEncodingDirectionDICOM": "COL",
    "MRAcquisitionType": "2D",
    "MagneticFieldStrength": 3,
    "Manufacturer": "GE",
    "ManufacturersModelName": "Signa_HDxt",
    "Modality": "MR",
    "PatientPosition": "HFS",
    "PercentPhaseFOV": 100,
    "PhaseEncodingDirection": "j-",
    "PhaseEncodingPolarityGE": "Unflipped",
    "PixelBandwidth": 7812.5,
    "ProcedureStepDescription": "BRAIN_MRI",
    "ProtocolName": "Resting_State_212",
    "ReconMatrixPE": 64,
    "RepetitionTime": 2,
    "SAR": 0.322163,
    "ScanOptions": "MP_GEMS_EPI_GEMS_ACC_GEMS_PFF",
    "ScanningSequence": "EP_GR",
    "SequenceVariant": "SS",
    "SeriesDescription": "Resting_State_212",
    "SeriesNumber": 6,
    "SliceThickness": 4,
    "SliceTiming": [
      0,
      1,
      0.05,
      1.05,
      0.1,
      1.1,
      0.15,
      1.15,
      0.2,
      1.2,
      0.25,
      1.25,
      0.3,
      1.3,
      0.35,
      1.35,
      0.4,
      1.4,
      0.45,
      1.45,
      0.5,
      1.5,
      0.55,
      1.55,
      0.6,
      1.6,
      0.65,
      1.65,
      0.7,
      1.7,
      0.75,
      1.75,
      0.8,
      1.8,
      0.85,
      1.85,
      0.9,
      1.9,
      0.95,
      1.95
    ],
    "SoftwareVersions": "24_LX_MR_Software_release:HD16.0_V02_1131.a",
    "SpacingBetweenSlices": 4,
    "StationName": "MHMRMR3T",
    "TaskName": "rest eyes closed",
    "TotalReadoutTime": 0.041832,
    "TriggerDelayTime": 423950,
    "dataset": "ds003011",
    "modality": "bold",
    "run_id": 1,
    "session_id": "Y1ZHH",
    "subject_id": "04",
    "task_id": "rest"
  },
  "dummy_trs": 2,
  "dvars_nstd": 17.99415128899522,
  "dvars_std": 1.1553552663636368,
  "dvars_vstd": 1.0045595308133968,
  "efc": 0.4720207649051385,
  "fber": 25520.8984375,
  "fd_mean": 0.1765085848563009,
  "fd_num": 87,
  "fd_perc": 41.42857142857143,
  "fwhm_avg": 2.5796512333333332,
  "fwhm_x": 2.663888,
  "fwhm_y": 2.7200032,
  "fwhm_z": 2.3550625,
  "gcor": 0.0624996,
  "gsr_x": -0.006212275475263596,
  "gsr_y": 0.047409649938344955,
  "provenance": {
    "md5sum": "85cf1a6b7e028988acb251d9cbc710be",
    "settings": {
      "fd_thres": 0.2,
      "testing": false
    },
    "software": "mriqc",
    "version": "22.0.6",
    "webapi_port": null,
    "webapi_url": "https://mriqc.nimh.nih.gov/api/v1"
  },
  "size_t": 210,
  "size_x": 64,
  "size_y": 64,
  "size_z": 40,
  "snr": 4.0859286978939355,
  "spacing_tr": 2.0,
  "spacing_x": 3.125,
  "spacing_y": 3.125,
  "spacing_z": 4.0,
  "summary_bg_k": 77.47808560708589,
  "summary_bg_mad": 19.5915296919338,
  "summary_bg_mean": 70.49986267089844,
  "summary_bg_median": 13.233333587646484,
  "summary_bg_n": 99785.0,
  "summary_bg_p05": 0.0,
  "summary_bg_p95": 330.9866699218745,
  "summary_bg_stdv": 167.38868713378906,
  "summary_fg_k": 0.7171599071396271,
  "summary_fg_mad": 436.8522185316252,
  "summary_fg_mean": 2088.260009765625,
  "summary_fg_median": 2012.3619384765625,
  "summary_fg_n": 27329.0,
  "summary_fg_p05": 1411.9533447265626,
  "summary_fg_p95": 3022.0268066406247,
  "summary_fg_stdv": 492.50128173828125,
  "tsnr": 86.28375419788063
}