{
  "aor": 0.0008957075471698113,
  "aqi": 0.002114799952830189,
  "bids_meta": {
    "AcquisitionMatrixPE": 64,
    "AcquisitionNumber": 1,
    "AcquisitionTime": "08:52:8.480000",
    "BandwidthPerPixelPhaseEncode": 63.776,
    "BaseResolution": 64,
    "BodyPartExamined": "BRAIN",
    "ConsistencyInfo": "N4_VE11C_LATEST_20160120",
    "ConversionSoftware": "dcm2niix",
    "ConversionSoftwareVersion": "v1.0.20190410  (JP2:OpenJPEG) (JP-LS:CharLS) GCC5.5.0",
    "DerivedVendorReportedEchoSpacing": 0.000489996,
    "DeviceSerialNumber": "167003",
    "DwellTime": 3.2e-06,
    "EchoTime": 0.03,
    "EchoTrainLength": 31,
    "EffectiveEchoSpacing": 0.000244998,
    "FlipAngle": 77,
    "ImageOrientationPatientDICOM": [
      0.999987,
      0.00134047,
      0.00490613,
      -0.000349055,
      0.980456,
      -0.196738
    ],
    "ImageType": [
      "ORIGINAL",
      "PRIMARY",
      "M",
      "ND",
      "MOSAIC"
    ],
    "ImagingFrequency": 123.235,
    "InPlanePhaseEncodingDirectionDICOM": "COL",
    "InstitutionAddress": "Wade_Avenue_55_City_Maryland_US_21228",
    "InstitutionName": "UMCBIR",
    "InstitutionalDepartmentName": "Department",
    "MRAcquisitionType": "2D",
    "MagneticFieldStrength": 3,
    "Manufacturer": "Siemens",
    "ManufacturersModelName": "Prisma_fit",
    "Modality": "MR",
    "ParallelReductionFactorInPlane": 2,
    "PartialFourier": 1,
    "PatientPosition": "HFS",
    "PercentPhaseFOV": 100,
    "PhaseEncodingDirection": "j-",
    "PhaseEncodingSteps": 63,
    "PhaseResolution": 1,
    "PixelBandwidth": 2440,
    "ProcedureStepDescription": "MPRC_Protocols_Bob_Buchanan",
    "ProtocolName": "EPI_3x3x4xTR2-Resting-Eye_closed",
    "PulseSequenceDetails": "%SiemensSeq%_ep2d_bold",
    "ReceiveCoilActiveElements": "HC1-7",
    "ReceiveCoilName": "HeadNeck_64",
    "ReconMatrixPE": 64,
    "RefLinesPE": 30,
    "RepetitionTime": 2,
    "SAR": 0.105868,
    "ScanOptions": "FS",
    "ScanningSequence": "EP",
    "SequenceName": "_epfid2d1_64",
    "SequenceVariant": "SK",
    "SeriesDescription": "EPI_3x3x4xTR2-Resting-Eye_closed",
    "SeriesNumber": 8,
    "ShimSetting": [
      -997,
      -11512,
      11812,
      320,
      -28,
      43,
      -105,
      -33
    ],
    "SliceThickness": 4,
    "SliceTiming": [
      0,
      1.0175,
      0.055,
      1.0725,
      0.1075,
      1.125,
      0.1625,
      1.1775,
      0.215,
      1.2325,
      0.2675,
      1.285,
      0.3225,
      1.34,
      0.375,
      1.3925,
      0.43,
      1.445,
      0.4825,
      1.5,
      0.5375,
      1.5525,
      0.59,
      1.6075,
      0.6425,
      1.66,
      0.6975,
      1.7125,
      0.75,
      1.7675,
      0.805,
      1.82,
      0.8575,
      1.875,
      0.91,
      1.9275,
      0.965
    ],
    "SoftwareVersions": "syngo_MR_E11",
    "SpacingBetweenSlices": 4,
    "StationName": "MRC35455",
    "TaskName": "rest eyes closed",
    "TotalReadoutTime": 0.0154349,
    "TxRefAmp": 267.882,
    "dataset": "ds003011",
    "modality": "bold",
    "run_id": 1,
    "session_id": "Y3MRP",
    "subject_id": "03",
    "task_id": "rest"
  },
  "dummy_trs": 0,
  "dvars_nstd": 23.46711669943128,
  "dvars_std": 1.152958362985782,
  "dvars_vstd": 0.983974947061612,
  "efc": 0.5573129490676321,
  "fber": 501.7427673339844,
  "fd_mean": 0.18342612900190733,
  "fd_num": 82,
  "fd_perc": 38.679245283018865,
  "fwhm_avg": 2.7370711333333335,
  "fwhm_x": 2.6097888,
  "fwhm_y": 2.9126496,
  "fwhm_z": 2.688775,
  "gcor": 0.0189708,
  "gsr_x": -0.0038585602305829525,
  "gsr_y": 0.07248756289482117,
  "provenance": {
    "md5sum": "53f4e7324130953b0a8f720c2dfd136b",
    "settings": {
      "fd_thres": 0.2,
      "testing": false
    },
    "software": "mriqc",
    "version": "22.0.6",
    "webapi_port": null,
    "webapi_url": "https://mriqc.nimh.nih.gov/api/v1"
  },
  "size_t": 212,
  "size_x": 64,
  "size_y": 64,
  "size_z": 37,
  "snr": 2.3715395784493216,
  "spacing_tr": 2.0,
  "spacing_x": 3.125,
  "spacing_y": 3.125,
  "spacing_z": 4.0,
  "summary_bg_k": 67.96654580999989,
  "summary_bg_mad": 8.587901976029402,
  "summary_bg_mean": 67.19915771484375,
  "summary_bg_median": 32.627357482910156,
  "summary_bg_n": 81630.0,
  "summary_bg_p05": 25.056604385375977,
  "summary_bg_p95": 234.62665100097666,
  "summary_bg_stdv": 113.72672271728516,
  "summary_fg_k": 1.5083335423970645,
  "summary_fg_mad": 279.5719584401947,
  "summary_fg_mean": 820.18115234375,
  "summary_fg_median": 756.285400390625,
  "summary_fg_n": 32066.0,
  "summary_fg_p05": 420.6025924682617,
  "summary_fg_p95": 1435.1084899902344,
  "summary_fg_stdv": 318.8956298828125,
  "tsnr": 80.24053942412138
}