{
  "bids_meta": {
    "AcquisitionMatrixPE": 256,
    "AcquisitionNumber": 1,
    "AcquisitionTime": "06:05:0.000000",
    "BaseResolution": 256,
    "BodyPartExamined": "BRAIN",
    "ConsistencyInfo": "N4_VE11B_LATEST_20150530",
    "ConversionSoftware": "dcm2niix",
    "ConversionSoftwareVersion": "v1.0.20190410  (JP2:OpenJPEG) (JP-LS:CharLS) GCC5.5.0",
    "DeviceSerialNumber": "66106",
    "DwellTime": 7.5e-06,
    "EchoTime": 0.00279,
    "FlipAngle": 9,
    "ImageOrientationPatientDICOM": [
      0.0060839,
      0.999562,
      -0.0289652,
      -0.0149712,
      -0.0288715,
      -0.999471
    ],
    "ImageType": [
      "ORIGINAL",
      "PRIMARY",
      "M",
      "ND"
    ],
    "ImagingFrequency": 123.255,
    "InPlanePhaseEncodingDirectionDICOM": "ROW",
    "InstitutionAddress": "Community_Drive_300_Manhasset_NYC_US_11030",
    "InstitutionalDepartmentName": "Department",
    "InversionTime": 0.9,
    "MRAcquisitionType": "3D",
    "MagneticFieldStrength": 3,
    "Manufacturer": "Siemens",
    "ManufacturersModelName": "Prisma",
    "Modality": "MR",
    "PartialFourier": 1,
    "PatientPosition": "HFS",
    "PercentPhaseFOV": 100,
    "PhaseEncodingSteps": 255,
    "PhaseResolution": 1,
    "PixelBandwidth": 260,
    "ProcedureStepDescription": "BRAIN_MRI",
    "ProtocolName": "MPRAGE_TI_900",
    "PulseSequenceDetails": "%SiemensSeq%_tfl",
    "ReceiveCoilActiveElements": "HC1-7",
    "ReceiveCoilName": "HeadNeck_64",
    "ReconMatrixPE": 256,
    "RefLinesPE": 31,
    "RepetitionTime": 2.3,
    "SAR": 0.0582066,
    "ScanOptions": "IR",
    "ScanningSequence": "GR_IR",
    "SequenceName": "_tfl3d1_16ns",
    "SequenceVariant": "SK_SP_MP",
    "SeriesDescription": "MPRAGE_TI_900",
    "SeriesNumber": 5,
    "ShimSetting": [
      -1300,
      -10821,
      321,
      168,
      -43,
      10,
      -40,
      -18
    ],
    "SliceThickness": 0.9,
    "SoftwareVersions": "syngo_MR_E11",
    "StationName": "MHMRSIEM3T",
    "TxRefAmp": 262.105,
    "dataset": "ds003011",
    "modality": "T1w",
    "run_id": 1,
    "session_id": "Y3ZHP",
    "subject_id": "04"
  },
  "cjv": 0.5409417552333011,
  "cnr": 2.4224882525909974,
  "efc": 0.4706077210494226,
  "fber": -1.0,
  "fwhm_avg": 4.783678156703956,
  "fwhm_x": 4.980855687503171,
  "fwhm_y": 4.783304347826087,
  "fwhm_z": 4.586874434782608,
  "icvs_csf": 0.26513199632470086,
  "icvs_gm": 0.34097254975933317,
  "icvs_wm": 0.393895453915966,
  "inu_med": 1.0428651571273804,
  "inu_range": 1.3107819914817807,
  "provenance": {
    "md5sum": "0c602078e41fd05c74ab549b65489585",
    "settings": {
      "testing": false
    },
    "software": "mriqc",
    "version": "22.0.6",
    "warnings": {
      "large_rot_frame": true,
      "small_air_mask": false
    },
    "webapi_port": null,
    "webapi_url": "https://mriqc.nimh.nih.gov/api/v1"
  },
  "qi_1": 0.0,
  "qi_2": 0.007756865618078717,
  "rpve_csf": 19.473598841924428,
  "rpve_gm": 13.143047010308578,
  "rpve_wm": 13.44641478343765,
  "size_x": 240,
  "size_y": 256,
  "size_z": 256,
  "snr_csf": 2.1286612551665014,
  "snr_gm": 8.586988989490028,
  "snr_total": 6.906917047885393,
  "snr_wm": 10.005100898999652,
  "snrd_csf": 8.327910356860006,
  "snrd_gm": 28.388347581191443,
  "snrd_total": 26.004454290719593,
  "snrd_wm": 41.29710493410734,
  "spacing_x": 0.8999999761581421,
  "spacing_y": 0.8984375,
  "spacing_z": 0.8984375,
  "summary_bg_k": 3.826231266674214,
  "summary_bg_mad": 0.0,
  "summary_bg_mean": 10.499271114557697,
  "summary_bg_median": 0.0,
  "summary_bg_n": 3575034.0,
  "summary_bg_p05": 0.0,
  "summary_bg_p95": 34.25480671226978,
  "summary_bg_stdv": 15.865885142683947,
  "summary_csf_k": 1.8464960152927512,
  "summary_csf_mad": 81.97079338948144,
  "summary_csf_mean": 215.96088978165662,
  "summary_csf_median": 201.6826865375042,
  "summary_csf_n": 150965.0,
  "summary_csf_p05": 80.28845924139023,
  "summary_csf_p95": 391.20191188454487,
  "summary_csf_stdv": 94.74594328646617,
  "summary_gm_k": 0.049267872597202,
  "summary_gm_mad": 79.11963535854296,
  "summary_gm_mean": 687.297282546854,
  "summary_gm_median": 687.4999803304672,
  "summary_gm_n": 22347.0,
  "summary_gm_p05": 556.1297917813063,
  "summary_gm_p95": 819.3509380966425,
  "summary_gm_stdv": 80.06119474734521,
  "summary_wm_k": 0.6957069266334783,
  "summary_wm_mad": 89.98967535149593,
  "summary_wm_mean": 1012.6068191908803,
  "summary_wm_median": 1000.1201636940241,
  "summary_wm_n": 323905.0,
  "summary_wm_p05": 869.2307443618774,
  "summary_wm_p95": 1199.5191964507103,
  "summary_wm_stdv": 99.96087295279972,
  "tpm_overlap_csf": 0.1725149284198382,
  "tpm_overlap_gm": 0.3914860711207648,
  "tpm_overlap_wm": 0.47059231186023187,
  "wm2max": 0.14891455632271447
}